STORAGE: NONE
CONTENT: NONE
RESTRICTION: || (>= net461) (>= net8.0)
NUGET
  remote: https://api.nuget.org/v3/index.json
    Argu (6.1.1)
      FSharp.Core (>= 4.3.2) - restriction: || (&& (>= net461) (>= netstandard2.0)) (>= net8.0)
      System.Configuration.ConfigurationManager (>= 4.4) - restriction: || (&& (>= net461) (>= netstandard2.0)) (>= net8.0)
    Castle.Core (4.4.1)
      NETStandard.Library (>= 1.6.1) - restriction: || (&& (< net35) (>= net461) (>= netstandard1.5)) (&& (< net35) (>= net461) (< netstandard1.5)) (>= net8.0)
      System.Collections.Specialized (>= 4.3) - restriction: || (&& (< net35) (>= net461) (>= netstandard1.5)) (&& (< net35) (>= net461) (< netstandard1.5)) (>= net8.0)
      System.ComponentModel (>= 4.3) - restriction: || (&& (< net35) (>= net461) (>= netstandard1.5)) (&& (< net35) (>= net461) (< netstandard1.5)) (>= net8.0)
      System.ComponentModel.TypeConverter (>= 4.3) - restriction: || (&& (< net35) (>= net461) (>= netstandard1.5)) (&& (< net35) (>= net461) (< netstandard1.5)) (>= net8.0)
      System.Diagnostics.TraceSource (>= 4.3) - restriction: || (&& (< net35) (>= net461) (>= netstandard1.5)) (&& (< net35) (>= net461) (< netstandard1.5)) (>= net8.0)
      System.Dynamic.Runtime (>= 4.3) - restriction: || (&& (< net35) (>= net461) (>= netstandard1.5)) (&& (< net35) (>= net461) (< netstandard1.5)) (>= net8.0)
      System.Reflection (>= 4.3) - restriction: || (&& (< net35) (>= net461) (>= netstandard1.5)) (&& (< net35) (>= net461) (< netstandard1.5)) (>= net8.0)
      System.Reflection.Emit (>= 4.3) - restriction: || (&& (< net35) (>= net461) (>= netstandard1.5)) (&& (< net35) (>= net461) (< netstandard1.5)) (>= net8.0)
      System.Reflection.TypeExtensions (>= 4.3) - restriction: || (&& (< net35) (>= net461) (>= netstandard1.5)) (&& (< net35) (>= net461) (< netstandard1.5)) (>= net8.0)
      System.Xml.XmlDocument (>= 4.3) - restriction: || (&& (< net35) (>= net461) (>= netstandard1.5)) (&& (< net35) (>= net461) (< netstandard1.5)) (>= net8.0)
    Chessie (0.6)
      FSharp.Core  - restriction: || (&& (>= net461) (< netstandard1.6)) (&& (>= net8.0) (< netstandard1.6))
      FSharp.Core (>= 4.0.1.7-alpha) - restriction: || (&& (>= net461) (>= netstandard1.6)) (>= net8.0)
      NETStandard.Library (>= 1.6) - restriction: || (&& (>= net461) (>= netstandard1.6)) (>= net8.0)
    DotNet.ReproducibleBuilds (0.1.66) - copy_local: true
      Microsoft.SourceLink.AzureRepos.Git (>= 1.0)
      Microsoft.SourceLink.Bitbucket.Git (>= 1.0)
      Microsoft.SourceLink.GitHub (>= 1.0)
      Microsoft.SourceLink.GitLab (>= 1.0)
    Fake.Core.ReleaseNotes (5.20.4)
      Fake.Core.SemVer (>= 5.20.4) - restriction: || (&& (>= net461) (>= netstandard2.0)) (>= net8.0)
      Fake.Core.String (>= 5.20.4) - restriction: || (&& (>= net461) (>= netstandard2.0)) (>= net8.0)
      FSharp.Core (>= 4.7.2) - restriction: || (&& (>= net461) (>= netstandard2.0)) (>= net8.0)
    Fake.Core.SemVer (5.20.4) - restriction: || (&& (>= net461) (>= netstandard2.0)) (>= net8.0)
      FSharp.Core (>= 4.7.2) - restriction: || (&& (>= net461) (>= netstandard2.0)) (>= net8.0)
    Fake.Core.String (5.20.4) - restriction: || (&& (>= net461) (>= netstandard2.0)) (>= net8.0)
      FSharp.Core (>= 4.7.2) - restriction: || (&& (>= net461) (>= netstandard2.0)) (>= net8.0)
    FsCheck (2.15.3)
      FSharp.Core (>= 4.2.3)
    FSharp.Compiler.Service (43.9.101)
      FSharp.Core (9.0.101) - restriction: || (&& (>= net461) (>= netstandard2.0)) (>= net8.0)
      System.Buffers (>= 4.5.1) - restriction: || (&& (>= net461) (>= netstandard2.0)) (>= net8.0)
      System.Collections.Immutable (>= 8.0) - restriction: || (&& (>= net461) (>= netstandard2.0)) (>= net8.0)
      System.Diagnostics.DiagnosticSource (>= 8.0) - restriction: || (&& (>= net461) (>= netstandard2.0)) (>= net8.0)
      System.Memory (>= 4.5.5) - restriction: || (&& (>= net461) (>= netstandard2.0)) (>= net8.0)
      System.Reflection.Emit (>= 4.7) - restriction: || (&& (>= net461) (>= netstandard2.0)) (>= net8.0)
      System.Reflection.Metadata (>= 8.0) - restriction: || (&& (>= net461) (>= netstandard2.0)) (>= net8.0)
      System.Runtime.CompilerServices.Unsafe (>= 6.0) - restriction: || (&& (>= net461) (>= netstandard2.0)) (>= net8.0)
    FSharp.Core (9.0.101)
    Microsoft.Build.Tasks.Git (1.0) - copy_local: true
    Microsoft.CodeCoverage (16.7.1)
    Microsoft.DotNet.InternalAbstractions (1.0) - restriction: || (&& (>= net461) (>= netcoreapp1.0)) (>= net8.0)
      System.AppContext (>= 4.1) - restriction: || (&& (< net451) (>= net461)) (>= net8.0)
      System.Collections (>= 4.0.11) - restriction: || (&& (< net451) (>= net461)) (>= net8.0)
      System.IO (>= 4.1) - restriction: || (&& (< net451) (>= net461)) (>= net8.0)
      System.IO.FileSystem (>= 4.0.1) - restriction: || (&& (< net451) (>= net461)) (>= net8.0)
      System.Reflection.TypeExtensions (>= 4.1) - restriction: || (&& (< net451) (>= net461)) (>= net8.0)
      System.Runtime.Extensions (>= 4.1) - restriction: || (&& (< net451) (>= net461)) (>= net8.0)
      System.Runtime.InteropServices (>= 4.1) - restriction: || (&& (< net451) (>= net461)) (>= net8.0)
      System.Runtime.InteropServices.RuntimeInformation (>= 4.0) - restriction: || (&& (< net451) (>= net461)) (>= net8.0)
    Microsoft.NET.Test.Sdk (16.2)
      Microsoft.CodeCoverage (>= 16.2)
      Microsoft.TestPlatform.TestHost (>= 16.2) - restriction: || (&& (>= net461) (>= netcoreapp1.0)) (>= net8.0)
    Microsoft.NETCore.Platforms (5.0.2)
    Microsoft.NETCore.Targets (3.1) - restriction: || (&& (< monoandroid) (>= net8.0) (< netstandard1.2)) (&& (< monoandroid) (>= net8.0) (< netstandard1.3)) (&& (< monoandroid) (>= net8.0) (< netstandard1.5)) (&& (>= net461) (>= net8.0)) (&& (>= net461) (>= netcoreapp1.0)) (&& (>= net8.0) (< xamarinios) (< xamarinmac) (< xamarintvos) (< xamarinwatchos))
    Microsoft.NETFramework.ReferenceAssemblies.net461 (1.0.3) - copy_local: true
    Microsoft.SourceLink.AzureRepos.Git (1.0) - copy_local: true
      Microsoft.Build.Tasks.Git (>= 1.0)
      Microsoft.SourceLink.Common (>= 1.0)
    Microsoft.SourceLink.Bitbucket.Git (1.0) - copy_local: true
      Microsoft.Build.Tasks.Git (>= 1.0)
      Microsoft.SourceLink.Common (>= 1.0)
    Microsoft.SourceLink.Common (1.0) - copy_local: true
    Microsoft.SourceLink.GitHub (1.0) - copy_local: true
      Microsoft.Build.Tasks.Git (>= 1.0)
      Microsoft.SourceLink.Common (>= 1.0)
    Microsoft.SourceLink.GitLab (1.0) - copy_local: true
      Microsoft.Build.Tasks.Git (>= 1.0)
      Microsoft.SourceLink.Common (>= 1.0)
    Microsoft.TestPlatform.ObjectModel (16.7.1) - restriction: || (&& (>= net461) (>= netcoreapp1.0) (>= uap10.0)) (&& (>= net461) (>= netcoreapp2.1)) (>= net8.0)
      NuGet.Frameworks (>= 5.0)
    Microsoft.TestPlatform.TestHost (16.7.1) - restriction: || (&& (>= net461) (>= netcoreapp1.0)) (>= net8.0)
      Microsoft.TestPlatform.ObjectModel (>= 16.7.1) - restriction: || (&& (>= net461) (>= netcoreapp2.1)) (&& (>= net461) (>= uap10.0)) (>= net8.0)
      Newtonsoft.Json (>= 9.0.1) - restriction: || (&& (>= net461) (>= netcoreapp2.1)) (&& (>= net461) (>= uap10.0)) (>= net8.0)
    Microsoft.Win32.Primitives (4.3) - restriction: || (&& (>= net461) (>= net8.0)) (&& (>= net461) (>= netcoreapp1.0)) (&& (>= net8.0) (< xamarinios) (< xamarinmac) (< xamarintvos) (< xamarinwatchos))
      Microsoft.NETCore.Platforms (>= 1.1) - restriction: || (&& (< monoandroid) (>= net8.0) (< xamarinios) (< xamarinmac) (< xamarintvos) (< xamarinwatchos)) (&& (< net46) (>= net461))
      Microsoft.NETCore.Targets (>= 1.1) - restriction: || (&& (< monoandroid) (>= net8.0) (< xamarinios) (< xamarinmac) (< xamarintvos) (< xamarinwatchos)) (&& (< net46) (>= net461))
      System.Runtime (>= 4.3) - restriction: || (&& (< monoandroid) (>= net8.0) (< xamarinios) (< xamarinmac) (< xamarintvos) (< xamarinwatchos)) (&& (< net46) (>= net461))
    Microsoft.Win32.Registry (4.7) - restriction: || (&& (>= net461) (>= net8.0)) (&& (>= net461) (>= netcoreapp1.0)) (&& (>= net8.0) (< xamarinios) (< xamarinmac) (< xamarintvos) (< xamarinwatchos))
      System.Security.AccessControl (>= 4.7)
      System.Security.Principal.Windows (>= 4.7)
    Microsoft.Win32.SystemEvents (4.7) - restriction: || (&& (>= net461) (>= net8.0)) (&& (>= net461) (>= netcoreapp3.0)) (&& (>= net8.0) (< xamarinios) (< xamarinmac) (< xamarintvos) (< xamarinwatchos))
      Microsoft.NETCore.Platforms (>= 3.1) - restriction: || (&& (>= net461) (>= netcoreapp2.0)) (>= net8.0)
    Mono.Cecil (0.11.3)
    Moq (4.16.1)
      Castle.Core (>= 4.4)
      System.Threading.Tasks.Extensions (>= 4.5.4)
    NETStandard.Library (2.0.3)
      Microsoft.NETCore.Platforms (>= 1.1)
    Newtonsoft.Json (13.0.3)
    NuGet.Common (5.9.1) - restriction: || (&& (>= net461) (>= netstandard2.0)) (>= net8.0)
      NuGet.Frameworks (>= 5.9.1)
    NuGet.Configuration (5.9.1) - restriction: || (&& (>= net461) (>= netstandard2.0)) (>= net8.0)
      NuGet.Common (>= 5.9.1)
      System.Security.Cryptography.ProtectedData (>= 4.4) - restriction: || (&& (< net45) (>= net461) (>= netstandard2.0)) (>= net8.0)
    NuGet.Frameworks (5.9.1) - restriction: || (&& (>= net461) (>= netcoreapp1.0) (>= uap10.0)) (&& (>= net461) (>= netcoreapp2.1)) (&& (>= net461) (>= netstandard2.0)) (>= net8.0)
    NuGet.Packaging (5.9.1)
      Newtonsoft.Json (>= 9.0.1) - restriction: || (&& (>= net461) (>= netstandard2.0)) (>= net8.0)
      NuGet.Configuration (>= 5.9.1) - restriction: || (&& (>= net461) (>= netstandard2.0)) (>= net8.0)
      NuGet.Versioning (>= 5.9.1) - restriction: || (&& (>= net461) (>= netstandard2.0)) (>= net8.0)
      System.Security.Cryptography.Cng (>= 5.0) - restriction: || (&& (>= net461) (< net472) (>= netstandard2.0)) (&& (>= net461) (>= net5.0)) (>= net8.0)
      System.Security.Cryptography.Pkcs (>= 5.0) - restriction: || (&& (>= net461) (< net472) (>= netstandard2.0)) (&& (>= net461) (>= net5.0)) (>= net8.0)
    NuGet.Versioning (5.9.1) - restriction: || (&& (>= net461) (>= netstandard2.0)) (>= net8.0)
    NUnit (3.12)
      NETStandard.Library (>= 2.0) - restriction: || (&& (< net35) (>= net461) (>= netstandard2.0)) (>= net8.0)
    NUnit3TestAdapter (3.13)
      Microsoft.DotNet.InternalAbstractions (>= 1.0) - restriction: || (&& (>= net461) (>= netcoreapp1.0)) (>= net8.0)
      System.ComponentModel.EventBasedAsync (>= 4.3) - restriction: || (&& (>= net461) (>= netcoreapp1.0)) (>= net8.0)
      System.ComponentModel.TypeConverter (>= 4.3) - restriction: || (&& (>= net461) (>= netcoreapp1.0)) (>= net8.0)
      System.Diagnostics.Process (>= 4.3) - restriction: || (&& (>= net461) (>= netcoreapp1.0)) (>= net8.0)
      System.Reflection (>= 4.3) - restriction: || (&& (>= net461) (>= netcoreapp1.0)) (>= net8.0)
      System.Runtime.InteropServices.RuntimeInformation (>= 4.3) - restriction: || (&& (>= net461) (>= netcoreapp1.0)) (>= net8.0)
      System.Threading.Thread (>= 4.3) - restriction: || (&& (>= net461) (>= netcoreapp1.0)) (>= net8.0)
      System.Xml.XmlDocument (>= 4.3) - restriction: || (&& (>= net461) (>= netcoreapp1.0)) (>= net8.0)
      System.Xml.XPath.XmlDocument (>= 4.3) - restriction: || (&& (>= net461) (>= netcoreapp1.0)) (>= net8.0)
    runtime.native.System (4.3.1) - restriction: || (&& (>= net461) (>= net8.0)) (&& (>= net461) (>= netcoreapp1.0)) (&& (>= net8.0) (< xamarinios) (< xamarinmac) (< xamarintvos) (< xamarinwatchos))
      Microsoft.NETCore.Platforms (>= 1.1.1)
      Microsoft.NETCore.Targets (>= 1.1.3)
    System.AppContext (4.3) - restriction: || (&& (>= net461) (>= netcoreapp1.0)) (>= net8.0)
      System.Runtime (>= 4.3) - restriction: || (&& (< monoandroid) (>= net8.0) (< netstandard1.6)) (&& (< net46) (>= net461) (>= netstandard1.6)) (&& (< net46) (>= net461) (< netstandard1.6)) (&& (>= net8.0) (< xamarinios) (< xamarinmac) (< xamarintvos) (< xamarinwatchos))
    System.Buffers (4.5.1)
    System.Collections (4.3) - restriction: || (&& (>= net461) (>= netcoreapp1.0)) (>= net8.0)
      Microsoft.NETCore.Platforms (>= 1.1) - restriction: || (&& (< monoandroid) (>= net8.0) (< netstandard1.3)) (&& (< monoandroid) (>= net8.0) (< xamarinios) (< xamarinmac) (< xamarintvos) (< xamarinwatchos)) (&& (< net45) (>= net461))
      Microsoft.NETCore.Targets (>= 1.1) - restriction: || (&& (< monoandroid) (>= net8.0) (< netstandard1.3)) (&& (< monoandroid) (>= net8.0) (< xamarinios) (< xamarinmac) (< xamarintvos) (< xamarinwatchos)) (&& (< net45) (>= net461))
      System.Runtime (>= 4.3) - restriction: || (&& (< monoandroid) (>= net8.0) (< netstandard1.3)) (&& (< monoandroid) (>= net8.0) (< xamarinios) (< xamarinmac) (< xamarintvos) (< xamarinwatchos)) (&& (< net45) (>= net461))
    System.Collections.Immutable (8.0) - restriction: || (&& (>= net461) (>= netstandard2.0)) (>= net8.0)
      System.Memory (>= 4.5.5) - restriction: || (&& (>= net461) (>= netstandard2.0)) (>= net462) (&& (< net6.0) (>= net8.0))
      System.Runtime.CompilerServices.Unsafe (>= 6.0) - restriction: || (&& (>= net461) (>= net6.0)) (&& (>= net461) (>= netstandard2.0)) (>= net462) (&& (< net6.0) (>= net8.0)) (&& (< net7.0) (>= net8.0))
    System.Collections.NonGeneric (4.3) - restriction: || (&& (< net35) (>= net461) (>= netstandard1.5)) (&& (< net35) (>= net461) (< netstandard1.5)) (&& (>= net461) (>= net8.0)) (&& (>= net461) (>= netcoreapp1.0)) (&& (>= net462) (>= net8.0)) (&& (>= net462) (>= netcoreapp1.0)) (&& (>= net8.0) (< xamarinios) (< xamarinmac) (< xamarintvos) (< xamarinwatchos))
      System.Diagnostics.Debug (>= 4.3) - restriction: || (&& (< monoandroid) (>= net8.0) (< xamarinios) (< xamarinmac) (< xamarintvos) (< xamarinwatchos)) (&& (< net46) (>= net461))
      System.Globalization (>= 4.3) - restriction: || (&& (< monoandroid) (>= net8.0) (< xamarinios) (< xamarinmac) (< xamarintvos) (< xamarinwatchos)) (&& (< net46) (>= net461))
      System.Resources.ResourceManager (>= 4.3) - restriction: || (&& (< monoandroid) (>= net8.0) (< xamarinios) (< xamarinmac) (< xamarintvos) (< xamarinwatchos)) (&& (< net46) (>= net461))
      System.Runtime (>= 4.3) - restriction: || (&& (< monoandroid) (>= net8.0) (< xamarinios) (< xamarinmac) (< xamarintvos) (< xamarinwatchos)) (&& (< net46) (>= net461))
      System.Runtime.Extensions (>= 4.3) - restriction: || (&& (< monoandroid) (>= net8.0) (< xamarinios) (< xamarinmac) (< xamarintvos) (< xamarinwatchos)) (&& (< net46) (>= net461))
      System.Threading (>= 4.3) - restriction: || (&& (< monoandroid) (>= net8.0) (< xamarinios) (< xamarinmac) (< xamarintvos) (< xamarinwatchos)) (&& (< net46) (>= net461))
    System.Collections.Specialized (4.3) - restriction: || (&& (< net35) (>= net461) (>= netstandard1.5)) (&& (< net35) (>= net461) (< netstandard1.5)) (&& (>= net461) (>= netcoreapp1.0)) (>= net8.0)
      System.Collections.NonGeneric (>= 4.3) - restriction: || (&& (< monoandroid) (>= net8.0) (< xamarinios) (< xamarinmac) (< xamarintvos) (< xamarinwatchos)) (&& (< net46) (>= net461))
      System.Globalization (>= 4.3) - restriction: || (&& (< monoandroid) (>= net8.0) (< xamarinios) (< xamarinmac) (< xamarintvos) (< xamarinwatchos)) (&& (< net46) (>= net461))
      System.Globalization.Extensions (>= 4.3) - restriction: || (&& (< monoandroid) (>= net8.0) (< xamarinios) (< xamarinmac) (< xamarintvos) (< xamarinwatchos)) (&& (< net46) (>= net461))
      System.Resources.ResourceManager (>= 4.3) - restriction: || (&& (< monoandroid) (>= net8.0) (< xamarinios) (< xamarinmac) (< xamarintvos) (< xamarinwatchos)) (&& (< net46) (>= net461))
      System.Runtime (>= 4.3) - restriction: || (&& (< monoandroid) (>= net8.0) (< xamarinios) (< xamarinmac) (< xamarintvos) (< xamarinwatchos)) (&& (< net46) (>= net461))
      System.Runtime.Extensions (>= 4.3) - restriction: || (&& (< monoandroid) (>= net8.0) (< xamarinios) (< xamarinmac) (< xamarintvos) (< xamarinwatchos)) (&& (< net46) (>= net461))
      System.Threading (>= 4.3) - restriction: || (&& (< monoandroid) (>= net8.0) (< xamarinios) (< xamarinmac) (< xamarintvos) (< xamarinwatchos)) (&& (< net46) (>= net461))
    System.ComponentModel (4.3) - restriction: || (&& (< net35) (>= net461) (>= netstandard1.5)) (&& (< net35) (>= net461) (< netstandard1.5)) (&& (>= net461) (>= netcoreapp1.0)) (&& (>= net462) (>= netcoreapp1.0)) (>= net8.0)
      System.Runtime (>= 4.3) - restriction: || (&& (< monoandroid) (>= net8.0) (< netstandard1.3)) (&& (< monoandroid) (>= net8.0) (< xamarinios) (< xamarinmac) (< xamarintvos) (< xamarinwatchos)) (&& (< net45) (>= net461))
    System.ComponentModel.EventBasedAsync (4.3) - restriction: || (&& (>= net461) (>= netcoreapp1.0)) (>= net8.0)
      System.Resources.ResourceManager (>= 4.3) - restriction: || (&& (< monoandroid) (>= net8.0) (< xamarinios) (< xamarinmac) (< xamarintvos) (< xamarinwatchos)) (&& (< net45) (>= net461))
      System.Runtime (>= 4.3) - restriction: || (&& (< monoandroid) (>= net8.0) (< netstandard1.3)) (&& (< monoandroid) (>= net8.0) (< xamarinios) (< xamarinmac) (< xamarintvos) (< xamarinwatchos)) (&& (< net45) (>= net461))
      System.Threading (>= 4.3) - restriction: || (&& (< monoandroid) (>= net8.0) (< xamarinios) (< xamarinmac) (< xamarintvos) (< xamarinwatchos)) (&& (< net45) (>= net461))
      System.Threading.Tasks (>= 4.3) - restriction: || (&& (< monoandroid) (>= net8.0) (< xamarinios) (< xamarinmac) (< xamarintvos) (< xamarinwatchos)) (&& (< net45) (>= net461))
    System.ComponentModel.Primitives (4.3) - restriction: || (&& (< monoandroid) (>= net8.0) (< netstandard1.5)) (&& (>= net45) (>= net8.0) (< netstandard1.5)) (&& (>= net461) (>= net8.0)) (&& (>= net461) (>= netcoreapp1.0)) (&& (>= net462) (>= net8.0)) (&& (>= net462) (>= netcoreapp1.0)) (&& (>= net8.0) (< netstandard1.0) (>= win8)) (&& (>= net8.0) (>= wp8)) (&& (>= net8.0) (>= wpa81)) (&& (>= net8.0) (< xamarinios) (< xamarinmac) (< xamarintvos) (< xamarinwatchos))
      System.ComponentModel (>= 4.3) - restriction: || (&& (< monoandroid) (>= net8.0) (< xamarinios) (< xamarinmac) (< xamarintvos) (< xamarinwatchos)) (&& (< net45) (>= net461))
      System.Resources.ResourceManager (>= 4.3) - restriction: || (&& (< monoandroid) (>= net8.0) (< xamarinios) (< xamarinmac) (< xamarintvos) (< xamarinwatchos)) (&& (< net45) (>= net461))
      System.Runtime (>= 4.3) - restriction: || (&& (< monoandroid) (>= net8.0) (< xamarinios) (< xamarinmac) (< xamarintvos) (< xamarinwatchos)) (&& (< net45) (>= net461))
    System.ComponentModel.TypeConverter (4.3) - restriction: || (&& (>= net461) (>= netcoreapp1.0)) (>= net8.0)
      System.Collections (>= 4.3) - restriction: || (&& (< monoandroid) (>= net8.0) (< netstandard1.5)) (&& (< net45) (>= net461) (>= netstandard1.5)) (&& (< net45) (>= net461) (< netstandard1.5)) (&& (>= net8.0) (< xamarinios) (< xamarinmac) (< xamarintvos) (< xamarinwatchos))
      System.Collections.NonGeneric (>= 4.3) - restriction: || (&& (< net45) (>= net461) (>= netstandard1.5)) (>= net462) (&& (>= net8.0) (< xamarinios) (< xamarinmac) (< xamarintvos) (< xamarinwatchos))
      System.Collections.Specialized (>= 4.3) - restriction: || (&& (< net45) (>= net461) (>= netstandard1.5)) (&& (>= net8.0) (< xamarinios) (< xamarinmac) (< xamarintvos) (< xamarinwatchos))
      System.ComponentModel (>= 4.3) - restriction: || (&& (< monoandroid) (>= net8.0) (< netstandard1.5)) (&& (< net45) (>= net461) (>= netstandard1.5)) (&& (< net45) (>= net461) (< netstandard1.5)) (&& (>= net8.0) (< xamarinios) (< xamarinmac) (< xamarintvos) (< xamarinwatchos))
      System.ComponentModel.Primitives (>= 4.3) - restriction: || (&& (< monoandroid) (>= net8.0) (< netstandard1.5)) (&& (>= net45) (>= net8.0) (< netstandard1.5)) (&& (< net45) (>= net461) (>= netstandard1.5)) (&& (>= net461) (< netstandard1.0) (>= win8)) (&& (>= net461) (< netstandard1.5)) (&& (>= net461) (>= wp8)) (&& (>= net461) (>= wpa81)) (>= net462) (&& (>= net8.0) (< netstandard1.0) (>= win8)) (&& (>= net8.0) (>= wp8)) (&& (>= net8.0) (>= wpa81)) (&& (>= net8.0) (< xamarinios) (< xamarinmac) (< xamarintvos) (< xamarinwatchos))
      System.Globalization (>= 4.3) - restriction: || (&& (< monoandroid) (>= net8.0) (< netstandard1.5)) (&& (< net45) (>= net461) (>= netstandard1.5)) (&& (< net45) (>= net461) (< netstandard1.5)) (&& (>= net8.0) (< xamarinios) (< xamarinmac) (< xamarintvos) (< xamarinwatchos))
      System.Linq (>= 4.3) - restriction: || (&& (< net45) (>= net461) (>= netstandard1.5)) (&& (>= net8.0) (< xamarinios) (< xamarinmac) (< xamarintvos) (< xamarinwatchos))
      System.Reflection (>= 4.3) - restriction: || (&& (< monoandroid) (>= net8.0) (< netstandard1.5)) (&& (< net45) (>= net461) (>= netstandard1.5)) (&& (< net45) (>= net461) (< netstandard1.5)) (&& (>= net8.0) (< xamarinios) (< xamarinmac) (< xamarintvos) (< xamarinwatchos))
      System.Reflection.Extensions (>= 4.3) - restriction: || (&& (< monoandroid) (>= net8.0) (< netstandard1.5)) (&& (< net45) (>= net461) (>= netstandard1.5)) (&& (< net45) (>= net461) (< netstandard1.5)) (&& (>= net8.0) (< xamarinios) (< xamarinmac) (< xamarintvos) (< xamarinwatchos))
      System.Reflection.Primitives (>= 4.3) - restriction: || (&& (< monoandroid) (>= net8.0) (< netstandard1.5)) (&& (< net45) (>= net461) (>= netstandard1.5)) (&& (< net45) (>= net461) (< netstandard1.5)) (&& (>= net8.0) (< xamarinios) (< xamarinmac) (< xamarintvos) (< xamarinwatchos))
      System.Reflection.TypeExtensions (>= 4.3) - restriction: || (&& (< net45) (>= net461) (>= netstandard1.5)) (&& (>= net8.0) (< xamarinios) (< xamarinmac) (< xamarintvos) (< xamarinwatchos))
      System.Resources.ResourceManager (>= 4.3) - restriction: || (&& (< monoandroid) (>= net8.0) (< netstandard1.5)) (&& (< net45) (>= net461) (>= netstandard1.5)) (&& (< net45) (>= net461) (< netstandard1.5)) (&& (>= net8.0) (< xamarinios) (< xamarinmac) (< xamarintvos) (< xamarinwatchos))
      System.Runtime (>= 4.3) - restriction: || (&& (< monoandroid) (>= net8.0) (< netstandard1.5)) (&& (< net45) (>= net461) (>= netstandard1.5)) (&& (< net45) (>= net461) (< netstandard1.5)) (&& (>= net8.0) (< xamarinios) (< xamarinmac) (< xamarintvos) (< xamarinwatchos))
      System.Runtime.Extensions (>= 4.3) - restriction: || (&& (< monoandroid) (>= net8.0) (< netstandard1.5)) (&& (< net45) (>= net461) (>= netstandard1.5)) (&& (< net45) (>= net461) (< netstandard1.5)) (&& (>= net8.0) (< xamarinios) (< xamarinmac) (< xamarintvos) (< xamarinwatchos))
      System.Threading (>= 4.3) - restriction: || (&& (< monoandroid) (>= net8.0) (< netstandard1.5)) (&& (< net45) (>= net461) (>= netstandard1.5)) (&& (< net45) (>= net461) (< netstandard1.5)) (&& (>= net8.0) (< xamarinios) (< xamarinmac) (< xamarintvos) (< xamarinwatchos))
    System.Configuration.ConfigurationManager (4.7) - restriction: || (&& (>= net461) (>= netstandard2.0)) (>= net8.0)
      System.Security.Cryptography.ProtectedData (>= 4.7) - restriction: && (>= net8.0) (< xamarinios) (< xamarinmac) (< xamarintvos) (< xamarinwatchos)
      System.Security.Permissions (>= 4.7)
    System.Diagnostics.Debug (4.3) - restriction: || (&& (>= net461) (>= net8.0)) (&& (>= net461) (>= netcoreapp1.0)) (&& (>= net8.0) (< xamarinios) (< xamarinmac) (< xamarintvos) (< xamarinwatchos))
      Microsoft.NETCore.Platforms (>= 1.1) - restriction: || (&& (< monoandroid) (>= net8.0) (< netstandard1.3)) (&& (< monoandroid) (>= net8.0) (< xamarinios) (< xamarinmac) (< xamarintvos) (< xamarinwatchos)) (&& (< net45) (>= net461))
      Microsoft.NETCore.Targets (>= 1.1) - restriction: || (&& (< monoandroid) (>= net8.0) (< netstandard1.3)) (&& (< monoandroid) (>= net8.0) (< xamarinios) (< xamarinmac) (< xamarintvos) (< xamarinwatchos)) (&& (< net45) (>= net461))
      System.Runtime (>= 4.3) - restriction: || (&& (< monoandroid) (>= net8.0) (< netstandard1.3)) (&& (< monoandroid) (>= net8.0) (< xamarinios) (< xamarinmac) (< xamarintvos) (< xamarinwatchos)) (&& (< net45) (>= net461))
    System.Diagnostics.DiagnosticSource (8.0.1) - restriction: || (&& (>= net461) (>= netstandard2.0)) (>= net8.0)
      System.Memory (>= 4.5.5) - restriction: || (&& (>= net461) (>= netstandard2.0)) (>= net462) (&& (< net6.0) (>= net8.0))
      System.Runtime.CompilerServices.Unsafe (>= 6.0) - restriction: || (&& (>= net461) (>= net6.0)) (&& (>= net461) (>= netstandard2.0)) (>= net462) (&& (< net6.0) (>= net8.0)) (&& (< net7.0) (>= net8.0))
    System.Diagnostics.Process (4.3) - restriction: || (&& (>= net461) (>= netcoreapp1.0)) (>= net8.0)
      Microsoft.NETCore.Platforms (>= 1.1) - restriction: || (&& (< net46) (>= net461)) (&& (>= net8.0) (< xamarinios) (< xamarinmac) (< xamarintvos) (< xamarinwatchos))
      Microsoft.Win32.Primitives (>= 4.3) - restriction: || (&& (< net46) (>= net461)) (&& (>= net8.0) (< xamarinios) (< xamarinmac) (< xamarintvos) (< xamarinwatchos))
      Microsoft.Win32.Registry (>= 4.3) - restriction: || (&& (< net46) (>= net461)) (&& (>= net8.0) (< xamarinios) (< xamarinmac) (< xamarintvos) (< xamarinwatchos))
      runtime.native.System (>= 4.3) - restriction: || (&& (< net46) (>= net461)) (&& (>= net8.0) (< xamarinios) (< xamarinmac) (< xamarintvos) (< xamarinwatchos))
      System.Collections (>= 4.3) - restriction: || (&& (< net46) (>= net461)) (&& (>= net8.0) (< xamarinios) (< xamarinmac) (< xamarintvos) (< xamarinwatchos))
      System.Diagnostics.Debug (>= 4.3) - restriction: || (&& (< net46) (>= net461)) (&& (>= net8.0) (< xamarinios) (< xamarinmac) (< xamarintvos) (< xamarinwatchos))
      System.Globalization (>= 4.3) - restriction: || (&& (< net46) (>= net461)) (&& (>= net8.0) (< xamarinios) (< xamarinmac) (< xamarintvos) (< xamarinwatchos))
      System.IO (>= 4.3) - restriction: || (&& (< monoandroid) (>= net8.0) (< netstandard1.4)) (&& (< net46) (>= net461)) (&& (>= net8.0) (< xamarinios) (< xamarinmac) (< xamarintvos) (< xamarinwatchos))
      System.IO.FileSystem (>= 4.3) - restriction: || (&& (< net46) (>= net461)) (&& (>= net8.0) (< xamarinios) (< xamarinmac) (< xamarintvos) (< xamarinwatchos))
      System.IO.FileSystem.Primitives (>= 4.3) - restriction: || (&& (< net46) (>= net461)) (&& (>= net8.0) (< xamarinios) (< xamarinmac) (< xamarintvos) (< xamarinwatchos))
      System.Resources.ResourceManager (>= 4.3) - restriction: || (&& (< net46) (>= net461)) (&& (>= net8.0) (< xamarinios) (< xamarinmac) (< xamarintvos) (< xamarinwatchos))
      System.Runtime (>= 4.3) - restriction: || (&& (< monoandroid) (>= net8.0) (< netstandard1.4)) (&& (< net46) (>= net461)) (&& (>= net8.0) (< xamarinios) (< xamarinmac) (< xamarintvos) (< xamarinwatchos))
      System.Runtime.Extensions (>= 4.3) - restriction: || (&& (< net46) (>= net461)) (&& (>= net8.0) (< xamarinios) (< xamarinmac) (< xamarintvos) (< xamarinwatchos))
      System.Runtime.Handles (>= 4.3) - restriction: || (&& (< monoandroid) (>= net8.0) (< netstandard1.4)) (&& (< net46) (>= net461)) (&& (>= net8.0) (< xamarinios) (< xamarinmac) (< xamarintvos) (< xamarinwatchos))
      System.Runtime.InteropServices (>= 4.3) - restriction: || (&& (< net46) (>= net461)) (&& (>= net8.0) (< xamarinios) (< xamarinmac) (< xamarintvos) (< xamarinwatchos))
      System.Text.Encoding (>= 4.3) - restriction: || (&& (< monoandroid) (>= net8.0) (< netstandard1.4)) (&& (< net46) (>= net461)) (&& (>= net8.0) (< xamarinios) (< xamarinmac) (< xamarintvos) (< xamarinwatchos))
      System.Text.Encoding.Extensions (>= 4.3) - restriction: || (&& (< net46) (>= net461)) (&& (>= net8.0) (< xamarinios) (< xamarinmac) (< xamarintvos) (< xamarinwatchos))
      System.Threading (>= 4.3) - restriction: || (&& (< net46) (>= net461)) (&& (>= net8.0) (< xamarinios) (< xamarinmac) (< xamarintvos) (< xamarinwatchos))
      System.Threading.Tasks (>= 4.3) - restriction: || (&& (< net46) (>= net461)) (&& (>= net8.0) (< xamarinios) (< xamarinmac) (< xamarintvos) (< xamarinwatchos))
      System.Threading.Thread (>= 4.3) - restriction: || (&& (< net46) (>= net461)) (&& (>= net8.0) (< xamarinios) (< xamarinmac) (< xamarintvos) (< xamarinwatchos))
      System.Threading.ThreadPool (>= 4.3) - restriction: || (&& (< net46) (>= net461)) (&& (>= net8.0) (< xamarinios) (< xamarinmac) (< xamarintvos) (< xamarinwatchos))
    System.Diagnostics.TraceSource (4.3) - restriction: || (&& (< net35) (>= net461) (>= netstandard1.5)) (&& (< net35) (>= net461) (< netstandard1.5)) (>= net8.0)
      Microsoft.NETCore.Platforms (>= 1.1) - restriction: || (&& (< monoandroid) (>= net8.0) (< xamarinios) (< xamarinmac) (< xamarintvos) (< xamarinwatchos)) (&& (< net46) (>= net461))
      runtime.native.System (>= 4.3) - restriction: || (&& (< monoandroid) (>= net8.0) (< xamarinios) (< xamarinmac) (< xamarintvos) (< xamarinwatchos)) (&& (< net46) (>= net461))
      System.Collections (>= 4.3) - restriction: || (&& (< monoandroid) (>= net8.0) (< xamarinios) (< xamarinmac) (< xamarintvos) (< xamarinwatchos)) (&& (< net46) (>= net461))
      System.Diagnostics.Debug (>= 4.3) - restriction: || (&& (< monoandroid) (>= net8.0) (< xamarinios) (< xamarinmac) (< xamarintvos) (< xamarinwatchos)) (&& (< net46) (>= net461))
      System.Globalization (>= 4.3) - restriction: || (&& (< monoandroid) (>= net8.0) (< xamarinios) (< xamarinmac) (< xamarintvos) (< xamarinwatchos)) (&& (< net46) (>= net461))
      System.Resources.ResourceManager (>= 4.3) - restriction: || (&& (< monoandroid) (>= net8.0) (< xamarinios) (< xamarinmac) (< xamarintvos) (< xamarinwatchos)) (&& (< net46) (>= net461))
      System.Runtime (>= 4.3) - restriction: || (&& (< monoandroid) (>= net8.0) (< xamarinios) (< xamarinmac) (< xamarintvos) (< xamarinwatchos)) (&& (< net46) (>= net461))
      System.Runtime.Extensions (>= 4.3) - restriction: || (&& (< monoandroid) (>= net8.0) (< xamarinios) (< xamarinmac) (< xamarintvos) (< xamarinwatchos)) (&& (< net46) (>= net461))
      System.Threading (>= 4.3) - restriction: || (&& (< monoandroid) (>= net8.0) (< xamarinios) (< xamarinmac) (< xamarintvos) (< xamarinwatchos)) (&& (< net46) (>= net461))
    System.Drawing.Common (4.7) - restriction: || (&& (>= net461) (>= netcoreapp3.0)) (>= net8.0)
      Microsoft.NETCore.Platforms (>= 3.1) - restriction: || (&& (>= net461) (>= netcoreapp2.0)) (&& (>= net461) (>= netcoreapp3.0)) (&& (>= net8.0) (< xamarinios) (< xamarinmac) (< xamarintvos) (< xamarinwatchos))
      Microsoft.Win32.SystemEvents (>= 4.7) - restriction: || (&& (>= net461) (>= netcoreapp2.0)) (&& (>= net461) (>= netcoreapp3.0)) (&& (>= net8.0) (< xamarinios) (< xamarinmac) (< xamarintvos) (< xamarinwatchos))
    System.Dynamic.Runtime (4.3) - restriction: || (&& (< net35) (>= net461) (>= netstandard1.5)) (&& (< net35) (>= net461) (< netstandard1.5)) (>= net8.0)
      System.Collections (>= 4.3) - restriction: || (&& (< monoandroid) (>= net8.0) (< xamarinios) (< xamarinmac) (< xamarintvos) (< xamarinwatchos)) (&& (< net45) (>= net461))
      System.Diagnostics.Debug (>= 4.3) - restriction: || (&& (< monoandroid) (>= net8.0) (< xamarinios) (< xamarinmac) (< xamarintvos) (< xamarinwatchos)) (&& (< net45) (>= net461))
      System.Linq (>= 4.3) - restriction: || (&& (< monoandroid) (>= net8.0) (< xamarinios) (< xamarinmac) (< xamarintvos) (< xamarinwatchos)) (&& (< net45) (>= net461))
      System.Linq.Expressions (>= 4.3) - restriction: || (&& (< monoandroid) (>= net8.0) (< netstandard1.3)) (&& (< monoandroid) (>= net8.0) (< xamarinios) (< xamarinmac) (< xamarintvos) (< xamarinwatchos)) (&& (< net45) (>= net461))
      System.ObjectModel (>= 4.3) - restriction: || (&& (< monoandroid) (>= net8.0) (< netstandard1.3)) (&& (< monoandroid) (>= net8.0) (< xamarinios) (< xamarinmac) (< xamarintvos) (< xamarinwatchos)) (&& (< net45) (>= net461))
      System.Reflection (>= 4.3) - restriction: || (&& (< monoandroid) (>= net8.0) (< netstandard1.3)) (&& (< monoandroid) (>= net8.0) (< xamarinios) (< xamarinmac) (< xamarintvos) (< xamarinwatchos)) (&& (< net45) (>= net461))
      System.Reflection.Emit (>= 4.3) - restriction: || (&& (< monoandroid) (>= net8.0) (< xamarinios) (< xamarinmac) (< xamarintvos) (< xamarinwatchos)) (&& (< net45) (>= net461))
      System.Reflection.Emit.ILGeneration (>= 4.3) - restriction: || (&& (< monoandroid) (>= net8.0) (< xamarinios) (< xamarinmac) (< xamarintvos) (< xamarinwatchos)) (&& (< net45) (>= net461))
      System.Reflection.Primitives (>= 4.3) - restriction: || (&& (< monoandroid) (>= net8.0) (< xamarinios) (< xamarinmac) (< xamarintvos) (< xamarinwatchos)) (&& (< net45) (>= net461))
      System.Reflection.TypeExtensions (>= 4.3) - restriction: || (&& (< monoandroid) (>= net8.0) (< xamarinios) (< xamarinmac) (< xamarintvos) (< xamarinwatchos)) (&& (< net45) (>= net461))
      System.Resources.ResourceManager (>= 4.3) - restriction: || (&& (< monoandroid) (>= net8.0) (< xamarinios) (< xamarinmac) (< xamarintvos) (< xamarinwatchos)) (&& (< net45) (>= net461))
      System.Runtime (>= 4.3) - restriction: || (&& (< monoandroid) (>= net8.0) (< netstandard1.3)) (&& (< monoandroid) (>= net8.0) (< xamarinios) (< xamarinmac) (< xamarintvos) (< xamarinwatchos)) (&& (< net45) (>= net461))
      System.Runtime.Extensions (>= 4.3) - restriction: || (&& (< monoandroid) (>= net8.0) (< xamarinios) (< xamarinmac) (< xamarintvos) (< xamarinwatchos)) (&& (< net45) (>= net461))
      System.Threading (>= 4.3) - restriction: || (&& (< monoandroid) (>= net8.0) (< xamarinios) (< xamarinmac) (< xamarintvos) (< xamarinwatchos)) (&& (< net45) (>= net461))
    System.Formats.Asn1 (5.0) - restriction: || (&& (>= monoandroid) (>= net461) (< netstandard1.3) (>= netstandard2.0)) (&& (>= monotouch) (>= net461) (>= netstandard2.0)) (&& (< net46) (>= net461) (>= netstandard2.0)) (&& (>= net461) (>= net5.0)) (&& (>= net461) (>= netcoreapp2.0)) (&& (>= net461) (>= netcoreapp3.0)) (&& (>= net461) (>= netstandard2.0) (>= uap10.1)) (&& (>= net461) (>= netstandard2.0) (>= xamarintvos)) (&& (>= net461) (>= netstandard2.0) (>= xamarinwatchos)) (&& (>= net461) (>= netstandard2.1)) (&& (>= net461) (>= xamarinios)) (&& (>= net461) (>= xamarinmac)) (>= net8.0)
    System.Globalization (4.3) - restriction: || (&& (< monoandroid) (>= net8.0) (< netstandard1.5)) (&& (>= net461) (>= net8.0)) (&& (>= net461) (>= netcoreapp1.0)) (&& (>= net8.0) (< xamarinios) (< xamarinmac) (< xamarintvos) (< xamarinwatchos))
      Microsoft.NETCore.Platforms (>= 1.1) - restriction: || (&& (< monoandroid) (>= net8.0) (< netstandard1.3)) (&& (< monoandroid) (>= net8.0) (< xamarinios) (< xamarinmac) (< xamarintvos) (< xamarinwatchos)) (&& (< net45) (>= net461))
      Microsoft.NETCore.Targets (>= 1.1) - restriction: || (&& (< monoandroid) (>= net8.0) (< netstandard1.3)) (&& (< monoandroid) (>= net8.0) (< xamarinios) (< xamarinmac) (< xamarintvos) (< xamarinwatchos)) (&& (< net45) (>= net461))
      System.Runtime (>= 4.3) - restriction: || (&& (< monoandroid) (>= net8.0) (< netstandard1.3)) (&& (< monoandroid) (>= net8.0) (< xamarinios) (< xamarinmac) (< xamarintvos) (< xamarinwatchos)) (&& (< net45) (>= net461))
    System.Globalization.Extensions (4.3) - restriction: || (&& (< monoandroid) (>= net8.0) (< xamarinios) (< xamarinmac) (< xamarintvos) (< xamarinwatchos)) (&& (< net35) (>= net461) (>= netstandard1.5)) (&& (< net35) (>= net461) (< netstandard1.5)) (&& (>= net461) (>= net8.0))
      Microsoft.NETCore.Platforms (>= 1.1) - restriction: || (&& (< monoandroid) (>= net8.0) (< xamarinios) (< xamarinmac) (< xamarintvos) (< xamarinwatchos)) (&& (< net46) (>= net461))
      System.Globalization (>= 4.3) - restriction: || (&& (< monoandroid) (>= net8.0) (< xamarinios) (< xamarinmac) (< xamarintvos) (< xamarinwatchos)) (&& (< net46) (>= net461))
      System.Resources.ResourceManager (>= 4.3) - restriction: || (&& (< monoandroid) (>= net8.0) (< xamarinios) (< xamarinmac) (< xamarintvos) (< xamarinwatchos)) (&& (< net46) (>= net461))
      System.Runtime (>= 4.3) - restriction: || (&& (< monoandroid) (>= net8.0) (< xamarinios) (< xamarinmac) (< xamarintvos) (< xamarinwatchos)) (&& (< net46) (>= net461))
      System.Runtime.Extensions (>= 4.3) - restriction: || (&& (< monoandroid) (>= net8.0) (< xamarinios) (< xamarinmac) (< xamarintvos) (< xamarinwatchos)) (&& (< net46) (>= net461))
      System.Runtime.InteropServices (>= 4.3) - restriction: || (&& (< monoandroid) (>= net8.0) (< xamarinios) (< xamarinmac) (< xamarintvos) (< xamarinwatchos)) (&& (< net46) (>= net461))
    System.IO (4.3) - restriction: || (&& (< net46) (>= net461) (< netstandard1.4) (>= netstandard2.0)) (&& (< net46) (>= net461) (< netstandard1.6) (>= netstandard2.0)) (&& (< net46) (>= net462) (< netstandard1.4) (>= netstandard2.0)) (&& (< net46) (>= net462) (< netstandard1.6) (>= netstandard2.0)) (&& (< net46) (>= net47) (>= netstandard2.0)) (&& (>= net461) (>= net5.0) (< netstandard1.4)) (&& (>= net461) (>= net5.0) (< netstandard1.6)) (&& (>= net461) (>= net5.0) (< netstandard2.0)) (&& (>= net461) (>= netcoreapp1.0)) (&& (>= net462) (>= net5.0) (< netstandard1.4)) (&& (>= net462) (>= net5.0) (< netstandard1.6)) (&& (>= net463) (>= net5.0) (< netstandard1.4)) (&& (>= net463) (>= net5.0) (< netstandard1.6)) (&& (>= net463) (>= net5.0) (< netstandard2.0)) (&& (>= net463) (< netstandard1.4) (>= netstandard2.0)) (&& (>= net463) (< netstandard1.6) (>= netstandard2.0)) (&& (>= net47) (< net472) (>= netstandard2.0)) (&& (>= net47) (>= net5.0)) (>= net8.0)
      Microsoft.NETCore.Platforms (>= 1.1) - restriction: || (&& (< monoandroid) (>= net8.0) (< netstandard1.3)) (&& (< monoandroid) (>= net8.0) (< netstandard1.5)) (&& (< net45) (>= net461) (< netstandard1.3)) (&& (< net45) (>= net461) (>= netstandard1.5)) (&& (< net45) (>= net461) (< netstandard1.5)) (&& (>= net8.0) (< xamarinios) (< xamarinmac) (< xamarintvos) (< xamarinwatchos))
      Microsoft.NETCore.Targets (>= 1.1) - restriction: || (&& (< monoandroid) (>= net8.0) (< netstandard1.3)) (&& (< monoandroid) (>= net8.0) (< netstandard1.5)) (&& (< net45) (>= net461) (< netstandard1.3)) (&& (< net45) (>= net461) (>= netstandard1.5)) (&& (< net45) (>= net461) (< netstandard1.5)) (&& (>= net8.0) (< xamarinios) (< xamarinmac) (< xamarintvos) (< xamarinwatchos))
      System.Runtime (>= 4.3) - restriction: || (&& (< monoandroid) (>= net8.0) (< netstandard1.3)) (&& (< monoandroid) (>= net8.0) (< netstandard1.5)) (&& (< net45) (>= net461) (< netstandard1.3)) (&& (< net45) (>= net461) (>= netstandard1.5)) (&& (< net45) (>= net461) (< netstandard1.5)) (&& (>= net8.0) (< xamarinios) (< xamarinmac) (< xamarintvos) (< xamarinwatchos))
      System.Text.Encoding (>= 4.3) - restriction: || (&& (< monoandroid) (>= net8.0) (< netstandard1.3)) (&& (< monoandroid) (>= net8.0) (< netstandard1.5)) (&& (< net45) (>= net461) (< netstandard1.3)) (&& (< net45) (>= net461) (>= netstandard1.5)) (&& (< net45) (>= net461) (< netstandard1.5)) (&& (>= net8.0) (< xamarinios) (< xamarinmac) (< xamarintvos) (< xamarinwatchos))
      System.Threading.Tasks (>= 4.3) - restriction: || (&& (< monoandroid) (>= net8.0) (< netstandard1.3)) (&& (< monoandroid) (>= net8.0) (< netstandard1.5)) (&& (< net45) (>= net461) (< netstandard1.3)) (&& (< net45) (>= net461) (>= netstandard1.5)) (&& (< net45) (>= net461) (< netstandard1.5)) (&& (>= net8.0) (< xamarinios) (< xamarinmac) (< xamarintvos) (< xamarinwatchos))
    System.IO.FileSystem (4.3) - restriction: || (&& (>= net461) (>= netcoreapp1.0)) (>= net8.0)
      Microsoft.NETCore.Platforms (>= 1.1) - restriction: || (&& (< monoandroid) (>= net8.0) (< xamarinios) (< xamarinmac) (< xamarintvos) (< xamarinwatchos)) (&& (< net46) (>= net461))
      Microsoft.NETCore.Targets (>= 1.1) - restriction: || (&& (< monoandroid) (>= net8.0) (< xamarinios) (< xamarinmac) (< xamarintvos) (< xamarinwatchos)) (&& (< net46) (>= net461))
      System.IO (>= 4.3) - restriction: || (&& (< monoandroid) (>= net8.0) (< xamarinios) (< xamarinmac) (< xamarintvos) (< xamarinwatchos)) (&& (< net46) (>= net461))
      System.IO.FileSystem.Primitives (>= 4.3) - restriction: || (&& (< monoandroid) (>= net8.0) (< xamarinios) (< xamarinmac) (< xamarintvos) (< xamarinwatchos)) (&& (>= net46) (>= net8.0)) (>= net461)
      System.Runtime (>= 4.3) - restriction: || (&& (< monoandroid) (>= net8.0) (< xamarinios) (< xamarinmac) (< xamarintvos) (< xamarinwatchos)) (&& (< net46) (>= net461))
      System.Runtime.Handles (>= 4.3) - restriction: || (&& (< monoandroid) (>= net8.0) (< xamarinios) (< xamarinmac) (< xamarintvos) (< xamarinwatchos)) (&& (< net46) (>= net461))
      System.Text.Encoding (>= 4.3) - restriction: || (&& (< monoandroid) (>= net8.0) (< xamarinios) (< xamarinmac) (< xamarintvos) (< xamarinwatchos)) (&& (< net46) (>= net461))
      System.Threading.Tasks (>= 4.3) - restriction: || (&& (< monoandroid) (>= net8.0) (< xamarinios) (< xamarinmac) (< xamarintvos) (< xamarinwatchos)) (&& (< net46) (>= net461))
    System.IO.FileSystem.Primitives (4.3) - restriction: || (&& (>= net46) (>= net8.0)) (&& (>= net461) (>= net8.0)) (&& (>= net461) (>= netcoreapp1.0)) (&& (>= net8.0) (< xamarinios) (< xamarinmac) (< xamarintvos) (< xamarinwatchos))
      System.Runtime (>= 4.3) - restriction: || (&& (< monoandroid) (>= net8.0) (< xamarinios) (< xamarinmac) (< xamarintvos) (< xamarinwatchos)) (&& (< net46) (>= net461))
    System.Linq (4.3) - restriction: || (&& (< net35) (>= net461) (>= netstandard1.5)) (&& (< net35) (>= net461) (< netstandard1.5)) (&& (>= net461) (>= net8.0)) (&& (>= net461) (>= netcoreapp1.0)) (&& (>= net8.0) (< xamarinios) (< xamarinmac) (< xamarintvos) (< xamarinwatchos))
      System.Collections (>= 4.3) - restriction: || (&& (< monoandroid) (>= net8.0) (< netstandard1.6)) (&& (< net45) (>= net461) (>= netstandard1.6)) (&& (< net45) (>= net461) (< netstandard1.6)) (&& (>= net8.0) (< xamarinios) (< xamarinmac) (< xamarintvos) (< xamarinwatchos))
      System.Diagnostics.Debug (>= 4.3) - restriction: || (&& (< net45) (>= net461) (>= netstandard1.6)) (&& (>= net8.0) (< xamarinios) (< xamarinmac) (< xamarintvos) (< xamarinwatchos))
      System.Resources.ResourceManager (>= 4.3) - restriction: || (&& (< net45) (>= net461) (>= netstandard1.6)) (&& (>= net8.0) (< xamarinios) (< xamarinmac) (< xamarintvos) (< xamarinwatchos))
      System.Runtime (>= 4.3) - restriction: || (&& (< monoandroid) (>= net8.0) (< netstandard1.6)) (&& (< net45) (>= net461) (>= netstandard1.6)) (&& (< net45) (>= net461) (< netstandard1.6)) (&& (>= net8.0) (< xamarinios) (< xamarinmac) (< xamarintvos) (< xamarinwatchos))
      System.Runtime.Extensions (>= 4.3) - restriction: || (&& (< net45) (>= net461) (>= netstandard1.6)) (&& (>= net8.0) (< xamarinios) (< xamarinmac) (< xamarintvos) (< xamarinwatchos))
    System.Linq.Expressions (4.3) - restriction: || (&& (< monoandroid) (>= net8.0) (< netstandard1.3)) (&& (< monoandroid) (>= net8.0) (< xamarinios) (< xamarinmac) (< xamarintvos) (< xamarinwatchos)) (&& (< net35) (>= net461) (< netstandard1.3)) (&& (< net35) (>= net461) (>= netstandard1.5)) (&& (< net35) (>= net461) (< netstandard1.5)) (&& (>= net461) (>= net8.0))
      System.Collections (>= 4.3) - restriction: || (&& (< net45) (>= net461) (>= netstandard1.6)) (&& (>= net8.0) (< xamarinios) (< xamarinmac) (< xamarintvos) (< xamarinwatchos))
      System.Diagnostics.Debug (>= 4.3) - restriction: || (&& (< net45) (>= net461) (>= netstandard1.6)) (&& (>= net8.0) (< xamarinios) (< xamarinmac) (< xamarintvos) (< xamarinwatchos))
      System.Globalization (>= 4.3) - restriction: || (&& (< net45) (>= net461) (>= netstandard1.6)) (&& (>= net8.0) (< xamarinios) (< xamarinmac) (< xamarintvos) (< xamarinwatchos))
      System.IO (>= 4.3) - restriction: || (&& (< net45) (>= net461) (>= netstandard1.6)) (&& (>= net8.0) (< xamarinios) (< xamarinmac) (< xamarintvos) (< xamarinwatchos))
      System.Linq (>= 4.3) - restriction: || (&& (< net45) (>= net461) (>= netstandard1.6)) (&& (>= net8.0) (< xamarinios) (< xamarinmac) (< xamarintvos) (< xamarinwatchos))
      System.ObjectModel (>= 4.3) - restriction: || (&& (< net45) (>= net461) (>= netstandard1.6)) (&& (>= net8.0) (< xamarinios) (< xamarinmac) (< xamarintvos) (< xamarinwatchos))
      System.Reflection (>= 4.3) - restriction: || (&& (< monoandroid) (>= net8.0) (< netstandard1.3)) (&& (< monoandroid) (>= net8.0) (< netstandard1.6)) (&& (< net45) (>= net461) (< netstandard1.3)) (&& (< net45) (>= net461) (>= netstandard1.6)) (&& (< net45) (>= net461) (< netstandard1.6)) (&& (>= net8.0) (< xamarinios) (< xamarinmac) (< xamarintvos) (< xamarinwatchos))
      System.Reflection.Emit (>= 4.3) - restriction: || (&& (< net45) (>= net461) (>= netstandard1.6)) (&& (>= net8.0) (< xamarinios) (< xamarinmac) (< xamarintvos) (< xamarinwatchos))
      System.Reflection.Emit.ILGeneration (>= 4.3) - restriction: || (&& (< net45) (>= net461) (>= netstandard1.6)) (&& (>= net8.0) (< xamarinios) (< xamarinmac) (< xamarintvos) (< xamarinwatchos))
      System.Reflection.Emit.Lightweight (>= 4.3) - restriction: || (&& (< net45) (>= net461) (>= netstandard1.6)) (&& (>= net8.0) (< xamarinios) (< xamarinmac) (< xamarintvos) (< xamarinwatchos))
      System.Reflection.Extensions (>= 4.3) - restriction: || (&& (< net45) (>= net461) (>= netstandard1.6)) (&& (>= net8.0) (< xamarinios) (< xamarinmac) (< xamarintvos) (< xamarinwatchos))
      System.Reflection.Primitives (>= 4.3) - restriction: || (&& (< net45) (>= net461) (>= netstandard1.6)) (&& (>= net8.0) (< xamarinios) (< xamarinmac) (< xamarintvos) (< xamarinwatchos))
      System.Reflection.TypeExtensions (>= 4.3) - restriction: || (&& (< net45) (>= net461) (>= netstandard1.6)) (&& (>= net8.0) (< xamarinios) (< xamarinmac) (< xamarintvos) (< xamarinwatchos))
      System.Resources.ResourceManager (>= 4.3) - restriction: || (&& (< net45) (>= net461) (>= netstandard1.6)) (&& (>= net8.0) (< xamarinios) (< xamarinmac) (< xamarintvos) (< xamarinwatchos))
      System.Runtime (>= 4.3) - restriction: || (&& (< monoandroid) (>= net8.0) (< netstandard1.3)) (&& (< monoandroid) (>= net8.0) (< netstandard1.6)) (&& (< net45) (>= net461) (< netstandard1.3)) (&& (< net45) (>= net461) (>= netstandard1.6)) (&& (< net45) (>= net461) (< netstandard1.6)) (&& (>= net8.0) (< xamarinios) (< xamarinmac) (< xamarintvos) (< xamarinwatchos))
      System.Runtime.Extensions (>= 4.3) - restriction: || (&& (< net45) (>= net461) (>= netstandard1.6)) (&& (>= net8.0) (< xamarinios) (< xamarinmac) (< xamarintvos) (< xamarinwatchos))
      System.Threading (>= 4.3) - restriction: || (&& (< net45) (>= net461) (>= netstandard1.6)) (&& (>= net8.0) (< xamarinios) (< xamarinmac) (< xamarintvos) (< xamarinwatchos))
    System.Memory (4.5.5)
      System.Buffers (>= 4.5.1) - restriction: || (&& (>= monoandroid) (>= net8.0) (< netstandard1.1)) (&& (< monoandroid) (>= net8.0) (< netstandard1.1)) (&& (< monoandroid) (>= net8.0) (< netstandard2.0)) (&& (>= monotouch) (>= net8.0)) (&& (>= net45) (>= net8.0) (< netstandard2.0)) (>= net461) (&& (>= net8.0) (< netcoreapp2.0)) (&& (>= net8.0) (< netstandard1.1) (>= win8)) (&& (>= net8.0) (< netstandard2.0) (>= wpa81)) (&& (>= net8.0) (>= xamarinios)) (&& (>= net8.0) (>= xamarinmac)) (&& (>= net8.0) (>= xamarintvos)) (&& (>= net8.0) (>= xamarinwatchos))
      System.Numerics.Vectors (>= 4.5) - restriction: >= net461
      System.Runtime.CompilerServices.Unsafe (>= 4.5.3) - restriction: || (&& (>= monoandroid) (>= net8.0) (< netstandard1.1)) (&& (< monoandroid) (>= net8.0) (< netcoreapp2.1)) (&& (< monoandroid) (>= net8.0) (< netstandard1.1)) (&& (< monoandroid) (>= net8.0) (< netstandard2.0)) (&& (>= monotouch) (>= net8.0)) (&& (>= net45) (>= net8.0) (< netstandard2.0)) (>= net461) (&& (>= net8.0) (< netcoreapp2.0)) (&& (>= net8.0) (< netstandard1.1) (>= win8)) (&& (>= net8.0) (< netstandard2.0) (>= wpa81)) (&& (>= net8.0) (>= uap10.1)) (&& (>= net8.0) (>= xamarinios)) (&& (>= net8.0) (>= xamarinmac)) (&& (>= net8.0) (>= xamarintvos)) (&& (>= net8.0) (>= xamarinwatchos))
    System.Net.Http.WinHttpHandler (5.0)
      System.Buffers (>= 4.5.1) - restriction: || (&& (>= monoandroid) (>= net8.0) (< netstandard1.3)) (&& (>= monotouch) (>= net8.0)) (>= net461) (&& (>= net8.0) (< netcoreapp2.0)) (&& (>= net8.0) (>= xamarinios)) (&& (>= net8.0) (>= xamarinmac)) (&& (>= net8.0) (>= xamarintvos)) (&& (>= net8.0) (>= xamarinwatchos))
      System.Memory (>= 4.5.4) - restriction: || (&& (< monoandroid) (>= net8.0) (< netcoreapp2.1) (< xamarinios) (< xamarinmac) (< xamarintvos) (< xamarinwatchos)) (>= net461) (&& (>= net8.0) (< netcoreapp2.0) (< xamarinios) (< xamarinmac) (< xamarintvos) (< xamarinwatchos)) (&& (>= net8.0) (>= uap10.1))
    System.Numerics.Vectors (4.5) - restriction: || (&& (>= net461) (>= net8.0)) (&& (>= net461) (>= netstandard2.0))
    System.ObjectModel (4.3) - restriction: || (&& (< monoandroid) (>= net8.0) (< netstandard1.3)) (&& (< monoandroid) (>= net8.0) (< xamarinios) (< xamarinmac) (< xamarintvos) (< xamarinwatchos)) (&& (< net35) (>= net461) (< netstandard1.3)) (&& (< net35) (>= net461) (>= netstandard1.5)) (&& (< net35) (>= net461) (< netstandard1.5)) (&& (>= net461) (>= net8.0))
      System.Collections (>= 4.3) - restriction: || (&& (< monoandroid) (>= net8.0) (< xamarinios) (< xamarinmac) (< xamarintvos) (< xamarinwatchos)) (&& (< net45) (>= net461))
      System.Diagnostics.Debug (>= 4.3) - restriction: || (&& (< monoandroid) (>= net8.0) (< xamarinios) (< xamarinmac) (< xamarintvos) (< xamarinwatchos)) (&& (< net45) (>= net461))
      System.Resources.ResourceManager (>= 4.3) - restriction: || (&& (< monoandroid) (>= net8.0) (< xamarinios) (< xamarinmac) (< xamarintvos) (< xamarinwatchos)) (&& (< net45) (>= net461))
      System.Runtime (>= 4.3) - restriction: || (&& (< monoandroid) (>= net8.0) (< netstandard1.3)) (&& (< monoandroid) (>= net8.0) (< xamarinios) (< xamarinmac) (< xamarintvos) (< xamarinwatchos)) (&& (< net45) (>= net461))
      System.Threading (>= 4.3) - restriction: || (&& (< monoandroid) (>= net8.0) (< xamarinios) (< xamarinmac) (< xamarintvos) (< xamarinwatchos)) (&& (< net45) (>= net461))
    System.Reflection (4.3) - restriction: || (&& (>= net461) (>= netcoreapp1.0)) (>= net8.0)
      Microsoft.NETCore.Platforms (>= 1.1) - restriction: || (&& (< monoandroid) (>= net8.0) (< netstandard1.3)) (&& (< monoandroid) (>= net8.0) (< netstandard1.5)) (&& (< net45) (>= net461) (< netstandard1.3)) (&& (< net45) (>= net461) (>= netstandard1.5)) (&& (< net45) (>= net461) (< netstandard1.5)) (&& (>= net8.0) (< xamarinios) (< xamarinmac) (< xamarintvos) (< xamarinwatchos))
      Microsoft.NETCore.Targets (>= 1.1) - restriction: || (&& (< monoandroid) (>= net8.0) (< netstandard1.3)) (&& (< monoandroid) (>= net8.0) (< netstandard1.5)) (&& (< net45) (>= net461) (< netstandard1.3)) (&& (< net45) (>= net461) (>= netstandard1.5)) (&& (< net45) (>= net461) (< netstandard1.5)) (&& (>= net8.0) (< xamarinios) (< xamarinmac) (< xamarintvos) (< xamarinwatchos))
      System.IO (>= 4.3) - restriction: || (&& (< monoandroid) (>= net8.0) (< netstandard1.3)) (&& (< monoandroid) (>= net8.0) (< netstandard1.5)) (&& (< net45) (>= net461) (< netstandard1.3)) (&& (< net45) (>= net461) (>= netstandard1.5)) (&& (< net45) (>= net461) (< netstandard1.5)) (&& (>= net8.0) (< xamarinios) (< xamarinmac) (< xamarintvos) (< xamarinwatchos))
      System.Reflection.Primitives (>= 4.3) - restriction: || (&& (< monoandroid) (>= net8.0) (< netstandard1.3)) (&& (< monoandroid) (>= net8.0) (< netstandard1.5)) (&& (< net45) (>= net461) (< netstandard1.3)) (&& (< net45) (>= net461) (>= netstandard1.5)) (&& (< net45) (>= net461) (< netstandard1.5)) (&& (>= net8.0) (< xamarinios) (< xamarinmac) (< xamarintvos) (< xamarinwatchos))
      System.Runtime (>= 4.3) - restriction: || (&& (< monoandroid) (>= net8.0) (< netstandard1.3)) (&& (< monoandroid) (>= net8.0) (< netstandard1.5)) (&& (< net45) (>= net461) (< netstandard1.3)) (&& (< net45) (>= net461) (>= netstandard1.5)) (&& (< net45) (>= net461) (< netstandard1.5)) (&& (>= net8.0) (< xamarinios) (< xamarinmac) (< xamarintvos) (< xamarinwatchos))
    System.Reflection.Emit (4.7) - restriction: || (&& (< net35) (>= net461) (>= netstandard1.5)) (&& (< net35) (>= net461) (< netstandard1.5)) (&& (>= net461) (>= netstandard2.0)) (>= net8.0)
    System.Reflection.Emit.ILGeneration (4.7) - restriction: || (&& (< monoandroid) (>= net8.0) (< xamarinios) (< xamarinmac) (< xamarintvos) (< xamarinwatchos)) (&& (< net35) (>= net461) (>= netstandard1.5)) (&& (< net35) (>= net461) (< netstandard1.5)) (&& (>= net461) (>= net8.0))
    System.Reflection.Emit.Lightweight (4.7) - restriction: || (&& (< monoandroid) (>= net8.0) (< netstandard1.3)) (&& (< monoandroid) (>= net8.0) (< xamarinios) (< xamarinmac) (< xamarintvos) (< xamarinwatchos)) (&& (< net35) (>= net461) (>= netstandard1.6)) (&& (>= net461) (>= net8.0))
    System.Reflection.Extensions (4.3) - restriction: || (&& (< monoandroid) (>= net8.0) (< netstandard1.5)) (&& (>= net461) (>= net8.0)) (&& (>= net461) (>= netcoreapp1.0)) (&& (>= net8.0) (< xamarinios) (< xamarinmac) (< xamarintvos) (< xamarinwatchos))
      Microsoft.NETCore.Platforms (>= 1.1) - restriction: || (&& (< monoandroid) (>= net8.0) (< xamarinios) (< xamarinmac) (< xamarintvos) (< xamarinwatchos)) (&& (< net45) (>= net461))
      Microsoft.NETCore.Targets (>= 1.1) - restriction: || (&& (< monoandroid) (>= net8.0) (< xamarinios) (< xamarinmac) (< xamarintvos) (< xamarinwatchos)) (&& (< net45) (>= net461))
      System.Reflection (>= 4.3) - restriction: || (&& (< monoandroid) (>= net8.0) (< xamarinios) (< xamarinmac) (< xamarintvos) (< xamarinwatchos)) (&& (< net45) (>= net461))
      System.Runtime (>= 4.3) - restriction: || (&& (< monoandroid) (>= net8.0) (< xamarinios) (< xamarinmac) (< xamarintvos) (< xamarinwatchos)) (&& (< net45) (>= net461))
    System.Reflection.Metadata (8.0) - restriction: || (&& (>= net461) (>= netstandard2.0)) (>= net8.0)
      System.Collections.Immutable (>= 8.0) - restriction: || (&& (>= net461) (>= netstandard2.0)) (>= net462) (>= net8.0)
      System.Memory (>= 4.5.5) - restriction: || (&& (>= net461) (>= netstandard2.0)) (>= net462) (&& (< net6.0) (>= net8.0))
    System.Reflection.Primitives (4.3) - restriction: || (&& (< monoandroid) (>= net8.0) (< netstandard1.5)) (&& (< net35) (>= net461) (>= netstandard1.5)) (&& (< net35) (>= net461) (< netstandard1.5)) (&& (>= net461) (>= net8.0)) (&& (>= net461) (>= netcoreapp1.0)) (&& (>= net8.0) (< xamarinios) (< xamarinmac) (< xamarintvos) (< xamarinwatchos))
      Microsoft.NETCore.Platforms (>= 1.1) - restriction: || (&& (< monoandroid) (>= net8.0) (< xamarinios) (< xamarinmac) (< xamarintvos) (< xamarinwatchos)) (&& (< net45) (>= net461))
      Microsoft.NETCore.Targets (>= 1.1) - restriction: || (&& (< monoandroid) (>= net8.0) (< xamarinios) (< xamarinmac) (< xamarintvos) (< xamarinwatchos)) (&& (< net45) (>= net461))
      System.Runtime (>= 4.3) - restriction: || (&& (< monoandroid) (>= net8.0) (< xamarinios) (< xamarinmac) (< xamarintvos) (< xamarinwatchos)) (&& (< net45) (>= net461))
    System.Reflection.TypeExtensions (4.7) - restriction: || (&& (< net35) (>= net461) (>= netstandard1.5)) (&& (< net35) (>= net461) (< netstandard1.5)) (&& (>= net461) (>= netcoreapp1.0)) (>= net8.0)
    System.Resources.ResourceManager (4.3) - restriction: || (&& (< monoandroid) (>= net8.0) (< netstandard1.5)) (&& (>= net461) (>= net8.0)) (&& (>= net461) (>= netcoreapp1.0)) (&& (>= net8.0) (< xamarinios) (< xamarinmac) (< xamarintvos) (< xamarinwatchos))
      Microsoft.NETCore.Platforms (>= 1.1) - restriction: || (&& (< monoandroid) (>= net8.0) (< xamarinios) (< xamarinmac) (< xamarintvos) (< xamarinwatchos)) (&& (< net45) (>= net461))
      Microsoft.NETCore.Targets (>= 1.1) - restriction: || (&& (< monoandroid) (>= net8.0) (< xamarinios) (< xamarinmac) (< xamarintvos) (< xamarinwatchos)) (&& (< net45) (>= net461))
      System.Globalization (>= 4.3) - restriction: || (&& (< monoandroid) (>= net8.0) (< xamarinios) (< xamarinmac) (< xamarintvos) (< xamarinwatchos)) (&& (< net45) (>= net461))
      System.Reflection (>= 4.3) - restriction: || (&& (< monoandroid) (>= net8.0) (< xamarinios) (< xamarinmac) (< xamarintvos) (< xamarinwatchos)) (&& (< net45) (>= net461))
      System.Runtime (>= 4.3) - restriction: || (&& (< monoandroid) (>= net8.0) (< xamarinios) (< xamarinmac) (< xamarintvos) (< xamarinwatchos)) (&& (< net45) (>= net461))
    System.Runtime (4.3.1) - restriction: || (&& (< monoandroid) (>= net8.0) (< netstandard1.3)) (&& (< monoandroid) (>= net8.0) (< netstandard1.4)) (&& (< monoandroid) (>= net8.0) (< netstandard1.5)) (&& (< monoandroid) (>= net8.0) (< netstandard1.6)) (&& (< monoandroid) (>= net8.0) (< netstandard2.0) (< xamarintvos) (< xamarinwatchos)) (&& (>= net46) (>= net8.0) (< netstandard1.4)) (&& (< net46) (>= net461) (< netstandard1.4) (>= netstandard2.0)) (&& (< net46) (>= net461) (< netstandard1.6) (>= netstandard2.0)) (&& (< net46) (>= net462) (< netstandard1.4) (>= netstandard2.0)) (&& (< net46) (>= net462) (< netstandard1.6) (>= netstandard2.0)) (&& (< net46) (>= net47) (>= netstandard2.0)) (&& (>= net461) (>= net5.0) (< netstandard1.4)) (&& (>= net461) (>= net5.0) (< netstandard1.6)) (&& (>= net461) (>= net5.0) (< netstandard2.0)) (&& (>= net461) (>= net8.0)) (&& (>= net461) (>= netcoreapp1.0)) (&& (>= net461) (>= netcoreapp1.1)) (&& (>= net462) (>= net5.0) (< netstandard1.4)) (&& (>= net462) (>= net5.0) (< netstandard1.6)) (&& (>= net462) (>= net8.0) (< netstandard1.4)) (&& (>= net462) (>= net8.0) (< netstandard1.6)) (&& (>= net463) (>= net5.0) (< netstandard1.4)) (&& (>= net463) (>= net5.0) (< netstandard1.6)) (&& (>= net463) (>= net5.0) (< netstandard2.0)) (&& (>= net463) (>= net8.0) (< netstandard1.4)) (&& (>= net463) (>= net8.0) (< netstandard1.6)) (&& (>= net463) (>= net8.0) (< netstandard2.0)) (&& (>= net463) (< netstandard1.4) (>= netstandard2.0)) (&& (>= net463) (< netstandard1.6) (>= netstandard2.0)) (&& (>= net47) (< net472) (>= netstandard2.0)) (&& (>= net47) (>= net5.0)) (&& (>= net47) (>= net8.0)) (&& (>= net8.0) (< xamarinios) (< xamarinmac) (< xamarintvos) (< xamarinwatchos))
      Microsoft.NETCore.Platforms (>= 1.1.1) - restriction: || (&& (< monoandroid) (>= net8.0) (< netstandard1.2)) (&& (< monoandroid) (>= net8.0) (< netstandard1.3)) (&& (< monoandroid) (>= net8.0) (< netstandard1.5)) (&& (< net45) (>= net461) (< netstandard1.2)) (&& (< net45) (>= net461) (< netstandard1.3)) (&& (< net45) (>= net461) (>= netstandard1.5)) (&& (< net45) (>= net461) (< netstandard1.5)) (&& (>= net8.0) (< xamarinios) (< xamarinmac) (< xamarintvos) (< xamarinwatchos))
      Microsoft.NETCore.Targets (>= 1.1.3) - restriction: || (&& (< monoandroid) (>= net8.0) (< netstandard1.2)) (&& (< monoandroid) (>= net8.0) (< netstandard1.3)) (&& (< monoandroid) (>= net8.0) (< netstandard1.5)) (&& (< net45) (>= net461) (< netstandard1.2)) (&& (< net45) (>= net461) (< netstandard1.3)) (&& (< net45) (>= net461) (>= netstandard1.5)) (&& (< net45) (>= net461) (< netstandard1.5)) (&& (>= net8.0) (< xamarinios) (< xamarinmac) (< xamarintvos) (< xamarinwatchos))
    System.Runtime.CompilerServices.Unsafe (6.0)
    System.Runtime.Extensions (4.3.1) - restriction: || (&& (>= net461) (>= netcoreapp1.0)) (>= net8.0)
      Microsoft.NETCore.Platforms (>= 1.1.1) - restriction: || (&& (< monoandroid) (>= net8.0) (< netstandard1.3)) (&& (< monoandroid) (>= net8.0) (< netstandard1.5)) (&& (< net45) (>= net461) (< netstandard1.3)) (&& (< net45) (>= net461) (>= netstandard1.5)) (&& (< net45) (>= net461) (< netstandard1.5)) (&& (>= net8.0) (< xamarinios) (< xamarinmac) (< xamarintvos) (< xamarinwatchos))
      Microsoft.NETCore.Targets (>= 1.1.3) - restriction: || (&& (< monoandroid) (>= net8.0) (< netstandard1.3)) (&& (< monoandroid) (>= net8.0) (< netstandard1.5)) (&& (< net45) (>= net461) (< netstandard1.3)) (&& (< net45) (>= net461) (>= netstandard1.5)) (&& (< net45) (>= net461) (< netstandard1.5)) (&& (>= net8.0) (< xamarinios) (< xamarinmac) (< xamarintvos) (< xamarinwatchos))
      System.Runtime (>= 4.3.1) - restriction: || (&& (< monoandroid) (>= net8.0) (< netstandard1.3)) (&& (< monoandroid) (>= net8.0) (< netstandard1.5)) (&& (< net45) (>= net461) (< netstandard1.3)) (&& (< net45) (>= net461) (>= netstandard1.5)) (&& (< net45) (>= net461) (< netstandard1.5)) (&& (>= net8.0) (< xamarinios) (< xamarinmac) (< xamarintvos) (< xamarinwatchos))
    System.Runtime.Handles (4.3) - restriction: || (&& (< monoandroid) (>= net8.0) (< netstandard1.4)) (&& (>= net461) (>= net8.0)) (&& (>= net461) (>= netcoreapp1.0)) (&& (>= net8.0) (< xamarinios) (< xamarinmac) (< xamarintvos) (< xamarinwatchos))
      Microsoft.NETCore.Platforms (>= 1.1) - restriction: || (&& (< monoandroid) (>= net8.0) (< xamarinios) (< xamarinmac) (< xamarintvos) (< xamarinwatchos)) (&& (< net46) (>= net461))
      Microsoft.NETCore.Targets (>= 1.1) - restriction: || (&& (< monoandroid) (>= net8.0) (< xamarinios) (< xamarinmac) (< xamarintvos) (< xamarinwatchos)) (&& (< net46) (>= net461))
      System.Runtime (>= 4.3) - restriction: || (&& (< monoandroid) (>= net8.0) (< xamarinios) (< xamarinmac) (< xamarintvos) (< xamarinwatchos)) (&& (< net46) (>= net461))
    System.Runtime.InteropServices (4.3) - restriction: || (&& (>= net461) (>= netcoreapp1.0)) (>= net8.0)
      Microsoft.NETCore.Platforms (>= 1.1) - restriction: || (&& (< monoandroid) (>= net8.0) (< netstandard1.2)) (&& (< monoandroid) (>= net8.0) (< netstandard1.3)) (&& (< monoandroid) (>= net8.0) (< netstandard1.5)) (&& (< net45) (>= net461) (< netstandard1.2)) (&& (< net45) (>= net461) (< netstandard1.3)) (&& (< net45) (>= net461) (>= netstandard1.5)) (&& (< net45) (>= net461) (< netstandard1.5)) (&& (>= net461) (>= netcoreapp1.1)) (&& (>= net8.0) (< xamarinios) (< xamarinmac) (< xamarintvos) (< xamarinwatchos))
      Microsoft.NETCore.Targets (>= 1.1) - restriction: || (&& (< monoandroid) (>= net8.0) (< netstandard1.2)) (&& (< monoandroid) (>= net8.0) (< netstandard1.3)) (&& (< monoandroid) (>= net8.0) (< netstandard1.5)) (&& (< net45) (>= net461) (< netstandard1.2)) (&& (< net45) (>= net461) (< netstandard1.3)) (&& (< net45) (>= net461) (>= netstandard1.5)) (&& (< net45) (>= net461) (< netstandard1.5)) (&& (>= net461) (>= netcoreapp1.1)) (&& (>= net8.0) (< xamarinios) (< xamarinmac) (< xamarintvos) (< xamarinwatchos))
      System.Reflection (>= 4.3) - restriction: || (&& (< monoandroid) (>= net8.0) (< netstandard1.2)) (&& (< monoandroid) (>= net8.0) (< netstandard1.3)) (&& (< monoandroid) (>= net8.0) (< netstandard1.5)) (&& (< net45) (>= net461) (< netstandard1.2)) (&& (< net45) (>= net461) (< netstandard1.3)) (&& (< net45) (>= net461) (>= netstandard1.5)) (&& (< net45) (>= net461) (< netstandard1.5)) (&& (>= net461) (>= netcoreapp1.1)) (&& (>= net8.0) (< xamarinios) (< xamarinmac) (< xamarintvos) (< xamarinwatchos))
      System.Reflection.Primitives (>= 4.3) - restriction: || (&& (< monoandroid) (>= net8.0) (< netstandard1.2)) (&& (< monoandroid) (>= net8.0) (< netstandard1.3)) (&& (< monoandroid) (>= net8.0) (< netstandard1.5)) (&& (< net45) (>= net461) (< netstandard1.2)) (&& (< net45) (>= net461) (< netstandard1.3)) (&& (< net45) (>= net461) (>= netstandard1.5)) (&& (< net45) (>= net461) (< netstandard1.5)) (&& (>= net461) (>= netcoreapp1.1)) (&& (>= net8.0) (< xamarinios) (< xamarinmac) (< xamarintvos) (< xamarinwatchos))
      System.Runtime (>= 4.3) - restriction: || (&& (< monoandroid) (>= net8.0) (< netstandard1.2)) (&& (< monoandroid) (>= net8.0) (< netstandard1.3)) (&& (< monoandroid) (>= net8.0) (< netstandard1.5)) (&& (< net45) (>= net461) (< netstandard1.2)) (&& (< net45) (>= net461) (< netstandard1.3)) (&& (< net45) (>= net461) (>= netstandard1.5)) (&& (< net45) (>= net461) (< netstandard1.5)) (&& (>= net461) (>= netcoreapp1.1)) (>= net462) (&& (>= net8.0) (< xamarinios) (< xamarinmac) (< xamarintvos) (< xamarinwatchos))
      System.Runtime.Handles (>= 4.3) - restriction: || (&& (< monoandroid) (>= net8.0) (< netstandard1.5)) (&& (< net45) (>= net461) (>= netstandard1.5)) (&& (< net45) (>= net461) (< netstandard1.5)) (&& (>= net461) (>= netcoreapp1.1)) (&& (>= net8.0) (< xamarinios) (< xamarinmac) (< xamarintvos) (< xamarinwatchos))
    System.Runtime.InteropServices.RuntimeInformation (4.3) - restriction: || (&& (>= net461) (>= netcoreapp1.0)) (>= net8.0)
      runtime.native.System (>= 4.3) - restriction: || (&& (< monoandroid) (>= net8.0) (< xamarinios) (< xamarinmac) (< xamarintvos) (< xamarinwatchos)) (&& (< net45) (>= net461))
      System.Reflection (>= 4.3) - restriction: || (&& (< monoandroid) (>= net8.0) (< xamarinios) (< xamarinmac) (< xamarintvos) (< xamarinwatchos)) (&& (< net45) (>= net461))
      System.Reflection.Extensions (>= 4.3) - restriction: || (&& (< monoandroid) (>= net8.0) (< xamarinios) (< xamarinmac) (< xamarintvos) (< xamarinwatchos)) (&& (< net45) (>= net461))
      System.Resources.ResourceManager (>= 4.3) - restriction: || (&& (< monoandroid) (>= net8.0) (< xamarinios) (< xamarinmac) (< xamarintvos) (< xamarinwatchos)) (&& (< net45) (>= net461))
      System.Runtime (>= 4.3) - restriction: || (&& (< monoandroid) (>= net8.0) (< xamarinios) (< xamarinmac) (< xamarintvos) (< xamarinwatchos)) (&& (< net45) (>= net461))
      System.Runtime.InteropServices (>= 4.3) - restriction: || (&& (< monoandroid) (>= net8.0) (< xamarinios) (< xamarinmac) (< xamarintvos) (< xamarinwatchos)) (&& (< net45) (>= net461))
      System.Threading (>= 4.3) - restriction: || (&& (< monoandroid) (>= net8.0) (< xamarinios) (< xamarinmac) (< xamarintvos) (< xamarinwatchos)) (&& (< net45) (>= net461))
    System.Security.AccessControl (4.7) - restriction: || (&& (>= net461) (>= netcoreapp1.0)) (&& (>= net461) (>= netcoreapp2.0)) (&& (>= net461) (>= netcoreapp2.1)) (&& (>= net461) (>= netstandard2.0)) (>= net8.0)
      Microsoft.NETCore.Platforms (>= 3.1) - restriction: || (&& (>= net461) (>= netcoreapp2.0)) (>= net8.0)
      System.Security.Principal.Windows (>= 4.7)
    System.Security.Cryptography.Algorithms (4.3.1) - restriction: || (&& (< monoandroid) (>= net8.0) (< netstandard1.4)) (&& (< monoandroid) (>= net8.0) (< netstandard1.6)) (&& (< monoandroid) (>= net8.0) (< netstandard2.0) (< xamarintvos) (< xamarinwatchos)) (&& (>= net46) (>= net8.0) (< netstandard1.4)) (&& (< net46) (>= net461) (< netstandard1.6) (>= netstandard2.0)) (&& (>= net461) (< net462) (< netstandard1.6) (>= netstandard2.0)) (&& (>= net461) (>= net5.0) (< netstandard1.4)) (&& (>= net461) (>= net5.0) (< netstandard1.6)) (&& (>= net461) (>= net5.0) (< netstandard2.0)) (&& (>= net461) (>= net8.0) (< netstandard1.4)) (&& (>= net461) (>= net8.0) (< netstandard1.6)) (&& (>= net461) (>= net8.0) (< netstandard2.0)) (&& (>= net461) (< netstandard1.4) (>= netstandard2.0)) (&& (>= net462) (>= net5.0) (< netstandard1.6)) (&& (>= net462) (>= net8.0) (< netstandard1.6)) (&& (>= net462) (< netstandard1.6) (>= netstandard2.0)) (&& (>= net47) (< net472) (>= netstandard2.0)) (&& (>= net47) (>= net5.0)) (&& (>= net47) (>= net8.0))
      System.IO (>= 4.3) - restriction: || (&& (< monoandroid) (>= net8.0) (< netstandard1.4)) (&& (< monoandroid) (>= net8.0) (< netstandard1.6)) (&& (< net46) (>= net461) (< netstandard1.4)) (&& (< net46) (>= net461) (>= netstandard1.6)) (&& (< net46) (>= net461) (< netstandard1.6)) (>= net463) (&& (>= net8.0) (< xamarinios) (< xamarinmac) (< xamarintvos) (< xamarinwatchos))
      System.Runtime (>= 4.3) - restriction: || (&& (< monoandroid) (>= net8.0) (< netstandard1.4)) (&& (< monoandroid) (>= net8.0) (< netstandard1.6)) (&& (< net46) (>= net461) (< netstandard1.4)) (&& (< net46) (>= net461) (>= netstandard1.6)) (&& (< net46) (>= net461) (< netstandard1.6)) (>= net463) (&& (>= net8.0) (< xamarinios) (< xamarinmac) (< xamarintvos) (< xamarinwatchos))
      System.Security.Cryptography.Encoding (>= 4.3) - restriction: || (&& (< net46) (>= net461) (>= netstandard1.6)) (>= net463) (&& (>= net8.0) (< xamarinios) (< xamarinmac) (< xamarintvos) (< xamarinwatchos))
      System.Security.Cryptography.Primitives (>= 4.3) - restriction: || (&& (< monoandroid) (>= net8.0) (< netstandard1.4)) (&& (< monoandroid) (>= net8.0) (< netstandard1.6)) (&& (>= net46) (>= net8.0) (< netstandard1.4)) (&& (< net46) (>= net461) (>= netstandard1.6)) (&& (>= net461) (< netstandard1.4)) (&& (>= net461) (< netstandard1.6)) (>= net463) (&& (>= net8.0) (< xamarinios) (< xamarinmac) (< xamarintvos) (< xamarinwatchos))
    System.Security.Cryptography.Cng (5.0) - restriction: || (&& (< net46) (>= net461) (>= netstandard2.0)) (&& (>= net461) (< net472) (>= netstandard2.0)) (&& (>= net461) (>= net5.0)) (&& (>= net461) (>= netcoreapp2.0)) (&& (>= net461) (>= netcoreapp2.1)) (&& (>= net461) (>= netcoreapp3.0)) (&& (>= net461) (>= netstandard2.1)) (>= net8.0)
      System.Formats.Asn1 (>= 5.0) - restriction: || (&& (>= net461) (>= netcoreapp3.0)) (&& (>= net8.0) (< xamarinios) (< xamarinmac) (< xamarintvos) (< xamarinwatchos))
      System.Security.Cryptography.Algorithms (>= 4.3.1) - restriction: || (&& (< monoandroid) (>= net8.0) (< netstandard1.4)) (&& (< monoandroid) (>= net8.0) (< netstandard1.6)) (&& (< monoandroid) (>= net8.0) (< netstandard2.0) (< xamarintvos) (< xamarinwatchos)) (&& (>= net46) (>= net8.0) (< netstandard1.4)) (&& (< net46) (>= net461) (>= netstandard1.6) (< netstandard2.0)) (&& (< net46) (>= net461) (< netstandard1.6)) (&& (>= net461) (< net462) (< netstandard1.6)) (&& (>= net461) (>= net8.0) (< netstandard1.6)) (&& (>= net461) (< netstandard1.4)) (&& (>= net462) (< netstandard1.6)) (>= net47)
    System.Security.Cryptography.Encoding (4.3) - restriction: || (&& (< monoandroid) (>= net8.0) (< netstandard1.4)) (&& (< monoandroid) (>= net8.0) (< netstandard1.6)) (&& (< monoandroid) (>= net8.0) (< netstandard2.0) (< xamarintvos) (< xamarinwatchos)) (&& (>= net46) (>= net8.0) (< netstandard1.4)) (&& (< net46) (>= net461) (< netstandard1.4) (>= netstandard2.0)) (&& (< net46) (>= net461) (< netstandard1.6) (>= netstandard2.0)) (&& (< net46) (>= net462) (< netstandard1.6) (>= netstandard2.0)) (&& (< net46) (>= net47) (>= netstandard2.0)) (&& (>= net461) (>= net5.0) (< netstandard1.4)) (&& (>= net461) (>= net5.0) (< netstandard1.6)) (&& (>= net461) (>= net5.0) (< netstandard2.0)) (&& (>= net461) (>= net8.0) (< netstandard1.4)) (&& (>= net461) (>= net8.0) (< netstandard1.6)) (&& (>= net461) (>= net8.0) (< netstandard2.0)) (&& (>= net462) (>= net5.0) (< netstandard1.6)) (&& (>= net462) (>= net8.0) (< netstandard1.6)) (&& (>= net463) (>= net5.0) (< netstandard1.4)) (&& (>= net463) (>= net5.0) (< netstandard1.6)) (&& (>= net463) (>= net5.0) (< netstandard2.0)) (&& (>= net463) (>= net8.0) (< netstandard1.4)) (&& (>= net463) (>= net8.0) (< netstandard1.6)) (&& (>= net463) (>= net8.0) (< netstandard2.0)) (&& (>= net463) (< netstandard1.4) (>= netstandard2.0)) (&& (>= net463) (< netstandard1.6) (>= netstandard2.0)) (&& (>= net47) (< net472) (>= netstandard2.0)) (&& (>= net47) (>= net5.0)) (&& (>= net47) (>= net8.0))
    System.Security.Cryptography.Pkcs (5.0.1) - restriction: || (&& (>= net461) (< net472) (>= netstandard2.0)) (&& (>= net461) (>= net5.0)) (>= net8.0)
      System.Formats.Asn1 (>= 5.0) - restriction: || (&& (>= monoandroid) (>= net461) (< netstandard1.3)) (&& (>= monotouch) (>= net461)) (&& (< net46) (>= net461) (>= netstandard2.0)) (&& (>= net461) (>= netcoreapp2.0)) (&& (>= net461) (>= netcoreapp3.0)) (&& (>= net461) (>= netstandard2.1)) (&& (>= net461) (>= uap10.1)) (&& (>= net461) (>= xamarinios)) (&& (>= net461) (>= xamarinmac)) (&& (>= net461) (>= xamarintvos)) (&& (>= net461) (>= xamarinwatchos)) (>= net8.0)
      System.Security.Cryptography.Cng (>= 5.0) - restriction: || (&& (< monoandroid) (>= net8.0) (< netstandard2.1) (< xamarintvos) (< xamarinwatchos)) (&& (< net46) (>= net461) (>= netstandard2.0)) (&& (>= net461) (>= netcoreapp2.0)) (&& (>= net461) (>= netcoreapp2.1)) (&& (>= net461) (>= netcoreapp3.0)) (&& (>= net461) (>= netstandard2.1)) (&& (>= net8.0) (< xamarinios) (< xamarinmac) (< xamarintvos) (< xamarinwatchos))
    System.Security.Cryptography.Primitives (4.3) - restriction: || (&& (< monoandroid) (>= net8.0) (< netstandard1.4)) (&& (< monoandroid) (>= net8.0) (< netstandard1.6)) (&& (< monoandroid) (>= net8.0) (< netstandard2.0) (< xamarintvos) (< xamarinwatchos)) (&& (>= net46) (>= net8.0) (< netstandard1.4)) (&& (< net46) (>= net461) (< netstandard1.6) (>= netstandard2.0)) (&& (< net46) (>= net47) (>= netstandard2.0)) (&& (>= net461) (< net462) (< netstandard1.6) (>= netstandard2.0)) (&& (>= net461) (>= net5.0) (< netstandard1.4)) (&& (>= net461) (>= net5.0) (< netstandard1.6)) (&& (>= net461) (>= net5.0) (< netstandard2.0)) (&& (>= net461) (>= net8.0) (< netstandard1.4)) (&& (>= net461) (>= net8.0) (< netstandard1.6)) (&& (>= net461) (>= net8.0) (< netstandard2.0)) (&& (>= net461) (< netstandard1.4) (>= netstandard2.0)) (&& (>= net462) (>= net5.0) (< netstandard1.4)) (&& (>= net462) (>= net5.0) (< netstandard1.6)) (&& (>= net462) (>= net8.0) (< netstandard1.4)) (&& (>= net462) (>= net8.0) (< netstandard1.6)) (&& (>= net462) (< netstandard1.4) (>= netstandard2.0)) (&& (>= net462) (< netstandard1.6) (>= netstandard2.0)) (&& (>= net463) (>= net5.0) (< netstandard1.4)) (&& (>= net463) (>= net5.0) (< netstandard1.6)) (&& (>= net463) (>= net5.0) (< netstandard2.0)) (&& (>= net463) (>= net8.0) (< netstandard1.4)) (&& (>= net463) (>= net8.0) (< netstandard1.6)) (&& (>= net463) (>= net8.0) (< netstandard2.0)) (&& (>= net463) (< netstandard1.4) (>= netstandard2.0)) (&& (>= net463) (< netstandard1.6) (>= netstandard2.0)) (&& (>= net47) (< net472) (>= netstandard2.0)) (&& (>= net47) (>= net5.0)) (&& (>= net47) (>= net8.0)) (&& (>= net47) (< netstandard1.4) (>= netstandard2.0)) (&& (>= net47) (< netstandard1.6) (>= netstandard2.0))
    System.Security.Cryptography.ProtectedData (5.0)
    System.Security.Permissions (4.7) - restriction: || (&& (>= net461) (>= netstandard2.0)) (>= net8.0)
      System.Security.AccessControl (>= 4.7)
      System.Windows.Extensions (>= 4.7) - restriction: || (&& (>= net461) (>= netcoreapp3.0)) (>= net8.0)
    System.Security.Principal.Windows (4.7) - restriction: || (&& (>= monoandroid) (>= net8.0) (< netstandard1.3)) (&& (>= monotouch) (>= net8.0)) (&& (>= net461) (>= net8.0)) (&& (>= net461) (>= netcoreapp1.0)) (&& (>= net461) (>= netcoreapp2.0)) (&& (>= net461) (>= netcoreapp2.1)) (&& (>= net8.0) (< xamarinios) (< xamarinmac) (< xamarintvos) (< xamarinwatchos))
    System.Text.Encoding (4.3) - restriction: || (&& (< monoandroid) (>= net8.0) (< netstandard1.4)) (&& (>= net461) (>= net8.0)) (&& (>= net461) (>= netcoreapp1.0)) (&& (>= net8.0) (< xamarinios) (< xamarinmac) (< xamarintvos) (< xamarinwatchos))
      Microsoft.NETCore.Platforms (>= 1.1) - restriction: || (&& (< monoandroid) (>= net8.0) (< netstandard1.3)) (&& (< monoandroid) (>= net8.0) (< xamarinios) (< xamarinmac) (< xamarintvos) (< xamarinwatchos)) (&& (< net45) (>= net461))
      Microsoft.NETCore.Targets (>= 1.1) - restriction: || (&& (< monoandroid) (>= net8.0) (< netstandard1.3)) (&& (< monoandroid) (>= net8.0) (< xamarinios) (< xamarinmac) (< xamarintvos) (< xamarinwatchos)) (&& (< net45) (>= net461))
      System.Runtime (>= 4.3) - restriction: || (&& (< monoandroid) (>= net8.0) (< netstandard1.3)) (&& (< monoandroid) (>= net8.0) (< xamarinios) (< xamarinmac) (< xamarintvos) (< xamarinwatchos)) (&& (< net45) (>= net461))
    System.Text.Encoding.Extensions (4.3) - restriction: || (&& (>= net461) (>= net8.0)) (&& (>= net461) (>= netcoreapp1.0)) (&& (>= net8.0) (< xamarinios) (< xamarinmac) (< xamarintvos) (< xamarinwatchos))
      Microsoft.NETCore.Platforms (>= 1.1) - restriction: || (&& (< monoandroid) (>= net8.0) (< netstandard1.3)) (&& (< monoandroid) (>= net8.0) (< xamarinios) (< xamarinmac) (< xamarintvos) (< xamarinwatchos)) (&& (< net45) (>= net461))
      Microsoft.NETCore.Targets (>= 1.1) - restriction: || (&& (< monoandroid) (>= net8.0) (< netstandard1.3)) (&& (< monoandroid) (>= net8.0) (< xamarinios) (< xamarinmac) (< xamarintvos) (< xamarinwatchos)) (&& (< net45) (>= net461))
      System.Runtime (>= 4.3) - restriction: || (&& (< monoandroid) (>= net8.0) (< netstandard1.3)) (&& (< monoandroid) (>= net8.0) (< xamarinios) (< xamarinmac) (< xamarintvos) (< xamarinwatchos)) (&& (< net45) (>= net461))
      System.Text.Encoding (>= 4.3) - restriction: || (&& (< monoandroid) (>= net8.0) (< netstandard1.3)) (&& (< monoandroid) (>= net8.0) (< xamarinios) (< xamarinmac) (< xamarintvos) (< xamarinwatchos)) (&& (< net45) (>= net461))
    System.Text.RegularExpressions (4.3.1) - restriction: || (&& (< monoandroid) (>= net8.0) (< xamarinios) (< xamarinmac) (< xamarintvos) (< xamarinwatchos)) (&& (>= net461) (>= net8.0)) (&& (>= net461) (>= netcoreapp1.0))
      System.Runtime (>= 4.3.1) - restriction: || (&& (< monoandroid) (>= net8.0) (< netstandard1.3)) (&& (< monoandroid) (>= net8.0) (< netstandard1.6)) (&& (< net45) (>= net461) (< netstandard1.3)) (&& (< net45) (>= net461) (>= netstandard1.6)) (&& (< net45) (>= net461) (< netstandard1.6)) (&& (>= net461) (>= netcoreapp1.1)) (&& (>= net8.0) (< xamarinios) (< xamarinmac) (< xamarintvos) (< xamarinwatchos))
    System.Threading (4.3) - restriction: || (&& (< monoandroid) (>= net8.0) (< netstandard1.5)) (&& (>= net461) (>= net8.0)) (&& (>= net461) (>= netcoreapp1.0)) (&& (>= net8.0) (< xamarinios) (< xamarinmac) (< xamarintvos) (< xamarinwatchos))
      System.Runtime (>= 4.3) - restriction: || (&& (< monoandroid) (>= net8.0) (< netstandard1.3)) (&& (< monoandroid) (>= net8.0) (< xamarinios) (< xamarinmac) (< xamarintvos) (< xamarinwatchos)) (&& (< net45) (>= net461))
      System.Threading.Tasks (>= 4.3) - restriction: || (&& (< monoandroid) (>= net8.0) (< netstandard1.3)) (&& (< monoandroid) (>= net8.0) (< xamarinios) (< xamarinmac) (< xamarintvos) (< xamarinwatchos)) (&& (< net45) (>= net461))
    System.Threading.Tasks (4.3) - restriction: || (&& (>= net461) (>= net8.0)) (&& (>= net461) (>= netcoreapp1.0)) (&& (>= net8.0) (< xamarinios) (< xamarinmac) (< xamarintvos) (< xamarinwatchos))
      Microsoft.NETCore.Platforms (>= 1.1) - restriction: || (&& (< monoandroid) (>= net8.0) (< netstandard1.3)) (&& (< monoandroid) (>= net8.0) (< xamarinios) (< xamarinmac) (< xamarintvos) (< xamarinwatchos)) (&& (< net45) (>= net461))
      Microsoft.NETCore.Targets (>= 1.1) - restriction: || (&& (< monoandroid) (>= net8.0) (< netstandard1.3)) (&& (< monoandroid) (>= net8.0) (< xamarinios) (< xamarinmac) (< xamarintvos) (< xamarinwatchos)) (&& (< net45) (>= net461))
      System.Runtime (>= 4.3) - restriction: || (&& (< monoandroid) (>= net8.0) (< netstandard1.3)) (&& (< monoandroid) (>= net8.0) (< xamarinios) (< xamarinmac) (< xamarintvos) (< xamarinwatchos)) (&& (< net45) (>= net461))
    System.Threading.Tasks.Extensions (4.5.4)
      System.Runtime.CompilerServices.Unsafe (>= 4.5.3) - restriction: || (&& (< monoandroid) (>= net8.0) (< netstandard1.0)) (&& (< monoandroid) (>= net8.0) (< netstandard2.0) (< xamarintvos) (< xamarinwatchos)) (&& (>= net45) (>= net8.0) (< netstandard2.0)) (>= net461) (&& (>= net8.0) (< netcoreapp2.1) (< xamarinios) (< xamarinmac) (< xamarintvos) (< xamarinwatchos)) (&& (>= net8.0) (< netstandard1.0) (>= win8)) (&& (>= net8.0) (< netstandard2.0) (>= wpa81)) (&& (>= net8.0) (>= wp8))
    System.Threading.Thread (4.3) - restriction: || (&& (>= net461) (>= netcoreapp1.0)) (>= net8.0)
      System.Runtime (>= 4.3) - restriction: || (&& (< monoandroid) (>= net8.0) (< xamarinios) (< xamarinmac) (< xamarintvos) (< xamarinwatchos)) (&& (< net46) (>= net461))
    System.Threading.ThreadPool (4.3) - restriction: || (&& (>= net461) (>= net8.0)) (&& (>= net461) (>= netcoreapp1.0)) (&& (>= net8.0) (< xamarinios) (< xamarinmac) (< xamarintvos) (< xamarinwatchos))
      System.Runtime (>= 4.3) - restriction: || (&& (< monoandroid) (>= net8.0) (< xamarinios) (< xamarinmac) (< xamarintvos) (< xamarinwatchos)) (&& (< net46) (>= net461))
      System.Runtime.Handles (>= 4.3) - restriction: || (&& (< monoandroid) (>= net8.0) (< xamarinios) (< xamarinmac) (< xamarintvos) (< xamarinwatchos)) (&& (< net46) (>= net461))
    System.Windows.Extensions (4.7) - restriction: || (&& (>= net461) (>= netcoreapp3.0)) (>= net8.0)
      System.Drawing.Common (>= 4.7) - restriction: || (&& (>= net461) (>= netcoreapp3.0)) (>= net8.0)
    System.Xml.ReaderWriter (4.3.1) - restriction: || (&& (< monoandroid) (>= net8.0) (< xamarinios) (< xamarinmac) (< xamarintvos) (< xamarinwatchos)) (&& (>= net461) (>= net8.0)) (&& (>= net461) (>= netcoreapp1.0))
      System.Collections (>= 4.3) - restriction: || (&& (< monoandroid) (>= net8.0) (< xamarinios) (< xamarinmac) (< xamarintvos) (< xamarinwatchos)) (&& (< net45) (>= net461))
      System.Diagnostics.Debug (>= 4.3) - restriction: || (&& (< monoandroid) (>= net8.0) (< xamarinios) (< xamarinmac) (< xamarintvos) (< xamarinwatchos)) (&& (< net45) (>= net461))
      System.Globalization (>= 4.3) - restriction: || (&& (< monoandroid) (>= net8.0) (< xamarinios) (< xamarinmac) (< xamarintvos) (< xamarinwatchos)) (&& (< net45) (>= net461))
      System.IO (>= 4.3) - restriction: || (&& (< monoandroid) (>= net8.0) (< netstandard1.3)) (&& (< monoandroid) (>= net8.0) (< xamarinios) (< xamarinmac) (< xamarintvos) (< xamarinwatchos)) (&& (< net45) (>= net461))
      System.IO.FileSystem (>= 4.3) - restriction: || (&& (< monoandroid) (>= net8.0) (< xamarinios) (< xamarinmac) (< xamarintvos) (< xamarinwatchos)) (&& (< net45) (>= net461))
      System.IO.FileSystem.Primitives (>= 4.3) - restriction: || (&& (< monoandroid) (>= net8.0) (< xamarinios) (< xamarinmac) (< xamarintvos) (< xamarinwatchos)) (&& (< net45) (>= net461))
      System.Resources.ResourceManager (>= 4.3) - restriction: || (&& (< monoandroid) (>= net8.0) (< xamarinios) (< xamarinmac) (< xamarintvos) (< xamarinwatchos)) (&& (< net45) (>= net461))
      System.Runtime (>= 4.3) - restriction: || (&& (< monoandroid) (>= net8.0) (< netstandard1.3)) (&& (< monoandroid) (>= net8.0) (< xamarinios) (< xamarinmac) (< xamarintvos) (< xamarinwatchos)) (&& (< net45) (>= net461))
      System.Runtime.Extensions (>= 4.3) - restriction: || (&& (< monoandroid) (>= net8.0) (< xamarinios) (< xamarinmac) (< xamarintvos) (< xamarinwatchos)) (&& (< net45) (>= net461))
      System.Runtime.InteropServices (>= 4.3) - restriction: || (&& (< monoandroid) (>= net8.0) (< xamarinios) (< xamarinmac) (< xamarintvos) (< xamarinwatchos)) (&& (< net45) (>= net461))
      System.Text.Encoding (>= 4.3) - restriction: || (&& (< monoandroid) (>= net8.0) (< netstandard1.3)) (&& (< monoandroid) (>= net8.0) (< xamarinios) (< xamarinmac) (< xamarintvos) (< xamarinwatchos)) (&& (< net45) (>= net461))
      System.Text.Encoding.Extensions (>= 4.3) - restriction: || (&& (< monoandroid) (>= net8.0) (< xamarinios) (< xamarinmac) (< xamarintvos) (< xamarinwatchos)) (&& (< net45) (>= net461))
      System.Text.RegularExpressions (>= 4.3) - restriction: || (&& (< monoandroid) (>= net8.0) (< xamarinios) (< xamarinmac) (< xamarintvos) (< xamarinwatchos)) (&& (< net45) (>= net461))
      System.Threading.Tasks (>= 4.3) - restriction: || (&& (< monoandroid) (>= net8.0) (< netstandard1.3)) (&& (< monoandroid) (>= net8.0) (< xamarinios) (< xamarinmac) (< xamarintvos) (< xamarinwatchos)) (&& (< net45) (>= net461))
      System.Threading.Tasks.Extensions (>= 4.3) - restriction: || (&& (< monoandroid) (>= net8.0) (< xamarinios) (< xamarinmac) (< xamarintvos) (< xamarinwatchos)) (&& (< net45) (>= net461))
    System.Xml.XmlDocument (4.3) - restriction: || (&& (>= net461) (>= netcoreapp1.0)) (>= net8.0)
      System.Collections (>= 4.3) - restriction: || (&& (< monoandroid) (>= net8.0) (< xamarinios) (< xamarinmac) (< xamarintvos) (< xamarinwatchos)) (&& (< net46) (>= net461))
      System.Diagnostics.Debug (>= 4.3) - restriction: || (&& (< monoandroid) (>= net8.0) (< xamarinios) (< xamarinmac) (< xamarintvos) (< xamarinwatchos)) (&& (< net46) (>= net461))
      System.Globalization (>= 4.3) - restriction: || (&& (< monoandroid) (>= net8.0) (< xamarinios) (< xamarinmac) (< xamarintvos) (< xamarinwatchos)) (&& (< net46) (>= net461))
      System.IO (>= 4.3) - restriction: || (&& (< monoandroid) (>= net8.0) (< xamarinios) (< xamarinmac) (< xamarintvos) (< xamarinwatchos)) (&& (< net46) (>= net461))
      System.Resources.ResourceManager (>= 4.3) - restriction: || (&& (< monoandroid) (>= net8.0) (< xamarinios) (< xamarinmac) (< xamarintvos) (< xamarinwatchos)) (&& (< net46) (>= net461))
      System.Runtime (>= 4.3) - restriction: || (&& (< monoandroid) (>= net8.0) (< xamarinios) (< xamarinmac) (< xamarintvos) (< xamarinwatchos)) (&& (< net46) (>= net461))
      System.Runtime.Extensions (>= 4.3) - restriction: || (&& (< monoandroid) (>= net8.0) (< xamarinios) (< xamarinmac) (< xamarintvos) (< xamarinwatchos)) (&& (< net46) (>= net461))
      System.Text.Encoding (>= 4.3) - restriction: || (&& (< monoandroid) (>= net8.0) (< xamarinios) (< xamarinmac) (< xamarintvos) (< xamarinwatchos)) (&& (< net46) (>= net461))
      System.Threading (>= 4.3) - restriction: || (&& (< monoandroid) (>= net8.0) (< xamarinios) (< xamarinmac) (< xamarintvos) (< xamarinwatchos)) (&& (< net46) (>= net461))
      System.Xml.ReaderWriter (>= 4.3) - restriction: || (&& (< monoandroid) (>= net8.0) (< xamarinios) (< xamarinmac) (< xamarintvos) (< xamarinwatchos)) (&& (< net46) (>= net461))
    System.Xml.XPath (4.3) - restriction: || (&& (< monoandroid) (>= net8.0) (< xamarinios) (< xamarinmac) (< xamarintvos) (< xamarinwatchos)) (&& (>= net46) (>= net8.0)) (&& (>= net461) (>= net8.0)) (&& (>= net461) (>= netcoreapp1.0))
      System.Collections (>= 4.3) - restriction: || (&& (< monoandroid) (>= net8.0) (< xamarinios) (< xamarinmac) (< xamarintvos) (< xamarinwatchos)) (&& (< net46) (>= net461))
      System.Diagnostics.Debug (>= 4.3) - restriction: || (&& (< monoandroid) (>= net8.0) (< xamarinios) (< xamarinmac) (< xamarintvos) (< xamarinwatchos)) (&& (< net46) (>= net461))
      System.Globalization (>= 4.3) - restriction: || (&& (< monoandroid) (>= net8.0) (< xamarinios) (< xamarinmac) (< xamarintvos) (< xamarinwatchos)) (&& (< net46) (>= net461))
      System.IO (>= 4.3) - restriction: || (&& (< monoandroid) (>= net8.0) (< xamarinios) (< xamarinmac) (< xamarintvos) (< xamarinwatchos)) (&& (< net46) (>= net461))
      System.Resources.ResourceManager (>= 4.3) - restriction: || (&& (< monoandroid) (>= net8.0) (< xamarinios) (< xamarinmac) (< xamarintvos) (< xamarinwatchos)) (&& (< net46) (>= net461))
      System.Runtime (>= 4.3) - restriction: || (&& (< monoandroid) (>= net8.0) (< xamarinios) (< xamarinmac) (< xamarintvos) (< xamarinwatchos)) (&& (< net46) (>= net461))
      System.Runtime.Extensions (>= 4.3) - restriction: || (&& (< monoandroid) (>= net8.0) (< xamarinios) (< xamarinmac) (< xamarintvos) (< xamarinwatchos)) (&& (< net46) (>= net461))
      System.Threading (>= 4.3) - restriction: || (&& (< monoandroid) (>= net8.0) (< xamarinios) (< xamarinmac) (< xamarintvos) (< xamarinwatchos)) (&& (< net46) (>= net461))
      System.Xml.ReaderWriter (>= 4.3) - restriction: || (&& (< monoandroid) (>= net8.0) (< xamarinios) (< xamarinmac) (< xamarintvos) (< xamarinwatchos)) (&& (< net46) (>= net461))
    System.Xml.XPath.XmlDocument (4.3) - restriction: || (&& (>= net461) (>= netcoreapp1.0)) (>= net8.0)
      System.Collections (>= 4.3) - restriction: || (&& (< monoandroid) (>= net8.0) (< xamarinios) (< xamarinmac) (< xamarintvos) (< xamarinwatchos)) (&& (< net46) (>= net461))
      System.Globalization (>= 4.3) - restriction: || (&& (< monoandroid) (>= net8.0) (< xamarinios) (< xamarinmac) (< xamarintvos) (< xamarinwatchos)) (&& (< net46) (>= net461))
      System.IO (>= 4.3) - restriction: || (&& (< monoandroid) (>= net8.0) (< xamarinios) (< xamarinmac) (< xamarintvos) (< xamarinwatchos)) (&& (< net46) (>= net461))
      System.Resources.ResourceManager (>= 4.3) - restriction: || (&& (< monoandroid) (>= net8.0) (< xamarinios) (< xamarinmac) (< xamarintvos) (< xamarinwatchos)) (&& (< net46) (>= net461))
      System.Runtime (>= 4.3) - restriction: || (&& (< monoandroid) (>= net8.0) (< xamarinios) (< xamarinmac) (< xamarintvos) (< xamarinwatchos)) (&& (< net46) (>= net461))
      System.Runtime.Extensions (>= 4.3) - restriction: || (&& (< monoandroid) (>= net8.0) (< xamarinios) (< xamarinmac) (< xamarintvos) (< xamarinwatchos)) (&& (< net46) (>= net461))
      System.Threading (>= 4.3) - restriction: || (&& (< monoandroid) (>= net8.0) (< xamarinios) (< xamarinmac) (< xamarintvos) (< xamarinwatchos)) (&& (< net46) (>= net461))
      System.Xml.ReaderWriter (>= 4.3) - restriction: || (&& (< monoandroid) (>= net8.0) (< xamarinios) (< xamarinmac) (< xamarintvos) (< xamarinwatchos)) (&& (< net46) (>= net461))
      System.Xml.XmlDocument (>= 4.3) - restriction: || (&& (< monoandroid) (>= net8.0) (< xamarinios) (< xamarinmac) (< xamarintvos) (< xamarinwatchos)) (&& (>= net46) (>= net8.0)) (>= net461)
      System.Xml.XPath (>= 4.3) - restriction: || (&& (< monoandroid) (>= net8.0) (< xamarinios) (< xamarinmac) (< xamarintvos) (< xamarinwatchos)) (&& (>= net46) (>= net8.0)) (>= net461)
GITHUB
  remote: fsharp/FAKE
    src/app/FakeLib/Globbing/Globbing.fs (0341a2e614eb2a7f34607cec914eb0ed83ce9add)
  remote: fsprojects/FSharp.TypeProviders.SDK
    src/AssemblyReader.fs (dc5ac01a1ac288eceb1fd6f12a5d388236f4f8e5)
  remote: forki/FsUnit
    FsUnit.fs (fa4eb37288d355eb855261be6c0b3945fba68432)
GROUP Build
CONTENT: NONE
RESTRICTION: >= net461
NUGET
  remote: https://api.nuget.org/v3/index.json
    0x53A.ReferenceAssemblies.Paket (0.2)
    FAKE (4.64.17)
    FSharp.Compiler.Service (17.0.1)
      System.Collections.Immutable (>= 1.3.1)
      System.Reflection.Metadata (>= 1.4.2)
    ILRepack (2.0.18)
    Microsoft.AspNet.Razor (3.2.4)
    Microsoft.NETCore.Platforms (2.0) - restriction: || (&& (>= monotouch) (>= net461)) (&& (< net45) (>= net461) (>= netstandard1.5) (< netstandard1.6)) (&& (< net45) (>= net461) (< netstandard1.5)) (&& (>= net461) (< netstandard1.0)) (&& (>= net461) (< netstandard1.3)) (&& (>= net461) (< netstandard1.4)) (&& (>= net461) (< netstandard1.5) (>= uap10.0)) (&& (>= net461) (< netstandard2.0)) (&& (>= net461) (< portable-net45+win8+wpa81)) (&& (>= net461) (< portable-net451+win81+wpa81)) (&& (>= net461) (>= uap10.1))
    NETStandard.Library (2.0) - restriction: && (>= net461) (< netstandard2.0)
      Microsoft.NETCore.Platforms (>= 1.1)
    Octokit (0.29)
    System.Collections.Immutable (1.4)
      NETStandard.Library (>= 1.6.1) - restriction: && (>= net461) (< netstandard2.0)
    System.Reflection.Metadata (1.5)
      NETStandard.Library (>= 1.6.1) - restriction: && (>= net461) (< netstandard2.0)
      System.Collections.Immutable (>= 1.4)
    System.ValueTuple (4.4)
  remote: https://ci.appveyor.com/nuget/fsharp-formatting
    FSharp.Formatting (3.0.0-beta09)
      FSharp.Compiler.Service (>= 17.0.1 < 18.0)
      Microsoft.AspNet.Razor (>= 3.2.3 < 4.0)
      System.ValueTuple (>= 4.4 < 5.0)
GITHUB
  remote: fsharp/FAKE
    modules/Octokit/Octokit.fsx (13eee5a7b990fa310813f9760094aa3cfebeb33f)
      Octokit (>= 0.20)
  remote: enricosada/add_icon_to_exe
    rh/ResourceHacker.exe (e11eda501acea369ac2950beb34b8888495bf21f)