STORAGE: NONE
CONTENT: NONE
RESTRICTION: || (>= net461) (>= netstandard2.0)
NUGET
  remote: https://api.nuget.org/v3/index.json
    Argu (6.1.1)
      FSharp.Core (>= 4.3.2) - restriction: >= netstandard2.0
      System.Configuration.ConfigurationManager (>= 4.4) - restriction: >= netstandard2.0
    Castle.Core (4.4.1)
      NETStandard.Library (>= 1.6.1) - restriction: || (&& (< net35) (>= net461) (>= netstandard1.5)) (&& (< net35) (>= net461) (< netstandard1.5)) (&& (< net35) (>= netstandard2.0))
      System.Collections.Specialized (>= 4.3) - restriction: || (&& (< net35) (>= net461) (>= netstandard1.5)) (&& (< net35) (>= net461) (< netstandard1.5)) (&& (< net35) (>= netstandard2.0))
      System.ComponentModel (>= 4.3) - restriction: || (&& (< net35) (>= net461) (>= netstandard1.5)) (&& (< net35) (>= net461) (< netstandard1.5)) (&& (< net35) (>= netstandard2.0))
      System.ComponentModel.TypeConverter (>= 4.3) - restriction: || (&& (< net35) (>= net461) (>= netstandard1.5)) (&& (< net35) (>= net461) (< netstandard1.5)) (&& (< net35) (>= netstandard2.0))
      System.Diagnostics.TraceSource (>= 4.3) - restriction: || (&& (< net35) (>= net461) (>= netstandard1.5)) (&& (< net35) (>= net461) (< netstandard1.5)) (&& (< net35) (>= netstandard2.0))
      System.Dynamic.Runtime (>= 4.3) - restriction: || (&& (< net35) (>= net461) (>= netstandard1.5)) (&& (< net35) (>= net461) (< netstandard1.5)) (&& (< net35) (>= netstandard2.0))
      System.Reflection (>= 4.3) - restriction: || (&& (< net35) (>= net461) (>= netstandard1.5)) (&& (< net35) (>= net461) (< netstandard1.5)) (&& (< net35) (>= netstandard2.0))
      System.Reflection.Emit (>= 4.3) - restriction: || (&& (< net35) (>= net461) (>= netstandard1.5)) (&& (< net35) (>= net461) (< netstandard1.5)) (&& (< net35) (>= netstandard2.0))
      System.Reflection.TypeExtensions (>= 4.3) - restriction: || (&& (< net35) (>= net461) (>= netstandard1.5)) (&& (< net35) (>= net461) (< netstandard1.5)) (&& (< net35) (>= netstandard2.0))
      System.Xml.XmlDocument (>= 4.3) - restriction: || (&& (< net35) (>= net461) (>= netstandard1.5)) (&& (< net35) (>= net461) (< netstandard1.5)) (&& (< net35) (>= netstandard2.0))
    Chessie (0.6)
      FSharp.Core  - restriction: || (&& (>= net461) (< netstandard1.6)) (&& (< netstandard1.6) (>= netstandard2.0))
      FSharp.Core (>= 4.0.1.7-alpha) - restriction: || (&& (>= net461) (>= netstandard1.6)) (>= netstandard2.0)
      NETStandard.Library (>= 1.6) - restriction: || (&& (>= net461) (>= netstandard1.6)) (>= netstandard2.0)
    DotNet.ReproducibleBuilds (0.1.66) - copy_local: true
      Microsoft.SourceLink.AzureRepos.Git (>= 1.0)
      Microsoft.SourceLink.Bitbucket.Git (>= 1.0)
      Microsoft.SourceLink.GitHub (>= 1.0)
      Microsoft.SourceLink.GitLab (>= 1.0)
    Fake.Core.ReleaseNotes (5.20.4)
      Fake.Core.SemVer (>= 5.20.4) - restriction: >= netstandard2.0
      Fake.Core.String (>= 5.20.4) - restriction: >= netstandard2.0
      FSharp.Core (>= 4.7.2) - restriction: >= netstandard2.0
    Fake.Core.SemVer (5.20.4) - restriction: >= netstandard2.0
      FSharp.Core (>= 4.7.2) - restriction: >= netstandard2.0
    Fake.Core.String (5.20.4) - restriction: >= netstandard2.0
      FSharp.Core (>= 4.7.2) - restriction: >= netstandard2.0
    FsCheck (2.15.3)
      FSharp.Core (>= 4.2.3)
    FSharp.Compiler.Service (43.9.101)
      FSharp.Core (9.0.101) - restriction: >= netstandard2.0
      System.Buffers (>= 4.5.1) - restriction: >= netstandard2.0
      System.Collections.Immutable (>= 8.0) - restriction: >= netstandard2.0
      System.Diagnostics.DiagnosticSource (>= 8.0) - restriction: >= netstandard2.0
      System.Memory (>= 4.5.5) - restriction: >= netstandard2.0
      System.Reflection.Emit (>= 4.7) - restriction: >= netstandard2.0
      System.Reflection.Metadata (>= 8.0) - restriction: >= netstandard2.0
      System.Runtime.CompilerServices.Unsafe (>= 6.0) - restriction: >= netstandard2.0
    FSharp.Core (9.0.101)
    Microsoft.Build.Tasks.Git (1.0) - copy_local: true
    Microsoft.CodeCoverage (16.7.1) - restriction: || (&& (>= net45) (>= netstandard2.0)) (>= net461) (&& (>= netcoreapp1.0) (>= netstandard2.0))
    Microsoft.CSharp (4.7) - redirects: force, restriction: || (&& (< net20) (>= net461) (< netstandard1.3)) (&& (< net20) (>= net461) (< netstandard2.0)) (&& (< net20) (< netstandard1.3) (>= netstandard2.0))
    Microsoft.DotNet.InternalAbstractions (1.0) - restriction: || (&& (>= net461) (>= netcoreapp1.0)) (&& (>= netcoreapp1.0) (>= netstandard2.0))
      System.AppContext (>= 4.1) - restriction: || (&& (< net451) (>= net461)) (&& (< net451) (>= netstandard2.0))
      System.Collections (>= 4.0.11) - restriction: || (&& (< net451) (>= net461)) (&& (< net451) (>= netstandard2.0))
      System.IO (>= 4.1) - restriction: || (&& (< net451) (>= net461)) (&& (< net451) (>= netstandard2.0))
      System.IO.FileSystem (>= 4.0.1) - restriction: || (&& (< net451) (>= net461)) (&& (< net451) (>= netstandard2.0))
      System.Reflection.TypeExtensions (>= 4.1) - restriction: || (&& (< net451) (>= net461)) (&& (< net451) (>= netstandard2.0))
      System.Runtime.Extensions (>= 4.1) - restriction: || (&& (< net451) (>= net461)) (&& (< net451) (>= netstandard2.0))
      System.Runtime.InteropServices (>= 4.1) - restriction: || (&& (< net451) (>= net461)) (&& (< net451) (>= netstandard2.0))
      System.Runtime.InteropServices.RuntimeInformation (>= 4.0) - restriction: || (&& (< net451) (>= net461)) (&& (< net451) (>= netstandard2.0))
    Microsoft.NET.Test.Sdk (16.2)
      Microsoft.CodeCoverage (>= 16.2) - restriction: || (&& (>= net45) (>= netstandard2.0)) (>= net461) (&& (>= netcoreapp1.0) (>= netstandard2.0))
      Microsoft.TestPlatform.TestHost (>= 16.2) - restriction: || (&& (>= net461) (>= netcoreapp1.0)) (&& (>= netcoreapp1.0) (>= netstandard2.0))
      Newtonsoft.Json (>= 9.0.1) - restriction: || (&& (>= net461) (>= uap10.0)) (&& (>= netstandard2.0) (>= uap10.0))
      System.ComponentModel.Primitives (>= 4.1) - restriction: || (&& (>= net461) (>= uap10.0)) (&& (>= netstandard2.0) (>= uap10.0))
      System.ComponentModel.TypeConverter (>= 4.1) - restriction: || (&& (>= net461) (>= uap10.0)) (&& (>= netstandard2.0) (>= uap10.0))
      System.Runtime.InteropServices.RuntimeInformation (>= 4.0) - restriction: || (&& (>= net461) (>= uap10.0)) (&& (>= netstandard2.0) (>= uap10.0))
    Microsoft.NETCore.Platforms (5.0.2)
    Microsoft.NETCore.Targets (3.1) - restriction: || (&& (< monoandroid) (< net20) (< netstandard1.2) (>= netstandard2.0) (< win8)) (&& (< monoandroid) (< net20) (< netstandard1.3) (>= netstandard2.0) (< win8) (< wpa81)) (&& (< monoandroid) (< net20) (< netstandard1.4) (>= netstandard2.0) (< win8) (< wpa81)) (&& (< monoandroid) (< net35) (>= netstandard2.0) (< win8) (< wpa81) (< xamarinios) (< xamarinmac) (< xamarintvos) (< xamarinwatchos)) (&& (< monoandroid) (< net45) (>= netstandard2.0) (< win8) (< wpa81) (< xamarinios) (< xamarinmac) (< xamarintvos) (< xamarinwatchos)) (&& (< monoandroid) (< net46) (>= netstandard2.0) (< xamarinios) (< xamarinmac) (< xamarintvos) (< xamarinwatchos)) (&& (< monoandroid) (>= netcoreapp1.0) (< netstandard1.1) (>= netstandard2.0)) (&& (< monoandroid) (>= netcoreapp1.0) (>= netstandard2.0) (< xamarinios) (< xamarinmac) (< xamarintvos) (< xamarinwatchos)) (&& (< monoandroid) (>= netcoreapp1.1) (< netstandard1.1) (>= netstandard2.0)) (&& (< monoandroid) (>= netcoreapp2.0) (< netstandard1.1)) (&& (< monoandroid) (>= netcoreapp2.0) (< netstandard1.2)) (&& (< monoandroid) (>= netcoreapp2.0) (< netstandard1.3)) (&& (< monoandroid) (>= netcoreapp2.0) (< netstandard1.4)) (&& (< monoandroid) (>= netcoreapp2.0) (< netstandard1.5)) (&& (< monoandroid) (>= netcoreapp2.0) (< netstandard1.6)) (&& (< monoandroid) (>= netcoreapp2.0) (< netstandard2.0) (< xamarintvos) (< xamarinwatchos)) (&& (< monoandroid) (>= netcoreapp2.1) (< netstandard1.1)) (&& (< monoandroid) (< netstandard1.0) (>= netstandard2.0) (< win8)) (&& (< monoandroid) (< netstandard1.1) (>= netstandard2.0) (< win8)) (&& (>= monotouch) (>= net461)) (&& (>= monotouch) (>= netstandard2.0)) (&& (< net20) (>= net46) (< netstandard1.2) (>= netstandard2.0)) (&& (< net20) (>= net46) (< netstandard1.3) (>= netstandard2.0)) (&& (< net20) (>= net46) (< netstandard1.4) (>= netstandard2.0)) (&& (< net20) (>= net461) (< netstandard1.2)) (&& (< net20) (>= net461) (< netstandard1.3)) (&& (< net20) (>= net461) (< netstandard1.4)) (&& (< net20) (>= net461) (>= netstandard1.5) (< netstandard1.6)) (&& (< net20) (>= net461) (< netstandard1.5)) (&& (< net20) (>= net461) (< netstandard2.0)) (&& (< net20) (>= net462) (< netstandard1.1)) (&& (< net20) (>= net462) (< netstandard1.2)) (&& (< net20) (>= net462) (< netstandard1.3)) (&& (< net20) (>= net462) (< netstandard1.4)) (&& (< net20) (>= net462) (< netstandard1.5)) (&& (< net20) (>= net462) (< netstandard1.6)) (&& (< net20) (>= net462) (< netstandard2.0)) (&& (< net20) (>= net462) (< portable-net45+win8+wpa81)) (&& (< net35) (>= net45) (>= netstandard2.0)) (&& (< net35) (>= net46) (< netstandard1.2) (>= netstandard2.0)) (&& (< net35) (>= net46) (< netstandard1.3) (>= netstandard2.0)) (&& (< net35) (>= net46) (< netstandard1.4) (>= netstandard2.0)) (&& (< net35) (>= net461) (< netstandard1.2)) (&& (< net35) (>= net461) (< netstandard1.3)) (&& (< net35) (>= net461) (< netstandard1.4)) (&& (< net35) (>= net461) (>= netstandard1.5)) (&& (< net35) (>= net461) (< netstandard1.5)) (&& (< net35) (>= net461) (>= netstandard1.6) (< netstandard2.0)) (&& (< net35) (>= net461) (>= netstandard2.0)) (&& (< net35) (< netstandard1.2) (>= netstandard2.0) (< win8)) (&& (< net35) (< netstandard1.3) (>= netstandard2.0) (< win8) (< wpa81)) (&& (< net35) (< netstandard1.4) (>= netstandard2.0) (< win8) (< wpa81)) (&& (< net35) (< netstandard1.5) (>= netstandard2.0) (< win8) (< wpa81)) (&& (< net35) (< netstandard1.6) (>= netstandard2.0) (< win8) (< wpa81)) (&& (>= net45) (< netstandard1.1) (>= netstandard2.0) (>= uap10.0)) (&& (>= net45) (< netstandard1.2) (>= netstandard2.0) (>= uap10.0)) (&& (>= net45) (< netstandard1.3) (>= netstandard2.0) (>= uap10.0)) (&& (< net45) (>= net46) (< netstandard1.2) (>= netstandard2.0)) (&& (< net45) (>= net46) (< netstandard1.3) (>= netstandard2.0)) (&& (< net45) (>= net46) (< netstandard1.4) (>= netstandard2.0)) (&& (< net45) (>= net461)) (&& (< net45) (>= net463) (< netstandard1.2)) (&& (< net45) (>= net463) (< netstandard1.3)) (&& (< net45) (>= net463) (< netstandard1.4)) (&& (< net45) (>= net463) (< netstandard1.5)) (&& (< net45) (>= net463) (>= netstandard1.6) (< netstandard2.0)) (&& (< net45) (>= net463) (< netstandard1.6)) (&& (< net45) (< netstandard1.2) (>= netstandard2.0) (< win8)) (&& (< net45) (< netstandard1.3) (>= netstandard2.0) (< win8) (< wpa81)) (&& (< net45) (< netstandard1.4) (>= netstandard2.0) (< win8) (< wpa81)) (&& (< net45) (< netstandard1.5) (>= netstandard2.0) (< win8) (< wpa81)) (&& (< net45) (< netstandard1.6) (>= netstandard2.0) (< win8) (< wpa81)) (&& (>= net46) (>= netcoreapp2.0) (< netstandard1.1)) (&& (>= net46) (>= netcoreapp2.0) (< netstandard1.2)) (&& (>= net46) (>= netcoreapp2.0) (< netstandard1.3)) (&& (>= net46) (>= netcoreapp2.0) (< netstandard1.4)) (&& (>= net46) (>= netcoreapp2.1) (< netstandard1.1)) (&& (>= net46) (< netstandard1.0) (>= netstandard2.0)) (&& (>= net46) (< netstandard1.1) (>= netstandard2.0)) (&& (>= net46) (< netstandard1.2) (>= netstandard2.0) (>= uap10.0)) (&& (>= net46) (< netstandard1.3) (>= netstandard2.0) (>= uap10.0)) (&& (>= net46) (< netstandard1.4) (>= netstandard2.0) (>= uap10.0)) (&& (< net46) (>= net461)) (&& (>= net461) (>= netcoreapp1.0)) (&& (>= net461) (>= netcoreapp1.1) (< netstandard1.2)) (&& (>= net461) (>= netcoreapp1.1) (< netstandard1.3)) (&& (>= net461) (>= netcoreapp1.1) (< netstandard1.4)) (&& (>= net461) (>= netcoreapp1.1) (< netstandard1.5)) (&& (>= net461) (>= netcoreapp1.1) (< netstandard1.6)) (&& (>= net461) (>= netcoreapp1.1) (< netstandard2.0)) (&& (>= net461) (>= netcoreapp2.0) (< netstandard1.2)) (&& (>= net461) (>= netcoreapp2.0) (< netstandard1.3)) (&& (>= net461) (>= netcoreapp2.0) (< netstandard1.4)) (&& (>= net461) (>= netcoreapp2.0) (< netstandard1.5)) (&& (>= net461) (>= netcoreapp2.0) (< netstandard1.6)) (&& (>= net461) (>= netcoreapp2.0) (< netstandard2.0)) (&& (>= net461) (>= netcoreapp2.1) (< netstandard2.0)) (&& (>= net461) (< netstandard1.0)) (&& (>= net461) (< netstandard1.1)) (&& (>= net461) (< netstandard1.2) (>= uap10.0)) (&& (>= net461) (< netstandard1.2) (>= xamarintvos)) (&& (>= net461) (< netstandard1.2) (>= xamarinwatchos)) (&& (>= net461) (< netstandard1.3) (>= uap10.0)) (&& (>= net461) (< netstandard1.3) (>= xamarintvos)) (&& (>= net461) (< netstandard1.3) (>= xamarinwatchos)) (&& (>= net461) (< netstandard1.4) (>= uap10.0)) (&& (>= net461) (< netstandard1.4) (>= xamarintvos)) (&& (>= net461) (< netstandard1.4) (>= xamarinwatchos)) (&& (>= net461) (< netstandard1.5) (>= uap10.0)) (&& (>= net461) (< netstandard1.5) (>= xamarintvos)) (&& (>= net461) (< netstandard1.5) (>= xamarinwatchos)) (&& (>= net461) (< netstandard1.6) (>= xamarintvos)) (&& (>= net461) (< netstandard1.6) (>= xamarinwatchos)) (&& (>= net461) (< netstandard2.0) (>= xamarintvos)) (&& (>= net461) (< netstandard2.0) (>= xamarinwatchos)) (&& (>= net461) (< portable-net45+win8+wpa81)) (&& (>= net462) (< netstandard1.1) (>= uap10.0)) (&& (>= net462) (< netstandard1.2) (>= uap10.0)) (&& (>= net462) (< netstandard1.3) (>= uap10.0)) (&& (>= net462) (< netstandard1.4) (>= uap10.0)) (&& (>= net462) (< netstandard1.5) (>= uap10.0)) (&& (>= net462) (< portable-net45+win8+wpa81) (>= uap10.0)) (&& (>= net463) (< netstandard1.1)) (&& (>= net463) (< netstandard1.2) (>= uap10.0)) (&& (>= net463) (< netstandard1.3) (>= uap10.0)) (&& (>= net463) (< netstandard1.4) (>= uap10.0)) (&& (>= net463) (< netstandard1.5) (>= uap10.0)) (&& (>= net463) (< portable-net45+win8+wpa81)) (&& (>= netcoreapp1.0) (< netstandard1.1) (>= netstandard2.0) (>= uap10.0)) (&& (>= netcoreapp1.0) (< netstandard1.2) (>= netstandard2.0)) (&& (>= netcoreapp1.0) (< netstandard1.3) (>= netstandard2.0)) (&& (>= netcoreapp1.0) (< netstandard1.4) (>= netstandard2.0)) (&& (>= netcoreapp1.0) (< netstandard1.5) (>= netstandard2.0)) (&& (>= netcoreapp1.0) (< netstandard1.6) (>= netstandard2.0)) (&& (>= netcoreapp1.1) (< netstandard1.1) (>= netstandard2.0) (>= uap10.0)) (&& (>= netcoreapp1.1) (< netstandard1.2) (>= netstandard2.0)) (&& (>= netcoreapp1.1) (< netstandard1.3) (>= netstandard2.0)) (&& (>= netcoreapp1.1) (< netstandard1.4) (>= netstandard2.0)) (&& (>= netcoreapp1.1) (< netstandard1.5) (>= netstandard2.0)) (&& (>= netcoreapp1.1) (< netstandard1.6) (>= netstandard2.0)) (&& (>= netcoreapp2.0) (< netstandard1.1) (>= uap10.0)) (&& (>= netcoreapp2.0) (< netstandard1.2) (>= uap10.0)) (&& (>= netcoreapp2.0) (< netstandard1.3) (>= uap10.0)) (&& (>= netcoreapp2.0) (< netstandard1.4) (>= uap10.0)) (&& (>= netcoreapp2.0) (< netstandard1.5) (>= uap10.0)) (&& (>= netcoreapp2.0) (< portable-net45+win8+wpa81)) (&& (>= netcoreapp2.1) (< netstandard1.1) (>= uap10.0)) (&& (>= netcoreapp2.1) (< netstandard1.2)) (&& (>= netcoreapp2.1) (< netstandard1.3)) (&& (>= netcoreapp2.1) (< netstandard1.4)) (&& (>= netcoreapp2.1) (< netstandard1.5)) (&& (>= netcoreapp2.1) (< netstandard1.6)) (&& (>= netcoreapp2.1) (< netstandard2.0) (< xamarintvos) (< xamarinwatchos)) (&& (>= netcoreapp2.1) (< portable-net45+win8+wpa81)) (&& (< netstandard1.0) (>= netstandard2.0) (< portable-net45+win8)) (&& (< netstandard1.0) (>= netstandard2.0) (>= uap10.0) (< win8)) (&& (< netstandard1.1) (>= netstandard2.0) (>= uap10.0) (< win8)) (&& (< netstandard1.1) (>= xamarinios)) (&& (< netstandard1.1) (>= xamarinmac)) (&& (< netstandard1.2) (>= netstandard2.0) (>= uap10.0) (< win8)) (&& (< netstandard1.2) (>= xamarinios)) (&& (< netstandard1.2) (>= xamarinmac)) (&& (< netstandard1.3) (>= netstandard2.0) (>= uap10.0) (< win8) (< wpa81)) (&& (< netstandard1.3) (>= xamarinios)) (&& (< netstandard1.3) (>= xamarinmac)) (&& (< netstandard1.4) (>= netstandard2.0) (>= uap10.0) (< win8) (< wpa81)) (&& (< netstandard1.4) (>= xamarinios)) (&& (< netstandard1.4) (>= xamarinmac)) (&& (< netstandard1.5) (>= netstandard2.0) (>= uap10.0)) (&& (< netstandard1.5) (>= xamarinios)) (&& (< netstandard1.5) (>= xamarinmac)) (&& (< netstandard1.6) (>= xamarinios)) (&& (< netstandard1.6) (>= xamarinmac)) (&& (>= netstandard2.0) (< portable-net45+win8+wpa81)) (&& (< netstandard2.0) (>= xamarinios)) (&& (< netstandard2.0) (>= xamarinmac)) (&& (< portable-net45+win8+wpa81) (>= xamarinios)) (&& (< portable-net45+win8+wpa81) (>= xamarinmac))
    Microsoft.NETFramework.ReferenceAssemblies.net461 (1.0.3) - copy_local: true
    Microsoft.SourceLink.AzureRepos.Git (1.0) - copy_local: true
      Microsoft.Build.Tasks.Git (>= 1.0)
      Microsoft.SourceLink.Common (>= 1.0)
    Microsoft.SourceLink.Bitbucket.Git (1.0) - copy_local: true
      Microsoft.Build.Tasks.Git (>= 1.0)
      Microsoft.SourceLink.Common (>= 1.0)
    Microsoft.SourceLink.Common (1.0) - copy_local: true
    Microsoft.SourceLink.GitHub (1.0) - copy_local: true
      Microsoft.Build.Tasks.Git (>= 1.0)
      Microsoft.SourceLink.Common (>= 1.0)
    Microsoft.SourceLink.GitLab (1.0) - copy_local: true
      Microsoft.Build.Tasks.Git (>= 1.0)
      Microsoft.SourceLink.Common (>= 1.0)
    Microsoft.TestPlatform.ObjectModel (16.7.1) - restriction: || (&& (>= net461) (>= netcoreapp1.0) (>= uap10.0)) (&& (>= netcoreapp1.0) (>= netstandard2.0) (>= uap10.0)) (>= netcoreapp2.1)
      NuGet.Frameworks (>= 5.0)
    Microsoft.TestPlatform.TestHost (16.7.1) - restriction: || (&& (>= net461) (>= netcoreapp1.0)) (&& (>= netcoreapp1.0) (>= netstandard2.0))
      Microsoft.TestPlatform.ObjectModel (>= 16.7.1) - restriction: || (&& (>= net461) (>= uap10.0)) (>= netcoreapp2.1) (&& (>= netstandard2.0) (>= uap10.0))
      Newtonsoft.Json (>= 9.0.1) - restriction: || (&& (>= net461) (>= uap10.0)) (>= netcoreapp2.1) (&& (>= netstandard2.0) (>= uap10.0))
    Microsoft.Win32.Primitives (4.3) - restriction: || (&& (< monoandroid) (< net45) (< netstandard1.2) (>= netstandard2.0) (< win8)) (&& (< monoandroid) (>= netcoreapp1.0) (< netstandard1.2) (>= netstandard2.0)) (&& (< monoandroid) (>= netcoreapp2.0) (< netstandard1.2)) (&& (< monoandroid) (>= netcoreapp2.0) (< netstandard1.4)) (&& (< monoandroid) (>= netcoreapp2.0) (< netstandard1.5)) (&& (< monoandroid) (>= netcoreapp2.0) (< netstandard1.6)) (&& (< monoandroid) (>= netcoreapp2.0) (< netstandard2.0)) (&& (< monoandroid) (>= netcoreapp2.1) (< netstandard1.2)) (&& (>= monotouch) (>= net461)) (&& (>= monotouch) (>= netcoreapp2.0)) (&& (>= monotouch) (>= netcoreapp2.1)) (&& (>= monotouch) (>= netstandard2.0)) (&& (>= monotouch) (>= xamarinios)) (&& (>= monotouch) (>= xamarinmac)) (&& (< net45) (>= net46) (< netstandard1.2) (>= netstandard2.0)) (&& (< net45) (>= net461) (< netstandard1.2)) (&& (< net45) (>= net461) (>= netstandard1.5) (< netstandard1.6)) (&& (< net45) (>= net461) (< netstandard1.5)) (&& (< net45) (>= net461) (>= netstandard1.6) (< netstandard2.0)) (&& (< net45) (>= net461) (< netstandard1.6) (>= netstandard2.0)) (&& (< net45) (< netstandard1.4) (>= netstandard2.0) (< win8) (< wpa81)) (&& (< net45) (< netstandard1.5) (>= netstandard2.0) (< win8) (< wpa81)) (&& (< net45) (< netstandard1.6) (>= netstandard2.0) (< win8) (< wpa81)) (&& (>= net46) (>= netcoreapp2.0) (< netstandard1.4)) (&& (>= net46) (< netstandard1.4) (>= netstandard2.0)) (&& (< net46) (>= net461) (< netstandard2.0)) (&& (>= net461) (>= netcoreapp1.0)) (&& (>= net461) (>= netcoreapp2.0) (< netstandard1.2)) (&& (>= net461) (>= netcoreapp2.0) (< netstandard1.5)) (&& (>= net461) (>= netcoreapp2.0) (< netstandard1.6)) (&& (>= net461) (>= netcoreapp2.0) (< netstandard2.0)) (&& (>= net461) (>= netcoreapp2.1) (< netstandard1.2)) (&& (>= net461) (< netstandard1.2) (>= uap10.0)) (&& (>= net461) (< netstandard1.2) (>= xamarintvos)) (&& (>= net461) (< netstandard1.2) (>= xamarinwatchos)) (&& (>= net461) (< netstandard1.4)) (&& (>= net461) (< netstandard1.5) (>= uap10.0)) (&& (>= net461) (< netstandard1.5) (>= xamarintvos)) (&& (>= net461) (< netstandard1.5) (>= xamarinwatchos)) (&& (>= net461) (< netstandard1.6) (>= xamarintvos)) (&& (>= net461) (< netstandard1.6) (>= xamarinwatchos)) (&& (>= net461) (< netstandard2.0) (>= xamarintvos)) (&& (>= net461) (< netstandard2.0) (>= xamarinwatchos)) (&& (>= netcoreapp1.0) (< netstandard1.4) (>= netstandard2.0)) (&& (>= netcoreapp1.0) (< netstandard1.5) (>= netstandard2.0)) (&& (>= netcoreapp1.0) (< netstandard1.6) (>= netstandard2.0)) (&& (>= netcoreapp1.0) (>= netstandard2.0) (< xamarinios) (< xamarinmac) (< xamarintvos) (< xamarinwatchos)) (&& (>= netcoreapp2.0) (< netstandard1.5) (>= uap10.0)) (&& (>= netcoreapp2.0) (< netstandard2.0) (>= xamarintvos)) (&& (>= netcoreapp2.0) (< netstandard2.0) (>= xamarinwatchos)) (&& (>= netcoreapp2.1) (< netstandard1.4)) (&& (>= netcoreapp2.1) (< netstandard1.5)) (&& (>= netcoreapp2.1) (< netstandard1.6)) (&& (>= netcoreapp2.1) (< netstandard2.0)) (&& (< netstandard1.2) (>= netstandard2.0) (>= uap10.0) (< win8)) (&& (< netstandard1.2) (>= netstandard2.0) (>= xamarintvos)) (&& (< netstandard1.2) (>= netstandard2.0) (>= xamarinwatchos)) (&& (< netstandard1.2) (>= xamarinios)) (&& (< netstandard1.2) (>= xamarinmac)) (&& (< netstandard1.4) (>= netstandard2.0) (>= uap10.0) (< win8) (< wpa81)) (&& (< netstandard1.4) (>= netstandard2.0) (>= xamarintvos)) (&& (< netstandard1.4) (>= netstandard2.0) (>= xamarinwatchos)) (&& (< netstandard1.4) (>= xamarinios)) (&& (< netstandard1.4) (>= xamarinmac)) (&& (< netstandard1.5) (>= netstandard2.0) (>= uap10.0)) (&& (< netstandard1.5) (>= netstandard2.0) (>= xamarintvos)) (&& (< netstandard1.5) (>= netstandard2.0) (>= xamarinwatchos)) (&& (< netstandard1.5) (>= xamarinios)) (&& (< netstandard1.5) (>= xamarinmac)) (&& (< netstandard1.6) (>= netstandard2.0) (>= xamarintvos)) (&& (< netstandard1.6) (>= netstandard2.0) (>= xamarinwatchos)) (&& (< netstandard1.6) (>= xamarinios)) (&& (< netstandard1.6) (>= xamarinmac)) (&& (< netstandard2.0) (>= xamarinios)) (&& (< netstandard2.0) (>= xamarinmac))
      Microsoft.NETCore.Platforms (>= 1.1) - restriction: || (&& (< monoandroid) (< net46) (>= netstandard2.0) (< xamarinios) (< xamarinmac) (< xamarintvos) (< xamarinwatchos)) (&& (< net46) (>= net461))
      Microsoft.NETCore.Targets (>= 1.1) - restriction: || (&& (< monoandroid) (< net46) (>= netstandard2.0) (< xamarinios) (< xamarinmac) (< xamarintvos) (< xamarinwatchos)) (&& (< net46) (>= net461))
      System.Runtime (>= 4.3) - restriction: || (&& (< monoandroid) (< net46) (>= netstandard2.0) (< xamarinios) (< xamarinmac) (< xamarintvos) (< xamarinwatchos)) (&& (< net46) (>= net461))
    Microsoft.Win32.Registry (4.7)
      System.Buffers (>= 4.5) - restriction: || (&& (>= monoandroid) (>= net461) (< netstandard1.3)) (&& (>= monoandroid) (< netstandard1.3) (>= netstandard2.0)) (&& (>= monotouch) (>= net461)) (&& (>= monotouch) (>= netstandard2.0)) (&& (< net46) (>= net461) (>= netstandard2.0)) (&& (< net46) (< netcoreapp2.0) (>= netstandard2.0)) (&& (>= net461) (>= xamarintvos)) (&& (>= net461) (>= xamarinwatchos)) (&& (>= netstandard2.0) (>= xamarintvos)) (&& (>= netstandard2.0) (>= xamarinwatchos)) (>= xamarinios) (>= xamarinmac)
      System.Memory (>= 4.5.3) - restriction: || (&& (< monoandroid) (>= netcoreapp2.0) (< netcoreapp2.1) (< xamarinios) (< xamarinmac) (< xamarintvos) (< xamarinwatchos)) (&& (< net46) (>= net461) (>= netstandard2.0)) (&& (< net46) (< netcoreapp2.0) (>= netstandard2.0) (< xamarinios) (< xamarinmac) (< xamarintvos) (< xamarinwatchos)) (&& (>= net461) (>= netcoreapp2.0)) (&& (>= net461) (>= uap10.1)) (&& (>= netstandard2.0) (>= uap10.1))
      System.Security.AccessControl (>= 4.7)
      System.Security.Principal.Windows (>= 4.7)
    Microsoft.Win32.SystemEvents (4.7) - restriction: || (&& (>= net461) (>= netcoreapp3.0)) (&& (>= netcoreapp3.0) (< xamarinios) (< xamarinmac) (< xamarintvos) (< xamarinwatchos))
      Microsoft.NETCore.Platforms (>= 3.1) - restriction: >= netcoreapp2.0
    Mono.Cecil (0.11.3)
    Moq (4.16.1)
      Castle.Core (>= 4.4)
      System.Threading.Tasks.Extensions (>= 4.5.4)
    NETStandard.Library (2.0.3)
      Microsoft.NETCore.Platforms (>= 1.1)
    Newtonsoft.Json (13.0.1) - redirects: force
    NuGet.Common (5.9.1) - restriction: >= netstandard2.0
      NuGet.Frameworks (>= 5.9.1)
    NuGet.Configuration (5.9.1) - restriction: >= netstandard2.0
      NuGet.Common (>= 5.9.1)
      System.Security.Cryptography.ProtectedData (>= 4.4) - restriction: && (< net45) (>= netstandard2.0)
    NuGet.Frameworks (5.9.1) - restriction: || (&& (>= net461) (>= netcoreapp1.0) (>= uap10.0)) (>= netstandard2.0)
    NuGet.Packaging (5.9.1)
      Newtonsoft.Json (>= 9.0.1) - restriction: >= netstandard2.0
      NuGet.Configuration (>= 5.9.1) - restriction: >= netstandard2.0
      NuGet.Versioning (>= 5.9.1) - restriction: >= netstandard2.0
      System.Security.Cryptography.Cng (>= 5.0) - restriction: || (&& (< net472) (>= netstandard2.0)) (>= net5.0)
      System.Security.Cryptography.Pkcs (>= 5.0) - restriction: || (&& (< net472) (>= netstandard2.0)) (>= net5.0)
    NuGet.Versioning (5.9.1) - restriction: >= netstandard2.0
    NUnit (3.12)
      NETStandard.Library (>= 2.0) - restriction: && (< net35) (>= netstandard2.0)
    NUnit3TestAdapter (3.13)
      Microsoft.DotNet.InternalAbstractions (>= 1.0) - restriction: || (&& (>= net461) (>= netcoreapp1.0)) (&& (>= netcoreapp1.0) (>= netstandard2.0))
      System.ComponentModel.EventBasedAsync (>= 4.3) - restriction: || (&& (>= net461) (>= netcoreapp1.0)) (&& (>= netcoreapp1.0) (>= netstandard2.0))
      System.ComponentModel.TypeConverter (>= 4.3) - restriction: || (&& (>= net461) (>= netcoreapp1.0)) (&& (>= netcoreapp1.0) (>= netstandard2.0))
      System.Diagnostics.Process (>= 4.3) - restriction: || (&& (>= net461) (>= netcoreapp1.0)) (&& (>= netcoreapp1.0) (>= netstandard2.0))
      System.Reflection (>= 4.3) - restriction: || (&& (>= net461) (>= netcoreapp1.0)) (&& (>= netcoreapp1.0) (>= netstandard2.0))
      System.Runtime.InteropServices.RuntimeInformation (>= 4.3) - restriction: || (&& (>= net461) (>= netcoreapp1.0)) (&& (>= netcoreapp1.0) (>= netstandard2.0))
      System.Threading.Thread (>= 4.3) - restriction: || (&& (>= net461) (>= netcoreapp1.0)) (&& (>= netcoreapp1.0) (>= netstandard2.0))
      System.Xml.XmlDocument (>= 4.3) - restriction: || (&& (>= net461) (>= netcoreapp1.0)) (&& (>= netcoreapp1.0) (>= netstandard2.0))
      System.Xml.XPath.XmlDocument (>= 4.3) - restriction: || (&& (>= net461) (>= netcoreapp1.0)) (&& (>= netcoreapp1.0) (>= netstandard2.0))
    runtime.debian.8-x64.runtime.native.System.Security.Cryptography.OpenSsl (4.3.3) - restriction: || (&& (< monoandroid) (< net45) (< netstandard1.6) (>= netstandard2.0) (< win8) (< wpa81)) (&& (< net45) (>= net46) (< netstandard1.2) (>= netstandard2.0)) (&& (< net45) (>= net46) (< netstandard1.3) (>= netstandard2.0)) (&& (< net45) (>= net46) (< netstandard1.4) (>= netstandard2.0)) (&& (< net45) (>= net461) (< netstandard1.2) (>= netstandard1.6)) (&& (< net45) (>= net461) (< netstandard1.2) (>= netstandard2.0)) (&& (< net45) (>= net461) (< netstandard1.3) (>= netstandard1.6)) (&& (< net45) (>= net461) (< netstandard1.3) (>= netstandard2.0)) (&& (< net45) (>= net461) (< netstandard1.4) (>= netstandard1.6)) (&& (< net45) (>= net461) (< netstandard1.4) (>= netstandard2.0)) (&& (< net45) (>= net461) (< netstandard1.5) (>= netstandard1.6)) (&& (< net45) (>= net461) (< netstandard1.5) (>= netstandard2.0)) (&& (< net45) (>= net461) (>= netstandard1.6) (< netstandard2.0)) (&& (< net45) (>= net461) (< netstandard1.6) (>= netstandard2.0)) (&& (< net45) (< netstandard1.2) (>= netstandard2.0) (< win8)) (&& (< net45) (< netstandard1.3) (>= netstandard2.0) (< win8) (< wpa81)) (&& (< net45) (< netstandard1.4) (>= netstandard2.0) (< win8) (< wpa81)) (&& (< net45) (< netstandard1.5) (>= netstandard2.0) (< win8) (< wpa81)) (&& (>= net46) (< netstandard1.4) (>= netstandard2.0) (>= uap10.0)) (&& (>= net461) (< netstandard1.2) (>= netstandard1.6) (>= uap10.0)) (&& (>= net461) (< netstandard1.2) (>= netstandard2.0) (>= uap10.0)) (&& (>= net461) (< netstandard1.3) (>= netstandard1.6) (>= uap10.0)) (&& (>= net461) (< netstandard1.3) (>= netstandard2.0) (>= uap10.0)) (&& (>= net461) (< netstandard1.4) (>= netstandard1.6) (>= uap10.0)) (&& (>= net461) (< netstandard1.5) (>= netstandard1.6) (>= uap10.0)) (&& (< netstandard1.2) (>= netstandard2.0) (>= uap10.0) (< win8)) (&& (< netstandard1.3) (>= netstandard2.0) (>= uap10.0) (< win8) (< wpa81)) (&& (< netstandard1.4) (>= netstandard2.0) (>= uap10.0) (< win8) (< wpa81)) (&& (< netstandard1.5) (>= netstandard2.0) (>= uap10.0))
    runtime.debian.9-x64.runtime.native.System.Security.Cryptography.OpenSsl (4.3.3) - restriction: || (&& (< monoandroid) (< net45) (< netstandard1.6) (>= netstandard2.0) (< win8) (< wpa81)) (&& (< net45) (>= net46) (< netstandard1.2) (>= netstandard2.0)) (&& (< net45) (>= net46) (< netstandard1.3) (>= netstandard2.0)) (&& (< net45) (>= net46) (< netstandard1.4) (>= netstandard2.0)) (&& (< net45) (>= net461) (< netstandard1.2) (>= netstandard1.6)) (&& (< net45) (>= net461) (< netstandard1.2) (>= netstandard2.0)) (&& (< net45) (>= net461) (< netstandard1.3) (>= netstandard1.6)) (&& (< net45) (>= net461) (< netstandard1.3) (>= netstandard2.0)) (&& (< net45) (>= net461) (< netstandard1.4) (>= netstandard1.6)) (&& (< net45) (>= net461) (< netstandard1.4) (>= netstandard2.0)) (&& (< net45) (>= net461) (< netstandard1.5) (>= netstandard1.6)) (&& (< net45) (>= net461) (< netstandard1.5) (>= netstandard2.0)) (&& (< net45) (>= net461) (>= netstandard1.6) (< netstandard2.0)) (&& (< net45) (>= net461) (< netstandard1.6) (>= netstandard2.0)) (&& (< net45) (< netstandard1.2) (>= netstandard2.0) (< win8)) (&& (< net45) (< netstandard1.3) (>= netstandard2.0) (< win8) (< wpa81)) (&& (< net45) (< netstandard1.4) (>= netstandard2.0) (< win8) (< wpa81)) (&& (< net45) (< netstandard1.5) (>= netstandard2.0) (< win8) (< wpa81)) (&& (>= net46) (< netstandard1.4) (>= netstandard2.0) (>= uap10.0)) (&& (>= net461) (< netstandard1.2) (>= netstandard1.6) (>= uap10.0)) (&& (>= net461) (< netstandard1.2) (>= netstandard2.0) (>= uap10.0)) (&& (>= net461) (< netstandard1.3) (>= netstandard1.6) (>= uap10.0)) (&& (>= net461) (< netstandard1.3) (>= netstandard2.0) (>= uap10.0)) (&& (>= net461) (< netstandard1.4) (>= netstandard1.6) (>= uap10.0)) (&& (>= net461) (< netstandard1.5) (>= netstandard1.6) (>= uap10.0)) (&& (< netstandard1.2) (>= netstandard2.0) (>= uap10.0) (< win8)) (&& (< netstandard1.3) (>= netstandard2.0) (>= uap10.0) (< win8) (< wpa81)) (&& (< netstandard1.4) (>= netstandard2.0) (>= uap10.0) (< win8) (< wpa81)) (&& (< netstandard1.5) (>= netstandard2.0) (>= uap10.0))
    runtime.fedora.23-x64.runtime.native.System.Security.Cryptography.OpenSsl (4.3.3) - restriction: || (&& (< monoandroid) (< net45) (< netstandard1.6) (>= netstandard2.0) (< win8) (< wpa81)) (&& (< net45) (>= net46) (< netstandard1.2) (>= netstandard2.0)) (&& (< net45) (>= net46) (< netstandard1.3) (>= netstandard2.0)) (&& (< net45) (>= net46) (< netstandard1.4) (>= netstandard2.0)) (&& (< net45) (>= net461) (< netstandard1.2) (>= netstandard1.6)) (&& (< net45) (>= net461) (< netstandard1.2) (>= netstandard2.0)) (&& (< net45) (>= net461) (< netstandard1.3) (>= netstandard1.6)) (&& (< net45) (>= net461) (< netstandard1.3) (>= netstandard2.0)) (&& (< net45) (>= net461) (< netstandard1.4) (>= netstandard1.6)) (&& (< net45) (>= net461) (< netstandard1.4) (>= netstandard2.0)) (&& (< net45) (>= net461) (< netstandard1.5) (>= netstandard1.6)) (&& (< net45) (>= net461) (< netstandard1.5) (>= netstandard2.0)) (&& (< net45) (>= net461) (>= netstandard1.6) (< netstandard2.0)) (&& (< net45) (>= net461) (< netstandard1.6) (>= netstandard2.0)) (&& (< net45) (< netstandard1.2) (>= netstandard2.0) (< win8)) (&& (< net45) (< netstandard1.3) (>= netstandard2.0) (< win8) (< wpa81)) (&& (< net45) (< netstandard1.4) (>= netstandard2.0) (< win8) (< wpa81)) (&& (< net45) (< netstandard1.5) (>= netstandard2.0) (< win8) (< wpa81)) (&& (>= net46) (< netstandard1.4) (>= netstandard2.0) (>= uap10.0)) (&& (>= net461) (< netstandard1.2) (>= netstandard1.6) (>= uap10.0)) (&& (>= net461) (< netstandard1.2) (>= netstandard2.0) (>= uap10.0)) (&& (>= net461) (< netstandard1.3) (>= netstandard1.6) (>= uap10.0)) (&& (>= net461) (< netstandard1.3) (>= netstandard2.0) (>= uap10.0)) (&& (>= net461) (< netstandard1.4) (>= netstandard1.6) (>= uap10.0)) (&& (>= net461) (< netstandard1.5) (>= netstandard1.6) (>= uap10.0)) (&& (< netstandard1.2) (>= netstandard2.0) (>= uap10.0) (< win8)) (&& (< netstandard1.3) (>= netstandard2.0) (>= uap10.0) (< win8) (< wpa81)) (&& (< netstandard1.4) (>= netstandard2.0) (>= uap10.0) (< win8) (< wpa81)) (&& (< netstandard1.5) (>= netstandard2.0) (>= uap10.0))
    runtime.fedora.24-x64.runtime.native.System.Security.Cryptography.OpenSsl (4.3.3) - restriction: || (&& (< monoandroid) (< net45) (< netstandard1.6) (>= netstandard2.0) (< win8) (< wpa81)) (&& (< net45) (>= net46) (< netstandard1.2) (>= netstandard2.0)) (&& (< net45) (>= net46) (< netstandard1.3) (>= netstandard2.0)) (&& (< net45) (>= net46) (< netstandard1.4) (>= netstandard2.0)) (&& (< net45) (>= net461) (< netstandard1.2) (>= netstandard1.6)) (&& (< net45) (>= net461) (< netstandard1.2) (>= netstandard2.0)) (&& (< net45) (>= net461) (< netstandard1.3) (>= netstandard1.6)) (&& (< net45) (>= net461) (< netstandard1.3) (>= netstandard2.0)) (&& (< net45) (>= net461) (< netstandard1.4) (>= netstandard1.6)) (&& (< net45) (>= net461) (< netstandard1.4) (>= netstandard2.0)) (&& (< net45) (>= net461) (< netstandard1.5) (>= netstandard1.6)) (&& (< net45) (>= net461) (< netstandard1.5) (>= netstandard2.0)) (&& (< net45) (>= net461) (>= netstandard1.6) (< netstandard2.0)) (&& (< net45) (>= net461) (< netstandard1.6) (>= netstandard2.0)) (&& (< net45) (< netstandard1.2) (>= netstandard2.0) (< win8)) (&& (< net45) (< netstandard1.3) (>= netstandard2.0) (< win8) (< wpa81)) (&& (< net45) (< netstandard1.4) (>= netstandard2.0) (< win8) (< wpa81)) (&& (< net45) (< netstandard1.5) (>= netstandard2.0) (< win8) (< wpa81)) (&& (>= net46) (< netstandard1.4) (>= netstandard2.0) (>= uap10.0)) (&& (>= net461) (< netstandard1.2) (>= netstandard1.6) (>= uap10.0)) (&& (>= net461) (< netstandard1.2) (>= netstandard2.0) (>= uap10.0)) (&& (>= net461) (< netstandard1.3) (>= netstandard1.6) (>= uap10.0)) (&& (>= net461) (< netstandard1.3) (>= netstandard2.0) (>= uap10.0)) (&& (>= net461) (< netstandard1.4) (>= netstandard1.6) (>= uap10.0)) (&& (>= net461) (< netstandard1.5) (>= netstandard1.6) (>= uap10.0)) (&& (< netstandard1.2) (>= netstandard2.0) (>= uap10.0) (< win8)) (&& (< netstandard1.3) (>= netstandard2.0) (>= uap10.0) (< win8) (< wpa81)) (&& (< netstandard1.4) (>= netstandard2.0) (>= uap10.0) (< win8) (< wpa81)) (&& (< netstandard1.5) (>= netstandard2.0) (>= uap10.0))
    runtime.fedora.27-x64.runtime.native.System.Security.Cryptography.OpenSsl (4.3.3) - restriction: || (&& (< monoandroid) (< net45) (< netstandard1.6) (>= netstandard2.0) (< win8) (< wpa81)) (&& (< net45) (>= net46) (< netstandard1.2) (>= netstandard2.0)) (&& (< net45) (>= net46) (< netstandard1.3) (>= netstandard2.0)) (&& (< net45) (>= net46) (< netstandard1.4) (>= netstandard2.0)) (&& (< net45) (>= net461) (< netstandard1.2) (>= netstandard1.6)) (&& (< net45) (>= net461) (< netstandard1.2) (>= netstandard2.0)) (&& (< net45) (>= net461) (< netstandard1.3) (>= netstandard1.6)) (&& (< net45) (>= net461) (< netstandard1.3) (>= netstandard2.0)) (&& (< net45) (>= net461) (< netstandard1.4) (>= netstandard1.6)) (&& (< net45) (>= net461) (< netstandard1.4) (>= netstandard2.0)) (&& (< net45) (>= net461) (< netstandard1.5) (>= netstandard1.6)) (&& (< net45) (>= net461) (< netstandard1.5) (>= netstandard2.0)) (&& (< net45) (>= net461) (>= netstandard1.6) (< netstandard2.0)) (&& (< net45) (>= net461) (< netstandard1.6) (>= netstandard2.0)) (&& (< net45) (< netstandard1.2) (>= netstandard2.0) (< win8)) (&& (< net45) (< netstandard1.3) (>= netstandard2.0) (< win8) (< wpa81)) (&& (< net45) (< netstandard1.4) (>= netstandard2.0) (< win8) (< wpa81)) (&& (< net45) (< netstandard1.5) (>= netstandard2.0) (< win8) (< wpa81)) (&& (>= net46) (< netstandard1.4) (>= netstandard2.0) (>= uap10.0)) (&& (>= net461) (< netstandard1.2) (>= netstandard1.6) (>= uap10.0)) (&& (>= net461) (< netstandard1.2) (>= netstandard2.0) (>= uap10.0)) (&& (>= net461) (< netstandard1.3) (>= netstandard1.6) (>= uap10.0)) (&& (>= net461) (< netstandard1.3) (>= netstandard2.0) (>= uap10.0)) (&& (>= net461) (< netstandard1.4) (>= netstandard1.6) (>= uap10.0)) (&& (>= net461) (< netstandard1.5) (>= netstandard1.6) (>= uap10.0)) (&& (< netstandard1.2) (>= netstandard2.0) (>= uap10.0) (< win8)) (&& (< netstandard1.3) (>= netstandard2.0) (>= uap10.0) (< win8) (< wpa81)) (&& (< netstandard1.4) (>= netstandard2.0) (>= uap10.0) (< win8) (< wpa81)) (&& (< netstandard1.5) (>= netstandard2.0) (>= uap10.0))
    runtime.fedora.28-x64.runtime.native.System.Security.Cryptography.OpenSsl (4.3.3) - restriction: || (&& (< monoandroid) (< net45) (< netstandard1.6) (>= netstandard2.0) (< win8) (< wpa81)) (&& (< net45) (>= net46) (< netstandard1.2) (>= netstandard2.0)) (&& (< net45) (>= net46) (< netstandard1.3) (>= netstandard2.0)) (&& (< net45) (>= net46) (< netstandard1.4) (>= netstandard2.0)) (&& (< net45) (>= net461) (< netstandard1.2) (>= netstandard1.6)) (&& (< net45) (>= net461) (< netstandard1.2) (>= netstandard2.0)) (&& (< net45) (>= net461) (< netstandard1.3) (>= netstandard1.6)) (&& (< net45) (>= net461) (< netstandard1.3) (>= netstandard2.0)) (&& (< net45) (>= net461) (< netstandard1.4) (>= netstandard1.6)) (&& (< net45) (>= net461) (< netstandard1.4) (>= netstandard2.0)) (&& (< net45) (>= net461) (< netstandard1.5) (>= netstandard1.6)) (&& (< net45) (>= net461) (< netstandard1.5) (>= netstandard2.0)) (&& (< net45) (>= net461) (>= netstandard1.6) (< netstandard2.0)) (&& (< net45) (>= net461) (< netstandard1.6) (>= netstandard2.0)) (&& (< net45) (< netstandard1.2) (>= netstandard2.0) (< win8)) (&& (< net45) (< netstandard1.3) (>= netstandard2.0) (< win8) (< wpa81)) (&& (< net45) (< netstandard1.4) (>= netstandard2.0) (< win8) (< wpa81)) (&& (< net45) (< netstandard1.5) (>= netstandard2.0) (< win8) (< wpa81)) (&& (>= net46) (< netstandard1.4) (>= netstandard2.0) (>= uap10.0)) (&& (>= net461) (< netstandard1.2) (>= netstandard1.6) (>= uap10.0)) (&& (>= net461) (< netstandard1.2) (>= netstandard2.0) (>= uap10.0)) (&& (>= net461) (< netstandard1.3) (>= netstandard1.6) (>= uap10.0)) (&& (>= net461) (< netstandard1.3) (>= netstandard2.0) (>= uap10.0)) (&& (>= net461) (< netstandard1.4) (>= netstandard1.6) (>= uap10.0)) (&& (>= net461) (< netstandard1.5) (>= netstandard1.6) (>= uap10.0)) (&& (< netstandard1.2) (>= netstandard2.0) (>= uap10.0) (< win8)) (&& (< netstandard1.3) (>= netstandard2.0) (>= uap10.0) (< win8) (< wpa81)) (&& (< netstandard1.4) (>= netstandard2.0) (>= uap10.0) (< win8) (< wpa81)) (&& (< netstandard1.5) (>= netstandard2.0) (>= uap10.0))
    runtime.native.System (4.3.1) - restriction: || (&& (< monoandroid) (< net45) (< netstandard1.6) (>= netstandard2.0) (< win8) (< wpa81)) (&& (< monoandroid) (< net45) (>= netstandard2.0) (< xamarinios) (< xamarinmac) (< xamarintvos) (< xamarinwatchos)) (&& (< monoandroid) (< net46) (>= netstandard2.0) (< xamarinios) (< xamarinmac) (< xamarintvos) (< xamarinwatchos)) (&& (< monoandroid) (>= netcoreapp1.0) (< netstandard1.0) (>= netstandard2.0)) (&& (< monoandroid) (>= netcoreapp1.0) (< netstandard1.6) (>= netstandard2.0)) (&& (< monoandroid) (< netstandard1.0) (>= netstandard2.0) (< win8)) (&& (< net45) (>= net46) (< netstandard1.2) (>= netstandard2.0)) (&& (< net45) (>= net46) (< netstandard1.3) (>= netstandard2.0)) (&& (< net45) (>= net46) (< netstandard1.4) (>= netstandard2.0)) (&& (< net45) (>= net461) (< netstandard1.2)) (&& (< net45) (>= net461) (< netstandard1.3)) (&& (< net45) (>= net461) (< netstandard1.4)) (&& (< net45) (>= net461) (>= netstandard1.5) (< netstandard1.6)) (&& (< net45) (>= net461) (< netstandard1.5)) (&& (< net45) (>= net461) (>= netstandard1.6)) (&& (< net45) (>= net461) (>= netstandard2.0)) (&& (< net45) (< netstandard1.2) (>= netstandard2.0) (< win8)) (&& (< net45) (< netstandard1.3) (>= netstandard2.0) (< win8) (< wpa81)) (&& (< net45) (< netstandard1.4) (>= netstandard2.0) (< win8) (< wpa81)) (&& (< net45) (< netstandard1.5) (>= netstandard2.0) (< win8) (< wpa81)) (&& (>= net46) (< netstandard1.0) (>= netstandard2.0)) (&& (>= net46) (< netstandard1.2) (>= netstandard2.0) (>= uap10.0)) (&& (>= net46) (< netstandard1.3) (>= netstandard2.0) (>= uap10.0)) (&& (>= net46) (< netstandard1.4) (>= netstandard2.0) (>= uap10.0)) (&& (< net46) (>= net461)) (&& (>= net461) (>= netcoreapp1.0)) (&& (>= net461) (< netstandard1.0)) (&& (>= net461) (>= uap10.0)) (&& (>= netcoreapp1.0) (< netstandard1.2) (>= netstandard2.0)) (&& (>= netcoreapp1.0) (< netstandard1.3) (>= netstandard2.0)) (&& (>= netcoreapp1.0) (< netstandard1.4) (>= netstandard2.0)) (&& (>= netcoreapp1.0) (< netstandard1.5) (>= netstandard2.0)) (&& (>= netcoreapp1.0) (>= netstandard2.0) (>= uap10.0)) (&& (>= netcoreapp1.0) (>= netstandard2.0) (< xamarinios) (< xamarinmac) (< xamarintvos) (< xamarinwatchos)) (&& (< netstandard1.0) (>= netstandard2.0) (< portable-net45+win8)) (&& (< netstandard1.0) (>= netstandard2.0) (>= uap10.0) (< win8)) (&& (< netstandard1.2) (>= netstandard2.0) (>= uap10.0) (< win8)) (&& (< netstandard1.5) (>= netstandard2.0) (>= uap10.0)) (&& (>= netstandard2.0) (>= uap10.0) (< win8) (< wpa81))
      Microsoft.NETCore.Platforms (>= 1.1.1)
      Microsoft.NETCore.Targets (>= 1.1.3)
    runtime.native.System.IO.Compression (4.3.2) - restriction: || (&& (< monoandroid) (< net45) (< netstandard1.2) (>= netstandard2.0) (< win8)) (&& (< monoandroid) (< net45) (< netstandard1.4) (>= netstandard2.0) (< win8) (< wpa81)) (&& (< monoandroid) (< net45) (< netstandard1.5) (>= netstandard2.0) (< win8) (< wpa81)) (&& (< monoandroid) (< net45) (< netstandard1.6) (>= netstandard2.0) (< win8) (< wpa81)) (&& (< net45) (>= net46) (< netstandard1.4) (>= netstandard2.0)) (&& (< net45) (>= net461) (< netstandard1.2)) (&& (< net45) (>= net461) (< netstandard1.4)) (&& (< net45) (>= net461) (>= netstandard1.5) (< netstandard1.6)) (&& (< net45) (>= net461) (< netstandard1.5)) (&& (< net45) (>= net461) (>= netstandard1.6) (< netstandard2.0)) (&& (>= net461) (< netstandard1.5) (>= uap10.0)) (&& (< netstandard1.5) (>= netstandard2.0) (>= uap10.0) (< win8) (< wpa81))
      Microsoft.NETCore.Platforms (>= 1.1.1)
      Microsoft.NETCore.Targets (>= 1.1.3)
    runtime.native.System.Net.Http (4.3.1) - restriction: || (&& (< net45) (>= net46) (< netstandard1.2) (>= netstandard2.0)) (&& (< net45) (>= net46) (< netstandard1.3) (>= netstandard2.0)) (&& (< net45) (>= net46) (< netstandard1.4) (>= netstandard2.0)) (&& (< net45) (>= net461) (< netstandard1.2) (>= netstandard1.6)) (&& (< net45) (>= net461) (< netstandard1.2) (>= netstandard2.0)) (&& (< net45) (>= net461) (< netstandard1.3) (>= netstandard1.6)) (&& (< net45) (>= net461) (< netstandard1.3) (>= netstandard2.0)) (&& (< net45) (>= net461) (< netstandard1.4) (>= netstandard1.6)) (&& (< net45) (>= net461) (< netstandard1.4) (>= netstandard2.0)) (&& (< net45) (>= net461) (< netstandard1.5) (>= netstandard1.6)) (&& (< net45) (>= net461) (< netstandard1.5) (>= netstandard2.0)) (&& (< net45) (>= net461) (>= netstandard1.6) (< netstandard2.0)) (&& (< net45) (< netstandard1.2) (>= netstandard2.0) (< win8)) (&& (< net45) (< netstandard1.3) (>= netstandard2.0) (< win8) (< wpa81)) (&& (< net45) (< netstandard1.4) (>= netstandard2.0) (< win8) (< wpa81)) (&& (< net45) (< netstandard1.5) (>= netstandard2.0) (< win8) (< wpa81)) (&& (>= net46) (< netstandard1.4) (>= netstandard2.0) (>= uap10.0)) (&& (>= net461) (< netstandard1.2) (>= netstandard1.6) (>= uap10.0)) (&& (>= net461) (< netstandard1.3) (>= netstandard1.6) (>= uap10.0)) (&& (>= net461) (< netstandard1.4) (>= netstandard1.6) (>= uap10.0)) (&& (>= net461) (< netstandard1.5) (>= netstandard1.6) (>= uap10.0)) (&& (< netstandard1.2) (>= netstandard2.0) (>= uap10.0) (< win8)) (&& (< netstandard1.3) (>= netstandard2.0) (>= uap10.0) (< win8) (< wpa81)) (&& (< netstandard1.4) (>= netstandard2.0) (>= uap10.0) (< win8) (< wpa81)) (&& (< netstandard1.5) (>= netstandard2.0) (>= uap10.0))
      Microsoft.NETCore.Platforms (>= 1.1.1)
      Microsoft.NETCore.Targets (>= 1.1.3)
    runtime.native.System.Security.Cryptography.Apple (4.3.1) - restriction: || (&& (< net45) (>= net461) (< netstandard1.4) (>= netstandard1.6)) (&& (< net45) (>= net461) (< netstandard1.5) (>= netstandard1.6)) (&& (< net45) (>= net461) (>= netstandard1.6) (< netstandard2.0)) (&& (< net45) (< netstandard1.4) (>= netstandard2.0) (< win8) (< wpa81)) (&& (< net45) (< netstandard1.5) (>= netstandard2.0) (< win8) (< wpa81)) (&& (>= net461) (< netstandard1.5) (>= netstandard1.6) (>= uap10.0)) (&& (< netstandard1.5) (>= netstandard2.0) (>= uap10.0))
      runtime.osx.10.10-x64.runtime.native.System.Security.Cryptography.Apple (>= 4.3.1)
    runtime.native.System.Security.Cryptography.OpenSsl (4.3.3) - restriction: || (&& (< monoandroid) (< net45) (< netstandard1.6) (>= netstandard2.0) (< win8) (< wpa81)) (&& (< net45) (>= net46) (< netstandard1.2) (>= netstandard2.0)) (&& (< net45) (>= net46) (< netstandard1.3) (>= netstandard2.0)) (&& (< net45) (>= net46) (< netstandard1.4) (>= netstandard2.0)) (&& (< net45) (>= net461) (< netstandard1.2) (>= netstandard1.6)) (&& (< net45) (>= net461) (< netstandard1.2) (>= netstandard2.0)) (&& (< net45) (>= net461) (< netstandard1.3) (>= netstandard1.6)) (&& (< net45) (>= net461) (< netstandard1.3) (>= netstandard2.0)) (&& (< net45) (>= net461) (< netstandard1.4)) (&& (< net45) (>= net461) (>= netstandard1.5) (< netstandard1.6)) (&& (< net45) (>= net461) (< netstandard1.5)) (&& (< net45) (>= net461) (>= netstandard1.6) (< netstandard2.0)) (&& (< net45) (>= net461) (< netstandard1.6) (>= netstandard2.0)) (&& (< net45) (< netstandard1.2) (>= netstandard2.0) (< win8)) (&& (< net45) (< netstandard1.3) (>= netstandard2.0) (< win8) (< wpa81)) (&& (< net45) (< netstandard1.4) (>= netstandard2.0) (< win8) (< wpa81)) (&& (< net45) (< netstandard1.5) (>= netstandard2.0) (< win8) (< wpa81)) (&& (>= net46) (< netstandard1.4) (>= netstandard2.0) (>= uap10.0)) (&& (>= net461) (< netstandard1.2) (>= netstandard1.6) (>= uap10.0)) (&& (>= net461) (< netstandard1.3) (>= netstandard1.6) (>= uap10.0)) (&& (>= net461) (< netstandard1.4) (>= uap10.0)) (&& (>= net461) (< netstandard1.5) (>= uap10.0)) (&& (< netstandard1.2) (>= netstandard2.0) (>= uap10.0) (< win8)) (&& (< netstandard1.3) (>= netstandard2.0) (>= uap10.0) (< win8) (< wpa81)) (&& (< netstandard1.4) (>= netstandard2.0) (>= uap10.0) (< win8) (< wpa81)) (&& (< netstandard1.5) (>= netstandard2.0) (>= uap10.0))
      runtime.debian.8-x64.runtime.native.System.Security.Cryptography.OpenSsl (>= 4.3.3)
      runtime.debian.9-x64.runtime.native.System.Security.Cryptography.OpenSsl (>= 4.3.3)
      runtime.fedora.23-x64.runtime.native.System.Security.Cryptography.OpenSsl (>= 4.3.3)
      runtime.fedora.24-x64.runtime.native.System.Security.Cryptography.OpenSsl (>= 4.3.3)
      runtime.fedora.27-x64.runtime.native.System.Security.Cryptography.OpenSsl (>= 4.3.3)
      runtime.fedora.28-x64.runtime.native.System.Security.Cryptography.OpenSsl (>= 4.3.3)
      runtime.opensuse.13.2-x64.runtime.native.System.Security.Cryptography.OpenSsl (>= 4.3.3)
      runtime.opensuse.42.1-x64.runtime.native.System.Security.Cryptography.OpenSsl (>= 4.3.3)
      runtime.opensuse.42.3-x64.runtime.native.System.Security.Cryptography.OpenSsl (>= 4.3.3)
      runtime.osx.10.10-x64.runtime.native.System.Security.Cryptography.OpenSsl (>= 4.3.3)
      runtime.rhel.7-x64.runtime.native.System.Security.Cryptography.OpenSsl (>= 4.3.3)
      runtime.ubuntu.14.04-x64.runtime.native.System.Security.Cryptography.OpenSsl (>= 4.3.3)
      runtime.ubuntu.16.04-x64.runtime.native.System.Security.Cryptography.OpenSsl (>= 4.3.3)
      runtime.ubuntu.16.10-x64.runtime.native.System.Security.Cryptography.OpenSsl (>= 4.3.3)
      runtime.ubuntu.18.04-x64.runtime.native.System.Security.Cryptography.OpenSsl (>= 4.3.3)
    runtime.opensuse.13.2-x64.runtime.native.System.Security.Cryptography.OpenSsl (4.3.3) - restriction: || (&& (< monoandroid) (< net45) (< netstandard1.6) (>= netstandard2.0) (< win8) (< wpa81)) (&& (< net45) (>= net46) (< netstandard1.2) (>= netstandard2.0)) (&& (< net45) (>= net46) (< netstandard1.3) (>= netstandard2.0)) (&& (< net45) (>= net46) (< netstandard1.4) (>= netstandard2.0)) (&& (< net45) (>= net461) (< netstandard1.2) (>= netstandard1.6)) (&& (< net45) (>= net461) (< netstandard1.2) (>= netstandard2.0)) (&& (< net45) (>= net461) (< netstandard1.3) (>= netstandard1.6)) (&& (< net45) (>= net461) (< netstandard1.3) (>= netstandard2.0)) (&& (< net45) (>= net461) (< netstandard1.4) (>= netstandard1.6)) (&& (< net45) (>= net461) (< netstandard1.4) (>= netstandard2.0)) (&& (< net45) (>= net461) (< netstandard1.5) (>= netstandard1.6)) (&& (< net45) (>= net461) (< netstandard1.5) (>= netstandard2.0)) (&& (< net45) (>= net461) (>= netstandard1.6) (< netstandard2.0)) (&& (< net45) (>= net461) (< netstandard1.6) (>= netstandard2.0)) (&& (< net45) (< netstandard1.2) (>= netstandard2.0) (< win8)) (&& (< net45) (< netstandard1.3) (>= netstandard2.0) (< win8) (< wpa81)) (&& (< net45) (< netstandard1.4) (>= netstandard2.0) (< win8) (< wpa81)) (&& (< net45) (< netstandard1.5) (>= netstandard2.0) (< win8) (< wpa81)) (&& (>= net46) (< netstandard1.4) (>= netstandard2.0) (>= uap10.0)) (&& (>= net461) (< netstandard1.2) (>= netstandard1.6) (>= uap10.0)) (&& (>= net461) (< netstandard1.2) (>= netstandard2.0) (>= uap10.0)) (&& (>= net461) (< netstandard1.3) (>= netstandard1.6) (>= uap10.0)) (&& (>= net461) (< netstandard1.3) (>= netstandard2.0) (>= uap10.0)) (&& (>= net461) (< netstandard1.4) (>= netstandard1.6) (>= uap10.0)) (&& (>= net461) (< netstandard1.5) (>= netstandard1.6) (>= uap10.0)) (&& (< netstandard1.2) (>= netstandard2.0) (>= uap10.0) (< win8)) (&& (< netstandard1.3) (>= netstandard2.0) (>= uap10.0) (< win8) (< wpa81)) (&& (< netstandard1.4) (>= netstandard2.0) (>= uap10.0) (< win8) (< wpa81)) (&& (< netstandard1.5) (>= netstandard2.0) (>= uap10.0))
    runtime.opensuse.42.1-x64.runtime.native.System.Security.Cryptography.OpenSsl (4.3.3) - restriction: || (&& (< monoandroid) (< net45) (< netstandard1.6) (>= netstandard2.0) (< win8) (< wpa81)) (&& (< net45) (>= net46) (< netstandard1.2) (>= netstandard2.0)) (&& (< net45) (>= net46) (< netstandard1.3) (>= netstandard2.0)) (&& (< net45) (>= net46) (< netstandard1.4) (>= netstandard2.0)) (&& (< net45) (>= net461) (< netstandard1.2) (>= netstandard1.6)) (&& (< net45) (>= net461) (< netstandard1.2) (>= netstandard2.0)) (&& (< net45) (>= net461) (< netstandard1.3) (>= netstandard1.6)) (&& (< net45) (>= net461) (< netstandard1.3) (>= netstandard2.0)) (&& (< net45) (>= net461) (< netstandard1.4) (>= netstandard1.6)) (&& (< net45) (>= net461) (< netstandard1.4) (>= netstandard2.0)) (&& (< net45) (>= net461) (< netstandard1.5) (>= netstandard1.6)) (&& (< net45) (>= net461) (< netstandard1.5) (>= netstandard2.0)) (&& (< net45) (>= net461) (>= netstandard1.6) (< netstandard2.0)) (&& (< net45) (>= net461) (< netstandard1.6) (>= netstandard2.0)) (&& (< net45) (< netstandard1.2) (>= netstandard2.0) (< win8)) (&& (< net45) (< netstandard1.3) (>= netstandard2.0) (< win8) (< wpa81)) (&& (< net45) (< netstandard1.4) (>= netstandard2.0) (< win8) (< wpa81)) (&& (< net45) (< netstandard1.5) (>= netstandard2.0) (< win8) (< wpa81)) (&& (>= net46) (< netstandard1.4) (>= netstandard2.0) (>= uap10.0)) (&& (>= net461) (< netstandard1.2) (>= netstandard1.6) (>= uap10.0)) (&& (>= net461) (< netstandard1.2) (>= netstandard2.0) (>= uap10.0)) (&& (>= net461) (< netstandard1.3) (>= netstandard1.6) (>= uap10.0)) (&& (>= net461) (< netstandard1.3) (>= netstandard2.0) (>= uap10.0)) (&& (>= net461) (< netstandard1.4) (>= netstandard1.6) (>= uap10.0)) (&& (>= net461) (< netstandard1.5) (>= netstandard1.6) (>= uap10.0)) (&& (< netstandard1.2) (>= netstandard2.0) (>= uap10.0) (< win8)) (&& (< netstandard1.3) (>= netstandard2.0) (>= uap10.0) (< win8) (< wpa81)) (&& (< netstandard1.4) (>= netstandard2.0) (>= uap10.0) (< win8) (< wpa81)) (&& (< netstandard1.5) (>= netstandard2.0) (>= uap10.0))
    runtime.opensuse.42.3-x64.runtime.native.System.Security.Cryptography.OpenSsl (4.3.3) - restriction: || (&& (< monoandroid) (< net45) (< netstandard1.6) (>= netstandard2.0) (< win8) (< wpa81)) (&& (< net45) (>= net46) (< netstandard1.2) (>= netstandard2.0)) (&& (< net45) (>= net46) (< netstandard1.3) (>= netstandard2.0)) (&& (< net45) (>= net46) (< netstandard1.4) (>= netstandard2.0)) (&& (< net45) (>= net461) (< netstandard1.2) (>= netstandard1.6)) (&& (< net45) (>= net461) (< netstandard1.2) (>= netstandard2.0)) (&& (< net45) (>= net461) (< netstandard1.3) (>= netstandard1.6)) (&& (< net45) (>= net461) (< netstandard1.3) (>= netstandard2.0)) (&& (< net45) (>= net461) (< netstandard1.4) (>= netstandard1.6)) (&& (< net45) (>= net461) (< netstandard1.4) (>= netstandard2.0)) (&& (< net45) (>= net461) (< netstandard1.5) (>= netstandard1.6)) (&& (< net45) (>= net461) (< netstandard1.5) (>= netstandard2.0)) (&& (< net45) (>= net461) (>= netstandard1.6) (< netstandard2.0)) (&& (< net45) (>= net461) (< netstandard1.6) (>= netstandard2.0)) (&& (< net45) (< netstandard1.2) (>= netstandard2.0) (< win8)) (&& (< net45) (< netstandard1.3) (>= netstandard2.0) (< win8) (< wpa81)) (&& (< net45) (< netstandard1.4) (>= netstandard2.0) (< win8) (< wpa81)) (&& (< net45) (< netstandard1.5) (>= netstandard2.0) (< win8) (< wpa81)) (&& (>= net46) (< netstandard1.4) (>= netstandard2.0) (>= uap10.0)) (&& (>= net461) (< netstandard1.2) (>= netstandard1.6) (>= uap10.0)) (&& (>= net461) (< netstandard1.2) (>= netstandard2.0) (>= uap10.0)) (&& (>= net461) (< netstandard1.3) (>= netstandard1.6) (>= uap10.0)) (&& (>= net461) (< netstandard1.3) (>= netstandard2.0) (>= uap10.0)) (&& (>= net461) (< netstandard1.4) (>= netstandard1.6) (>= uap10.0)) (&& (>= net461) (< netstandard1.5) (>= netstandard1.6) (>= uap10.0)) (&& (< netstandard1.2) (>= netstandard2.0) (>= uap10.0) (< win8)) (&& (< netstandard1.3) (>= netstandard2.0) (>= uap10.0) (< win8) (< wpa81)) (&& (< netstandard1.4) (>= netstandard2.0) (>= uap10.0) (< win8) (< wpa81)) (&& (< netstandard1.5) (>= netstandard2.0) (>= uap10.0))
    runtime.osx.10.10-x64.runtime.native.System.Security.Cryptography.Apple (4.3.1) - restriction: || (&& (< net45) (>= net461) (< netstandard1.4) (>= netstandard1.6)) (&& (< net45) (>= net461) (< netstandard1.4) (>= netstandard2.0)) (&& (< net45) (>= net461) (< netstandard1.5) (>= netstandard1.6)) (&& (< net45) (>= net461) (< netstandard1.5) (>= netstandard2.0)) (&& (< net45) (>= net461) (>= netstandard1.6) (< netstandard2.0)) (&& (< net45) (< netstandard1.4) (>= netstandard2.0) (< win8) (< wpa81)) (&& (< net45) (< netstandard1.5) (>= netstandard2.0) (< win8) (< wpa81)) (&& (>= net461) (< netstandard1.4) (>= netstandard1.6) (>= uap10.0)) (&& (>= net461) (< netstandard1.4) (>= netstandard2.0) (>= uap10.0)) (&& (>= net461) (< netstandard1.5) (>= netstandard1.6) (>= uap10.0)) (&& (< netstandard1.4) (>= netstandard2.0) (>= uap10.0) (< win8) (< wpa81)) (&& (< netstandard1.5) (>= netstandard2.0) (>= uap10.0))
    runtime.osx.10.10-x64.runtime.native.System.Security.Cryptography.OpenSsl (4.3.3) - restriction: || (&& (< monoandroid) (< net45) (< netstandard1.6) (>= netstandard2.0) (< win8) (< wpa81)) (&& (< net45) (>= net46) (< netstandard1.2) (>= netstandard2.0)) (&& (< net45) (>= net46) (< netstandard1.3) (>= netstandard2.0)) (&& (< net45) (>= net46) (< netstandard1.4) (>= netstandard2.0)) (&& (< net45) (>= net461) (< netstandard1.2) (>= netstandard1.6)) (&& (< net45) (>= net461) (< netstandard1.2) (>= netstandard2.0)) (&& (< net45) (>= net461) (< netstandard1.3) (>= netstandard1.6)) (&& (< net45) (>= net461) (< netstandard1.3) (>= netstandard2.0)) (&& (< net45) (>= net461) (< netstandard1.4) (>= netstandard1.6)) (&& (< net45) (>= net461) (< netstandard1.4) (>= netstandard2.0)) (&& (< net45) (>= net461) (< netstandard1.5) (>= netstandard1.6)) (&& (< net45) (>= net461) (< netstandard1.5) (>= netstandard2.0)) (&& (< net45) (>= net461) (>= netstandard1.6) (< netstandard2.0)) (&& (< net45) (>= net461) (< netstandard1.6) (>= netstandard2.0)) (&& (< net45) (< netstandard1.2) (>= netstandard2.0) (< win8)) (&& (< net45) (< netstandard1.3) (>= netstandard2.0) (< win8) (< wpa81)) (&& (< net45) (< netstandard1.4) (>= netstandard2.0) (< win8) (< wpa81)) (&& (< net45) (< netstandard1.5) (>= netstandard2.0) (< win8) (< wpa81)) (&& (>= net46) (< netstandard1.4) (>= netstandard2.0) (>= uap10.0)) (&& (>= net461) (< netstandard1.2) (>= netstandard1.6) (>= uap10.0)) (&& (>= net461) (< netstandard1.2) (>= netstandard2.0) (>= uap10.0)) (&& (>= net461) (< netstandard1.3) (>= netstandard1.6) (>= uap10.0)) (&& (>= net461) (< netstandard1.3) (>= netstandard2.0) (>= uap10.0)) (&& (>= net461) (< netstandard1.4) (>= netstandard1.6) (>= uap10.0)) (&& (>= net461) (< netstandard1.5) (>= netstandard1.6) (>= uap10.0)) (&& (< netstandard1.2) (>= netstandard2.0) (>= uap10.0) (< win8)) (&& (< netstandard1.3) (>= netstandard2.0) (>= uap10.0) (< win8) (< wpa81)) (&& (< netstandard1.4) (>= netstandard2.0) (>= uap10.0) (< win8) (< wpa81)) (&& (< netstandard1.5) (>= netstandard2.0) (>= uap10.0))
    runtime.rhel.7-x64.runtime.native.System.Security.Cryptography.OpenSsl (4.3.3) - restriction: || (&& (< monoandroid) (< net45) (< netstandard1.6) (>= netstandard2.0) (< win8) (< wpa81)) (&& (< net45) (>= net46) (< netstandard1.2) (>= netstandard2.0)) (&& (< net45) (>= net46) (< netstandard1.3) (>= netstandard2.0)) (&& (< net45) (>= net46) (< netstandard1.4) (>= netstandard2.0)) (&& (< net45) (>= net461) (< netstandard1.2) (>= netstandard1.6)) (&& (< net45) (>= net461) (< netstandard1.2) (>= netstandard2.0)) (&& (< net45) (>= net461) (< netstandard1.3) (>= netstandard1.6)) (&& (< net45) (>= net461) (< netstandard1.3) (>= netstandard2.0)) (&& (< net45) (>= net461) (< netstandard1.4) (>= netstandard1.6)) (&& (< net45) (>= net461) (< netstandard1.4) (>= netstandard2.0)) (&& (< net45) (>= net461) (< netstandard1.5) (>= netstandard1.6)) (&& (< net45) (>= net461) (< netstandard1.5) (>= netstandard2.0)) (&& (< net45) (>= net461) (>= netstandard1.6) (< netstandard2.0)) (&& (< net45) (>= net461) (< netstandard1.6) (>= netstandard2.0)) (&& (< net45) (< netstandard1.2) (>= netstandard2.0) (< win8)) (&& (< net45) (< netstandard1.3) (>= netstandard2.0) (< win8) (< wpa81)) (&& (< net45) (< netstandard1.4) (>= netstandard2.0) (< win8) (< wpa81)) (&& (< net45) (< netstandard1.5) (>= netstandard2.0) (< win8) (< wpa81)) (&& (>= net46) (< netstandard1.4) (>= netstandard2.0) (>= uap10.0)) (&& (>= net461) (< netstandard1.2) (>= netstandard1.6) (>= uap10.0)) (&& (>= net461) (< netstandard1.2) (>= netstandard2.0) (>= uap10.0)) (&& (>= net461) (< netstandard1.3) (>= netstandard1.6) (>= uap10.0)) (&& (>= net461) (< netstandard1.3) (>= netstandard2.0) (>= uap10.0)) (&& (>= net461) (< netstandard1.4) (>= netstandard1.6) (>= uap10.0)) (&& (>= net461) (< netstandard1.5) (>= netstandard1.6) (>= uap10.0)) (&& (< netstandard1.2) (>= netstandard2.0) (>= uap10.0) (< win8)) (&& (< netstandard1.3) (>= netstandard2.0) (>= uap10.0) (< win8) (< wpa81)) (&& (< netstandard1.4) (>= netstandard2.0) (>= uap10.0) (< win8) (< wpa81)) (&& (< netstandard1.5) (>= netstandard2.0) (>= uap10.0))
    runtime.ubuntu.14.04-x64.runtime.native.System.Security.Cryptography.OpenSsl (4.3.3) - restriction: || (&& (< monoandroid) (< net45) (< netstandard1.6) (>= netstandard2.0) (< win8) (< wpa81)) (&& (< net45) (>= net46) (< netstandard1.2) (>= netstandard2.0)) (&& (< net45) (>= net46) (< netstandard1.3) (>= netstandard2.0)) (&& (< net45) (>= net46) (< netstandard1.4) (>= netstandard2.0)) (&& (< net45) (>= net461) (< netstandard1.2) (>= netstandard1.6)) (&& (< net45) (>= net461) (< netstandard1.2) (>= netstandard2.0)) (&& (< net45) (>= net461) (< netstandard1.3) (>= netstandard1.6)) (&& (< net45) (>= net461) (< netstandard1.3) (>= netstandard2.0)) (&& (< net45) (>= net461) (< netstandard1.4) (>= netstandard1.6)) (&& (< net45) (>= net461) (< netstandard1.4) (>= netstandard2.0)) (&& (< net45) (>= net461) (< netstandard1.5) (>= netstandard1.6)) (&& (< net45) (>= net461) (< netstandard1.5) (>= netstandard2.0)) (&& (< net45) (>= net461) (>= netstandard1.6) (< netstandard2.0)) (&& (< net45) (>= net461) (< netstandard1.6) (>= netstandard2.0)) (&& (< net45) (< netstandard1.2) (>= netstandard2.0) (< win8)) (&& (< net45) (< netstandard1.3) (>= netstandard2.0) (< win8) (< wpa81)) (&& (< net45) (< netstandard1.4) (>= netstandard2.0) (< win8) (< wpa81)) (&& (< net45) (< netstandard1.5) (>= netstandard2.0) (< win8) (< wpa81)) (&& (>= net46) (< netstandard1.4) (>= netstandard2.0) (>= uap10.0)) (&& (>= net461) (< netstandard1.2) (>= netstandard1.6) (>= uap10.0)) (&& (>= net461) (< netstandard1.2) (>= netstandard2.0) (>= uap10.0)) (&& (>= net461) (< netstandard1.3) (>= netstandard1.6) (>= uap10.0)) (&& (>= net461) (< netstandard1.3) (>= netstandard2.0) (>= uap10.0)) (&& (>= net461) (< netstandard1.4) (>= netstandard1.6) (>= uap10.0)) (&& (>= net461) (< netstandard1.5) (>= netstandard1.6) (>= uap10.0)) (&& (< netstandard1.2) (>= netstandard2.0) (>= uap10.0) (< win8)) (&& (< netstandard1.3) (>= netstandard2.0) (>= uap10.0) (< win8) (< wpa81)) (&& (< netstandard1.4) (>= netstandard2.0) (>= uap10.0) (< win8) (< wpa81)) (&& (< netstandard1.5) (>= netstandard2.0) (>= uap10.0))
    runtime.ubuntu.16.04-x64.runtime.native.System.Security.Cryptography.OpenSsl (4.3.3) - restriction: || (&& (< monoandroid) (< net45) (< netstandard1.6) (>= netstandard2.0) (< win8) (< wpa81)) (&& (< net45) (>= net46) (< netstandard1.2) (>= netstandard2.0)) (&& (< net45) (>= net46) (< netstandard1.3) (>= netstandard2.0)) (&& (< net45) (>= net46) (< netstandard1.4) (>= netstandard2.0)) (&& (< net45) (>= net461) (< netstandard1.2) (>= netstandard1.6)) (&& (< net45) (>= net461) (< netstandard1.2) (>= netstandard2.0)) (&& (< net45) (>= net461) (< netstandard1.3) (>= netstandard1.6)) (&& (< net45) (>= net461) (< netstandard1.3) (>= netstandard2.0)) (&& (< net45) (>= net461) (< netstandard1.4) (>= netstandard1.6)) (&& (< net45) (>= net461) (< netstandard1.4) (>= netstandard2.0)) (&& (< net45) (>= net461) (< netstandard1.5) (>= netstandard1.6)) (&& (< net45) (>= net461) (< netstandard1.5) (>= netstandard2.0)) (&& (< net45) (>= net461) (>= netstandard1.6) (< netstandard2.0)) (&& (< net45) (>= net461) (< netstandard1.6) (>= netstandard2.0)) (&& (< net45) (< netstandard1.2) (>= netstandard2.0) (< win8)) (&& (< net45) (< netstandard1.3) (>= netstandard2.0) (< win8) (< wpa81)) (&& (< net45) (< netstandard1.4) (>= netstandard2.0) (< win8) (< wpa81)) (&& (< net45) (< netstandard1.5) (>= netstandard2.0) (< win8) (< wpa81)) (&& (>= net46) (< netstandard1.4) (>= netstandard2.0) (>= uap10.0)) (&& (>= net461) (< netstandard1.2) (>= netstandard1.6) (>= uap10.0)) (&& (>= net461) (< netstandard1.2) (>= netstandard2.0) (>= uap10.0)) (&& (>= net461) (< netstandard1.3) (>= netstandard1.6) (>= uap10.0)) (&& (>= net461) (< netstandard1.3) (>= netstandard2.0) (>= uap10.0)) (&& (>= net461) (< netstandard1.4) (>= netstandard1.6) (>= uap10.0)) (&& (>= net461) (< netstandard1.5) (>= netstandard1.6) (>= uap10.0)) (&& (< netstandard1.2) (>= netstandard2.0) (>= uap10.0) (< win8)) (&& (< netstandard1.3) (>= netstandard2.0) (>= uap10.0) (< win8) (< wpa81)) (&& (< netstandard1.4) (>= netstandard2.0) (>= uap10.0) (< win8) (< wpa81)) (&& (< netstandard1.5) (>= netstandard2.0) (>= uap10.0))
    runtime.ubuntu.16.10-x64.runtime.native.System.Security.Cryptography.OpenSsl (4.3.3) - restriction: || (&& (< monoandroid) (< net45) (< netstandard1.6) (>= netstandard2.0) (< win8) (< wpa81)) (&& (< net45) (>= net46) (< netstandard1.2) (>= netstandard2.0)) (&& (< net45) (>= net46) (< netstandard1.3) (>= netstandard2.0)) (&& (< net45) (>= net46) (< netstandard1.4) (>= netstandard2.0)) (&& (< net45) (>= net461) (< netstandard1.2) (>= netstandard1.6)) (&& (< net45) (>= net461) (< netstandard1.2) (>= netstandard2.0)) (&& (< net45) (>= net461) (< netstandard1.3) (>= netstandard1.6)) (&& (< net45) (>= net461) (< netstandard1.3) (>= netstandard2.0)) (&& (< net45) (>= net461) (< netstandard1.4) (>= netstandard1.6)) (&& (< net45) (>= net461) (< netstandard1.4) (>= netstandard2.0)) (&& (< net45) (>= net461) (< netstandard1.5) (>= netstandard1.6)) (&& (< net45) (>= net461) (< netstandard1.5) (>= netstandard2.0)) (&& (< net45) (>= net461) (>= netstandard1.6) (< netstandard2.0)) (&& (< net45) (>= net461) (< netstandard1.6) (>= netstandard2.0)) (&& (< net45) (< netstandard1.2) (>= netstandard2.0) (< win8)) (&& (< net45) (< netstandard1.3) (>= netstandard2.0) (< win8) (< wpa81)) (&& (< net45) (< netstandard1.4) (>= netstandard2.0) (< win8) (< wpa81)) (&& (< net45) (< netstandard1.5) (>= netstandard2.0) (< win8) (< wpa81)) (&& (>= net46) (< netstandard1.4) (>= netstandard2.0) (>= uap10.0)) (&& (>= net461) (< netstandard1.2) (>= netstandard1.6) (>= uap10.0)) (&& (>= net461) (< netstandard1.2) (>= netstandard2.0) (>= uap10.0)) (&& (>= net461) (< netstandard1.3) (>= netstandard1.6) (>= uap10.0)) (&& (>= net461) (< netstandard1.3) (>= netstandard2.0) (>= uap10.0)) (&& (>= net461) (< netstandard1.4) (>= netstandard1.6) (>= uap10.0)) (&& (>= net461) (< netstandard1.5) (>= netstandard1.6) (>= uap10.0)) (&& (< netstandard1.2) (>= netstandard2.0) (>= uap10.0) (< win8)) (&& (< netstandard1.3) (>= netstandard2.0) (>= uap10.0) (< win8) (< wpa81)) (&& (< netstandard1.4) (>= netstandard2.0) (>= uap10.0) (< win8) (< wpa81)) (&& (< netstandard1.5) (>= netstandard2.0) (>= uap10.0))
    runtime.ubuntu.18.04-x64.runtime.native.System.Security.Cryptography.OpenSsl (4.3.3) - restriction: || (&& (< monoandroid) (< net45) (< netstandard1.6) (>= netstandard2.0) (< win8) (< wpa81)) (&& (< net45) (>= net46) (< netstandard1.2) (>= netstandard2.0)) (&& (< net45) (>= net46) (< netstandard1.3) (>= netstandard2.0)) (&& (< net45) (>= net46) (< netstandard1.4) (>= netstandard2.0)) (&& (< net45) (>= net461) (< netstandard1.2) (>= netstandard1.6)) (&& (< net45) (>= net461) (< netstandard1.2) (>= netstandard2.0)) (&& (< net45) (>= net461) (< netstandard1.3) (>= netstandard1.6)) (&& (< net45) (>= net461) (< netstandard1.3) (>= netstandard2.0)) (&& (< net45) (>= net461) (< netstandard1.4) (>= netstandard1.6)) (&& (< net45) (>= net461) (< netstandard1.4) (>= netstandard2.0)) (&& (< net45) (>= net461) (< netstandard1.5) (>= netstandard1.6)) (&& (< net45) (>= net461) (< netstandard1.5) (>= netstandard2.0)) (&& (< net45) (>= net461) (>= netstandard1.6) (< netstandard2.0)) (&& (< net45) (>= net461) (< netstandard1.6) (>= netstandard2.0)) (&& (< net45) (< netstandard1.2) (>= netstandard2.0) (< win8)) (&& (< net45) (< netstandard1.3) (>= netstandard2.0) (< win8) (< wpa81)) (&& (< net45) (< netstandard1.4) (>= netstandard2.0) (< win8) (< wpa81)) (&& (< net45) (< netstandard1.5) (>= netstandard2.0) (< win8) (< wpa81)) (&& (>= net46) (< netstandard1.4) (>= netstandard2.0) (>= uap10.0)) (&& (>= net461) (< netstandard1.2) (>= netstandard1.6) (>= uap10.0)) (&& (>= net461) (< netstandard1.2) (>= netstandard2.0) (>= uap10.0)) (&& (>= net461) (< netstandard1.3) (>= netstandard1.6) (>= uap10.0)) (&& (>= net461) (< netstandard1.3) (>= netstandard2.0) (>= uap10.0)) (&& (>= net461) (< netstandard1.4) (>= netstandard1.6) (>= uap10.0)) (&& (>= net461) (< netstandard1.5) (>= netstandard1.6) (>= uap10.0)) (&& (< netstandard1.2) (>= netstandard2.0) (>= uap10.0) (< win8)) (&& (< netstandard1.3) (>= netstandard2.0) (>= uap10.0) (< win8) (< wpa81)) (&& (< netstandard1.4) (>= netstandard2.0) (>= uap10.0) (< win8) (< wpa81)) (&& (< netstandard1.5) (>= netstandard2.0) (>= uap10.0))
    System.AppContext (4.3) - restriction: || (&& (< net45) (>= net461) (>= netstandard1.5) (< netstandard1.6)) (&& (< net45) (>= net461) (< netstandard1.5)) (&& (< net45) (>= net461) (>= netstandard1.6) (< netstandard2.0)) (&& (< net45) (< netstandard1.4) (>= netstandard2.0) (< win8) (< wpa81)) (&& (< net45) (< netstandard1.5) (>= netstandard2.0) (< win8) (< wpa81)) (&& (< net45) (< netstandard1.6) (>= netstandard2.0) (< win8) (< wpa81)) (&& (>= net46) (< netstandard1.4) (>= netstandard2.0)) (&& (>= net461) (>= netcoreapp1.0)) (&& (>= net461) (< netstandard1.4)) (&& (>= net461) (< netstandard1.5) (>= uap10.0)) (&& (>= netcoreapp1.0) (>= netstandard2.0)) (&& (< netstandard1.4) (>= netstandard2.0) (>= uap10.0) (< win8) (< wpa81)) (&& (< netstandard1.5) (>= netstandard2.0) (>= uap10.0))
      System.Runtime (>= 4.3) - restriction: || (&& (< monoandroid) (< net46) (< netstandard1.6) (>= netstandard2.0)) (&& (< net46) (>= net461) (>= netstandard1.6)) (&& (< net46) (>= net461) (< netstandard1.6)) (&& (< net46) (>= netstandard2.0) (< xamarinios) (< xamarinmac) (< xamarintvos) (< xamarinwatchos))
    System.Buffers (4.5.1)
    System.Collections (4.3) - restriction: || (&& (< monoandroid) (< net35) (>= netstandard2.0) (< win8) (< wpa81) (< xamarinios) (< xamarinmac) (< xamarintvos) (< xamarinwatchos)) (&& (< monoandroid) (< net45) (>= netstandard2.0) (< xamarinios) (< xamarinmac) (< xamarintvos) (< xamarinwatchos)) (&& (< monoandroid) (< net46) (>= netstandard2.0) (< xamarinios) (< xamarinmac) (< xamarintvos) (< xamarinwatchos)) (&& (< monoandroid) (>= netcoreapp2.0) (< netstandard1.2)) (&& (< monoandroid) (>= netcoreapp2.0) (< netstandard1.3)) (&& (< monoandroid) (>= netcoreapp2.0) (< netstandard1.4)) (&& (< monoandroid) (>= netcoreapp2.0) (< netstandard1.5)) (&& (< monoandroid) (>= netcoreapp2.0) (< netstandard1.6)) (&& (< monoandroid) (>= netcoreapp2.0) (< netstandard2.0)) (&& (>= monotouch) (>= net461)) (&& (>= monotouch) (>= netcoreapp2.0)) (&& (>= monotouch) (>= netcoreapp2.1)) (&& (>= monotouch) (>= netstandard2.0)) (&& (>= monotouch) (>= xamarinios)) (&& (>= monotouch) (>= xamarinmac)) (&& (< net20) (>= net45) (< netstandard1.2) (>= netstandard2.0)) (&& (< net20) (>= net45) (< netstandard1.3) (>= netstandard2.0)) (&& (< net20) (>= net45) (< netstandard1.4) (>= netstandard2.0)) (&& (< net20) (>= net45) (< netstandard1.5) (>= netstandard2.0)) (&& (< net20) (>= net45) (< netstandard1.6) (>= netstandard2.0)) (&& (< net20) (>= net46) (< netstandard1.2) (>= netstandard2.0)) (&& (< net20) (>= net46) (< netstandard1.3) (>= netstandard2.0)) (&& (< net20) (>= net46) (< netstandard1.4) (>= netstandard2.0)) (&& (< net20) (>= net461) (< netstandard1.2)) (&& (< net20) (>= net461) (< netstandard1.3)) (&& (< net20) (>= net461) (< netstandard1.4)) (&& (< net20) (>= net461) (< netstandard1.5)) (&& (< net20) (>= net461) (< netstandard1.6)) (&& (< net20) (>= net461) (< netstandard2.0)) (&& (< net20) (< netstandard1.2) (>= netstandard2.0) (< win8)) (&& (< net20) (< netstandard1.3) (>= netstandard2.0) (< win8) (< wpa81)) (&& (< net20) (< netstandard1.4) (>= netstandard2.0) (< win8) (< wpa81)) (&& (< net20) (< netstandard1.5) (>= netstandard2.0) (< win8) (< wpa81)) (&& (< net20) (< netstandard1.6) (>= netstandard2.0) (< win8) (< wpa81)) (&& (< net35) (>= net45) (>= netstandard2.0)) (&& (< net35) (>= net46) (< netstandard1.2) (>= netstandard2.0)) (&& (< net35) (>= net46) (< netstandard1.3) (>= netstandard2.0)) (&& (< net35) (>= net46) (< netstandard1.4) (>= netstandard2.0)) (&& (< net35) (>= net461) (< netstandard1.2)) (&& (< net35) (>= net461) (< netstandard1.3)) (&& (< net35) (>= net461) (< netstandard1.4)) (&& (< net35) (>= net461) (>= netstandard1.5)) (&& (< net35) (>= net461) (< netstandard1.5)) (&& (< net35) (>= net461) (>= netstandard1.6)) (&& (< net35) (>= net461) (>= netstandard2.0)) (&& (< net35) (< netstandard1.2) (>= netstandard2.0) (< win8)) (&& (< net35) (< netstandard1.3) (>= netstandard2.0) (< win8) (< wpa81)) (&& (< net35) (< netstandard1.4) (>= netstandard2.0) (< win8) (< wpa81)) (&& (< net35) (< netstandard1.5) (>= netstandard2.0) (< win8) (< wpa81)) (&& (< net35) (< netstandard1.6) (>= netstandard2.0) (< win8) (< wpa81)) (&& (>= net45) (>= netcoreapp2.0) (< netstandard1.2)) (&& (>= net45) (>= netcoreapp2.0) (< netstandard1.3)) (&& (>= net45) (>= netcoreapp2.0) (< netstandard1.4)) (&& (>= net45) (>= netcoreapp2.0) (< netstandard1.5)) (&& (>= net45) (>= netcoreapp2.0) (< netstandard1.6)) (&& (>= net45) (>= netcoreapp2.0) (< netstandard2.0)) (&& (>= net45) (>= netstandard2.0) (>= uap10.0)) (&& (< net45) (>= net46) (< netstandard1.2) (>= netstandard2.0)) (&& (< net45) (>= net46) (< netstandard1.3) (>= netstandard2.0)) (&& (< net45) (>= net46) (< netstandard1.4) (>= netstandard2.0)) (&& (< net45) (>= net461) (< netstandard1.2)) (&& (< net45) (>= net461) (< netstandard1.3)) (&& (< net45) (>= net461) (< netstandard1.4)) (&& (< net45) (>= net461) (< netstandard1.5)) (&& (< net45) (>= net461) (>= netstandard1.6)) (&& (< net45) (>= net461) (< netstandard1.6)) (&& (< net45) (>= net461) (>= netstandard2.0)) (&& (< net45) (< netstandard1.2) (>= netstandard2.0) (< win8)) (&& (< net45) (< netstandard1.3) (>= netstandard2.0) (< win8) (< wpa81)) (&& (< net45) (< netstandard1.4) (>= netstandard2.0) (< win8) (< wpa81)) (&& (< net45) (< netstandard1.5) (>= netstandard2.0) (< win8) (< wpa81)) (&& (< net45) (< netstandard1.6) (>= netstandard2.0) (< win8) (< wpa81)) (&& (>= net46) (>= netcoreapp2.0) (< netstandard1.2)) (&& (>= net46) (>= netcoreapp2.0) (< netstandard1.3)) (&& (>= net46) (>= netcoreapp2.0) (< netstandard1.4)) (&& (>= net46) (< netstandard1.2) (>= netstandard2.0) (>= uap10.0)) (&& (>= net46) (< netstandard1.3) (>= netstandard2.0) (>= uap10.0)) (&& (>= net46) (< netstandard1.4) (>= netstandard2.0) (>= uap10.0)) (&& (< net46) (>= net461)) (&& (>= net461) (>= netcoreapp1.0)) (&& (>= net461) (>= netcoreapp2.0) (< netstandard1.2)) (&& (>= net461) (>= netcoreapp2.0) (< netstandard1.3)) (&& (>= net461) (>= netcoreapp2.0) (< netstandard1.4)) (&& (>= net461) (>= netcoreapp2.0) (< netstandard1.5)) (&& (>= net461) (>= netcoreapp2.0) (< netstandard1.6)) (&& (>= net461) (>= netcoreapp2.0) (< netstandard2.0)) (&& (>= net461) (< netstandard1.2) (>= uap10.0)) (&& (>= net461) (< netstandard1.2) (>= xamarintvos)) (&& (>= net461) (< netstandard1.2) (>= xamarinwatchos)) (&& (>= net461) (< netstandard1.3) (>= uap10.0)) (&& (>= net461) (< netstandard1.3) (>= xamarintvos)) (&& (>= net461) (< netstandard1.3) (>= xamarinwatchos)) (&& (>= net461) (< netstandard1.4) (>= uap10.0)) (&& (>= net461) (< netstandard1.4) (>= xamarintvos)) (&& (>= net461) (< netstandard1.4) (>= xamarinwatchos)) (&& (>= net461) (>= netstandard1.5) (>= uap10.0)) (&& (>= net461) (< netstandard1.5) (>= uap10.0)) (&& (>= net461) (< netstandard1.5) (>= xamarintvos)) (&& (>= net461) (< netstandard1.5) (>= xamarinwatchos)) (&& (>= net461) (>= netstandard1.6) (< netstandard2.0) (>= uap10.0)) (&& (>= net461) (< netstandard1.6) (>= xamarintvos)) (&& (>= net461) (< netstandard1.6) (>= xamarinwatchos)) (&& (>= net461) (>= netstandard2.0) (>= uap10.0)) (&& (>= net461) (< netstandard2.0) (>= xamarintvos)) (&& (>= net461) (< netstandard2.0) (>= xamarinwatchos)) (&& (>= net461) (< portable-net45+win8+wpa81)) (&& (>= netcoreapp1.0) (>= netstandard2.0)) (&& (>= netcoreapp2.0) (< netstandard1.2) (>= uap10.0)) (&& (>= netcoreapp2.0) (< netstandard1.2) (>= xamarintvos)) (&& (>= netcoreapp2.0) (< netstandard1.2) (>= xamarinwatchos)) (&& (>= netcoreapp2.0) (< netstandard1.3) (>= uap10.0)) (&& (>= netcoreapp2.0) (< netstandard1.3) (>= xamarintvos)) (&& (>= netcoreapp2.0) (< netstandard1.3) (>= xamarinwatchos)) (&& (>= netcoreapp2.0) (< netstandard1.4) (>= uap10.0)) (&& (>= netcoreapp2.0) (< netstandard1.4) (>= xamarintvos)) (&& (>= netcoreapp2.0) (< netstandard1.4) (>= xamarinwatchos)) (&& (>= netcoreapp2.0) (< netstandard1.5) (>= uap10.0)) (&& (>= netcoreapp2.0) (< netstandard1.5) (>= xamarintvos)) (&& (>= netcoreapp2.0) (< netstandard1.5) (>= xamarinwatchos)) (&& (>= netcoreapp2.0) (< netstandard1.6) (>= uap10.0)) (&& (>= netcoreapp2.0) (< netstandard1.6) (>= xamarintvos)) (&& (>= netcoreapp2.0) (< netstandard1.6) (>= xamarinwatchos)) (&& (>= netcoreapp2.0) (< netstandard2.0) (>= uap10.0)) (&& (>= netcoreapp2.0) (< netstandard2.0) (>= xamarintvos)) (&& (>= netcoreapp2.0) (< netstandard2.0) (>= xamarinwatchos)) (&& (>= netcoreapp2.0) (< portable-net45+win8+wpa81)) (&& (>= netcoreapp2.1) (< netstandard1.2)) (&& (>= netcoreapp2.1) (< netstandard1.3)) (&& (>= netcoreapp2.1) (< netstandard1.4)) (&& (>= netcoreapp2.1) (< netstandard1.5)) (&& (>= netcoreapp2.1) (< netstandard1.6)) (&& (>= netcoreapp2.1) (< netstandard2.0)) (&& (>= netcoreapp2.1) (< portable-net45+win8+wpa81)) (&& (< netstandard1.2) (>= netstandard2.0) (>= uap10.0) (< win8)) (&& (< netstandard1.2) (>= netstandard2.0) (>= xamarintvos)) (&& (< netstandard1.2) (>= netstandard2.0) (>= xamarinwatchos)) (&& (< netstandard1.2) (>= xamarinios)) (&& (< netstandard1.2) (>= xamarinmac)) (&& (< netstandard1.3) (>= netstandard2.0) (>= xamarintvos)) (&& (< netstandard1.3) (>= netstandard2.0) (>= xamarinwatchos)) (&& (< netstandard1.3) (>= xamarinios)) (&& (< netstandard1.3) (>= xamarinmac)) (&& (< netstandard1.4) (>= netstandard2.0) (>= xamarintvos)) (&& (< netstandard1.4) (>= netstandard2.0) (>= xamarinwatchos)) (&& (< netstandard1.4) (>= xamarinios)) (&& (< netstandard1.4) (>= xamarinmac)) (&& (< netstandard1.5) (>= netstandard2.0) (>= uap10.0)) (&& (< netstandard1.5) (>= netstandard2.0) (>= xamarintvos)) (&& (< netstandard1.5) (>= netstandard2.0) (>= xamarinwatchos)) (&& (< netstandard1.5) (>= xamarinios)) (&& (< netstandard1.5) (>= xamarinmac)) (&& (< netstandard1.6) (>= netstandard2.0) (>= xamarintvos)) (&& (< netstandard1.6) (>= netstandard2.0) (>= xamarinwatchos)) (&& (< netstandard1.6) (>= xamarinios)) (&& (< netstandard1.6) (>= xamarinmac)) (&& (>= netstandard2.0) (< portable-net45+win8+wpa81)) (&& (>= netstandard2.0) (>= uap10.0) (< win8) (< wpa81)) (&& (< netstandard2.0) (>= xamarinios)) (&& (< netstandard2.0) (>= xamarinmac)) (&& (< portable-net45+win8+wpa81) (>= xamarinios)) (&& (< portable-net45+win8+wpa81) (>= xamarinmac))
      Microsoft.NETCore.Platforms (>= 1.1) - restriction: || (&& (< monoandroid) (< net45) (< netstandard1.3) (>= netstandard2.0) (< win8) (< wpa81)) (&& (< monoandroid) (< net45) (>= netstandard2.0) (< win8) (< wpa81) (< xamarinios) (< xamarinmac) (< xamarintvos) (< xamarinwatchos)) (&& (< net45) (>= net461))
      Microsoft.NETCore.Targets (>= 1.1) - restriction: || (&& (< monoandroid) (< net45) (< netstandard1.3) (>= netstandard2.0) (< win8) (< wpa81)) (&& (< monoandroid) (< net45) (>= netstandard2.0) (< win8) (< wpa81) (< xamarinios) (< xamarinmac) (< xamarintvos) (< xamarinwatchos)) (&& (< net45) (>= net461))
      System.Runtime (>= 4.3) - restriction: || (&& (< monoandroid) (< net45) (< netstandard1.3) (>= netstandard2.0) (< win8) (< wpa81)) (&& (< monoandroid) (< net45) (>= netstandard2.0) (< win8) (< wpa81) (< xamarinios) (< xamarinmac) (< xamarintvos) (< xamarinwatchos)) (&& (< net45) (>= net461))
    System.Collections.Concurrent (4.3) - restriction: || (&& (< net45) (>= net461) (< netstandard1.2)) (&& (< net45) (>= net461) (< netstandard1.3)) (&& (< net45) (>= net461) (< netstandard1.4)) (&& (< net45) (>= net461) (>= netstandard1.5) (< netstandard1.6)) (&& (< net45) (>= net461) (< netstandard1.5)) (&& (< net45) (>= net461) (>= netstandard1.6) (< netstandard2.0)) (&& (< net45) (< netstandard1.2) (>= netstandard2.0) (< win8)) (&& (< net45) (< netstandard1.3) (>= netstandard2.0) (< win8) (< wpa81)) (&& (< net45) (< netstandard1.4) (>= netstandard2.0) (< win8) (< wpa81)) (&& (< net45) (< netstandard1.5) (>= netstandard2.0) (< win8) (< wpa81)) (&& (< net45) (< netstandard1.6) (>= netstandard2.0) (< win8) (< wpa81)) (&& (>= net461) (< netstandard1.5) (>= uap10.0)) (&& (< netstandard1.5) (>= netstandard2.0) (>= uap10.0))
    System.Collections.Immutable (8.0) - restriction: >= netstandard2.0
      System.Memory (>= 4.5.5) - restriction: || (&& (>= net461) (>= netstandard2.0)) (>= net462) (&& (< net6.0) (>= netstandard2.0))
      System.Runtime.CompilerServices.Unsafe (>= 6.0) - restriction: || (&& (>= net461) (>= net6.0)) (&& (>= net461) (>= netstandard2.0)) (>= net462) (&& (>= net6.0) (< net7.0)) (&& (< net6.0) (>= netstandard2.0))
    System.Collections.NonGeneric (4.3) - redirects: force, restriction: || (&& (< monoandroid) (< net35) (>= netstandard2.0) (< xamarinios) (< xamarinmac) (< xamarintvos) (< xamarinwatchos)) (&& (< monoandroid) (>= netcoreapp1.0) (>= netstandard2.0) (< xamarinios) (< xamarinmac) (< xamarintvos) (< xamarinwatchos)) (&& (< net20) (>= net45) (< netstandard1.3) (>= netstandard2.0)) (&& (< net20) (>= net461) (< netstandard1.3) (>= netstandard1.5)) (&& (< net20) (>= net461) (< netstandard1.3) (>= netstandard2.0)) (&& (< net20) (>= net461) (>= netstandard1.5) (< netstandard2.0)) (&& (< net20) (>= net462) (< netstandard1.3)) (&& (< net20) (>= net462) (< netstandard1.5)) (&& (< net20) (>= net462) (< netstandard2.0)) (&& (< net20) (< netstandard1.3) (>= netstandard2.0) (< win8) (< wpa81)) (&& (< net35) (>= net45) (>= netstandard2.0)) (&& (< net35) (>= net461) (>= netstandard1.5)) (&& (< net35) (>= net461) (< netstandard1.5)) (&& (< net35) (>= net461) (>= netstandard2.0)) (&& (< net35) (>= net462)) (&& (>= net45) (>= netcoreapp1.0) (>= netstandard2.0)) (&& (>= net45) (>= netstandard2.0) (>= uap10.0)) (&& (>= net461) (>= netcoreapp1.0)) (&& (>= net461) (>= netstandard1.5) (>= uap10.0)) (&& (>= net461) (>= netstandard2.0) (>= uap10.0)) (&& (>= net462) (>= netcoreapp1.0)) (&& (>= net462) (>= uap10.0)) (&& (>= netcoreapp1.0) (< netstandard1.3) (>= netstandard2.0)) (&& (>= netstandard2.0) (>= uap10.0) (< win8) (< wpa81))
      System.Diagnostics.Debug (>= 4.3) - restriction: || (&& (< monoandroid) (< net46) (>= netstandard2.0) (< xamarinios) (< xamarinmac) (< xamarintvos) (< xamarinwatchos)) (&& (< net46) (>= net461))
      System.Globalization (>= 4.3) - restriction: || (&& (< monoandroid) (< net46) (>= netstandard2.0) (< xamarinios) (< xamarinmac) (< xamarintvos) (< xamarinwatchos)) (&& (< net46) (>= net461))
      System.Resources.ResourceManager (>= 4.3) - restriction: || (&& (< monoandroid) (< net46) (>= netstandard2.0) (< xamarinios) (< xamarinmac) (< xamarintvos) (< xamarinwatchos)) (&& (< net46) (>= net461))
      System.Runtime (>= 4.3) - restriction: || (&& (< monoandroid) (< net46) (>= netstandard2.0) (< xamarinios) (< xamarinmac) (< xamarintvos) (< xamarinwatchos)) (&& (< net46) (>= net461))
      System.Runtime.Extensions (>= 4.3) - restriction: || (&& (< monoandroid) (< net46) (>= netstandard2.0) (< xamarinios) (< xamarinmac) (< xamarintvos) (< xamarinwatchos)) (&& (< net46) (>= net461))
      System.Threading (>= 4.3) - restriction: || (&& (< monoandroid) (< net46) (>= netstandard2.0) (< xamarinios) (< xamarinmac) (< xamarintvos) (< xamarinwatchos)) (&& (< net46) (>= net461))
    System.Collections.Specialized (4.3) - restriction: || (&& (< net20) (>= net45) (< netstandard1.3) (>= netstandard2.0)) (&& (< net20) (>= net461) (< netstandard1.3) (>= netstandard1.5)) (&& (< net20) (>= net461) (< netstandard1.3) (>= netstandard2.0)) (&& (< net20) (>= net461) (>= netstandard1.5) (< netstandard2.0)) (&& (< net20) (< netstandard1.3) (>= netstandard2.0) (< win8) (< wpa81)) (&& (< net35) (>= net461) (>= netstandard1.5)) (&& (< net35) (>= net461) (< netstandard1.5)) (&& (< net35) (>= netstandard2.0)) (&& (>= net45) (>= netcoreapp1.0) (>= netstandard2.0)) (&& (>= net45) (>= netstandard2.0) (>= uap10.0)) (&& (>= net461) (>= netcoreapp1.0)) (&& (>= net461) (>= netstandard1.5) (>= uap10.0)) (&& (>= net461) (>= netstandard2.0) (>= uap10.0)) (&& (>= netcoreapp1.0) (< netstandard1.3) (>= netstandard2.0)) (&& (>= netcoreapp1.0) (>= netstandard2.0) (< xamarinios) (< xamarinmac) (< xamarintvos) (< xamarinwatchos)) (&& (>= netstandard2.0) (>= uap10.0) (< win8) (< wpa81))
      System.Collections.NonGeneric (>= 4.3) - restriction: || (&& (< monoandroid) (< net46) (>= netstandard2.0) (< xamarinios) (< xamarinmac) (< xamarintvos) (< xamarinwatchos)) (&& (< net46) (>= net461))
      System.Globalization (>= 4.3) - restriction: || (&& (< monoandroid) (< net46) (>= netstandard2.0) (< xamarinios) (< xamarinmac) (< xamarintvos) (< xamarinwatchos)) (&& (< net46) (>= net461))
      System.Globalization.Extensions (>= 4.3) - restriction: || (&& (< monoandroid) (< net46) (>= netstandard2.0) (< xamarinios) (< xamarinmac) (< xamarintvos) (< xamarinwatchos)) (&& (< net46) (>= net461))
      System.Resources.ResourceManager (>= 4.3) - restriction: || (&& (< monoandroid) (< net46) (>= netstandard2.0) (< xamarinios) (< xamarinmac) (< xamarintvos) (< xamarinwatchos)) (&& (< net46) (>= net461))
      System.Runtime (>= 4.3) - restriction: || (&& (< monoandroid) (< net46) (>= netstandard2.0) (< xamarinios) (< xamarinmac) (< xamarintvos) (< xamarinwatchos)) (&& (< net46) (>= net461))
      System.Runtime.Extensions (>= 4.3) - restriction: || (&& (< monoandroid) (< net46) (>= netstandard2.0) (< xamarinios) (< xamarinmac) (< xamarintvos) (< xamarinwatchos)) (&& (< net46) (>= net461))
      System.Threading (>= 4.3) - restriction: || (&& (< monoandroid) (< net46) (>= netstandard2.0) (< xamarinios) (< xamarinmac) (< xamarintvos) (< xamarinwatchos)) (&& (< net46) (>= net461))
    System.ComponentModel (4.3) - restriction: || (&& (< monoandroid) (< net20) (< netstandard1.5) (>= netstandard2.0) (< win8) (< wpa81)) (&& (< monoandroid) (>= netcoreapp1.0) (< netstandard1.5) (>= netstandard2.0)) (&& (< net20) (>= net45) (< netstandard1.3) (>= netstandard2.0)) (&& (< net20) (>= net45) (< netstandard1.5) (>= netstandard2.0)) (&& (< net20) (>= net461) (< netstandard1.3)) (&& (< net20) (>= net461) (>= netstandard1.5) (< netstandard2.0)) (&& (< net20) (>= net461) (< netstandard1.5)) (&& (< net20) (< netstandard1.3) (>= netstandard2.0) (< win8) (< wpa81)) (&& (< net35) (>= net461) (>= netstandard1.5)) (&& (< net35) (>= net461) (< netstandard1.5)) (&& (< net35) (>= netstandard2.0)) (&& (>= net45) (>= netcoreapp1.0) (>= netstandard2.0)) (&& (>= net45) (>= netstandard2.0) (>= uap10.0)) (&& (>= net461) (>= netcoreapp1.0)) (&& (>= net461) (< netstandard1.3) (>= uap10.0)) (&& (>= net461) (>= netstandard1.5) (>= uap10.0)) (&& (>= net461) (< netstandard1.5) (>= uap10.0)) (&& (>= net461) (>= netstandard2.0) (>= uap10.0)) (&& (>= netcoreapp1.0) (< netstandard1.3) (>= netstandard2.0)) (&& (>= netcoreapp1.0) (>= netstandard2.0) (< xamarinios) (< xamarinmac) (< xamarintvos) (< xamarinwatchos)) (&& (>= netstandard2.0) (>= uap10.0) (< win8) (< wpa81))
      System.Runtime (>= 4.3) - restriction: || (&& (< monoandroid) (< net45) (< netstandard1.3) (>= netstandard2.0) (< win8) (< wpa81)) (&& (< monoandroid) (< net45) (>= netstandard2.0) (< win8) (< wpa81) (< xamarinios) (< xamarinmac) (< xamarintvos) (< xamarinwatchos)) (&& (< net45) (>= net461))
    System.ComponentModel.EventBasedAsync (4.3) - restriction: || (&& (>= net461) (>= netcoreapp1.0)) (&& (>= netcoreapp1.0) (>= netstandard2.0))
      System.Resources.ResourceManager (>= 4.3) - restriction: || (&& (< monoandroid) (< net45) (>= netstandard2.0) (< win8) (< wpa81) (< xamarinios) (< xamarinmac) (< xamarintvos) (< xamarinwatchos)) (&& (< net45) (>= net461))
      System.Runtime (>= 4.3) - restriction: || (&& (< monoandroid) (< net45) (< netstandard1.3) (>= netstandard2.0) (< win8) (< wpa81)) (&& (< monoandroid) (< net45) (>= netstandard2.0) (< win8) (< wpa81) (< xamarinios) (< xamarinmac) (< xamarintvos) (< xamarinwatchos)) (&& (< net45) (>= net461))
      System.Threading (>= 4.3) - restriction: || (&& (< monoandroid) (< net45) (>= netstandard2.0) (< win8) (< wpa81) (< xamarinios) (< xamarinmac) (< xamarintvos) (< xamarinwatchos)) (&& (< net45) (>= net461))
      System.Threading.Tasks (>= 4.3) - restriction: || (&& (< monoandroid) (< net45) (>= netstandard2.0) (< win8) (< wpa81) (< xamarinios) (< xamarinmac) (< xamarintvos) (< xamarinwatchos)) (&& (< net45) (>= net461))
    System.ComponentModel.Primitives (4.3) - restriction: || (&& (< monoandroid) (< net20) (< netstandard1.5) (>= netstandard2.0) (< win8)) (&& (< monoandroid) (>= netcoreapp1.0) (< netstandard1.5) (>= netstandard2.0)) (&& (< net20) (>= net45) (< netstandard1.3) (>= netstandard2.0)) (&& (< net20) (>= net45) (< netstandard1.5) (>= netstandard2.0)) (&& (< net20) (>= net461) (< netstandard1.3)) (&& (< net20) (>= net461) (>= netstandard1.5) (< netstandard2.0)) (&& (< net20) (>= net461) (< netstandard1.5)) (&& (< net20) (>= net462) (< netstandard1.3)) (&& (< net20) (>= net462) (< netstandard1.5)) (&& (< net20) (>= net462) (< netstandard2.0)) (&& (< net20) (< netstandard1.3) (>= netstandard2.0) (< win8)) (&& (>= net45) (>= netcoreapp1.0) (< netstandard1.5) (>= netstandard2.0)) (&& (>= net45) (< netstandard1.5) (>= netstandard2.0) (>= wpa81)) (&& (>= net461) (>= netcoreapp1.0) (< netstandard1.3)) (&& (>= net461) (>= netcoreapp1.0) (< netstandard1.5)) (&& (>= net461) (>= netcoreapp1.0) (< netstandard2.0)) (&& (>= net461) (< netstandard1.0) (>= win8)) (&& (>= net461) (< netstandard1.3) (>= wpa81)) (&& (>= net461) (< netstandard1.5) (>= wpa81)) (&& (>= net461) (< netstandard2.0) (>= wpa81)) (&& (>= net461) (>= uap10.0)) (&& (>= net461) (>= wp8)) (&& (>= net462) (>= netcoreapp1.0) (< netstandard1.3)) (&& (>= net462) (>= netcoreapp1.0) (< netstandard1.5)) (&& (>= net462) (>= netcoreapp1.0) (< netstandard2.0)) (&& (>= net462) (< netstandard1.0) (>= win8)) (&& (>= net462) (< netstandard1.3) (>= wpa81)) (&& (>= net462) (< netstandard1.5) (>= wpa81)) (&& (>= net462) (< netstandard2.0) (>= wpa81)) (&& (>= net462) (>= uap10.0)) (&& (>= net462) (>= wp8)) (&& (>= netcoreapp1.0) (< netstandard1.3) (>= netstandard2.0)) (&& (>= netcoreapp1.0) (< netstandard1.5) (>= netstandard2.0) (>= wpa81)) (&& (< netstandard1.0) (>= netstandard2.0) (>= win8)) (&& (< netstandard1.3) (>= netstandard2.0) (>= wpa81)) (&& (< netstandard1.5) (>= netstandard2.0) (< win8) (>= wpa81)) (&& (>= netstandard2.0) (>= uap10.0)) (&& (>= netstandard2.0) (>= wp8))
    System.ComponentModel.TypeConverter (4.3) - redirects: force, restriction: || (&& (< net20) (>= net461) (< netstandard1.3)) (&& (< net20) (>= net461) (< netstandard1.5)) (&& (< net20) (>= net461) (< netstandard2.0)) (&& (< net20) (< netstandard1.3) (>= netstandard2.0)) (&& (< net35) (>= net461) (>= netstandard1.5)) (&& (< net35) (>= net461) (< netstandard1.5)) (&& (< net35) (>= net461) (< netstandard2.0)) (&& (< net35) (>= netstandard2.0)) (&& (>= net461) (>= netcoreapp1.0)) (&& (>= net461) (>= uap10.0)) (&& (>= netcoreapp1.0) (>= netstandard2.0)) (&& (>= netstandard2.0) (>= uap10.0))
      System.Collections (>= 4.3) - restriction: || (&& (< monoandroid) (< net45) (< netstandard1.5) (>= netstandard2.0) (< win8) (< wpa81)) (&& (< net45) (>= net461) (>= netstandard1.5)) (&& (< net45) (>= net461) (< netstandard1.5)) (&& (< net45) (>= netstandard2.0) (< win8) (< wpa81) (< xamarinios) (< xamarinmac) (< xamarintvos) (< xamarinwatchos))
      System.Collections.NonGeneric (>= 4.3) - restriction: || (&& (< net45) (>= net461) (>= netstandard1.5)) (&& (< net45) (>= netstandard2.0) (< win8) (< wpa81) (< xamarinios) (< xamarinmac) (< xamarintvos) (< xamarinwatchos)) (>= net462)
      System.Collections.Specialized (>= 4.3) - restriction: || (&& (< net45) (>= net461) (>= netstandard1.5)) (&& (< net45) (>= netstandard2.0) (< win8) (< wpa81) (< xamarinios) (< xamarinmac) (< xamarintvos) (< xamarinwatchos))
      System.ComponentModel (>= 4.3) - restriction: || (&& (< monoandroid) (< net45) (< netstandard1.5) (>= netstandard2.0) (< win8) (< wpa81)) (&& (< net45) (>= net461) (>= netstandard1.5)) (&& (< net45) (>= net461) (< netstandard1.5)) (&& (< net45) (>= netstandard2.0) (< win8) (< wpa81) (< xamarinios) (< xamarinmac) (< xamarintvos) (< xamarinwatchos))
      System.ComponentModel.Primitives (>= 4.3) - restriction: || (&& (< monoandroid) (< net45) (< netstandard1.5) (>= netstandard2.0) (< win8)) (&& (>= net45) (< netstandard1.5) (>= netstandard2.0)) (&& (< net45) (>= net461) (>= netstandard1.5)) (&& (< net45) (>= netstandard2.0) (< win8) (< xamarinios) (< xamarinmac) (< xamarintvos) (< xamarinwatchos)) (&& (>= net461) (< netstandard1.0) (>= win8)) (&& (>= net461) (< netstandard1.5)) (&& (>= net461) (>= wp8)) (&& (>= net461) (>= wpa81)) (>= net462) (&& (< netstandard1.0) (>= netstandard2.0) (>= win8)) (&& (>= netstandard2.0) (>= wp8)) (&& (>= netstandard2.0) (>= wpa81))
      System.Globalization (>= 4.3) - restriction: || (&& (< monoandroid) (< net45) (< netstandard1.5) (>= netstandard2.0) (< win8) (< wpa81)) (&& (< net45) (>= net461) (>= netstandard1.5)) (&& (< net45) (>= net461) (< netstandard1.5)) (&& (< net45) (>= netstandard2.0) (< win8) (< wpa81) (< xamarinios) (< xamarinmac) (< xamarintvos) (< xamarinwatchos))
      System.Linq (>= 4.3) - restriction: || (&& (< net45) (>= net461) (>= netstandard1.5)) (&& (< net45) (>= netstandard2.0) (< win8) (< wpa81) (< xamarinios) (< xamarinmac) (< xamarintvos) (< xamarinwatchos))
      System.Reflection (>= 4.3) - restriction: || (&& (< monoandroid) (< net45) (< netstandard1.5) (>= netstandard2.0) (< win8) (< wpa81)) (&& (< net45) (>= net461) (>= netstandard1.5)) (&& (< net45) (>= net461) (< netstandard1.5)) (&& (< net45) (>= netstandard2.0) (< win8) (< wpa81) (< xamarinios) (< xamarinmac) (< xamarintvos) (< xamarinwatchos))
      System.Reflection.Extensions (>= 4.3) - restriction: || (&& (< monoandroid) (< net45) (< netstandard1.5) (>= netstandard2.0) (< win8) (< wpa81)) (&& (< net45) (>= net461) (>= netstandard1.5)) (&& (< net45) (>= net461) (< netstandard1.5)) (&& (< net45) (>= netstandard2.0) (< win8) (< wpa81) (< xamarinios) (< xamarinmac) (< xamarintvos) (< xamarinwatchos))
      System.Reflection.Primitives (>= 4.3) - restriction: || (&& (< monoandroid) (< net45) (< netstandard1.5) (>= netstandard2.0) (< win8) (< wpa81)) (&& (< net45) (>= net461) (>= netstandard1.5)) (&& (< net45) (>= net461) (< netstandard1.5)) (&& (< net45) (>= netstandard2.0) (< win8) (< wpa81) (< xamarinios) (< xamarinmac) (< xamarintvos) (< xamarinwatchos))
      System.Reflection.TypeExtensions (>= 4.3) - restriction: || (&& (< net45) (>= net461) (>= netstandard1.5)) (&& (< net45) (>= netstandard2.0) (< win8) (< wpa81) (< xamarinios) (< xamarinmac) (< xamarintvos) (< xamarinwatchos))
      System.Resources.ResourceManager (>= 4.3) - restriction: || (&& (< monoandroid) (< net45) (< netstandard1.5) (>= netstandard2.0) (< win8) (< wpa81)) (&& (< net45) (>= net461) (>= netstandard1.5)) (&& (< net45) (>= net461) (< netstandard1.5)) (&& (< net45) (>= netstandard2.0) (< win8) (< wpa81) (< xamarinios) (< xamarinmac) (< xamarintvos) (< xamarinwatchos))
      System.Runtime (>= 4.3) - restriction: || (&& (< monoandroid) (< net45) (< netstandard1.5) (>= netstandard2.0) (< win8) (< wpa81)) (&& (< net45) (>= net461) (>= netstandard1.5)) (&& (< net45) (>= net461) (< netstandard1.5)) (&& (< net45) (>= netstandard2.0) (< win8) (< wpa81) (< xamarinios) (< xamarinmac) (< xamarintvos) (< xamarinwatchos))
      System.Runtime.Extensions (>= 4.3) - restriction: || (&& (< monoandroid) (< net45) (< netstandard1.5) (>= netstandard2.0) (< win8) (< wpa81)) (&& (< net45) (>= net461) (>= netstandard1.5)) (&& (< net45) (>= net461) (< netstandard1.5)) (&& (< net45) (>= netstandard2.0) (< win8) (< wpa81) (< xamarinios) (< xamarinmac) (< xamarintvos) (< xamarinwatchos))
      System.Threading (>= 4.3) - restriction: || (&& (< monoandroid) (< net45) (< netstandard1.5) (>= netstandard2.0) (< win8) (< wpa81)) (&& (< net45) (>= net461) (>= netstandard1.5)) (&& (< net45) (>= net461) (< netstandard1.5)) (&& (< net45) (>= netstandard2.0) (< win8) (< wpa81) (< xamarinios) (< xamarinmac) (< xamarintvos) (< xamarinwatchos))
    System.Configuration.ConfigurationManager (4.7) - restriction: >= netstandard2.0
      System.Security.Cryptography.ProtectedData (>= 4.7) - restriction: && (< net461) (>= netstandard2.0) (< xamarinios) (< xamarinmac) (< xamarintvos) (< xamarinwatchos)
      System.Security.Permissions (>= 4.7)
    System.Console (4.3.1) - restriction: || (&& (< net45) (>= net461) (>= netstandard1.5) (< netstandard1.6)) (&& (< net45) (>= net461) (< netstandard1.5)) (&& (< net45) (>= net461) (>= netstandard1.6) (< netstandard2.0)) (&& (< net45) (< netstandard1.4) (>= netstandard2.0) (< win8) (< wpa81)) (&& (< net45) (< netstandard1.5) (>= netstandard2.0) (< win8) (< wpa81)) (&& (< net45) (< netstandard1.6) (>= netstandard2.0) (< win8) (< wpa81)) (&& (>= net46) (< netstandard1.4) (>= netstandard2.0)) (&& (>= net461) (< netstandard1.4)) (&& (>= net461) (< netstandard1.5) (>= uap10.0)) (&& (< netstandard1.5) (>= netstandard2.0) (>= uap10.0))
    System.Diagnostics.Debug (4.3) - restriction: || (&& (< monoandroid) (< net20) (< netstandard1.2) (>= netstandard2.0) (< win8)) (&& (< monoandroid) (< net20) (< netstandard1.3) (>= netstandard2.0) (< win8) (< wpa81)) (&& (< monoandroid) (< net20) (< netstandard1.4) (>= netstandard2.0) (< win8) (< wpa81)) (&& (< monoandroid) (< net20) (< netstandard1.5) (>= netstandard2.0) (< win8) (< wpa81)) (&& (< monoandroid) (< net20) (< netstandard1.6) (>= netstandard2.0) (< win8) (< wpa81)) (&& (< monoandroid) (< net35) (< netstandard1.2) (>= netstandard2.0) (< win8)) (&& (< monoandroid) (< net35) (< netstandard1.3) (>= netstandard2.0) (< win8) (< wpa81)) (&& (< monoandroid) (< net35) (< netstandard1.4) (>= netstandard2.0) (< win8) (< wpa81)) (&& (< monoandroid) (< net35) (< netstandard1.5) (>= netstandard2.0) (< win8) (< wpa81)) (&& (< monoandroid) (< net35) (< netstandard1.6) (>= netstandard2.0) (< win8) (< wpa81)) (&& (< monoandroid) (< net35) (>= netstandard2.0) (< win8) (< wpa81) (< xamarinios) (< xamarinmac) (< xamarintvos) (< xamarinwatchos)) (&& (< monoandroid) (< net45) (>= netstandard2.0) (< xamarinios) (< xamarinmac) (< xamarintvos) (< xamarinwatchos)) (&& (< monoandroid) (< net46) (>= netstandard2.0) (< xamarinios) (< xamarinmac) (< xamarintvos) (< xamarinwatchos)) (&& (< monoandroid) (>= netcoreapp2.0) (< netstandard1.2)) (&& (< monoandroid) (>= netcoreapp2.0) (< netstandard1.3)) (&& (< monoandroid) (>= netcoreapp2.0) (< netstandard1.4)) (&& (< monoandroid) (>= netcoreapp2.0) (< netstandard1.5)) (&& (< monoandroid) (>= netcoreapp2.0) (< netstandard1.6)) (&& (< monoandroid) (>= netcoreapp2.0) (< netstandard2.0)) (&& (>= monotouch) (>= net461)) (&& (>= monotouch) (>= net462)) (&& (>= monotouch) (>= netcoreapp2.0)) (&& (>= monotouch) (>= netcoreapp2.1)) (&& (>= monotouch) (>= netstandard2.0)) (&& (>= monotouch) (>= xamarinios)) (&& (>= monotouch) (>= xamarinmac)) (&& (< net20) (>= net45) (< netstandard1.2) (>= netstandard2.0)) (&& (< net20) (>= net45) (< netstandard1.3) (>= netstandard2.0)) (&& (< net20) (>= net45) (< netstandard1.4) (>= netstandard2.0)) (&& (< net20) (>= net45) (< netstandard1.5) (>= netstandard2.0)) (&& (< net20) (>= net45) (< netstandard1.6) (>= netstandard2.0)) (&& (< net20) (>= net46) (< netstandard1.2) (>= netstandard2.0)) (&& (< net20) (>= net46) (< netstandard1.3) (>= netstandard2.0)) (&& (< net20) (>= net46) (< netstandard1.4) (>= netstandard2.0)) (&& (< net20) (>= net461) (< netstandard1.2)) (&& (< net20) (>= net461) (< netstandard1.3)) (&& (< net20) (>= net461) (< netstandard1.4)) (&& (< net20) (>= net461) (< netstandard1.5)) (&& (< net20) (>= net461) (< netstandard1.6)) (&& (< net20) (>= net461) (< netstandard2.0)) (&& (< net20) (>= net462) (< netstandard1.2)) (&& (< net20) (>= net462) (< netstandard1.3)) (&& (< net20) (>= net462) (< netstandard1.4)) (&& (< net20) (>= net462) (< netstandard1.5)) (&& (< net20) (>= net462) (< netstandard1.6)) (&& (< net20) (>= net462) (< netstandard2.0)) (&& (< net20) (>= net462) (< portable-net45+win8+wpa81)) (&& (< net35) (>= net45) (>= netstandard2.0)) (&& (< net35) (>= net46) (< netstandard1.2) (>= netstandard2.0)) (&& (< net35) (>= net46) (< netstandard1.3) (>= netstandard2.0)) (&& (< net35) (>= net46) (< netstandard1.4) (>= netstandard2.0)) (&& (< net35) (>= net461) (< netstandard1.2)) (&& (< net35) (>= net461) (< netstandard1.3)) (&& (< net35) (>= net461) (< netstandard1.4)) (&& (< net35) (>= net461) (>= netstandard1.5)) (&& (< net35) (>= net461) (< netstandard1.5)) (&& (< net35) (>= net461) (>= netstandard1.6)) (&& (< net35) (>= net461) (>= netstandard2.0)) (&& (>= net45) (>= netcoreapp1.0) (>= netstandard2.0)) (&& (>= net45) (>= netcoreapp2.0) (< netstandard1.2)) (&& (>= net45) (>= netcoreapp2.0) (< netstandard1.3)) (&& (>= net45) (>= netcoreapp2.0) (< netstandard1.4)) (&& (>= net45) (>= netcoreapp2.0) (< netstandard1.5)) (&& (>= net45) (>= netcoreapp2.0) (< netstandard1.6)) (&& (>= net45) (>= netcoreapp2.0) (< netstandard2.0)) (&& (>= net45) (< netstandard1.2) (>= netstandard2.0) (>= uap10.0)) (&& (>= net45) (< netstandard1.3) (>= netstandard2.0) (>= uap10.0)) (&& (>= net45) (< netstandard1.4) (>= netstandard2.0) (>= uap10.0)) (&& (< net45) (>= net46) (< netstandard1.2) (>= netstandard2.0)) (&& (< net45) (>= net46) (< netstandard1.3) (>= netstandard2.0)) (&& (< net45) (>= net46) (< netstandard1.4) (>= netstandard2.0)) (&& (< net45) (>= net461) (< netstandard1.2)) (&& (< net45) (>= net461) (< netstandard1.3)) (&& (< net45) (>= net461) (< netstandard1.4)) (&& (< net45) (>= net461) (< netstandard1.5)) (&& (< net45) (>= net461) (>= netstandard1.6)) (&& (< net45) (>= net461) (< netstandard1.6)) (&& (< net45) (>= net461) (>= netstandard2.0)) (&& (< net45) (< netstandard1.2) (>= netstandard2.0) (< win8)) (&& (< net45) (< netstandard1.3) (>= netstandard2.0) (< win8) (< wpa81)) (&& (< net45) (< netstandard1.4) (>= netstandard2.0) (< win8) (< wpa81)) (&& (< net45) (< netstandard1.5) (>= netstandard2.0) (< win8) (< wpa81)) (&& (< net45) (< netstandard1.6) (>= netstandard2.0) (< win8) (< wpa81)) (&& (>= net46) (>= netcoreapp1.0) (>= netstandard2.0)) (&& (>= net46) (>= netcoreapp2.0) (< netstandard1.2)) (&& (>= net46) (>= netcoreapp2.0) (< netstandard1.3)) (&& (>= net46) (>= netcoreapp2.0) (< netstandard1.4)) (&& (>= net46) (>= netcoreapp2.0) (< netstandard1.5)) (&& (>= net46) (>= netcoreapp2.0) (< netstandard1.6)) (&& (>= net46) (>= netcoreapp2.0) (< netstandard2.0)) (&& (>= net46) (< netstandard1.2) (>= netstandard2.0) (>= uap10.0)) (&& (>= net46) (< netstandard1.3) (>= netstandard2.0) (>= uap10.0)) (&& (>= net46) (< netstandard1.4) (>= netstandard2.0) (>= uap10.0)) (&& (< net46) (>= net461)) (&& (>= net461) (>= netcoreapp1.0)) (&& (>= net461) (>= netcoreapp2.0) (< netstandard1.2)) (&& (>= net461) (>= netcoreapp2.0) (< netstandard1.3)) (&& (>= net461) (>= netcoreapp2.0) (< netstandard1.4)) (&& (>= net461) (>= netcoreapp2.0) (< netstandard1.5)) (&& (>= net461) (>= netcoreapp2.0) (< netstandard1.6)) (&& (>= net461) (>= netcoreapp2.0) (< netstandard2.0)) (&& (>= net461) (< netstandard1.2) (>= uap10.0)) (&& (>= net461) (< netstandard1.2) (>= xamarintvos)) (&& (>= net461) (< netstandard1.2) (>= xamarinwatchos)) (&& (>= net461) (< netstandard1.3) (>= uap10.0)) (&& (>= net461) (< netstandard1.3) (>= xamarintvos)) (&& (>= net461) (< netstandard1.3) (>= xamarinwatchos)) (&& (>= net461) (< netstandard1.4) (>= uap10.0)) (&& (>= net461) (< netstandard1.4) (>= xamarintvos)) (&& (>= net461) (< netstandard1.4) (>= xamarinwatchos)) (&& (>= net461) (< netstandard1.5) (>= uap10.0)) (&& (>= net461) (< netstandard1.5) (>= xamarintvos)) (&& (>= net461) (< netstandard1.5) (>= xamarinwatchos)) (&& (>= net461) (< netstandard1.6) (>= xamarintvos)) (&& (>= net461) (< netstandard1.6) (>= xamarinwatchos)) (&& (>= net461) (< netstandard2.0) (>= xamarintvos)) (&& (>= net461) (< netstandard2.0) (>= xamarinwatchos)) (&& (>= net461) (< portable-net45+win8+wpa81)) (&& (>= net462) (>= netcoreapp1.0) (< netstandard1.2)) (&& (>= net462) (>= netcoreapp1.0) (< netstandard1.3)) (&& (>= net462) (>= netcoreapp1.0) (< netstandard1.4)) (&& (>= net462) (>= netcoreapp1.0) (< netstandard1.5)) (&& (>= net462) (>= netcoreapp1.0) (< netstandard1.6)) (&& (>= net462) (>= netcoreapp1.0) (< netstandard2.0)) (&& (>= net462) (>= netcoreapp1.0) (< portable-net45+win8+wpa81)) (&& (>= net462) (>= netcoreapp2.0) (< netstandard1.2)) (&& (>= net462) (>= netcoreapp2.0) (< netstandard1.3)) (&& (>= net462) (>= netcoreapp2.0) (< netstandard1.4)) (&& (>= net462) (>= netcoreapp2.0) (< netstandard1.5)) (&& (>= net462) (>= netcoreapp2.0) (< netstandard1.6)) (&& (>= net462) (>= netcoreapp2.0) (< netstandard2.0)) (&& (>= net462) (< netstandard1.2) (>= uap10.0)) (&& (>= net462) (< netstandard1.2) (>= xamarintvos)) (&& (>= net462) (< netstandard1.2) (>= xamarinwatchos)) (&& (>= net462) (< netstandard1.3) (>= uap10.0)) (&& (>= net462) (< netstandard1.3) (>= xamarintvos)) (&& (>= net462) (< netstandard1.3) (>= xamarinwatchos)) (&& (>= net462) (< netstandard1.4) (>= uap10.0)) (&& (>= net462) (< netstandard1.4) (>= xamarintvos)) (&& (>= net462) (< netstandard1.4) (>= xamarinwatchos)) (&& (>= net462) (< netstandard1.5) (>= uap10.0)) (&& (>= net462) (< netstandard1.5) (>= xamarintvos)) (&& (>= net462) (< netstandard1.5) (>= xamarinwatchos)) (&& (>= net462) (< netstandard1.6) (>= xamarintvos)) (&& (>= net462) (< netstandard1.6) (>= xamarinwatchos)) (&& (>= net462) (< netstandard2.0) (>= xamarintvos)) (&& (>= net462) (< netstandard2.0) (>= xamarinwatchos)) (&& (>= net462) (< portable-net45+win8+wpa81) (>= uap10.0)) (&& (>= net462) (< portable-net45+win8+wpa81) (>= xamarintvos)) (&& (>= net462) (< portable-net45+win8+wpa81) (>= xamarinwatchos)) (&& (>= netcoreapp1.0) (< netstandard1.2) (>= netstandard2.0)) (&& (>= netcoreapp1.0) (< netstandard1.3) (>= netstandard2.0)) (&& (>= netcoreapp1.0) (< netstandard1.4) (>= netstandard2.0)) (&& (>= netcoreapp1.0) (< netstandard1.5) (>= netstandard2.0)) (&& (>= netcoreapp1.0) (< netstandard1.6) (>= netstandard2.0)) (&& (>= netcoreapp1.0) (>= netstandard2.0) (< xamarinios) (< xamarinmac) (< xamarintvos) (< xamarinwatchos)) (&& (>= netcoreapp2.0) (< netstandard1.2) (>= uap10.0)) (&& (>= netcoreapp2.0) (< netstandard1.2) (>= xamarintvos)) (&& (>= netcoreapp2.0) (< netstandard1.2) (>= xamarinwatchos)) (&& (>= netcoreapp2.0) (< netstandard1.3) (>= uap10.0)) (&& (>= netcoreapp2.0) (< netstandard1.3) (>= xamarintvos)) (&& (>= netcoreapp2.0) (< netstandard1.3) (>= xamarinwatchos)) (&& (>= netcoreapp2.0) (< netstandard1.4) (>= uap10.0)) (&& (>= netcoreapp2.0) (< netstandard1.4) (>= xamarintvos)) (&& (>= netcoreapp2.0) (< netstandard1.4) (>= xamarinwatchos)) (&& (>= netcoreapp2.0) (< netstandard1.5) (>= uap10.0)) (&& (>= netcoreapp2.0) (< netstandard1.5) (>= xamarintvos)) (&& (>= netcoreapp2.0) (< netstandard1.5) (>= xamarinwatchos)) (&& (>= netcoreapp2.0) (< netstandard1.6) (>= xamarintvos)) (&& (>= netcoreapp2.0) (< netstandard1.6) (>= xamarinwatchos)) (&& (>= netcoreapp2.0) (< netstandard2.0) (>= xamarintvos)) (&& (>= netcoreapp2.0) (< netstandard2.0) (>= xamarinwatchos)) (&& (>= netcoreapp2.0) (< portable-net45+win8+wpa81)) (&& (>= netcoreapp2.1) (< netstandard1.2)) (&& (>= netcoreapp2.1) (< netstandard1.3)) (&& (>= netcoreapp2.1) (< netstandard1.4)) (&& (>= netcoreapp2.1) (< netstandard1.5)) (&& (>= netcoreapp2.1) (< netstandard1.6)) (&& (>= netcoreapp2.1) (< netstandard2.0)) (&& (>= netcoreapp2.1) (< portable-net45+win8+wpa81)) (&& (< netstandard1.2) (>= netstandard2.0) (>= uap10.0) (< win8)) (&& (< netstandard1.2) (>= netstandard2.0) (>= xamarintvos)) (&& (< netstandard1.2) (>= netstandard2.0) (>= xamarinwatchos)) (&& (< netstandard1.2) (>= xamarinios)) (&& (< netstandard1.2) (>= xamarinmac)) (&& (< netstandard1.3) (>= netstandard2.0) (>= uap10.0) (< win8) (< wpa81)) (&& (< netstandard1.3) (>= netstandard2.0) (>= xamarintvos)) (&& (< netstandard1.3) (>= netstandard2.0) (>= xamarinwatchos)) (&& (< netstandard1.3) (>= xamarinios)) (&& (< netstandard1.3) (>= xamarinmac)) (&& (< netstandard1.4) (>= netstandard2.0) (>= uap10.0) (< win8) (< wpa81)) (&& (< netstandard1.4) (>= netstandard2.0) (>= xamarintvos)) (&& (< netstandard1.4) (>= netstandard2.0) (>= xamarinwatchos)) (&& (< netstandard1.4) (>= xamarinios)) (&& (< netstandard1.4) (>= xamarinmac)) (&& (< netstandard1.5) (>= netstandard2.0) (>= uap10.0)) (&& (< netstandard1.5) (>= netstandard2.0) (>= xamarintvos)) (&& (< netstandard1.5) (>= netstandard2.0) (>= xamarinwatchos)) (&& (< netstandard1.5) (>= xamarinios)) (&& (< netstandard1.5) (>= xamarinmac)) (&& (< netstandard1.6) (>= netstandard2.0) (>= xamarintvos)) (&& (< netstandard1.6) (>= netstandard2.0) (>= xamarinwatchos)) (&& (< netstandard1.6) (>= xamarinios)) (&& (< netstandard1.6) (>= xamarinmac)) (&& (>= netstandard2.0) (< portable-net45+win8+wpa81)) (&& (< netstandard2.0) (>= xamarinios)) (&& (< netstandard2.0) (>= xamarinmac)) (&& (< portable-net45+win8+wpa81) (>= xamarinios)) (&& (< portable-net45+win8+wpa81) (>= xamarinmac))
      Microsoft.NETCore.Platforms (>= 1.1) - restriction: || (&& (< monoandroid) (< net45) (< netstandard1.3) (>= netstandard2.0) (< win8) (< wpa81)) (&& (< monoandroid) (< net45) (>= netstandard2.0) (< win8) (< wpa81) (< xamarinios) (< xamarinmac) (< xamarintvos) (< xamarinwatchos)) (&& (< net45) (>= net461))
      Microsoft.NETCore.Targets (>= 1.1) - restriction: || (&& (< monoandroid) (< net45) (< netstandard1.3) (>= netstandard2.0) (< win8) (< wpa81)) (&& (< monoandroid) (< net45) (>= netstandard2.0) (< win8) (< wpa81) (< xamarinios) (< xamarinmac) (< xamarintvos) (< xamarinwatchos)) (&& (< net45) (>= net461))
      System.Runtime (>= 4.3) - restriction: || (&& (< monoandroid) (< net45) (< netstandard1.3) (>= netstandard2.0) (< win8) (< wpa81)) (&& (< monoandroid) (< net45) (>= netstandard2.0) (< win8) (< wpa81) (< xamarinios) (< xamarinmac) (< xamarintvos) (< xamarinwatchos)) (&& (< net45) (>= net461))
    System.Diagnostics.DiagnosticSource (8.0.1) - restriction: || (&& (< net45) (>= net461) (< netstandard1.2)) (&& (< net45) (>= net461) (< netstandard1.4)) (&& (< net45) (>= net461) (< netstandard1.5)) (&& (< net45) (>= net461) (>= netstandard1.6)) (&& (< net45) (>= net461) (< netstandard1.6)) (&& (< net46) (>= net461)) (&& (>= net461) (< netstandard1.2) (>= uap10.0)) (&& (>= net461) (< netstandard1.3) (>= netstandard1.6) (>= uap10.0)) (&& (>= net461) (< netstandard1.4) (>= uap10.0)) (&& (>= net461) (< netstandard1.5) (>= uap10.0)) (>= netstandard2.0)
      System.Memory (>= 4.5.5) - restriction: || (&& (>= net461) (>= netstandard2.0)) (>= net462) (&& (< net6.0) (>= netstandard2.0))
      System.Runtime.CompilerServices.Unsafe (>= 6.0) - restriction: || (&& (>= net461) (>= net6.0)) (&& (>= net461) (>= netstandard2.0)) (>= net462) (&& (>= net6.0) (< net7.0)) (&& (< net6.0) (>= netstandard2.0))
    System.Diagnostics.Process (4.3) - restriction: || (&& (>= net461) (>= netcoreapp1.0)) (&& (>= netcoreapp1.0) (>= netstandard2.0))
      Microsoft.NETCore.Platforms (>= 1.1) - restriction: || (&& (< net46) (>= net461)) (&& (< net46) (>= netstandard2.0) (< xamarinios) (< xamarinmac) (< xamarintvos) (< xamarinwatchos))
      Microsoft.Win32.Primitives (>= 4.3) - restriction: || (&& (< net46) (>= net461)) (&& (< net46) (>= netstandard2.0) (< xamarinios) (< xamarinmac) (< xamarintvos) (< xamarinwatchos))
      Microsoft.Win32.Registry (>= 4.3) - restriction: || (&& (< net46) (>= net461)) (&& (< net46) (>= netstandard2.0) (< xamarinios) (< xamarinmac) (< xamarintvos) (< xamarinwatchos))
      runtime.native.System (>= 4.3) - restriction: || (&& (< net46) (>= net461)) (&& (< net46) (>= netstandard2.0) (< xamarinios) (< xamarinmac) (< xamarintvos) (< xamarinwatchos))
      System.Collections (>= 4.3) - restriction: || (&& (< net46) (>= net461)) (&& (< net46) (>= netstandard2.0) (< xamarinios) (< xamarinmac) (< xamarintvos) (< xamarinwatchos))
      System.Diagnostics.Debug (>= 4.3) - restriction: || (&& (< net46) (>= net461)) (&& (< net46) (>= netstandard2.0) (< xamarinios) (< xamarinmac) (< xamarintvos) (< xamarinwatchos))
      System.Globalization (>= 4.3) - restriction: || (&& (< net46) (>= net461)) (&& (< net46) (>= netstandard2.0) (< xamarinios) (< xamarinmac) (< xamarintvos) (< xamarinwatchos))
      System.IO (>= 4.3) - restriction: || (&& (< monoandroid) (< net46) (< netstandard1.4) (>= netstandard2.0)) (&& (< net46) (>= net461)) (&& (< net46) (>= netstandard2.0) (< xamarinios) (< xamarinmac) (< xamarintvos) (< xamarinwatchos))
      System.IO.FileSystem (>= 4.3) - restriction: || (&& (< net46) (>= net461)) (&& (< net46) (>= netstandard2.0) (< xamarinios) (< xamarinmac) (< xamarintvos) (< xamarinwatchos))
      System.IO.FileSystem.Primitives (>= 4.3) - restriction: || (&& (< net46) (>= net461)) (&& (< net46) (>= netstandard2.0) (< xamarinios) (< xamarinmac) (< xamarintvos) (< xamarinwatchos))
      System.Resources.ResourceManager (>= 4.3) - restriction: || (&& (< net46) (>= net461)) (&& (< net46) (>= netstandard2.0) (< xamarinios) (< xamarinmac) (< xamarintvos) (< xamarinwatchos))
      System.Runtime (>= 4.3) - restriction: || (&& (< monoandroid) (< net46) (< netstandard1.4) (>= netstandard2.0)) (&& (< net46) (>= net461)) (&& (< net46) (>= netstandard2.0) (< xamarinios) (< xamarinmac) (< xamarintvos) (< xamarinwatchos))
      System.Runtime.Extensions (>= 4.3) - restriction: || (&& (< net46) (>= net461)) (&& (< net46) (>= netstandard2.0) (< xamarinios) (< xamarinmac) (< xamarintvos) (< xamarinwatchos))
      System.Runtime.Handles (>= 4.3) - restriction: || (&& (< monoandroid) (< net46) (< netstandard1.4) (>= netstandard2.0)) (&& (< net46) (>= net461)) (&& (< net46) (>= netstandard2.0) (< xamarinios) (< xamarinmac) (< xamarintvos) (< xamarinwatchos))
      System.Runtime.InteropServices (>= 4.3) - restriction: || (&& (< net46) (>= net461)) (&& (< net46) (>= netstandard2.0) (< xamarinios) (< xamarinmac) (< xamarintvos) (< xamarinwatchos))
      System.Text.Encoding (>= 4.3) - restriction: || (&& (< monoandroid) (< net46) (< netstandard1.4) (>= netstandard2.0)) (&& (< net46) (>= net461)) (&& (< net46) (>= netstandard2.0) (< xamarinios) (< xamarinmac) (< xamarintvos) (< xamarinwatchos))
      System.Text.Encoding.Extensions (>= 4.3) - restriction: || (&& (< net46) (>= net461)) (&& (< net46) (>= netstandard2.0) (< xamarinios) (< xamarinmac) (< xamarintvos) (< xamarinwatchos))
      System.Threading (>= 4.3) - restriction: || (&& (< net46) (>= net461)) (&& (< net46) (>= netstandard2.0) (< xamarinios) (< xamarinmac) (< xamarintvos) (< xamarinwatchos))
      System.Threading.Tasks (>= 4.3) - restriction: || (&& (< net46) (>= net461)) (&& (< net46) (>= netstandard2.0) (< xamarinios) (< xamarinmac) (< xamarintvos) (< xamarinwatchos))
      System.Threading.Thread (>= 4.3) - restriction: || (&& (< net46) (>= net461)) (&& (< net46) (>= netstandard2.0) (< xamarinios) (< xamarinmac) (< xamarintvos) (< xamarinwatchos))
      System.Threading.ThreadPool (>= 4.3) - restriction: || (&& (< net46) (>= net461)) (&& (< net46) (>= netstandard2.0) (< xamarinios) (< xamarinmac) (< xamarintvos) (< xamarinwatchos))
    System.Diagnostics.Tools (4.3) - restriction: || (&& (< net45) (>= net461) (< netstandard1.2)) (&& (< net45) (>= net461) (< netstandard1.3)) (&& (< net45) (>= net461) (< netstandard1.4)) (&& (< net45) (>= net461) (>= netstandard1.5) (< netstandard1.6)) (&& (< net45) (>= net461) (< netstandard1.5)) (&& (< net45) (>= net461) (>= netstandard1.6) (< netstandard2.0)) (&& (< net45) (< netstandard1.2) (>= netstandard2.0) (< win8)) (&& (< net45) (< netstandard1.3) (>= netstandard2.0) (< win8) (< wpa81)) (&& (< net45) (< netstandard1.4) (>= netstandard2.0) (< win8) (< wpa81)) (&& (< net45) (< netstandard1.5) (>= netstandard2.0) (< win8) (< wpa81)) (&& (< net45) (< netstandard1.6) (>= netstandard2.0) (< win8) (< wpa81)) (&& (>= net461) (< netstandard1.5) (>= uap10.0)) (&& (>= net461) (< portable-net45+win8+wpa81)) (&& (< netstandard1.5) (>= netstandard2.0) (>= uap10.0)) (&& (>= netstandard2.0) (< portable-net45+win8+wpa81))
    System.Diagnostics.TraceSource (4.3)
      Microsoft.NETCore.Platforms (>= 1.1) - restriction: || (&& (< monoandroid) (< net46) (>= netstandard2.0) (< xamarinios) (< xamarinmac) (< xamarintvos) (< xamarinwatchos)) (&& (< net46) (>= net461))
      runtime.native.System (>= 4.3) - restriction: || (&& (< monoandroid) (< net46) (>= netstandard2.0) (< xamarinios) (< xamarinmac) (< xamarintvos) (< xamarinwatchos)) (&& (< net46) (>= net461))
      System.Collections (>= 4.3) - restriction: || (&& (< monoandroid) (< net46) (>= netstandard2.0) (< xamarinios) (< xamarinmac) (< xamarintvos) (< xamarinwatchos)) (&& (< net46) (>= net461))
      System.Diagnostics.Debug (>= 4.3) - restriction: || (&& (< monoandroid) (< net46) (>= netstandard2.0) (< xamarinios) (< xamarinmac) (< xamarintvos) (< xamarinwatchos)) (&& (< net46) (>= net461))
      System.Globalization (>= 4.3) - restriction: || (&& (< monoandroid) (< net46) (>= netstandard2.0) (< xamarinios) (< xamarinmac) (< xamarintvos) (< xamarinwatchos)) (&& (< net46) (>= net461))
      System.Resources.ResourceManager (>= 4.3) - restriction: || (&& (< monoandroid) (< net46) (>= netstandard2.0) (< xamarinios) (< xamarinmac) (< xamarintvos) (< xamarinwatchos)) (&& (< net46) (>= net461))
      System.Runtime (>= 4.3) - restriction: || (&& (< monoandroid) (< net46) (>= netstandard2.0) (< xamarinios) (< xamarinmac) (< xamarintvos) (< xamarinwatchos)) (&& (< net46) (>= net461))
      System.Runtime.Extensions (>= 4.3) - restriction: || (&& (< monoandroid) (< net46) (>= netstandard2.0) (< xamarinios) (< xamarinmac) (< xamarintvos) (< xamarinwatchos)) (&& (< net46) (>= net461))
      System.Threading (>= 4.3) - restriction: || (&& (< monoandroid) (< net46) (>= netstandard2.0) (< xamarinios) (< xamarinmac) (< xamarintvos) (< xamarinwatchos)) (&& (< net46) (>= net461))
    System.Diagnostics.Tracing (4.3) - restriction: || (&& (< net45) (>= net46) (< netstandard1.2) (>= netstandard2.0)) (&& (< net45) (>= net46) (< netstandard1.3) (>= netstandard2.0)) (&& (< net45) (>= net46) (< netstandard1.4) (>= netstandard2.0)) (&& (< net45) (>= net461) (< netstandard1.2)) (&& (< net45) (>= net461) (< netstandard1.3)) (&& (< net45) (>= net461) (< netstandard1.4)) (&& (< net45) (>= net461) (>= netstandard1.5) (< netstandard1.6)) (&& (< net45) (>= net461) (< netstandard1.5)) (&& (< net45) (>= net461) (>= netstandard1.6) (< netstandard2.0)) (&& (< net45) (>= net461) (< netstandard1.6) (>= netstandard2.0)) (&& (< net45) (< netstandard1.2) (>= netstandard2.0) (< win8)) (&& (< net45) (< netstandard1.3) (>= netstandard2.0) (< win8) (< wpa81)) (&& (< net45) (< netstandard1.4) (>= netstandard2.0) (< win8) (< wpa81)) (&& (< net45) (< netstandard1.5) (>= netstandard2.0) (< win8) (< wpa81)) (&& (< net45) (< netstandard1.6) (>= netstandard2.0) (< win8) (< wpa81)) (&& (>= net46) (< netstandard1.4) (>= netstandard2.0) (>= uap10.0)) (&& (>= net461) (< netstandard1.2) (>= uap10.0)) (&& (>= net461) (< netstandard1.3) (>= uap10.0)) (&& (>= net461) (< netstandard1.4) (>= uap10.0)) (&& (>= net461) (< netstandard1.5) (>= uap10.0)) (&& (< netstandard1.2) (>= netstandard2.0) (>= uap10.0) (< win8)) (&& (< netstandard1.3) (>= netstandard2.0) (>= uap10.0) (< win8) (< wpa81)) (&& (< netstandard1.4) (>= netstandard2.0) (>= uap10.0) (< win8) (< wpa81)) (&& (< netstandard1.5) (>= netstandard2.0) (>= uap10.0))
    System.Drawing.Common (4.7) - restriction: >= netcoreapp3.0
      Microsoft.NETCore.Platforms (>= 3.1) - restriction: || (&& (< monoandroid) (>= netcoreapp2.0) (< netcoreapp3.0) (< xamarinios) (< xamarinmac) (< xamarintvos) (< xamarinwatchos)) (&& (>= net461) (>= netcoreapp2.0)) (&& (>= net461) (>= netcoreapp3.0)) (&& (>= netcoreapp3.0) (< xamarinios) (< xamarinmac) (< xamarintvos) (< xamarinwatchos))
      Microsoft.Win32.SystemEvents (>= 4.7) - restriction: || (&& (< monoandroid) (>= netcoreapp2.0) (< netcoreapp3.0) (< xamarinios) (< xamarinmac) (< xamarintvos) (< xamarinwatchos)) (&& (>= net461) (>= netcoreapp2.0)) (&& (>= net461) (>= netcoreapp3.0)) (&& (>= netcoreapp3.0) (< xamarinios) (< xamarinmac) (< xamarintvos) (< xamarinwatchos))
    System.Dynamic.Runtime (4.3) - restriction: || (&& (< monoandroid) (< net20) (< netstandard1.3) (>= netstandard2.0) (< win8) (< wpa81)) (&& (< net20) (>= net45) (< netstandard1.3) (>= netstandard2.0)) (&& (< net20) (>= net461) (< netstandard1.3)) (&& (< net20) (>= net461) (< netstandard1.5)) (&& (< net20) (>= net461) (< netstandard2.0)) (&& (< net35) (>= net461) (>= netstandard1.5)) (&& (< net35) (>= net461) (< netstandard1.5)) (&& (< net35) (>= netstandard2.0))
      System.Collections (>= 4.3) - restriction: || (&& (< monoandroid) (< net45) (>= netstandard2.0) (< win8) (< wpa81) (< xamarinios) (< xamarinmac) (< xamarintvos) (< xamarinwatchos)) (&& (< net45) (>= net461))
      System.Diagnostics.Debug (>= 4.3) - restriction: || (&& (< monoandroid) (< net45) (>= netstandard2.0) (< win8) (< wpa81) (< xamarinios) (< xamarinmac) (< xamarintvos) (< xamarinwatchos)) (&& (< net45) (>= net461))
      System.Linq (>= 4.3) - restriction: || (&& (< monoandroid) (< net45) (>= netstandard2.0) (< win8) (< wpa81) (< xamarinios) (< xamarinmac) (< xamarintvos) (< xamarinwatchos)) (&& (< net45) (>= net461))
      System.Linq.Expressions (>= 4.3) - restriction: || (&& (< monoandroid) (< net45) (< netstandard1.3) (>= netstandard2.0) (< win8) (< wpa81)) (&& (< monoandroid) (< net45) (>= netstandard2.0) (< win8) (< wpa81) (< xamarinios) (< xamarinmac) (< xamarintvos) (< xamarinwatchos)) (&& (< net45) (>= net461))
      System.ObjectModel (>= 4.3) - restriction: || (&& (< monoandroid) (< net45) (< netstandard1.3) (>= netstandard2.0) (< win8) (< wpa81)) (&& (< monoandroid) (< net45) (>= netstandard2.0) (< win8) (< wpa81) (< xamarinios) (< xamarinmac) (< xamarintvos) (< xamarinwatchos)) (&& (< net45) (>= net461))
      System.Reflection (>= 4.3) - restriction: || (&& (< monoandroid) (< net45) (< netstandard1.3) (>= netstandard2.0) (< win8) (< wpa81)) (&& (< monoandroid) (< net45) (>= netstandard2.0) (< win8) (< wpa81) (< xamarinios) (< xamarinmac) (< xamarintvos) (< xamarinwatchos)) (&& (< net45) (>= net461))
      System.Reflection.Emit (>= 4.3) - restriction: || (&& (< monoandroid) (< net45) (>= netstandard2.0) (< win8) (< wpa81) (< xamarinios) (< xamarinmac) (< xamarintvos) (< xamarinwatchos)) (&& (< net45) (>= net461))
      System.Reflection.Emit.ILGeneration (>= 4.3) - restriction: || (&& (< monoandroid) (< net45) (>= netstandard2.0) (< win8) (< wpa81) (< xamarinios) (< xamarinmac) (< xamarintvos) (< xamarinwatchos)) (&& (< net45) (>= net461))
      System.Reflection.Primitives (>= 4.3) - restriction: || (&& (< monoandroid) (< net45) (>= netstandard2.0) (< win8) (< wpa81) (< xamarinios) (< xamarinmac) (< xamarintvos) (< xamarinwatchos)) (&& (< net45) (>= net461))
      System.Reflection.TypeExtensions (>= 4.3) - restriction: || (&& (< monoandroid) (< net45) (>= netstandard2.0) (< win8) (< wpa81) (< xamarinios) (< xamarinmac) (< xamarintvos) (< xamarinwatchos)) (&& (< net45) (>= net461))
      System.Resources.ResourceManager (>= 4.3) - restriction: || (&& (< monoandroid) (< net45) (>= netstandard2.0) (< win8) (< wpa81) (< xamarinios) (< xamarinmac) (< xamarintvos) (< xamarinwatchos)) (&& (< net45) (>= net461))
      System.Runtime (>= 4.3) - restriction: || (&& (< monoandroid) (< net45) (< netstandard1.3) (>= netstandard2.0) (< win8) (< wpa81)) (&& (< monoandroid) (< net45) (>= netstandard2.0) (< win8) (< wpa81) (< xamarinios) (< xamarinmac) (< xamarintvos) (< xamarinwatchos)) (&& (< net45) (>= net461))
      System.Runtime.Extensions (>= 4.3) - restriction: || (&& (< monoandroid) (< net45) (>= netstandard2.0) (< win8) (< wpa81) (< xamarinios) (< xamarinmac) (< xamarintvos) (< xamarinwatchos)) (&& (< net45) (>= net461))
      System.Threading (>= 4.3) - restriction: || (&& (< monoandroid) (< net45) (>= netstandard2.0) (< win8) (< wpa81) (< xamarinios) (< xamarinmac) (< xamarintvos) (< xamarinwatchos)) (&& (< net45) (>= net461))
    System.Formats.Asn1 (5.0) - restriction: || (&& (>= monoandroid) (>= net5.0) (< netstandard1.3)) (&& (>= monoandroid) (< netstandard1.3) (>= netstandard2.0)) (&& (>= monoandroid) (< netstandard1.3) (>= netstandard2.1)) (&& (< monoandroid) (< net46) (< netcoreapp2.0) (>= netstandard2.0) (< netstandard2.1)) (&& (< monoandroid) (>= net5.0) (< netcoreapp2.1) (< netstandard2.1)) (&& (< monoandroid) (>= netcoreapp2.0) (< netcoreapp2.1) (< netstandard2.1)) (&& (>= monotouch) (>= net5.0)) (&& (>= monotouch) (>= netcoreapp2.0)) (&& (>= monotouch) (>= netstandard2.0)) (&& (>= monotouch) (>= netstandard2.1)) (&& (< net46) (>= net461) (>= netstandard2.0)) (&& (>= net461) (>= net5.0)) (&& (>= net461) (>= netcoreapp2.0)) (&& (>= net461) (>= netstandard2.1)) (&& (>= net5.0) (< netcoreapp2.0)) (&& (>= net5.0) (>= uap10.1)) (&& (>= net5.0) (>= xamarintvos)) (&& (>= net5.0) (< xamarintvos) (< xamarinwatchos)) (&& (>= net5.0) (>= xamarinwatchos)) (&& (>= netcoreapp2.0) (< netcoreapp2.1) (< netstandard2.1) (>= xamarintvos)) (&& (>= netcoreapp2.0) (< netcoreapp2.1) (< netstandard2.1) (>= xamarinwatchos)) (&& (>= netcoreapp2.0) (>= uap10.1)) (&& (< netcoreapp2.0) (>= netstandard2.1)) (>= netcoreapp3.0) (&& (>= netstandard2.0) (>= uap10.1)) (&& (>= netstandard2.0) (>= xamarintvos)) (&& (>= netstandard2.0) (>= xamarinwatchos)) (&& (>= netstandard2.1) (>= uap10.1)) (>= xamarinios) (>= xamarinmac)
      System.Buffers (>= 4.5.1) - restriction: || (&& (>= monotouch) (>= netstandard2.0)) (>= net461) (&& (< netcoreapp2.0) (>= netstandard2.0)) (&& (>= netstandard2.0) (>= xamarintvos)) (&& (>= netstandard2.0) (>= xamarinwatchos)) (>= xamarinios) (>= xamarinmac)
      System.Memory (>= 4.5.4) - restriction: || (&& (< monoandroid) (>= netcoreapp2.0) (< netcoreapp2.1) (< xamarinios) (< xamarinmac) (< xamarintvos) (< xamarinwatchos)) (>= net461) (&& (< netcoreapp2.0) (>= netstandard2.0) (< xamarinios) (< xamarinmac) (< xamarintvos) (< xamarinwatchos)) (&& (>= netstandard2.0) (>= uap10.1))
    System.Globalization (4.3) - restriction: || (&& (< monoandroid) (< net35) (>= netstandard2.0) (< xamarinios) (< xamarinmac) (< xamarintvos) (< xamarinwatchos)) (&& (< monoandroid) (< net45) (>= netstandard2.0) (< xamarinios) (< xamarinmac) (< xamarintvos) (< xamarinwatchos)) (&& (< monoandroid) (< net46) (>= netstandard2.0) (< xamarinios) (< xamarinmac) (< xamarintvos) (< xamarinwatchos)) (&& (< net20) (>= net45) (< netstandard1.2) (>= netstandard2.0)) (&& (< net20) (>= net45) (< netstandard1.3) (>= netstandard2.0)) (&& (< net20) (>= net45) (< netstandard1.4) (>= netstandard2.0)) (&& (< net20) (>= net45) (< netstandard1.5) (>= netstandard2.0)) (&& (< net20) (>= net45) (< netstandard1.6) (>= netstandard2.0)) (&& (< net20) (>= net46) (< netstandard1.2) (>= netstandard2.0)) (&& (< net20) (>= net46) (< netstandard1.3) (>= netstandard2.0)) (&& (< net20) (>= net46) (< netstandard1.4) (>= netstandard2.0)) (&& (< net20) (>= net461) (< netstandard1.2)) (&& (< net20) (>= net461) (< netstandard1.3)) (&& (< net20) (>= net461) (< netstandard1.4)) (&& (< net20) (>= net461) (< netstandard1.5)) (&& (< net20) (>= net461) (< netstandard1.6)) (&& (< net20) (>= net461) (< netstandard2.0)) (&& (< net20) (>= net462) (< netstandard1.2)) (&& (< net20) (>= net462) (< netstandard1.3)) (&& (< net20) (>= net462) (< netstandard1.4)) (&& (< net20) (>= net462) (< netstandard1.5)) (&& (< net20) (>= net462) (< netstandard1.6)) (&& (< net20) (>= net462) (< netstandard2.0)) (&& (< net20) (>= net462) (< portable-net45+win8+wpa81)) (&& (< net20) (< netstandard1.2) (>= netstandard2.0) (< win8)) (&& (< net20) (< netstandard1.3) (>= netstandard2.0) (< win8) (< wpa81)) (&& (< net20) (< netstandard1.4) (>= netstandard2.0) (< win8) (< wpa81)) (&& (< net20) (< netstandard1.5) (>= netstandard2.0) (< win8) (< wpa81)) (&& (< net20) (< netstandard1.6) (>= netstandard2.0) (< win8) (< wpa81)) (&& (< net35) (>= net45) (>= netstandard2.0)) (&& (< net35) (>= net46) (< netstandard1.2) (>= netstandard2.0)) (&& (< net35) (>= net46) (< netstandard1.3) (>= netstandard2.0)) (&& (< net35) (>= net46) (< netstandard1.4) (>= netstandard2.0)) (&& (< net35) (>= net461) (< netstandard1.2)) (&& (< net35) (>= net461) (< netstandard1.3)) (&& (< net35) (>= net461) (< netstandard1.4)) (&& (< net35) (>= net461) (>= netstandard1.5)) (&& (< net35) (>= net461) (< netstandard1.5)) (&& (< net35) (>= net461) (>= netstandard1.6)) (&& (< net35) (>= net461) (>= netstandard2.0)) (&& (< net35) (< netstandard1.2) (>= netstandard2.0) (< win8)) (&& (< net35) (< netstandard1.3) (>= netstandard2.0) (< win8) (< wpa81)) (&& (< net35) (< netstandard1.4) (>= netstandard2.0) (< win8) (< wpa81)) (&& (< net35) (< netstandard1.5) (>= netstandard2.0) (< win8) (< wpa81)) (&& (< net35) (< netstandard1.6) (>= netstandard2.0) (< win8) (< wpa81)) (&& (>= net45) (>= netcoreapp1.0) (>= netstandard2.0)) (&& (>= net45) (>= netstandard2.0) (>= uap10.0)) (&& (< net45) (>= net46) (< netstandard1.2) (>= netstandard2.0)) (&& (< net45) (>= net46) (< netstandard1.3) (>= netstandard2.0)) (&& (< net45) (>= net46) (< netstandard1.4) (>= netstandard2.0)) (&& (< net45) (>= net461) (< netstandard1.2)) (&& (< net45) (>= net461) (< netstandard1.3)) (&& (< net45) (>= net461) (< netstandard1.4)) (&& (< net45) (>= net461) (< netstandard1.5)) (&& (< net45) (>= net461) (>= netstandard1.6)) (&& (< net45) (>= net461) (< netstandard1.6)) (&& (< net45) (>= net461) (>= netstandard2.0)) (&& (< net45) (< netstandard1.2) (>= netstandard2.0) (< win8)) (&& (< net45) (< netstandard1.3) (>= netstandard2.0) (< win8) (< wpa81)) (&& (< net45) (< netstandard1.4) (>= netstandard2.0) (< win8) (< wpa81)) (&& (< net45) (< netstandard1.5) (>= netstandard2.0) (< win8) (< wpa81)) (&& (< net45) (< netstandard1.6) (>= netstandard2.0) (< win8) (< wpa81)) (&& (>= net46) (< netstandard1.2) (>= netstandard2.0) (>= uap10.0)) (&& (>= net46) (< netstandard1.3) (>= netstandard2.0) (>= uap10.0)) (&& (>= net46) (< netstandard1.4) (>= netstandard2.0) (>= uap10.0)) (&& (< net46) (>= net461)) (&& (>= net461) (>= netcoreapp1.0)) (&& (>= net461) (< netstandard1.2) (>= uap10.0)) (&& (>= net461) (< netstandard1.3) (>= uap10.0)) (&& (>= net461) (< netstandard1.4) (>= uap10.0)) (&& (>= net461) (>= netstandard1.5) (>= uap10.0)) (&& (>= net461) (< netstandard1.5) (>= uap10.0)) (&& (>= net461) (>= netstandard1.6) (< netstandard2.0) (>= uap10.0)) (&& (>= net461) (>= netstandard2.0) (>= uap10.0)) (&& (>= net461) (< portable-net45+win8+wpa81)) (&& (>= net462) (>= netcoreapp1.0) (< netstandard1.2)) (&& (>= net462) (>= netcoreapp1.0) (< netstandard1.3)) (&& (>= net462) (>= netcoreapp1.0) (< netstandard1.4)) (&& (>= net462) (>= netcoreapp1.0) (< netstandard1.5)) (&& (>= net462) (>= netcoreapp1.0) (< netstandard1.6)) (&& (>= net462) (>= netcoreapp1.0) (< netstandard2.0)) (&& (>= net462) (>= netcoreapp1.0) (< portable-net45+win8+wpa81)) (&& (>= net462) (< netstandard1.2) (>= uap10.0)) (&& (>= net462) (< netstandard1.3) (>= uap10.0)) (&& (>= net462) (< netstandard1.4) (>= uap10.0)) (&& (>= net462) (< netstandard1.5) (>= uap10.0)) (&& (>= net462) (< netstandard1.6) (>= uap10.0)) (&& (>= net462) (< netstandard2.0) (>= uap10.0)) (&& (>= net462) (< portable-net45+win8+wpa81) (>= uap10.0)) (&& (>= netcoreapp1.0) (< netstandard1.2) (>= netstandard2.0)) (&& (>= netcoreapp1.0) (< netstandard1.3) (>= netstandard2.0)) (&& (>= netcoreapp1.0) (< netstandard1.4) (>= netstandard2.0)) (&& (>= netcoreapp1.0) (< netstandard1.5) (>= netstandard2.0)) (&& (>= netcoreapp1.0) (< netstandard1.6) (>= netstandard2.0)) (&& (>= netcoreapp1.0) (>= netstandard2.0) (>= uap10.0)) (&& (>= netcoreapp1.0) (>= netstandard2.0) (< xamarinios) (< xamarinmac) (< xamarintvos) (< xamarinwatchos)) (&& (< netstandard1.2) (>= netstandard2.0) (>= uap10.0) (< win8)) (&& (< netstandard1.5) (>= netstandard2.0) (>= uap10.0)) (&& (>= netstandard2.0) (< portable-net45+win8+wpa81)) (&& (>= netstandard2.0) (>= uap10.0) (< win8) (< wpa81))
      Microsoft.NETCore.Platforms (>= 1.1) - restriction: || (&& (< monoandroid) (< net45) (< netstandard1.3) (>= netstandard2.0) (< win8) (< wpa81)) (&& (< monoandroid) (< net45) (>= netstandard2.0) (< win8) (< wpa81) (< xamarinios) (< xamarinmac) (< xamarintvos) (< xamarinwatchos)) (&& (< net45) (>= net461))
      Microsoft.NETCore.Targets (>= 1.1) - restriction: || (&& (< monoandroid) (< net45) (< netstandard1.3) (>= netstandard2.0) (< win8) (< wpa81)) (&& (< monoandroid) (< net45) (>= netstandard2.0) (< win8) (< wpa81) (< xamarinios) (< xamarinmac) (< xamarintvos) (< xamarinwatchos)) (&& (< net45) (>= net461))
      System.Runtime (>= 4.3) - restriction: || (&& (< monoandroid) (< net45) (< netstandard1.3) (>= netstandard2.0) (< win8) (< wpa81)) (&& (< monoandroid) (< net45) (>= netstandard2.0) (< win8) (< wpa81) (< xamarinios) (< xamarinmac) (< xamarintvos) (< xamarinwatchos)) (&& (< net45) (>= net461))
    System.Globalization.Calendars (4.3) - restriction: || (&& (< net45) (>= net461) (>= netstandard1.5) (< netstandard1.6)) (&& (< net45) (>= net461) (< netstandard1.5)) (&& (< net45) (>= net461) (>= netstandard1.6) (< netstandard2.0)) (&& (< net45) (< netstandard1.4) (>= netstandard2.0) (< win8) (< wpa81)) (&& (< net45) (< netstandard1.5) (>= netstandard2.0) (< win8) (< wpa81)) (&& (< net45) (< netstandard1.6) (>= netstandard2.0) (< win8) (< wpa81)) (&& (>= net46) (< netstandard1.4) (>= netstandard2.0)) (&& (>= net461) (< netstandard1.4)) (&& (>= net461) (< netstandard1.5) (>= uap10.0)) (&& (< netstandard1.5) (>= netstandard2.0) (>= uap10.0))
    System.Globalization.Extensions (4.3) - restriction: || (&& (< monoandroid) (< net20) (< netstandard1.2) (>= netstandard2.0) (< win8)) (&& (< monoandroid) (< net20) (< netstandard1.3) (>= netstandard2.0) (< win8) (< wpa81)) (&& (< monoandroid) (< net35) (< netstandard1.2) (>= netstandard2.0) (< win8)) (&& (< monoandroid) (< net35) (< netstandard1.3) (>= netstandard2.0) (< win8) (< wpa81)) (&& (< monoandroid) (< net35) (< netstandard1.4) (>= netstandard2.0) (< win8) (< wpa81)) (&& (< monoandroid) (< net35) (< netstandard1.5) (>= netstandard2.0) (< win8) (< wpa81)) (&& (< monoandroid) (< net35) (>= netstandard2.0) (< xamarinios) (< xamarinmac) (< xamarintvos) (< xamarinwatchos)) (&& (< net20) (>= net45) (< netstandard1.2) (>= netstandard2.0)) (&& (< net20) (>= net45) (< netstandard1.3) (>= netstandard2.0)) (&& (< net20) (>= net46) (< netstandard1.2) (>= netstandard2.0)) (&& (< net20) (>= net46) (< netstandard1.3) (>= netstandard2.0)) (&& (< net20) (>= net461) (< netstandard1.2) (>= netstandard1.6)) (&& (< net20) (>= net461) (< netstandard1.2) (>= netstandard2.0)) (&& (< net20) (>= net461) (< netstandard1.3) (>= netstandard1.5)) (&& (< net20) (>= net461) (< netstandard1.3) (>= netstandard1.6)) (&& (< net20) (>= net461) (< netstandard1.3) (>= netstandard2.0)) (&& (< net20) (>= net461) (< netstandard1.4) (>= netstandard1.6)) (&& (< net20) (>= net461) (< netstandard1.4) (>= netstandard2.0)) (&& (< net20) (>= net461) (>= netstandard1.5) (< netstandard2.0)) (&& (< net20) (>= net461) (< netstandard1.5) (>= netstandard1.6)) (&& (< net20) (>= net461) (< netstandard1.5) (>= netstandard2.0)) (&& (< net20) (>= net461) (>= netstandard1.6) (< netstandard2.0)) (&& (< net35) (>= net45) (>= netstandard2.0)) (&& (< net35) (>= net46) (< netstandard1.2) (>= netstandard2.0)) (&& (< net35) (>= net46) (< netstandard1.3) (>= netstandard2.0)) (&& (< net35) (>= net46) (< netstandard1.4) (>= netstandard2.0)) (&& (< net35) (>= net461) (>= netstandard1.5)) (&& (< net35) (>= net461) (< netstandard1.5)) (&& (< net35) (>= net461) (>= netstandard1.6)) (&& (< net35) (>= net461) (>= netstandard2.0)) (&& (>= net45) (< netstandard1.2) (>= netstandard2.0) (>= uap10.0)) (&& (>= net45) (< netstandard1.3) (>= netstandard2.0) (>= uap10.0)) (&& (>= net45) (< netstandard1.4) (>= netstandard2.0) (>= uap10.0)) (&& (< net45) (>= net46) (< netstandard1.2) (>= netstandard2.0)) (&& (< net45) (>= net46) (< netstandard1.3) (>= netstandard2.0)) (&& (< net45) (>= net46) (< netstandard1.4) (>= netstandard2.0)) (&& (< net45) (>= net461) (< netstandard1.2) (>= netstandard1.6)) (&& (< net45) (>= net461) (< netstandard1.2) (>= netstandard2.0)) (&& (< net45) (>= net461) (< netstandard1.3) (>= netstandard1.6)) (&& (< net45) (>= net461) (< netstandard1.3) (>= netstandard2.0)) (&& (< net45) (>= net461) (< netstandard1.4) (>= netstandard1.6)) (&& (< net45) (>= net461) (< netstandard1.4) (>= netstandard2.0)) (&& (< net45) (>= net461) (< netstandard1.5) (>= netstandard1.6)) (&& (< net45) (>= net461) (< netstandard1.5) (>= netstandard2.0)) (&& (< net45) (>= net461) (>= netstandard1.6) (< netstandard2.0)) (&& (< net45) (< netstandard1.2) (>= netstandard2.0) (< win8)) (&& (< net45) (< netstandard1.3) (>= netstandard2.0) (< win8) (< wpa81)) (&& (< net45) (< netstandard1.4) (>= netstandard2.0) (< win8) (< wpa81)) (&& (< net45) (< netstandard1.5) (>= netstandard2.0) (< win8) (< wpa81)) (&& (>= net46) (< netstandard1.2) (>= netstandard2.0) (>= uap10.0)) (&& (>= net46) (< netstandard1.3) (>= netstandard2.0) (>= uap10.0)) (&& (>= net46) (< netstandard1.4) (>= netstandard2.0) (>= uap10.0)) (&& (>= net461) (< netstandard1.2) (>= netstandard1.6) (>= uap10.0)) (&& (>= net461) (< netstandard1.2) (>= netstandard2.0) (>= uap10.0)) (&& (>= net461) (< netstandard1.3) (>= netstandard1.6) (>= uap10.0)) (&& (>= net461) (< netstandard1.3) (>= netstandard2.0) (>= uap10.0)) (&& (>= net461) (< netstandard1.4) (>= netstandard1.6) (>= uap10.0)) (&& (>= net461) (< netstandard1.4) (>= netstandard2.0) (>= uap10.0)) (&& (>= net461) (< netstandard1.5) (>= netstandard1.6) (>= uap10.0)) (&& (< netstandard1.2) (>= netstandard2.0) (>= uap10.0) (< win8)) (&& (< netstandard1.3) (>= netstandard2.0) (>= uap10.0) (< win8) (< wpa81)) (&& (< netstandard1.4) (>= netstandard2.0) (>= uap10.0) (< win8) (< wpa81)) (&& (< netstandard1.5) (>= netstandard2.0) (>= uap10.0))
      Microsoft.NETCore.Platforms (>= 1.1) - restriction: || (&& (< monoandroid) (< net46) (>= netstandard2.0) (< xamarinios) (< xamarinmac) (< xamarintvos) (< xamarinwatchos)) (&& (< net46) (>= net461))
      System.Globalization (>= 4.3) - restriction: || (&& (< monoandroid) (< net46) (>= netstandard2.0) (< xamarinios) (< xamarinmac) (< xamarintvos) (< xamarinwatchos)) (&& (< net46) (>= net461))
      System.Resources.ResourceManager (>= 4.3) - restriction: || (&& (< monoandroid) (< net46) (>= netstandard2.0) (< xamarinios) (< xamarinmac) (< xamarintvos) (< xamarinwatchos)) (&& (< net46) (>= net461))
      System.Runtime (>= 4.3) - restriction: || (&& (< monoandroid) (< net46) (>= netstandard2.0) (< xamarinios) (< xamarinmac) (< xamarintvos) (< xamarinwatchos)) (&& (< net46) (>= net461))
      System.Runtime.Extensions (>= 4.3) - restriction: || (&& (< monoandroid) (< net46) (>= netstandard2.0) (< xamarinios) (< xamarinmac) (< xamarintvos) (< xamarinwatchos)) (&& (< net46) (>= net461))
      System.Runtime.InteropServices (>= 4.3) - restriction: || (&& (< monoandroid) (< net46) (>= netstandard2.0) (< xamarinios) (< xamarinmac) (< xamarintvos) (< xamarinwatchos)) (&& (< net46) (>= net461))
    System.IO (4.3) - restriction: || (&& (< monoandroid) (< net20) (< netstandard1.2) (>= netstandard2.0) (< win8)) (&& (< monoandroid) (< net20) (< netstandard1.3) (>= netstandard2.0) (< win8) (< wpa81)) (&& (< monoandroid) (< net20) (< netstandard1.4) (>= netstandard2.0)) (&& (< monoandroid) (< net20) (< netstandard1.5) (>= netstandard2.0) (< win8) (< wpa81)) (&& (< monoandroid) (< net20) (< netstandard1.6) (>= netstandard2.0)) (&& (< monoandroid) (>= net5.0) (< netstandard1.2)) (&& (< monoandroid) (>= net5.0) (< netstandard1.3)) (&& (< monoandroid) (>= net5.0) (< netstandard1.4)) (&& (< monoandroid) (>= net5.0) (< netstandard1.5)) (&& (< monoandroid) (>= net5.0) (< netstandard1.6)) (&& (< monoandroid) (>= net5.0) (< netstandard2.0) (< xamarintvos) (< xamarinwatchos)) (&& (< monoandroid) (>= netcoreapp2.0) (< netstandard1.2)) (&& (< monoandroid) (>= netcoreapp2.0) (< netstandard1.3)) (&& (< monoandroid) (>= netcoreapp2.0) (< netstandard1.4)) (&& (< monoandroid) (>= netcoreapp2.0) (< netstandard1.5)) (&& (< monoandroid) (>= netcoreapp2.0) (< netstandard1.6)) (&& (< monoandroid) (>= netcoreapp2.0) (< netstandard2.0) (< xamarintvos) (< xamarinwatchos)) (&& (< monoandroid) (< netstandard1.0) (>= netstandard2.0) (< win8)) (&& (>= monotouch) (>= net461)) (&& (>= monotouch) (>= net463)) (&& (>= monotouch) (>= netstandard2.0)) (&& (< net20) (>= net45) (< netstandard1.2) (>= netstandard2.0)) (&& (< net20) (>= net45) (< netstandard1.3) (>= netstandard2.0)) (&& (< net20) (>= net45) (< netstandard1.4) (>= netstandard2.0)) (&& (< net20) (>= net45) (< netstandard1.5) (>= netstandard2.0)) (&& (< net20) (>= net45) (< netstandard1.6) (>= netstandard2.0)) (&& (< net20) (>= net46) (< netstandard1.2) (>= netstandard2.0)) (&& (< net20) (>= net46) (< netstandard1.3) (>= netstandard2.0)) (&& (< net20) (>= net46) (< netstandard1.4) (>= netstandard2.0)) (&& (< net20) (>= net46) (< netstandard1.5) (>= netstandard2.0)) (&& (< net20) (>= net461) (< netstandard1.2)) (&& (< net20) (>= net461) (< netstandard1.3)) (&& (< net20) (>= net461) (< netstandard1.4)) (&& (< net20) (>= net461) (< netstandard1.5)) (&& (< net20) (>= net461) (< netstandard1.6)) (&& (< net20) (>= net461) (< netstandard2.0)) (&& (< net20) (>= net462) (< netstandard1.2) (>= netstandard2.0)) (&& (< net20) (>= net462) (< netstandard1.3) (>= netstandard2.0)) (&& (< net20) (>= net462) (< netstandard1.4) (>= netstandard2.0)) (&& (< net20) (>= net462) (< netstandard1.5) (>= netstandard2.0)) (&& (< net20) (>= net462) (< netstandard1.6) (>= netstandard2.0)) (&& (< net20) (>= net463) (< netstandard1.2)) (&& (< net20) (>= net463) (< netstandard1.3)) (&& (< net20) (>= net463) (< netstandard1.5)) (&& (< net20) (>= net463) (>= netstandard1.6) (< netstandard2.0)) (&& (< net20) (>= net463) (< netstandard1.6)) (&& (< net20) (>= net47) (< netstandard1.2) (>= netstandard2.0)) (&& (< net20) (>= net47) (< netstandard1.3) (>= netstandard2.0)) (&& (< net20) (>= net47) (< netstandard1.5) (>= netstandard2.0)) (&& (< net20) (>= net47) (< netstandard1.6) (>= netstandard2.0)) (&& (< net35) (>= net45) (< netstandard1.2) (>= netstandard2.0)) (&& (< net35) (>= net45) (< netstandard1.3) (>= netstandard2.0)) (&& (< net35) (>= net45) (< netstandard1.4) (>= netstandard2.0)) (&& (< net35) (>= net45) (< netstandard1.5) (>= netstandard2.0)) (&& (< net35) (>= net45) (< netstandard1.6) (>= netstandard2.0)) (&& (< net35) (>= net46) (< netstandard1.2) (>= netstandard2.0)) (&& (< net35) (>= net46) (< netstandard1.3) (>= netstandard2.0)) (&& (< net35) (>= net46) (< netstandard1.4) (>= netstandard2.0)) (&& (< net35) (>= net461) (< netstandard1.2)) (&& (< net35) (>= net461) (< netstandard1.3)) (&& (< net35) (>= net461) (< netstandard1.4)) (&& (< net35) (>= net461) (>= netstandard1.5) (< netstandard1.6)) (&& (< net35) (>= net461) (< netstandard1.5)) (&& (< net35) (>= net461) (>= netstandard1.6) (< netstandard2.0)) (&& (< net35) (>= net461) (< netstandard1.6) (>= netstandard2.0)) (&& (< net35) (>= net463) (< netstandard1.2)) (&& (< net35) (>= net463) (< netstandard1.3)) (&& (< net35) (>= net463) (< netstandard1.5)) (&& (< net35) (>= net463) (>= netstandard1.6) (< netstandard2.0)) (&& (< net35) (>= net463) (< netstandard1.6)) (&& (< net35) (< netstandard1.2) (>= netstandard2.0) (< win8)) (&& (< net35) (< netstandard1.3) (>= netstandard2.0) (< win8) (< wpa81)) (&& (< net35) (< netstandard1.4) (>= netstandard2.0) (< win8) (< wpa81)) (&& (< net35) (< netstandard1.5) (>= netstandard2.0) (< win8) (< wpa81)) (&& (< net35) (< netstandard1.6) (>= netstandard2.0) (< win8) (< wpa81)) (&& (>= net45) (< netstandard1.2) (>= netstandard2.0) (>= uap10.0)) (&& (>= net45) (< netstandard1.3) (>= netstandard2.0) (>= uap10.0)) (&& (< net45) (>= net46) (< netstandard1.2) (>= netstandard2.0)) (&& (< net45) (>= net46) (< netstandard1.3) (>= netstandard2.0)) (&& (< net45) (>= net46) (< netstandard1.4) (>= netstandard2.0)) (&& (< net45) (>= net46) (< netstandard1.5) (>= netstandard2.0)) (&& (< net45) (>= net461) (< netstandard1.2)) (&& (< net45) (>= net461) (< netstandard1.3)) (&& (< net45) (>= net461) (< netstandard1.4)) (&& (< net45) (>= net461) (>= netstandard1.5) (< netstandard1.6)) (&& (< net45) (>= net461) (< netstandard1.5)) (&& (< net45) (>= net461) (>= netstandard1.6) (< netstandard2.0)) (&& (< net45) (>= net461) (< netstandard1.6) (>= netstandard2.0)) (&& (< net45) (>= net462) (< netstandard1.2) (>= netstandard2.0)) (&& (< net45) (>= net462) (< netstandard1.3) (>= netstandard2.0)) (&& (< net45) (>= net462) (< netstandard1.4) (>= netstandard2.0)) (&& (< net45) (>= net462) (< netstandard1.5) (>= netstandard2.0)) (&& (< net45) (>= net462) (< netstandard1.6) (>= netstandard2.0)) (&& (< net45) (>= net463) (< netstandard1.2)) (&& (< net45) (>= net463) (< netstandard1.3)) (&& (< net45) (>= net463) (< netstandard1.5)) (&& (< net45) (>= net463) (>= netstandard1.6) (< netstandard2.0)) (&& (< net45) (>= net463) (< netstandard1.6)) (&& (< net45) (>= net47) (< netstandard1.2) (>= netstandard2.0)) (&& (< net45) (>= net47) (< netstandard1.3) (>= netstandard2.0)) (&& (< net45) (>= net47) (< netstandard1.5) (>= netstandard2.0)) (&& (< net45) (>= net47) (< netstandard1.6) (>= netstandard2.0)) (&& (< net45) (< netstandard1.2) (>= netstandard2.0) (< win8)) (&& (< net45) (< netstandard1.3) (>= netstandard2.0) (< win8) (< wpa81)) (&& (< net45) (< netstandard1.4) (>= netstandard2.0) (< win8) (< wpa81)) (&& (< net45) (< netstandard1.5) (>= netstandard2.0) (< win8) (< wpa81)) (&& (< net45) (< netstandard1.6) (>= netstandard2.0) (< win8) (< wpa81)) (&& (>= net46) (>= net5.0) (< netstandard1.2)) (&& (>= net46) (>= net5.0) (< netstandard1.3)) (&& (>= net46) (>= net5.0) (< netstandard1.4)) (&& (>= net46) (>= netcoreapp2.0) (< netstandard1.2)) (&& (>= net46) (>= netcoreapp2.0) (< netstandard1.3)) (&& (>= net46) (>= netcoreapp2.0) (< netstandard1.4)) (&& (>= net46) (< netstandard1.0) (>= netstandard2.0)) (&& (>= net46) (< netstandard1.2) (>= netstandard2.0) (>= uap10.0)) (&& (>= net46) (< netstandard1.3) (>= netstandard2.0) (>= uap10.0)) (&& (>= net461) (>= net5.0) (< netstandard1.2)) (&& (>= net461) (>= net5.0) (< netstandard1.3)) (&& (>= net461) (>= net5.0) (< netstandard1.4)) (&& (>= net461) (>= net5.0) (< netstandard1.5)) (&& (>= net461) (>= net5.0) (< netstandard1.6)) (&& (>= net461) (>= net5.0) (< netstandard2.0)) (&& (>= net461) (>= netcoreapp1.0)) (&& (>= net461) (>= netcoreapp1.1) (< netstandard1.2)) (&& (>= net461) (>= netcoreapp1.1) (< netstandard1.3)) (&& (>= net461) (>= netcoreapp1.1) (< netstandard1.4)) (&& (>= net461) (>= netcoreapp1.1) (< netstandard1.5)) (&& (>= net461) (>= netcoreapp1.1) (< netstandard1.6)) (&& (>= net461) (>= netcoreapp1.1) (< netstandard2.0)) (&& (>= net461) (>= netcoreapp2.0) (< netstandard1.2)) (&& (>= net461) (>= netcoreapp2.0) (< netstandard1.3)) (&& (>= net461) (>= netcoreapp2.0) (< netstandard1.4)) (&& (>= net461) (>= netcoreapp2.0) (< netstandard1.5)) (&& (>= net461) (>= netcoreapp2.0) (< netstandard1.6)) (&& (>= net461) (>= netcoreapp2.0) (< netstandard2.0)) (&& (>= net461) (>= netcoreapp2.1) (< netstandard2.0)) (&& (>= net461) (< netstandard1.0)) (&& (>= net461) (< netstandard1.2) (>= uap10.0)) (&& (>= net461) (< netstandard1.2) (>= xamarintvos)) (&& (>= net461) (< netstandard1.2) (>= xamarinwatchos)) (&& (>= net461) (< netstandard1.3) (>= uap10.0)) (&& (>= net461) (< netstandard1.3) (>= xamarintvos)) (&& (>= net461) (< netstandard1.3) (>= xamarinwatchos)) (&& (>= net461) (< netstandard1.4) (>= uap10.0)) (&& (>= net461) (< netstandard1.4) (>= xamarintvos)) (&& (>= net461) (< netstandard1.4) (>= xamarinwatchos)) (&& (>= net461) (< netstandard1.5) (>= uap10.0)) (&& (>= net461) (< netstandard1.5) (>= xamarintvos)) (&& (>= net461) (< netstandard1.5) (>= xamarinwatchos)) (&& (>= net461) (< netstandard1.6) (>= xamarintvos)) (&& (>= net461) (< netstandard1.6) (>= xamarinwatchos)) (&& (>= net461) (< netstandard2.0) (>= xamarintvos)) (&& (>= net461) (< netstandard2.0) (>= xamarinwatchos)) (&& (>= net461) (< portable-net45+win8+wpa81)) (&& (>= net462) (>= net5.0) (< netstandard1.2)) (&& (>= net462) (>= net5.0) (< netstandard1.3)) (&& (>= net462) (>= net5.0) (< netstandard1.4)) (&& (>= net462) (>= net5.0) (< netstandard1.5)) (&& (>= net462) (>= net5.0) (< netstandard1.6)) (&& (>= net462) (< netstandard1.2) (>= netstandard2.0) (>= uap10.0)) (&& (>= net462) (< netstandard1.3) (>= netstandard2.0) (>= uap10.0)) (&& (>= net463) (>= net5.0) (< netstandard1.2)) (&& (>= net463) (>= net5.0) (< netstandard1.3)) (&& (>= net463) (>= net5.0) (< netstandard1.5)) (&& (>= net463) (>= net5.0) (< netstandard1.6)) (&& (>= net463) (>= net5.0) (< netstandard2.0)) (&& (>= net463) (>= netcoreapp1.0) (< netstandard1.2)) (&& (>= net463) (>= netcoreapp1.0) (< netstandard1.3)) (&& (>= net463) (>= netcoreapp1.0) (< netstandard1.5)) (&& (>= net463) (>= netcoreapp1.0) (< netstandard1.6)) (&& (>= net463) (>= netcoreapp1.0) (< netstandard2.0)) (&& (>= net463) (>= netcoreapp1.1) (< netstandard1.2)) (&& (>= net463) (>= netcoreapp1.1) (< netstandard1.3)) (&& (>= net463) (>= netcoreapp1.1) (< netstandard1.5)) (&& (>= net463) (>= netcoreapp1.1) (< netstandard1.6)) (&& (>= net463) (>= netcoreapp1.1) (< netstandard2.0)) (&& (>= net463) (>= netcoreapp2.0) (< netstandard1.2)) (&& (>= net463) (>= netcoreapp2.0) (< netstandard1.3)) (&& (>= net463) (>= netcoreapp2.0) (< netstandard1.5)) (&& (>= net463) (>= netcoreapp2.0) (< netstandard1.6)) (&& (>= net463) (>= netcoreapp2.0) (< netstandard2.0)) (&& (>= net463) (>= netcoreapp2.1) (< netstandard2.0)) (&& (>= net463) (< netstandard1.0)) (&& (>= net463) (< netstandard1.2) (>= uap10.0)) (&& (>= net463) (< netstandard1.2) (>= xamarintvos)) (&& (>= net463) (< netstandard1.2) (>= xamarinwatchos)) (&& (>= net463) (< netstandard1.3) (>= uap10.0)) (&& (>= net463) (< netstandard1.3) (>= xamarintvos)) (&& (>= net463) (< netstandard1.3) (>= xamarinwatchos)) (&& (>= net463) (< netstandard1.4)) (&& (>= net463) (< netstandard1.5) (>= uap10.0)) (&& (>= net463) (< netstandard1.5) (>= xamarintvos)) (&& (>= net463) (< netstandard1.5) (>= xamarinwatchos)) (&& (>= net463) (< netstandard1.6) (>= xamarintvos)) (&& (>= net463) (< netstandard1.6) (>= xamarinwatchos)) (&& (>= net463) (< netstandard2.0) (>= xamarintvos)) (&& (>= net463) (< netstandard2.0) (>= xamarinwatchos)) (&& (>= net463) (< portable-net45+win8+wpa81)) (&& (>= net47) (>= net5.0)) (&& (>= net47) (< netstandard1.2) (>= netstandard2.0) (>= uap10.0)) (&& (>= net47) (< netstandard1.3) (>= netstandard2.0) (>= uap10.0)) (&& (>= net47) (< netstandard1.4) (>= netstandard2.0)) (&& (>= net5.0) (< netstandard1.2) (>= uap10.0)) (&& (>= net5.0) (< netstandard1.3) (>= uap10.0)) (&& (>= net5.0) (< netstandard1.4) (>= uap10.0)) (&& (>= net5.0) (< netstandard1.5) (>= uap10.0)) (&& (>= net5.0) (< portable-net45+win8+wpa81)) (&& (>= netcoreapp1.0) (>= netstandard2.0)) (&& (>= netcoreapp1.1) (< netstandard1.2) (>= netstandard2.0)) (&& (>= netcoreapp1.1) (< netstandard1.3) (>= netstandard2.0)) (&& (>= netcoreapp1.1) (< netstandard1.4) (>= netstandard2.0)) (&& (>= netcoreapp1.1) (< netstandard1.5) (>= netstandard2.0)) (&& (>= netcoreapp1.1) (< netstandard1.6) (>= netstandard2.0)) (&& (>= netcoreapp2.0) (< netstandard1.2) (>= uap10.0)) (&& (>= netcoreapp2.0) (< netstandard1.3) (>= uap10.0)) (&& (>= netcoreapp2.0) (< netstandard1.4) (>= uap10.0)) (&& (>= netcoreapp2.0) (< netstandard1.5) (>= uap10.0)) (&& (>= netcoreapp2.0) (< portable-net45+win8+wpa81)) (&& (>= netcoreapp2.1) (< netstandard1.2)) (&& (>= netcoreapp2.1) (< netstandard1.3)) (&& (>= netcoreapp2.1) (< netstandard1.4)) (&& (>= netcoreapp2.1) (< netstandard1.5)) (&& (>= netcoreapp2.1) (< netstandard1.6)) (&& (>= netcoreapp2.1) (< netstandard2.0) (< xamarintvos) (< xamarinwatchos)) (&& (>= netcoreapp2.1) (< portable-net45+win8+wpa81)) (&& (< netstandard1.0) (>= netstandard2.0) (< portable-net45+win8)) (&& (< netstandard1.0) (>= netstandard2.0) (>= uap10.0) (< win8)) (&& (< netstandard1.2) (>= netstandard2.0) (>= uap10.0) (< win8)) (&& (< netstandard1.2) (>= xamarinios)) (&& (< netstandard1.2) (>= xamarinmac)) (&& (< netstandard1.3) (>= netstandard2.0) (>= uap10.0) (< win8) (< wpa81)) (&& (< netstandard1.3) (>= xamarinios)) (&& (< netstandard1.3) (>= xamarinmac)) (&& (< netstandard1.4) (>= netstandard2.0) (>= uap10.0)) (&& (< netstandard1.4) (>= xamarinios)) (&& (< netstandard1.4) (>= xamarinmac)) (&& (< netstandard1.5) (>= netstandard2.0) (>= uap10.0)) (&& (< netstandard1.5) (>= xamarinios)) (&& (< netstandard1.5) (>= xamarinmac)) (&& (< netstandard1.6) (>= xamarinios)) (&& (< netstandard1.6) (>= xamarinmac)) (&& (>= netstandard2.0) (< portable-net45+win8+wpa81)) (&& (< netstandard2.0) (>= xamarinios)) (&& (< netstandard2.0) (>= xamarinmac)) (&& (< portable-net45+win8+wpa81) (>= xamarinios)) (&& (< portable-net45+win8+wpa81) (>= xamarinmac))
      Microsoft.NETCore.Platforms (>= 1.1) - restriction: || (&& (< monoandroid) (< net45) (< netstandard1.3) (>= netstandard2.0) (< win8) (< wpa81)) (&& (< monoandroid) (< net45) (< netstandard1.5) (>= netstandard2.0) (< win8) (< wpa81)) (&& (< net45) (>= net461) (< netstandard1.3)) (&& (< net45) (>= net461) (>= netstandard1.5)) (&& (< net45) (>= net461) (< netstandard1.5)) (&& (< net45) (>= netstandard2.0) (< win8) (< wpa81) (< xamarinios) (< xamarinmac) (< xamarintvos) (< xamarinwatchos))
      Microsoft.NETCore.Targets (>= 1.1) - restriction: || (&& (< monoandroid) (< net45) (< netstandard1.3) (>= netstandard2.0) (< win8) (< wpa81)) (&& (< monoandroid) (< net45) (< netstandard1.5) (>= netstandard2.0) (< win8) (< wpa81)) (&& (< net45) (>= net461) (< netstandard1.3)) (&& (< net45) (>= net461) (>= netstandard1.5)) (&& (< net45) (>= net461) (< netstandard1.5)) (&& (< net45) (>= netstandard2.0) (< win8) (< wpa81) (< xamarinios) (< xamarinmac) (< xamarintvos) (< xamarinwatchos))
      System.Runtime (>= 4.3) - restriction: || (&& (< monoandroid) (< net45) (< netstandard1.3) (>= netstandard2.0) (< win8) (< wpa81)) (&& (< monoandroid) (< net45) (< netstandard1.5) (>= netstandard2.0) (< win8) (< wpa81)) (&& (< net45) (>= net461) (< netstandard1.3)) (&& (< net45) (>= net461) (>= netstandard1.5)) (&& (< net45) (>= net461) (< netstandard1.5)) (&& (< net45) (>= netstandard2.0) (< win8) (< wpa81) (< xamarinios) (< xamarinmac) (< xamarintvos) (< xamarinwatchos))
      System.Text.Encoding (>= 4.3) - restriction: || (&& (< monoandroid) (< net45) (< netstandard1.3) (>= netstandard2.0) (< win8) (< wpa81)) (&& (< monoandroid) (< net45) (< netstandard1.5) (>= netstandard2.0) (< win8) (< wpa81)) (&& (< net45) (>= net461) (< netstandard1.3)) (&& (< net45) (>= net461) (>= netstandard1.5)) (&& (< net45) (>= net461) (< netstandard1.5)) (&& (< net45) (>= netstandard2.0) (< win8) (< wpa81) (< xamarinios) (< xamarinmac) (< xamarintvos) (< xamarinwatchos))
      System.Threading.Tasks (>= 4.3) - restriction: || (&& (< monoandroid) (< net45) (< netstandard1.3) (>= netstandard2.0) (< win8) (< wpa81)) (&& (< monoandroid) (< net45) (< netstandard1.5) (>= netstandard2.0) (< win8) (< wpa81)) (&& (< net45) (>= net461) (< netstandard1.3)) (&& (< net45) (>= net461) (>= netstandard1.5)) (&& (< net45) (>= net461) (< netstandard1.5)) (&& (< net45) (>= netstandard2.0) (< win8) (< wpa81) (< xamarinios) (< xamarinmac) (< xamarintvos) (< xamarinwatchos))
    System.IO.Compression (4.3) - restriction: || (&& (< net45) (>= net461) (< netstandard1.2)) (&& (< net45) (>= net461) (< netstandard1.3)) (&& (< net45) (>= net461) (>= netstandard1.5) (< netstandard1.6)) (&& (< net45) (>= net461) (< netstandard1.5)) (&& (< net45) (>= net461) (>= netstandard1.6) (< netstandard2.0)) (&& (< net45) (< netstandard1.2) (>= netstandard2.0) (< win8)) (&& (< net45) (< netstandard1.3) (>= netstandard2.0) (< win8) (< wpa81)) (&& (< net45) (< netstandard1.4) (>= netstandard2.0) (< win8) (< wpa81)) (&& (< net45) (< netstandard1.5) (>= netstandard2.0) (< win8) (< wpa81)) (&& (< net45) (< netstandard1.6) (>= netstandard2.0) (< win8) (< wpa81)) (&& (>= net46) (< netstandard1.4) (>= netstandard2.0)) (&& (>= net461) (< netstandard1.4)) (&& (>= net461) (< netstandard1.5) (>= uap10.0)) (&& (< netstandard1.5) (>= netstandard2.0) (>= uap10.0))
    System.IO.Compression.ZipFile (4.3) - restriction: || (&& (< net45) (>= net461) (>= netstandard1.5) (< netstandard1.6)) (&& (< net45) (>= net461) (< netstandard1.5)) (&& (< net45) (>= net461) (>= netstandard1.6) (< netstandard2.0)) (&& (< net45) (< netstandard1.4) (>= netstandard2.0) (< win8) (< wpa81)) (&& (< net45) (< netstandard1.5) (>= netstandard2.0) (< win8) (< wpa81)) (&& (< net45) (< netstandard1.6) (>= netstandard2.0) (< win8) (< wpa81)) (&& (>= net46) (< netstandard1.4) (>= netstandard2.0)) (&& (>= net461) (< netstandard1.4)) (&& (>= net461) (< netstandard1.5) (>= uap10.0)) (&& (< netstandard1.5) (>= netstandard2.0) (>= uap10.0))
    System.IO.FileSystem (4.3) - restriction: || (&& (< net20) (>= net461) (< netstandard1.2)) (&& (< net20) (>= net461) (< netstandard1.3) (>= netstandard1.6)) (&& (< net20) (>= net461) (>= netstandard1.5) (< netstandard1.6)) (&& (< net20) (>= net461) (< netstandard1.5)) (&& (< net20) (>= net461) (>= netstandard1.6) (< netstandard2.0)) (&& (< net45) (>= net46) (< netstandard1.2) (>= netstandard2.0)) (&& (< net45) (>= net46) (< netstandard1.3) (>= netstandard2.0)) (&& (< net45) (>= net461) (< netstandard1.2)) (&& (< net45) (>= net461) (< netstandard1.3)) (&& (< net45) (>= net461) (>= netstandard1.5) (< netstandard1.6)) (&& (< net45) (>= net461) (< netstandard1.5)) (&& (< net45) (>= net461) (>= netstandard1.6) (< netstandard2.0)) (&& (< net45) (>= net461) (< netstandard1.6) (>= netstandard2.0)) (&& (< net45) (< netstandard1.2) (>= netstandard2.0) (< win8)) (&& (< net45) (< netstandard1.3) (>= netstandard2.0) (< win8) (< wpa81)) (&& (< net45) (< netstandard1.4) (>= netstandard2.0) (< win8) (< wpa81)) (&& (< net45) (< netstandard1.5) (>= netstandard2.0) (< win8) (< wpa81)) (&& (< net45) (< netstandard1.6) (>= netstandard2.0) (< win8) (< wpa81)) (&& (>= net46) (< netstandard1.2) (>= netstandard2.0) (>= uap10.0)) (&& (>= net46) (< netstandard1.3) (>= netstandard2.0) (>= uap10.0)) (&& (>= net46) (< netstandard1.4) (>= netstandard2.0)) (&& (>= net461) (>= netcoreapp1.0)) (&& (>= net461) (< netstandard1.2) (>= uap10.0)) (&& (>= net461) (< netstandard1.3) (>= uap10.0)) (&& (>= net461) (< netstandard1.4)) (&& (>= net461) (< netstandard1.5) (>= uap10.0)) (&& (>= net461) (< portable-net45+win8+wpa81)) (&& (>= netcoreapp1.0) (>= netstandard2.0)) (&& (< netstandard1.2) (>= netstandard2.0) (>= uap10.0) (< win8)) (&& (< netstandard1.3) (>= netstandard2.0) (>= uap10.0) (< win8) (< wpa81)) (&& (< netstandard1.4) (>= netstandard2.0) (>= uap10.0) (< win8) (< wpa81)) (&& (< netstandard1.5) (>= netstandard2.0) (>= uap10.0)) (&& (>= netstandard2.0) (< portable-net45+win8+wpa81))
      Microsoft.NETCore.Platforms (>= 1.1) - restriction: || (&& (< monoandroid) (< net46) (>= netstandard2.0) (< xamarinios) (< xamarinmac) (< xamarintvos) (< xamarinwatchos)) (&& (< net46) (>= net461))
      Microsoft.NETCore.Targets (>= 1.1) - restriction: || (&& (< monoandroid) (< net46) (>= netstandard2.0) (< xamarinios) (< xamarinmac) (< xamarintvos) (< xamarinwatchos)) (&& (< net46) (>= net461))
      System.IO (>= 4.3) - restriction: || (&& (< monoandroid) (< net46) (>= netstandard2.0) (< xamarinios) (< xamarinmac) (< xamarintvos) (< xamarinwatchos)) (&& (< net46) (>= net461))
      System.IO.FileSystem.Primitives (>= 4.3) - restriction: || (&& (< monoandroid) (>= netstandard2.0) (< xamarinios) (< xamarinmac) (< xamarintvos) (< xamarinwatchos)) (&& (>= net46) (>= netstandard2.0)) (>= net461)
      System.Runtime (>= 4.3) - restriction: || (&& (< monoandroid) (< net46) (>= netstandard2.0) (< xamarinios) (< xamarinmac) (< xamarintvos) (< xamarinwatchos)) (&& (< net46) (>= net461))
      System.Runtime.Handles (>= 4.3) - restriction: || (&& (< monoandroid) (< net46) (>= netstandard2.0) (< xamarinios) (< xamarinmac) (< xamarintvos) (< xamarinwatchos)) (&& (< net46) (>= net461))
      System.Text.Encoding (>= 4.3) - restriction: || (&& (< monoandroid) (< net46) (>= netstandard2.0) (< xamarinios) (< xamarinmac) (< xamarintvos) (< xamarinwatchos)) (&& (< net46) (>= net461))
      System.Threading.Tasks (>= 4.3) - restriction: || (&& (< monoandroid) (< net46) (>= netstandard2.0) (< xamarinios) (< xamarinmac) (< xamarintvos) (< xamarinwatchos)) (&& (< net46) (>= net461))
    System.IO.FileSystem.Primitives (4.3) - restriction: || (&& (< monoandroid) (< net45) (< netstandard1.2) (>= netstandard2.0) (< win8)) (&& (< monoandroid) (< net45) (< netstandard1.3) (>= netstandard2.0) (< win8) (< wpa81)) (&& (< monoandroid) (>= netcoreapp1.0) (< netstandard1.2) (>= netstandard2.0)) (&& (< monoandroid) (>= netcoreapp1.0) (< netstandard1.3) (>= netstandard2.0)) (&& (< net20) (>= net461) (< netstandard1.2)) (&& (< net20) (>= net461) (>= netstandard1.5) (< netstandard1.6)) (&& (< net20) (>= net461) (< netstandard1.5)) (&& (< net20) (>= net461) (>= netstandard1.6) (< netstandard2.0)) (&& (< net45) (>= net46) (< netstandard1.2) (>= netstandard2.0)) (&& (< net45) (>= net46) (< netstandard1.3) (>= netstandard2.0)) (&& (< net45) (>= net46) (< netstandard1.5) (>= netstandard2.0)) (&& (< net45) (>= net46) (< netstandard1.6) (>= netstandard2.0)) (&& (< net45) (>= net461) (< netstandard1.2)) (&& (< net45) (>= net461) (< netstandard1.3)) (&& (< net45) (>= net461) (>= netstandard1.5) (< netstandard1.6)) (&& (< net45) (>= net461) (< netstandard1.5)) (&& (< net45) (>= net461) (>= netstandard1.6) (< netstandard2.0)) (&& (< net45) (>= net461) (< netstandard1.6) (>= netstandard2.0)) (&& (< net45) (< netstandard1.4) (>= netstandard2.0) (< win8) (< wpa81)) (&& (< net45) (< netstandard1.5) (>= netstandard2.0) (< win8) (< wpa81)) (&& (< net45) (< netstandard1.6) (>= netstandard2.0) (< win8) (< wpa81)) (&& (>= net46) (>= netcoreapp1.0) (< netstandard1.2) (>= netstandard2.0)) (&& (>= net46) (< netstandard1.2) (>= netstandard2.0) (>= uap10.0)) (&& (>= net46) (< netstandard1.3) (>= netstandard2.0) (>= uap10.0)) (&& (>= net46) (< netstandard1.4) (>= netstandard2.0)) (&& (>= net461) (>= netcoreapp1.0)) (&& (>= net461) (< netstandard1.2) (>= uap10.0)) (&& (>= net461) (< netstandard1.3) (>= uap10.0)) (&& (>= net461) (< netstandard1.4)) (&& (>= net461) (< netstandard1.5) (>= uap10.0)) (&& (>= net461) (< portable-net45+win8+wpa81)) (&& (>= netcoreapp1.0) (< netstandard1.2) (>= netstandard2.0) (>= uap10.0)) (&& (>= netcoreapp1.0) (< netstandard1.3) (>= netstandard2.0) (>= uap10.0)) (&& (>= netcoreapp1.0) (< netstandard1.4) (>= netstandard2.0)) (&& (>= netcoreapp1.0) (< netstandard1.5) (>= netstandard2.0)) (&& (>= netcoreapp1.0) (< netstandard1.6) (>= netstandard2.0)) (&& (>= netcoreapp1.0) (>= netstandard2.0) (< xamarinios) (< xamarinmac) (< xamarintvos) (< xamarinwatchos)) (&& (< netstandard1.2) (>= netstandard2.0) (>= uap10.0) (< win8)) (&& (< netstandard1.3) (>= netstandard2.0) (>= uap10.0) (< win8) (< wpa81)) (&& (< netstandard1.4) (>= netstandard2.0) (>= uap10.0) (< win8) (< wpa81)) (&& (< netstandard1.5) (>= netstandard2.0) (>= uap10.0)) (&& (>= netstandard2.0) (< portable-net45+win8+wpa81))
      System.Runtime (>= 4.3) - restriction: || (&& (< monoandroid) (< net46) (>= netstandard2.0) (< xamarinios) (< xamarinmac) (< xamarintvos) (< xamarinwatchos)) (&& (< net46) (>= net461))
    System.Linq (4.3) - restriction: || (&& (< monoandroid) (< net35) (>= netstandard2.0) (< win8) (< wpa81) (< xamarinios) (< xamarinmac) (< xamarintvos) (< xamarinwatchos)) (&& (< monoandroid) (>= netcoreapp1.0) (>= netstandard2.0) (< xamarinios) (< xamarinmac) (< xamarintvos) (< xamarinwatchos)) (&& (< net20) (>= net45) (< netstandard1.2) (>= netstandard2.0)) (&& (< net20) (>= net45) (< netstandard1.3) (>= netstandard2.0)) (&& (< net20) (>= net45) (< netstandard1.4) (>= netstandard2.0)) (&& (< net20) (>= net45) (< netstandard1.5) (>= netstandard2.0)) (&& (< net20) (>= net45) (< netstandard1.6) (>= netstandard2.0)) (&& (< net20) (>= net461) (< netstandard1.2)) (&& (< net20) (>= net461) (< netstandard1.3)) (&& (< net20) (>= net461) (< netstandard1.4)) (&& (< net20) (>= net461) (>= netstandard1.5) (< netstandard1.6)) (&& (< net20) (>= net461) (>= netstandard1.5) (< netstandard2.0)) (&& (< net20) (>= net461) (< netstandard1.5)) (&& (< net20) (>= net461) (>= netstandard1.6) (< netstandard2.0)) (&& (< net20) (>= net461) (< netstandard1.6) (>= netstandard2.0)) (&& (< net20) (< netstandard1.2) (>= netstandard2.0) (< win8)) (&& (< net20) (< netstandard1.3) (>= netstandard2.0) (< win8) (< wpa81)) (&& (< net20) (< netstandard1.4) (>= netstandard2.0) (< win8) (< wpa81)) (&& (< net20) (< netstandard1.5) (>= netstandard2.0) (< win8) (< wpa81)) (&& (< net20) (< netstandard1.6) (>= netstandard2.0) (< win8) (< wpa81)) (&& (< net35) (>= net45) (>= netstandard2.0)) (&& (< net35) (>= net461) (< netstandard1.2)) (&& (< net35) (>= net461) (< netstandard1.3)) (&& (< net35) (>= net461) (< netstandard1.4)) (&& (< net35) (>= net461) (>= netstandard1.5)) (&& (< net35) (>= net461) (< netstandard1.5)) (&& (< net35) (>= net461) (>= netstandard1.6) (< netstandard2.0)) (&& (< net35) (>= net461) (>= netstandard2.0)) (&& (< net35) (< netstandard1.2) (>= netstandard2.0) (< win8)) (&& (< net35) (< netstandard1.3) (>= netstandard2.0) (< win8) (< wpa81)) (&& (< net35) (< netstandard1.4) (>= netstandard2.0) (< win8) (< wpa81)) (&& (< net35) (< netstandard1.5) (>= netstandard2.0) (< win8) (< wpa81)) (&& (< net35) (< netstandard1.6) (>= netstandard2.0) (< win8) (< wpa81)) (&& (>= net45) (>= netcoreapp1.0) (>= netstandard2.0)) (&& (>= net45) (>= netstandard2.0) (>= uap10.0)) (&& (< net45) (>= net461) (< netstandard1.2)) (&& (< net45) (>= net461) (< netstandard1.3)) (&& (< net45) (>= net461) (< netstandard1.4)) (&& (< net45) (>= net461) (>= netstandard1.5) (< netstandard1.6)) (&& (< net45) (>= net461) (< netstandard1.5)) (&& (< net45) (>= net461) (>= netstandard1.6) (< netstandard2.0)) (&& (< net45) (< netstandard1.2) (>= netstandard2.0) (< win8)) (&& (< net45) (< netstandard1.3) (>= netstandard2.0) (< win8) (< wpa81)) (&& (< net45) (< netstandard1.4) (>= netstandard2.0) (< win8) (< wpa81)) (&& (< net45) (< netstandard1.5) (>= netstandard2.0) (< win8) (< wpa81)) (&& (< net45) (< netstandard1.6) (>= netstandard2.0) (< win8) (< wpa81)) (&& (>= net461) (>= netcoreapp1.0)) (&& (>= net461) (< netstandard1.2) (>= uap10.0)) (&& (>= net461) (< netstandard1.3) (>= uap10.0)) (&& (>= net461) (< netstandard1.4) (>= uap10.0)) (&& (>= net461) (>= netstandard1.5) (>= uap10.0)) (&& (>= net461) (< netstandard1.5) (>= uap10.0)) (&& (>= net461) (>= netstandard1.6) (< netstandard2.0) (>= uap10.0)) (&& (>= net461) (>= netstandard2.0) (>= uap10.0)) (&& (>= net461) (< portable-net45+win8+wpa81)) (&& (>= netcoreapp1.0) (< netstandard1.2) (>= netstandard2.0)) (&& (>= netcoreapp1.0) (< netstandard1.3) (>= netstandard2.0)) (&& (>= netcoreapp1.0) (< netstandard1.4) (>= netstandard2.0)) (&& (>= netcoreapp1.0) (< netstandard1.5) (>= netstandard2.0)) (&& (>= netcoreapp1.0) (< netstandard1.6) (>= netstandard2.0)) (&& (< netstandard1.2) (>= netstandard2.0) (>= uap10.0) (< win8)) (&& (< netstandard1.5) (>= netstandard2.0) (>= uap10.0)) (&& (>= netstandard2.0) (< portable-net45+win8+wpa81)) (&& (>= netstandard2.0) (>= uap10.0) (< win8) (< wpa81))
      System.Collections (>= 4.3) - restriction: || (&& (< monoandroid) (< net45) (< netstandard1.6) (>= netstandard2.0) (< win8) (< wpa81)) (&& (< net45) (>= net461) (>= netstandard1.6)) (&& (< net45) (>= net461) (< netstandard1.6)) (&& (< net45) (>= netstandard2.0) (< xamarinios) (< xamarinmac) (< xamarintvos) (< xamarinwatchos))
      System.Diagnostics.Debug (>= 4.3) - restriction: || (&& (< net45) (>= net461) (>= netstandard1.6)) (&& (< net45) (>= netstandard2.0) (< xamarinios) (< xamarinmac) (< xamarintvos) (< xamarinwatchos))
      System.Resources.ResourceManager (>= 4.3) - restriction: || (&& (< net45) (>= net461) (>= netstandard1.6)) (&& (< net45) (>= netstandard2.0) (< xamarinios) (< xamarinmac) (< xamarintvos) (< xamarinwatchos))
      System.Runtime (>= 4.3) - restriction: || (&& (< monoandroid) (< net45) (< netstandard1.6) (>= netstandard2.0) (< win8) (< wpa81)) (&& (< net45) (>= net461) (>= netstandard1.6)) (&& (< net45) (>= net461) (< netstandard1.6)) (&& (< net45) (>= netstandard2.0) (< xamarinios) (< xamarinmac) (< xamarintvos) (< xamarinwatchos))
      System.Runtime.Extensions (>= 4.3) - restriction: || (&& (< net45) (>= net461) (>= netstandard1.6)) (&& (< net45) (>= netstandard2.0) (< xamarinios) (< xamarinmac) (< xamarintvos) (< xamarinwatchos))
    System.Linq.Expressions (4.3) - restriction: || (&& (< monoandroid) (< net20) (< netstandard1.2) (>= netstandard2.0) (< win8)) (&& (< monoandroid) (< net20) (< netstandard1.3) (>= netstandard2.0) (< win8) (< wpa81)) (&& (< monoandroid) (< net35) (< netstandard1.2) (>= netstandard2.0) (< win8)) (&& (< monoandroid) (< net35) (< netstandard1.3) (>= netstandard2.0) (< win8) (< wpa81)) (&& (< monoandroid) (< net35) (< netstandard1.4) (>= netstandard2.0) (< win8) (< wpa81)) (&& (< monoandroid) (< net35) (< netstandard1.5) (>= netstandard2.0) (< win8) (< wpa81)) (&& (< monoandroid) (< net35) (< netstandard1.6) (>= netstandard2.0) (< win8) (< wpa81)) (&& (< monoandroid) (< net35) (>= netstandard2.0) (< win8) (< wpa81) (< xamarinios) (< xamarinmac) (< xamarintvos) (< xamarinwatchos)) (&& (< net20) (>= net45) (< netstandard1.3) (>= netstandard2.0)) (&& (< net20) (>= net461) (< netstandard1.2)) (&& (< net20) (>= net461) (< netstandard1.3)) (&& (< net20) (>= net461) (< netstandard1.4)) (&& (< net20) (>= net461) (>= netstandard1.5) (< netstandard1.6)) (&& (< net20) (>= net461) (>= netstandard1.5) (< netstandard2.0)) (&& (< net20) (>= net461) (< netstandard1.5)) (&& (< net20) (>= net461) (>= netstandard1.6) (< netstandard2.0)) (&& (< net35) (>= net45) (>= netstandard2.0)) (&& (< net35) (>= net461) (< netstandard1.2)) (&& (< net35) (>= net461) (< netstandard1.3)) (&& (< net35) (>= net461) (< netstandard1.4)) (&& (< net35) (>= net461) (>= netstandard1.5)) (&& (< net35) (>= net461) (< netstandard1.5)) (&& (< net35) (>= net461) (>= netstandard1.6) (< netstandard2.0)) (&& (< net35) (>= net461) (>= netstandard2.0)) (&& (< net45) (>= net461) (< netstandard1.2)) (&& (< net45) (>= net461) (< netstandard1.3)) (&& (< net45) (>= net461) (< netstandard1.4)) (&& (< net45) (>= net461) (>= netstandard1.5) (< netstandard1.6)) (&& (< net45) (>= net461) (< netstandard1.5)) (&& (< net45) (>= net461) (>= netstandard1.6) (< netstandard2.0)) (&& (< net45) (< netstandard1.2) (>= netstandard2.0) (< win8)) (&& (< net45) (< netstandard1.3) (>= netstandard2.0) (< win8) (< wpa81)) (&& (< net45) (< netstandard1.4) (>= netstandard2.0) (< win8) (< wpa81)) (&& (< net45) (< netstandard1.5) (>= netstandard2.0) (< win8) (< wpa81)) (&& (< net45) (< netstandard1.6) (>= netstandard2.0) (< win8) (< wpa81)) (&& (>= net461) (< netstandard1.2) (>= uap10.0)) (&& (>= net461) (< netstandard1.3) (>= uap10.0)) (&& (>= net461) (< netstandard1.4) (>= uap10.0)) (&& (>= net461) (< netstandard1.5) (>= uap10.0)) (&& (>= net461) (< portable-net45+win8+wpa81)) (&& (< netstandard1.2) (>= netstandard2.0) (>= uap10.0) (< win8)) (&& (< netstandard1.3) (>= netstandard2.0) (>= uap10.0) (< win8) (< wpa81)) (&& (< netstandard1.4) (>= netstandard2.0) (>= uap10.0) (< win8) (< wpa81)) (&& (< netstandard1.5) (>= netstandard2.0) (>= uap10.0)) (&& (>= netstandard2.0) (< portable-net45+win8+wpa81))
      System.Collections (>= 4.3) - restriction: || (&& (< net45) (>= net461) (>= netstandard1.6)) (&& (< net45) (>= netstandard2.0) (< xamarinios) (< xamarinmac) (< xamarintvos) (< xamarinwatchos))
      System.Diagnostics.Debug (>= 4.3) - restriction: || (&& (< net45) (>= net461) (>= netstandard1.6)) (&& (< net45) (>= netstandard2.0) (< xamarinios) (< xamarinmac) (< xamarintvos) (< xamarinwatchos))
      System.Globalization (>= 4.3) - restriction: || (&& (< net45) (>= net461) (>= netstandard1.6)) (&& (< net45) (>= netstandard2.0) (< xamarinios) (< xamarinmac) (< xamarintvos) (< xamarinwatchos))
      System.IO (>= 4.3) - restriction: || (&& (< net45) (>= net461) (>= netstandard1.6)) (&& (< net45) (>= netstandard2.0) (< xamarinios) (< xamarinmac) (< xamarintvos) (< xamarinwatchos))
      System.Linq (>= 4.3) - restriction: || (&& (< net45) (>= net461) (>= netstandard1.6)) (&& (< net45) (>= netstandard2.0) (< xamarinios) (< xamarinmac) (< xamarintvos) (< xamarinwatchos))
      System.ObjectModel (>= 4.3) - restriction: || (&& (< net45) (>= net461) (>= netstandard1.6)) (&& (< net45) (>= netstandard2.0) (< xamarinios) (< xamarinmac) (< xamarintvos) (< xamarinwatchos))
      System.Reflection (>= 4.3) - restriction: || (&& (< monoandroid) (< net45) (< netstandard1.3) (>= netstandard2.0) (< win8) (< wpa81)) (&& (< monoandroid) (< net45) (< netstandard1.6) (>= netstandard2.0) (< win8) (< wpa81)) (&& (< net45) (>= net461) (< netstandard1.3)) (&& (< net45) (>= net461) (>= netstandard1.6)) (&& (< net45) (>= net461) (< netstandard1.6)) (&& (< net45) (>= netstandard2.0) (< xamarinios) (< xamarinmac) (< xamarintvos) (< xamarinwatchos))
      System.Reflection.Emit (>= 4.3) - restriction: || (&& (< net45) (>= net461) (>= netstandard1.6)) (&& (< net45) (>= netstandard2.0) (< xamarinios) (< xamarinmac) (< xamarintvos) (< xamarinwatchos))
      System.Reflection.Emit.ILGeneration (>= 4.3) - restriction: || (&& (< net45) (>= net461) (>= netstandard1.6)) (&& (< net45) (>= netstandard2.0) (< xamarinios) (< xamarinmac) (< xamarintvos) (< xamarinwatchos))
      System.Reflection.Emit.Lightweight (>= 4.3) - restriction: || (&& (< net45) (>= net461) (>= netstandard1.6)) (&& (< net45) (>= netstandard2.0) (< xamarinios) (< xamarinmac) (< xamarintvos) (< xamarinwatchos))
      System.Reflection.Extensions (>= 4.3) - restriction: || (&& (< net45) (>= net461) (>= netstandard1.6)) (&& (< net45) (>= netstandard2.0) (< xamarinios) (< xamarinmac) (< xamarintvos) (< xamarinwatchos))
      System.Reflection.Primitives (>= 4.3) - restriction: || (&& (< net45) (>= net461) (>= netstandard1.6)) (&& (< net45) (>= netstandard2.0) (< xamarinios) (< xamarinmac) (< xamarintvos) (< xamarinwatchos))
      System.Reflection.TypeExtensions (>= 4.3) - restriction: || (&& (< net45) (>= net461) (>= netstandard1.6)) (&& (< net45) (>= netstandard2.0) (< xamarinios) (< xamarinmac) (< xamarintvos) (< xamarinwatchos))
      System.Resources.ResourceManager (>= 4.3) - restriction: || (&& (< net45) (>= net461) (>= netstandard1.6)) (&& (< net45) (>= netstandard2.0) (< xamarinios) (< xamarinmac) (< xamarintvos) (< xamarinwatchos))
      System.Runtime (>= 4.3) - restriction: || (&& (< monoandroid) (< net45) (< netstandard1.3) (>= netstandard2.0) (< win8) (< wpa81)) (&& (< monoandroid) (< net45) (< netstandard1.6) (>= netstandard2.0) (< win8) (< wpa81)) (&& (< net45) (>= net461) (< netstandard1.3)) (&& (< net45) (>= net461) (>= netstandard1.6)) (&& (< net45) (>= net461) (< netstandard1.6)) (&& (< net45) (>= netstandard2.0) (< xamarinios) (< xamarinmac) (< xamarintvos) (< xamarinwatchos))
      System.Runtime.Extensions (>= 4.3) - restriction: || (&& (< net45) (>= net461) (>= netstandard1.6)) (&& (< net45) (>= netstandard2.0) (< xamarinios) (< xamarinmac) (< xamarintvos) (< xamarinwatchos))
      System.Threading (>= 4.3) - restriction: || (&& (< net45) (>= net461) (>= netstandard1.6)) (&& (< net45) (>= netstandard2.0) (< xamarinios) (< xamarinmac) (< xamarintvos) (< xamarinwatchos))
    System.Memory (4.5.5)
      System.Buffers (>= 4.5.1) - restriction: || (&& (>= monoandroid) (< netstandard1.1) (>= netstandard2.0)) (&& (< monoandroid) (< netstandard1.1) (>= netstandard2.0) (< win8)) (&& (>= monotouch) (>= netstandard2.0)) (&& (< net45) (< netcoreapp2.0) (>= netstandard2.0)) (>= net461) (&& (< netstandard1.1) (>= netstandard2.0) (>= win8)) (&& (>= netstandard2.0) (>= xamarintvos)) (&& (>= netstandard2.0) (>= xamarinwatchos)) (>= xamarinios) (>= xamarinmac)
      System.Numerics.Vectors (>= 4.4) - restriction: || (&& (< net45) (>= net461) (>= netstandard2.0)) (&& (< net45) (< netcoreapp2.0) (>= netstandard2.0) (< xamarinios) (< xamarinmac) (< xamarintvos) (< xamarinwatchos))
      System.Numerics.Vectors (>= 4.5) - restriction: >= net461
      System.Runtime.CompilerServices.Unsafe (>= 4.5.3) - restriction: || (&& (>= monoandroid) (< netstandard1.1) (>= netstandard2.0)) (&& (< monoandroid) (>= netcoreapp2.0) (< netcoreapp2.1)) (&& (< monoandroid) (< netstandard1.1) (>= netstandard2.0) (< win8)) (&& (>= monotouch) (>= netstandard2.0)) (&& (< net45) (< netcoreapp2.0) (>= netstandard2.0)) (>= net461) (&& (< netstandard1.1) (>= netstandard2.0) (>= win8)) (&& (>= netstandard2.0) (>= uap10.1)) (&& (>= netstandard2.0) (>= xamarintvos)) (&& (>= netstandard2.0) (>= xamarinwatchos)) (>= xamarinios) (>= xamarinmac)
    System.Net.Http (4.3.4)
      Microsoft.NETCore.Platforms (>= 1.1.1) - restriction: || (&& (< monoandroid) (< net45) (< netstandard1.6) (>= netstandard2.0) (< win8) (< wpa81)) (&& (< net45) (>= net461) (>= netstandard1.6)) (&& (< net45) (>= net461) (< netstandard1.6)) (&& (< net45) (>= netstandard2.0) (< xamarinios) (< xamarinmac) (< xamarintvos) (< xamarinwatchos))
      runtime.native.System (>= 4.3) - restriction: || (&& (< net45) (>= net461) (>= netstandard1.6)) (&& (< net45) (>= netstandard2.0) (< xamarinios) (< xamarinmac) (< xamarintvos) (< xamarinwatchos))
      runtime.native.System.Net.Http (>= 4.3) - restriction: || (&& (< net45) (>= net461) (>= netstandard1.6)) (&& (< net45) (>= netstandard2.0) (< xamarinios) (< xamarinmac) (< xamarintvos) (< xamarinwatchos))
      runtime.native.System.Security.Cryptography.OpenSsl (>= 4.3.2) - restriction: || (&& (< net45) (>= net461) (>= netstandard1.6)) (&& (< net45) (>= netstandard2.0) (< xamarinios) (< xamarinmac) (< xamarintvos) (< xamarinwatchos))
      System.Collections (>= 4.3) - restriction: || (&& (< monoandroid) (< net45) (< netstandard1.6) (>= netstandard2.0) (< win8) (< wpa81)) (&& (< net45) (>= net461) (>= netstandard1.6)) (&& (< net45) (>= net461) (< netstandard1.6)) (&& (< net45) (>= netstandard2.0) (< xamarinios) (< xamarinmac) (< xamarintvos) (< xamarinwatchos))
      System.Diagnostics.Debug (>= 4.3) - restriction: || (&& (< monoandroid) (< net45) (< netstandard1.6) (>= netstandard2.0) (< win8) (< wpa81)) (&& (< net45) (>= net461) (>= netstandard1.6)) (&& (< net45) (>= net461) (< netstandard1.6)) (&& (< net45) (>= netstandard2.0) (< xamarinios) (< xamarinmac) (< xamarintvos) (< xamarinwatchos))
      System.Diagnostics.DiagnosticSource (>= 4.3) - restriction: || (&& (< monoandroid) (< net45) (< netstandard1.6) (>= netstandard2.0) (< win8) (< wpa81)) (&& (< net45) (>= net461) (>= netstandard1.6)) (&& (< net45) (>= net461) (< netstandard1.6)) (&& (< net45) (>= netstandard2.0) (< xamarinios) (< xamarinmac) (< xamarintvos) (< xamarinwatchos))
      System.Diagnostics.Tracing (>= 4.3) - restriction: || (&& (< monoandroid) (< net45) (< netstandard1.6) (>= netstandard2.0) (< win8) (< wpa81)) (&& (< net45) (>= net461) (>= netstandard1.6)) (&& (< net45) (>= net461) (< netstandard1.6)) (&& (< net45) (>= netstandard2.0) (< xamarinios) (< xamarinmac) (< xamarintvos) (< xamarinwatchos))
      System.Globalization (>= 4.3) - restriction: || (&& (< monoandroid) (< net45) (< netstandard1.6) (>= netstandard2.0) (< win8) (< wpa81)) (&& (< net45) (>= net461) (>= netstandard1.6)) (&& (< net45) (>= net461) (< netstandard1.6)) (&& (< net45) (>= netstandard2.0) (< xamarinios) (< xamarinmac) (< xamarintvos) (< xamarinwatchos))
      System.Globalization.Extensions (>= 4.3) - restriction: || (&& (< net45) (>= net461) (>= netstandard1.6)) (&& (< net45) (>= netstandard2.0) (< xamarinios) (< xamarinmac) (< xamarintvos) (< xamarinwatchos))
      System.IO (>= 4.3) - restriction: || (&& (< monoandroid) (< net45) (< netstandard1.3) (>= netstandard2.0) (< win8) (< wpa81)) (&& (< monoandroid) (< net45) (< netstandard1.6) (>= netstandard2.0) (< win8) (< wpa81)) (&& (< net45) (>= net461) (< netstandard1.3)) (&& (< net45) (>= net461) (>= netstandard1.6)) (&& (< net45) (>= net461) (< netstandard1.6)) (&& (< net45) (>= netstandard2.0) (< xamarinios) (< xamarinmac) (< xamarintvos) (< xamarinwatchos))
      System.IO.FileSystem (>= 4.3) - restriction: || (&& (< net45) (>= net461) (>= netstandard1.6)) (&& (< net45) (>= netstandard2.0) (< xamarinios) (< xamarinmac) (< xamarintvos) (< xamarinwatchos))
      System.Net.Primitives (>= 4.3) - restriction: || (&& (< monoandroid) (< net45) (< netstandard1.3) (>= netstandard2.0) (< win8) (< wpa81)) (&& (< monoandroid) (< net45) (< netstandard1.6) (>= netstandard2.0) (< win8) (< wpa81)) (&& (< net45) (>= net461) (< netstandard1.3)) (&& (< net45) (>= net461) (>= netstandard1.6)) (&& (< net45) (>= net461) (< netstandard1.6)) (&& (< net45) (>= netstandard2.0) (< xamarinios) (< xamarinmac) (< xamarintvos) (< xamarinwatchos))
      System.Resources.ResourceManager (>= 4.3) - restriction: || (&& (< monoandroid) (< net45) (< netstandard1.6) (>= netstandard2.0) (< win8) (< wpa81)) (&& (< net45) (>= net461) (>= netstandard1.6)) (&& (< net45) (>= net461) (< netstandard1.6)) (&& (< net45) (>= netstandard2.0) (< xamarinios) (< xamarinmac) (< xamarintvos) (< xamarinwatchos))
      System.Runtime (>= 4.3) - restriction: || (&& (< monoandroid) (< net45) (< netstandard1.3) (>= netstandard2.0) (< win8) (< wpa81)) (&& (< monoandroid) (< net45) (< netstandard1.6) (>= netstandard2.0) (< win8) (< wpa81)) (&& (< net45) (>= net461) (< netstandard1.3)) (&& (< net45) (>= net461) (>= netstandard1.6)) (&& (< net45) (>= net461) (< netstandard1.6)) (&& (< net45) (>= netstandard2.0) (< xamarinios) (< xamarinmac) (< xamarintvos) (< xamarinwatchos))
      System.Runtime.Extensions (>= 4.3) - restriction: || (&& (< monoandroid) (< net45) (< netstandard1.6) (>= netstandard2.0) (< win8) (< wpa81)) (&& (< net45) (>= net461) (>= netstandard1.6)) (&& (< net45) (>= net461) (< netstandard1.6)) (&& (< net45) (>= netstandard2.0) (< xamarinios) (< xamarinmac) (< xamarintvos) (< xamarinwatchos))
      System.Runtime.Handles (>= 4.3) - restriction: || (&& (< monoandroid) (< net45) (< netstandard1.6) (>= netstandard2.0) (< win8) (< wpa81)) (&& (< net45) (>= net461) (>= netstandard1.6)) (&& (< net45) (>= net461) (< netstandard1.6)) (&& (< net45) (>= netstandard2.0) (< xamarinios) (< xamarinmac) (< xamarintvos) (< xamarinwatchos))
      System.Runtime.InteropServices (>= 4.3) - restriction: || (&& (< monoandroid) (< net45) (< netstandard1.6) (>= netstandard2.0) (< win8) (< wpa81)) (&& (< net45) (>= net461) (>= netstandard1.6)) (&& (< net45) (>= net461) (< netstandard1.6)) (&& (< net45) (>= netstandard2.0) (< xamarinios) (< xamarinmac) (< xamarintvos) (< xamarinwatchos))
      System.Security.Cryptography.Algorithms (>= 4.3) - restriction: || (&& (< net45) (>= net461) (>= netstandard1.6)) (&& (< net45) (>= netstandard2.0) (< xamarinios) (< xamarinmac) (< xamarintvos) (< xamarinwatchos))
      System.Security.Cryptography.Encoding (>= 4.3) - restriction: || (&& (< monoandroid) (< net45) (< netstandard1.6) (>= netstandard2.0) (< win8) (< wpa81)) (&& (< net45) (>= net461) (>= netstandard1.6)) (&& (< net45) (>= net461) (< netstandard1.6)) (&& (< net45) (>= netstandard2.0) (< xamarinios) (< xamarinmac) (< xamarintvos) (< xamarinwatchos))
      System.Security.Cryptography.OpenSsl (>= 4.3) - restriction: || (&& (< net45) (>= net461) (>= netstandard1.6)) (&& (< net45) (>= netstandard2.0) (< xamarinios) (< xamarinmac) (< xamarintvos) (< xamarinwatchos))
      System.Security.Cryptography.Primitives (>= 4.3) - restriction: || (&& (< net45) (>= net461) (>= netstandard1.6)) (&& (< net45) (>= netstandard2.0) (< xamarinios) (< xamarinmac) (< xamarintvos) (< xamarinwatchos))
      System.Security.Cryptography.X509Certificates (>= 4.3) - restriction: || (&& (< monoandroid) (< net45) (< netstandard1.6) (>= netstandard2.0) (< win8) (< wpa81)) (&& (< net45) (>= netstandard2.0) (< xamarinios) (< xamarinmac) (< xamarintvos) (< xamarinwatchos)) (&& (>= net46) (>= netstandard2.0)) (>= net461)
      System.Text.Encoding (>= 4.3) - restriction: || (&& (< monoandroid) (< net45) (< netstandard1.3) (>= netstandard2.0) (< win8) (< wpa81)) (&& (< monoandroid) (< net45) (< netstandard1.6) (>= netstandard2.0) (< win8) (< wpa81)) (&& (< net45) (>= net461) (< netstandard1.3)) (&& (< net45) (>= net461) (>= netstandard1.6)) (&& (< net45) (>= net461) (< netstandard1.6)) (&& (< net45) (>= netstandard2.0) (< xamarinios) (< xamarinmac) (< xamarintvos) (< xamarinwatchos))
      System.Threading (>= 4.3) - restriction: || (&& (< monoandroid) (< net45) (< netstandard1.6) (>= netstandard2.0) (< win8) (< wpa81)) (&& (< net45) (>= net461) (>= netstandard1.6)) (&& (< net45) (>= net461) (< netstandard1.6)) (&& (< net45) (>= netstandard2.0) (< xamarinios) (< xamarinmac) (< xamarintvos) (< xamarinwatchos))
      System.Threading.Tasks (>= 4.3) - restriction: || (&& (< monoandroid) (< net45) (< netstandard1.3) (>= netstandard2.0) (< win8) (< wpa81)) (&& (< monoandroid) (< net45) (< netstandard1.6) (>= netstandard2.0) (< win8) (< wpa81)) (&& (< net45) (>= net461) (< netstandard1.3)) (&& (< net45) (>= net461) (>= netstandard1.6)) (&& (< net45) (>= net461) (< netstandard1.6)) (&& (< net45) (>= netstandard2.0) (< xamarinios) (< xamarinmac) (< xamarintvos) (< xamarinwatchos))
    System.Net.Http.WinHttpHandler (5.0)
      System.Buffers (>= 4.5.1) - restriction: || (&& (>= monoandroid) (< netstandard1.3) (>= netstandard2.0)) (&& (>= monotouch) (>= netstandard2.0)) (&& (< net46) (< netcoreapp2.0) (>= netstandard2.0)) (>= net461) (&& (>= netstandard2.0) (>= xamarintvos)) (&& (>= netstandard2.0) (>= xamarinwatchos)) (>= xamarinios) (>= xamarinmac)
      System.Memory (>= 4.5.4) - restriction: || (&& (< monoandroid) (>= netcoreapp2.0) (< netcoreapp2.1) (< xamarinios) (< xamarinmac) (< xamarintvos) (< xamarinwatchos)) (&& (< net46) (< netcoreapp2.0) (>= netstandard2.0) (< xamarinios) (< xamarinmac) (< xamarintvos) (< xamarinwatchos)) (>= net461) (&& (>= netstandard2.0) (>= uap10.1))
    System.Net.Primitives (4.3.1) - restriction: || (&& (< net45) (>= net46) (< netstandard1.2) (>= netstandard2.0)) (&& (< net45) (>= net46) (< netstandard1.3) (>= netstandard2.0)) (&& (< net45) (>= net46) (< netstandard1.4) (>= netstandard2.0)) (&& (< net45) (>= net461) (< netstandard1.2)) (&& (< net45) (>= net461) (< netstandard1.3)) (&& (< net45) (>= net461) (< netstandard1.4)) (&& (< net45) (>= net461) (>= netstandard1.5) (< netstandard1.6)) (&& (< net45) (>= net461) (< netstandard1.5)) (&& (< net45) (>= net461) (>= netstandard1.6) (< netstandard2.0)) (&& (< net45) (>= net461) (< netstandard1.6) (>= netstandard2.0)) (&& (< net45) (< netstandard1.2) (>= netstandard2.0) (< win8)) (&& (< net45) (< netstandard1.3) (>= netstandard2.0) (< win8) (< wpa81)) (&& (< net45) (< netstandard1.4) (>= netstandard2.0) (< win8) (< wpa81)) (&& (< net45) (< netstandard1.5) (>= netstandard2.0) (< win8) (< wpa81)) (&& (< net45) (< netstandard1.6) (>= netstandard2.0) (< win8) (< wpa81)) (&& (>= net46) (< netstandard1.3) (>= netstandard2.0) (>= uap10.0)) (&& (>= net46) (< netstandard1.4) (>= netstandard2.0) (>= uap10.0)) (&& (>= net461) (< netstandard1.2) (>= uap10.0)) (&& (>= net461) (< netstandard1.3) (>= uap10.0)) (&& (>= net461) (< netstandard1.4) (>= uap10.0)) (&& (>= net461) (< netstandard1.5) (>= uap10.0)) (&& (>= net461) (< portable-net45+win8+wpa81)) (&& (< netstandard1.2) (>= netstandard2.0) (>= uap10.0) (< win8)) (&& (< netstandard1.3) (>= netstandard2.0) (>= uap10.0) (< win8) (< wpa81)) (&& (< netstandard1.4) (>= netstandard2.0) (>= uap10.0) (< win8) (< wpa81)) (&& (< netstandard1.5) (>= netstandard2.0) (>= uap10.0)) (&& (>= netstandard2.0) (< portable-net45+win8+wpa81))
    System.Net.Sockets (4.3) - restriction: || (&& (< net45) (>= net461) (>= netstandard1.5) (< netstandard1.6)) (&& (< net45) (>= net461) (< netstandard1.5)) (&& (< net45) (>= net461) (>= netstandard1.6) (< netstandard2.0)) (&& (< net45) (< netstandard1.4) (>= netstandard2.0) (< win8) (< wpa81)) (&& (< net45) (< netstandard1.5) (>= netstandard2.0) (< win8) (< wpa81)) (&& (< net45) (< netstandard1.6) (>= netstandard2.0) (< win8) (< wpa81)) (&& (>= net46) (< netstandard1.4) (>= netstandard2.0)) (&& (>= net461) (< netstandard1.4)) (&& (>= net461) (< netstandard1.5) (>= uap10.0)) (&& (< netstandard1.5) (>= netstandard2.0) (>= uap10.0))
    System.Numerics.Vectors (4.5) - restriction: || (&& (< monoandroid) (>= net5.0) (< netcoreapp2.0) (< netstandard2.1) (< xamarintvos) (< xamarinwatchos)) (&& (< net45) (< netcoreapp2.0) (>= netstandard2.0) (< xamarinios) (< xamarinmac) (< xamarintvos) (< xamarinwatchos)) (&& (>= net461) (>= net5.0)) (&& (>= net461) (>= netstandard2.0))
    System.ObjectModel (4.3) - restriction: || (&& (< monoandroid) (< net20) (< netstandard1.2) (>= netstandard2.0) (< win8)) (&& (< monoandroid) (< net20) (< netstandard1.3) (>= netstandard2.0) (< win8) (< wpa81)) (&& (< monoandroid) (< net35) (< netstandard1.2) (>= netstandard2.0) (< win8)) (&& (< monoandroid) (< net35) (< netstandard1.3) (>= netstandard2.0) (< win8) (< wpa81)) (&& (< monoandroid) (< net35) (< netstandard1.4) (>= netstandard2.0) (< win8) (< wpa81)) (&& (< monoandroid) (< net35) (< netstandard1.5) (>= netstandard2.0) (< win8) (< wpa81)) (&& (< monoandroid) (< net35) (< netstandard1.6) (>= netstandard2.0) (< win8) (< wpa81)) (&& (< monoandroid) (< net35) (>= netstandard2.0) (< win8) (< wpa81) (< xamarinios) (< xamarinmac) (< xamarintvos) (< xamarinwatchos)) (&& (< net20) (>= net45) (< netstandard1.3) (>= netstandard2.0)) (&& (< net20) (>= net461) (< netstandard1.2)) (&& (< net20) (>= net461) (< netstandard1.3)) (&& (< net20) (>= net461) (< netstandard1.4)) (&& (< net20) (>= net461) (>= netstandard1.5) (< netstandard1.6)) (&& (< net20) (>= net461) (>= netstandard1.5) (< netstandard2.0)) (&& (< net20) (>= net461) (< netstandard1.5)) (&& (< net20) (>= net461) (>= netstandard1.6) (< netstandard2.0)) (&& (< net35) (>= net45) (>= netstandard2.0)) (&& (< net35) (>= net461) (< netstandard1.2)) (&& (< net35) (>= net461) (< netstandard1.3)) (&& (< net35) (>= net461) (< netstandard1.4)) (&& (< net35) (>= net461) (>= netstandard1.5)) (&& (< net35) (>= net461) (< netstandard1.5)) (&& (< net35) (>= net461) (>= netstandard1.6) (< netstandard2.0)) (&& (< net35) (>= net461) (>= netstandard2.0)) (&& (< net45) (>= net461) (< netstandard1.2)) (&& (< net45) (>= net461) (< netstandard1.3)) (&& (< net45) (>= net461) (< netstandard1.4)) (&& (< net45) (>= net461) (>= netstandard1.5) (< netstandard1.6)) (&& (< net45) (>= net461) (< netstandard1.5)) (&& (< net45) (>= net461) (>= netstandard1.6) (< netstandard2.0)) (&& (< net45) (< netstandard1.2) (>= netstandard2.0) (< win8)) (&& (< net45) (< netstandard1.3) (>= netstandard2.0) (< win8) (< wpa81)) (&& (< net45) (< netstandard1.4) (>= netstandard2.0) (< win8) (< wpa81)) (&& (< net45) (< netstandard1.5) (>= netstandard2.0) (< win8) (< wpa81)) (&& (< net45) (< netstandard1.6) (>= netstandard2.0) (< win8) (< wpa81)) (&& (>= net461) (< netstandard1.2) (>= uap10.0)) (&& (>= net461) (< netstandard1.3) (>= uap10.0)) (&& (>= net461) (< netstandard1.4) (>= uap10.0)) (&& (>= net461) (< netstandard1.5) (>= uap10.0)) (&& (>= net461) (< portable-net45+win8+wpa81)) (&& (< netstandard1.2) (>= netstandard2.0) (>= uap10.0) (< win8)) (&& (< netstandard1.3) (>= netstandard2.0) (>= uap10.0) (< win8) (< wpa81)) (&& (< netstandard1.4) (>= netstandard2.0) (>= uap10.0) (< win8) (< wpa81)) (&& (< netstandard1.5) (>= netstandard2.0) (>= uap10.0)) (&& (>= netstandard2.0) (< portable-net45+win8+wpa81))
      System.Collections (>= 4.3) - restriction: || (&& (< monoandroid) (< net45) (>= netstandard2.0) (< win8) (< wpa81) (< xamarinios) (< xamarinmac) (< xamarintvos) (< xamarinwatchos)) (&& (< net45) (>= net461))
      System.Diagnostics.Debug (>= 4.3) - restriction: || (&& (< monoandroid) (< net45) (>= netstandard2.0) (< win8) (< wpa81) (< xamarinios) (< xamarinmac) (< xamarintvos) (< xamarinwatchos)) (&& (< net45) (>= net461))
      System.Resources.ResourceManager (>= 4.3) - restriction: || (&& (< monoandroid) (< net45) (>= netstandard2.0) (< win8) (< wpa81) (< xamarinios) (< xamarinmac) (< xamarintvos) (< xamarinwatchos)) (&& (< net45) (>= net461))
      System.Runtime (>= 4.3) - restriction: || (&& (< monoandroid) (< net45) (< netstandard1.3) (>= netstandard2.0) (< win8) (< wpa81)) (&& (< monoandroid) (< net45) (>= netstandard2.0) (< win8) (< wpa81) (< xamarinios) (< xamarinmac) (< xamarintvos) (< xamarinwatchos)) (&& (< net45) (>= net461))
      System.Threading (>= 4.3) - restriction: || (&& (< monoandroid) (< net45) (>= netstandard2.0) (< win8) (< wpa81) (< xamarinios) (< xamarinmac) (< xamarintvos) (< xamarinwatchos)) (&& (< net45) (>= net461))
    System.Reflection (4.3) - restriction: || (&& (< monoandroid) (>= netcoreapp1.1) (< netstandard1.0) (>= netstandard2.0)) (&& (< monoandroid) (>= netcoreapp2.0) (< netstandard1.0)) (&& (< monoandroid) (>= netcoreapp2.0) (< netstandard1.2)) (&& (< monoandroid) (>= netcoreapp2.0) (< netstandard1.3)) (&& (< monoandroid) (>= netcoreapp2.0) (< netstandard1.4)) (&& (< monoandroid) (>= netcoreapp2.0) (< netstandard1.5)) (&& (< monoandroid) (>= netcoreapp2.0) (< netstandard1.6)) (&& (< monoandroid) (>= netcoreapp2.0) (< netstandard2.0)) (&& (< monoandroid) (>= netcoreapp2.1) (< netstandard1.0)) (&& (< monoandroid) (< netstandard1.0) (>= netstandard2.0) (< win8)) (&& (>= monotouch) (>= net461)) (&& (>= monotouch) (>= netcoreapp2.0)) (&& (>= monotouch) (>= netcoreapp2.1)) (&& (>= monotouch) (>= netstandard2.0)) (&& (>= monotouch) (>= xamarinios)) (&& (>= monotouch) (>= xamarinmac)) (&& (< net20) (>= net45) (< netstandard1.0) (>= netstandard2.0)) (&& (< net20) (>= net45) (< netstandard1.2) (>= netstandard2.0)) (&& (< net20) (>= net45) (< netstandard1.3) (>= netstandard2.0)) (&& (< net20) (>= net45) (< netstandard1.4) (>= netstandard2.0)) (&& (< net20) (>= net45) (< netstandard1.5) (>= netstandard2.0)) (&& (< net20) (>= net45) (< netstandard1.6) (>= netstandard2.0)) (&& (< net20) (>= net46) (< netstandard1.2) (>= netstandard2.0)) (&& (< net20) (>= net46) (< netstandard1.3) (>= netstandard2.0)) (&& (< net20) (>= net46) (< netstandard1.4) (>= netstandard2.0)) (&& (< net20) (>= net461) (< netstandard1.2)) (&& (< net20) (>= net461) (< netstandard1.3)) (&& (< net20) (>= net461) (< netstandard1.4)) (&& (< net20) (>= net461) (>= netstandard1.5) (< netstandard1.6)) (&& (< net20) (>= net461) (< netstandard1.5)) (&& (< net20) (>= net461) (< netstandard1.6) (>= netstandard2.0)) (&& (< net20) (>= net461) (< netstandard2.0)) (&& (< net20) (< netstandard1.2) (>= netstandard2.0) (< win8)) (&& (< net20) (< netstandard1.3) (>= netstandard2.0) (< win8) (< wpa81)) (&& (< net20) (< netstandard1.4) (>= netstandard2.0) (< win8) (< wpa81)) (&& (< net20) (< netstandard1.5) (>= netstandard2.0) (< win8) (< wpa81)) (&& (< net20) (< netstandard1.6) (>= netstandard2.0) (< win8) (< wpa81)) (&& (< net35) (>= net461) (< netstandard1.2)) (&& (< net35) (>= net461) (< netstandard1.3)) (&& (< net35) (>= net461) (< netstandard1.4)) (&& (< net35) (>= net461) (>= netstandard1.5)) (&& (< net35) (>= net461) (< netstandard1.5)) (&& (< net35) (>= net461) (>= netstandard1.6) (< netstandard2.0)) (&& (< net35) (>= netstandard2.0)) (&& (>= net45) (>= netcoreapp1.1) (>= netstandard2.0)) (&& (>= net45) (>= netcoreapp2.0) (< netstandard1.0)) (&& (>= net45) (>= netcoreapp2.0) (< netstandard1.2)) (&& (>= net45) (>= netcoreapp2.0) (< netstandard1.3)) (&& (>= net45) (>= netcoreapp2.0) (< netstandard1.4)) (&& (>= net45) (>= netcoreapp2.0) (< netstandard1.5)) (&& (>= net45) (>= netcoreapp2.0) (< netstandard1.6)) (&& (>= net45) (>= netcoreapp2.0) (< netstandard2.0)) (&& (>= net45) (>= netcoreapp2.1) (< netstandard1.0)) (&& (>= net45) (>= netstandard2.0) (>= uap10.0)) (&& (< net45) (>= net46) (< netstandard1.2) (>= netstandard2.0)) (&& (< net45) (>= net46) (< netstandard1.3) (>= netstandard2.0)) (&& (< net45) (>= net46) (< netstandard1.4) (>= netstandard2.0)) (&& (< net45) (>= net461) (< netstandard1.2)) (&& (< net45) (>= net461) (< netstandard1.3)) (&& (< net45) (>= net461) (< netstandard1.4)) (&& (< net45) (>= net461) (>= netstandard1.5) (< netstandard1.6)) (&& (< net45) (>= net461) (>= netstandard1.5) (< netstandard2.0)) (&& (< net45) (>= net461) (< netstandard1.5)) (&& (< net45) (>= net461) (>= netstandard1.6) (< netstandard2.0)) (&& (< net45) (>= net461) (< netstandard1.6) (>= netstandard2.0)) (&& (< net45) (< netstandard1.2) (>= netstandard2.0) (< win8)) (&& (< net45) (< netstandard1.3) (>= netstandard2.0) (< win8) (< wpa81)) (&& (< net45) (< netstandard1.4) (>= netstandard2.0) (< win8) (< wpa81)) (&& (< net45) (< netstandard1.5) (>= netstandard2.0) (< win8) (< wpa81)) (&& (< net45) (< netstandard1.6) (>= netstandard2.0) (< win8) (< wpa81)) (&& (>= net46) (>= netcoreapp2.0) (< netstandard1.0)) (&& (>= net46) (>= netcoreapp2.0) (< netstandard1.2)) (&& (>= net46) (>= netcoreapp2.0) (< netstandard1.3)) (&& (>= net46) (>= netcoreapp2.0) (< netstandard1.4)) (&& (>= net46) (>= netcoreapp2.1) (< netstandard1.0)) (&& (>= net46) (< netstandard1.0) (>= netstandard2.0)) (&& (>= net46) (< netstandard1.2) (>= netstandard2.0) (>= uap10.0)) (&& (>= net46) (< netstandard1.3) (>= netstandard2.0) (>= uap10.0)) (&& (>= net46) (< netstandard1.4) (>= netstandard2.0) (>= uap10.0)) (&& (< net46) (>= net461) (< netstandard2.0)) (&& (>= net461) (>= netcoreapp1.0)) (&& (>= net461) (>= netcoreapp1.1)) (&& (>= net461) (>= netcoreapp2.0) (< netstandard1.2)) (&& (>= net461) (>= netcoreapp2.0) (< netstandard1.3)) (&& (>= net461) (>= netcoreapp2.0) (< netstandard1.4)) (&& (>= net461) (>= netcoreapp2.0) (< netstandard1.5)) (&& (>= net461) (>= netcoreapp2.0) (< netstandard1.6)) (&& (>= net461) (>= netcoreapp2.0) (< netstandard2.0)) (&& (>= net461) (< netstandard1.0)) (&& (>= net461) (< netstandard1.2) (>= uap10.0)) (&& (>= net461) (< netstandard1.2) (>= xamarintvos)) (&& (>= net461) (< netstandard1.2) (>= xamarinwatchos)) (&& (>= net461) (< netstandard1.3) (>= uap10.0)) (&& (>= net461) (< netstandard1.3) (>= xamarintvos)) (&& (>= net461) (< netstandard1.3) (>= xamarinwatchos)) (&& (>= net461) (< netstandard1.4) (>= uap10.0)) (&& (>= net461) (< netstandard1.4) (>= xamarintvos)) (&& (>= net461) (< netstandard1.4) (>= xamarinwatchos)) (&& (>= net461) (>= netstandard1.5) (>= uap10.0)) (&& (>= net461) (< netstandard1.5) (>= uap10.0)) (&& (>= net461) (< netstandard1.5) (>= xamarintvos)) (&& (>= net461) (< netstandard1.5) (>= xamarinwatchos)) (&& (>= net461) (< netstandard1.6) (>= xamarintvos)) (&& (>= net461) (< netstandard1.6) (>= xamarinwatchos)) (&& (>= net461) (>= netstandard2.0) (>= uap10.0)) (&& (>= net461) (< netstandard2.0) (>= uap10.0)) (&& (>= net461) (< netstandard2.0) (>= xamarintvos)) (&& (>= net461) (< netstandard2.0) (>= xamarinwatchos)) (&& (>= net461) (< portable-net45+win8+wpa81)) (&& (>= netcoreapp1.0) (>= netstandard2.0)) (&& (>= netcoreapp1.1) (< netstandard1.0) (>= netstandard2.0) (>= uap10.0)) (&& (>= netcoreapp1.1) (< netstandard1.2) (>= netstandard2.0)) (&& (>= netcoreapp1.1) (< netstandard1.3) (>= netstandard2.0)) (&& (>= netcoreapp1.1) (< netstandard1.4) (>= netstandard2.0)) (&& (>= netcoreapp1.1) (< netstandard1.5) (>= netstandard2.0)) (&& (>= netcoreapp1.1) (< netstandard1.6) (>= netstandard2.0)) (&& (>= netcoreapp1.1) (>= netstandard2.0) (< xamarinios) (< xamarinmac) (< xamarintvos) (< xamarinwatchos)) (&& (>= netcoreapp2.0) (< netstandard1.0) (< portable-net45+win8)) (&& (>= netcoreapp2.0) (< netstandard1.0) (>= uap10.0)) (&& (>= netcoreapp2.0) (< netstandard1.0) (>= xamarintvos)) (&& (>= netcoreapp2.0) (< netstandard1.0) (>= xamarinwatchos)) (&& (>= netcoreapp2.0) (< netstandard1.2) (>= uap10.0)) (&& (>= netcoreapp2.0) (< netstandard1.2) (>= xamarintvos)) (&& (>= netcoreapp2.0) (< netstandard1.2) (>= xamarinwatchos)) (&& (>= netcoreapp2.0) (< netstandard1.3) (>= uap10.0)) (&& (>= netcoreapp2.0) (< netstandard1.3) (>= xamarintvos)) (&& (>= netcoreapp2.0) (< netstandard1.3) (>= xamarinwatchos)) (&& (>= netcoreapp2.0) (< netstandard1.4) (>= uap10.0)) (&& (>= netcoreapp2.0) (< netstandard1.4) (>= xamarintvos)) (&& (>= netcoreapp2.0) (< netstandard1.4) (>= xamarinwatchos)) (&& (>= netcoreapp2.0) (< netstandard1.5) (>= uap10.0)) (&& (>= netcoreapp2.0) (< netstandard1.5) (>= xamarintvos)) (&& (>= netcoreapp2.0) (< netstandard1.5) (>= xamarinwatchos)) (&& (>= netcoreapp2.0) (< netstandard1.6) (>= uap10.0)) (&& (>= netcoreapp2.0) (< netstandard1.6) (>= xamarintvos)) (&& (>= netcoreapp2.0) (< netstandard1.6) (>= xamarinwatchos)) (&& (>= netcoreapp2.0) (< netstandard2.0) (>= uap10.0)) (&& (>= netcoreapp2.0) (< netstandard2.0) (>= xamarintvos)) (&& (>= netcoreapp2.0) (< netstandard2.0) (>= xamarinwatchos)) (&& (>= netcoreapp2.0) (< portable-net45+win8+wpa81)) (&& (>= netcoreapp2.1) (< netstandard1.0) (< portable-net45+win8)) (&& (>= netcoreapp2.1) (< netstandard1.0) (>= uap10.0)) (&& (>= netcoreapp2.1) (< netstandard1.0) (>= xamarintvos)) (&& (>= netcoreapp2.1) (< netstandard1.0) (>= xamarinwatchos)) (&& (>= netcoreapp2.1) (< netstandard1.2)) (&& (>= netcoreapp2.1) (< netstandard1.3)) (&& (>= netcoreapp2.1) (< netstandard1.4)) (&& (>= netcoreapp2.1) (< netstandard1.5)) (&& (>= netcoreapp2.1) (< netstandard1.6)) (&& (>= netcoreapp2.1) (< netstandard2.0)) (&& (>= netcoreapp2.1) (< portable-net45+win8+wpa81)) (&& (< netstandard1.0) (>= netstandard2.0) (< portable-net45+win8)) (&& (< netstandard1.0) (>= netstandard2.0) (>= uap10.0) (< win8)) (&& (< netstandard1.0) (>= netstandard2.0) (>= xamarintvos)) (&& (< netstandard1.0) (>= netstandard2.0) (>= xamarinwatchos)) (&& (< netstandard1.0) (>= xamarinios)) (&& (< netstandard1.0) (>= xamarinmac)) (&& (< netstandard1.2) (>= netstandard2.0) (>= uap10.0) (< win8)) (&& (< netstandard1.2) (>= netstandard2.0) (>= xamarintvos)) (&& (< netstandard1.2) (>= netstandard2.0) (>= xamarinwatchos)) (&& (< netstandard1.2) (>= xamarinios)) (&& (< netstandard1.2) (>= xamarinmac)) (&& (< netstandard1.3) (>= netstandard2.0) (>= xamarintvos)) (&& (< netstandard1.3) (>= netstandard2.0) (>= xamarinwatchos)) (&& (< netstandard1.3) (>= xamarinios)) (&& (< netstandard1.3) (>= xamarinmac)) (&& (< netstandard1.4) (>= netstandard2.0) (>= xamarintvos)) (&& (< netstandard1.4) (>= netstandard2.0) (>= xamarinwatchos)) (&& (< netstandard1.4) (>= xamarinios)) (&& (< netstandard1.4) (>= xamarinmac)) (&& (< netstandard1.5) (>= netstandard2.0) (>= uap10.0)) (&& (< netstandard1.5) (>= netstandard2.0) (>= xamarintvos)) (&& (< netstandard1.5) (>= netstandard2.0) (>= xamarinwatchos)) (&& (< netstandard1.5) (>= xamarinios)) (&& (< netstandard1.5) (>= xamarinmac)) (&& (< netstandard1.6) (>= netstandard2.0) (>= xamarintvos)) (&& (< netstandard1.6) (>= netstandard2.0) (>= xamarinwatchos)) (&& (< netstandard1.6) (>= xamarinios)) (&& (< netstandard1.6) (>= xamarinmac)) (&& (>= netstandard2.0) (< portable-net45+win8+wpa81)) (&& (>= netstandard2.0) (>= uap10.0) (< win8) (< wpa81)) (&& (< netstandard2.0) (>= xamarinios)) (&& (< netstandard2.0) (>= xamarinmac)) (&& (< portable-net45+win8+wpa81) (>= xamarinios)) (&& (< portable-net45+win8+wpa81) (>= xamarinmac))
      Microsoft.NETCore.Platforms (>= 1.1) - restriction: || (&& (< monoandroid) (< net45) (< netstandard1.3) (>= netstandard2.0) (< win8) (< wpa81)) (&& (< monoandroid) (< net45) (< netstandard1.5) (>= netstandard2.0) (< win8) (< wpa81)) (&& (< net45) (>= net461) (< netstandard1.3)) (&& (< net45) (>= net461) (>= netstandard1.5)) (&& (< net45) (>= net461) (< netstandard1.5)) (&& (< net45) (>= netstandard2.0) (< win8) (< wpa81) (< xamarinios) (< xamarinmac) (< xamarintvos) (< xamarinwatchos))
      Microsoft.NETCore.Targets (>= 1.1) - restriction: || (&& (< monoandroid) (< net45) (< netstandard1.3) (>= netstandard2.0) (< win8) (< wpa81)) (&& (< monoandroid) (< net45) (< netstandard1.5) (>= netstandard2.0) (< win8) (< wpa81)) (&& (< net45) (>= net461) (< netstandard1.3)) (&& (< net45) (>= net461) (>= netstandard1.5)) (&& (< net45) (>= net461) (< netstandard1.5)) (&& (< net45) (>= netstandard2.0) (< win8) (< wpa81) (< xamarinios) (< xamarinmac) (< xamarintvos) (< xamarinwatchos))
      System.IO (>= 4.3) - restriction: || (&& (< monoandroid) (< net45) (< netstandard1.3) (>= netstandard2.0) (< win8) (< wpa81)) (&& (< monoandroid) (< net45) (< netstandard1.5) (>= netstandard2.0) (< win8) (< wpa81)) (&& (< net45) (>= net461) (< netstandard1.3)) (&& (< net45) (>= net461) (>= netstandard1.5)) (&& (< net45) (>= net461) (< netstandard1.5)) (&& (< net45) (>= netstandard2.0) (< win8) (< wpa81) (< xamarinios) (< xamarinmac) (< xamarintvos) (< xamarinwatchos))
      System.Reflection.Primitives (>= 4.3) - restriction: || (&& (< monoandroid) (< net45) (< netstandard1.3) (>= netstandard2.0) (< win8) (< wpa81)) (&& (< monoandroid) (< net45) (< netstandard1.5) (>= netstandard2.0) (< win8) (< wpa81)) (&& (< net45) (>= net461) (< netstandard1.3)) (&& (< net45) (>= net461) (>= netstandard1.5)) (&& (< net45) (>= net461) (< netstandard1.5)) (&& (< net45) (>= netstandard2.0) (< win8) (< wpa81) (< xamarinios) (< xamarinmac) (< xamarintvos) (< xamarinwatchos))
      System.Runtime (>= 4.3) - restriction: || (&& (< monoandroid) (< net45) (< netstandard1.3) (>= netstandard2.0) (< win8) (< wpa81)) (&& (< monoandroid) (< net45) (< netstandard1.5) (>= netstandard2.0) (< win8) (< wpa81)) (&& (< net45) (>= net461) (< netstandard1.3)) (&& (< net45) (>= net461) (>= netstandard1.5)) (&& (< net45) (>= net461) (< netstandard1.5)) (&& (< net45) (>= netstandard2.0) (< win8) (< wpa81) (< xamarinios) (< xamarinmac) (< xamarintvos) (< xamarinwatchos))
    System.Reflection.Emit (4.7) - restriction: || (&& (< net20) (>= net461) (>= netstandard1.5)) (&& (< net20) (>= net461) (< netstandard1.5)) (&& (< net20) (>= net461) (>= netstandard1.6)) (&& (< net35) (>= net461) (>= netstandard1.5)) (&& (< net35) (>= net461) (< netstandard1.5)) (&& (< net35) (>= net461) (>= netstandard1.6)) (&& (< net45) (>= net461) (>= netstandard1.6)) (&& (>= net461) (< netstandard1.2) (>= netstandard1.6) (>= uap10.0)) (&& (>= net461) (< netstandard1.3) (>= netstandard1.6) (>= uap10.0)) (&& (>= net461) (< netstandard1.4) (>= netstandard1.6) (>= uap10.0)) (&& (>= net461) (< netstandard1.5) (>= netstandard1.6) (>= uap10.0)) (&& (>= net461) (>= netstandard1.6) (< portable-net45+win8+wpa81)) (>= netstandard2.0)
      System.Reflection.Emit.ILGeneration (>= 4.7) - restriction: || (&& (< monoandroid) (< net45) (< netcoreapp2.0) (>= netstandard2.0) (< netstandard2.1) (< xamarintvos) (< xamarinwatchos)) (&& (< monoandroid) (< netstandard1.1) (>= netstandard2.0) (< win8)) (&& (< net45) (>= net461) (>= netstandard2.0)) (&& (< net45) (>= net461) (< netstandard2.0)) (&& (>= net461) (< netstandard1.1)) (&& (>= net461) (< netstandard2.0) (>= wpa81)) (&& (>= net461) (>= uap10.1)) (&& (< netstandard1.1) (>= netstandard2.0) (>= win8)) (&& (>= netstandard2.0) (>= uap10.1))
    System.Reflection.Emit.ILGeneration (4.7) - restriction: || (&& (< monoandroid) (< net20) (< netstandard1.2) (>= netstandard2.0) (< win8)) (&& (< monoandroid) (< net20) (< netstandard1.3) (>= netstandard2.0) (< win8) (< wpa81)) (&& (< monoandroid) (< net35) (< netcoreapp2.0) (>= netstandard2.0) (< netstandard2.1) (< win8) (< wpa81) (< xamarintvos) (< xamarinwatchos)) (&& (< monoandroid) (< net35) (< netstandard1.2) (>= netstandard2.0) (< win8)) (&& (< monoandroid) (< net35) (< netstandard1.3) (>= netstandard2.0) (< win8) (< wpa81)) (&& (< monoandroid) (< net35) (< netstandard1.4) (>= netstandard2.0) (< win8) (< wpa81)) (&& (< monoandroid) (< net35) (< netstandard1.5) (>= netstandard2.0) (< win8) (< wpa81)) (&& (< monoandroid) (< net35) (>= netstandard2.0) (< win8) (< wpa81) (< xamarinios) (< xamarinmac) (< xamarintvos) (< xamarinwatchos)) (&& (< monoandroid) (< net45) (< netcoreapp2.0) (>= netstandard2.0) (< netstandard2.1) (< xamarintvos) (< xamarinwatchos)) (&& (< monoandroid) (< netstandard1.1) (>= netstandard2.0) (< win8)) (&& (< net20) (>= net45) (< netstandard1.3) (>= netstandard2.0)) (&& (< net20) (>= net461) (< netstandard1.2) (>= netstandard1.6)) (&& (< net20) (>= net461) (< netstandard1.2) (>= netstandard2.0)) (&& (< net20) (>= net461) (< netstandard1.3)) (&& (< net20) (>= net461) (< netstandard1.4) (>= netstandard1.6)) (&& (< net20) (>= net461) (< netstandard1.4) (>= netstandard2.0)) (&& (< net20) (>= net461) (>= netstandard1.5) (< netstandard2.0)) (&& (< net20) (>= net461) (< netstandard1.5)) (&& (< net20) (>= net461) (>= netstandard1.6) (< netstandard2.0)) (&& (< net35) (>= net45) (>= netstandard2.0)) (&& (< net35) (>= net461) (< netstandard1.1)) (&& (< net35) (>= net461) (< netstandard1.2) (>= netstandard1.6)) (&& (< net35) (>= net461) (< netstandard1.3) (>= netstandard1.6)) (&& (< net35) (>= net461) (< netstandard1.4) (>= netstandard1.6)) (&& (< net35) (>= net461) (>= netstandard1.5)) (&& (< net35) (>= net461) (< netstandard1.5)) (&& (< net35) (>= net461) (>= netstandard1.6) (< netstandard2.0)) (&& (< net35) (>= net461) (>= netstandard2.0)) (&& (>= net45) (< netstandard1.1) (>= netstandard2.0) (>= wpa81)) (&& (>= net45) (< netstandard1.2) (>= netstandard2.0) (>= uap10.0)) (&& (>= net45) (< netstandard1.2) (>= netstandard2.0) (>= wpa81)) (&& (>= net45) (< netstandard1.3) (>= netstandard2.0) (>= uap10.0)) (&& (>= net45) (< netstandard1.4) (>= netstandard2.0) (>= uap10.0)) (&& (>= net45) (>= netstandard2.0) (< portable-net45+wp8) (>= wpa81)) (&& (< net45) (>= net461) (< netstandard1.2) (>= netstandard1.6)) (&& (< net45) (>= net461) (< netstandard1.3) (>= netstandard1.6)) (&& (< net45) (>= net461) (< netstandard1.4) (>= netstandard1.6)) (&& (< net45) (>= net461) (< netstandard1.5) (>= netstandard1.6)) (&& (< net45) (>= net461) (>= netstandard1.6) (< netstandard2.0)) (&& (< net45) (>= net461) (>= netstandard2.0)) (&& (< net45) (< netstandard1.2) (>= netstandard2.0) (< win8)) (&& (< net45) (< netstandard1.3) (>= netstandard2.0) (< win8) (< wpa81)) (&& (< net45) (< netstandard1.4) (>= netstandard2.0) (< win8) (< wpa81)) (&& (< net45) (< netstandard1.5) (>= netstandard2.0) (< win8) (< wpa81)) (&& (>= net461) (< netstandard1.1) (>= netstandard1.6)) (&& (>= net461) (< netstandard1.1) (>= netstandard2.0)) (&& (>= net461) (< netstandard1.1) (>= win8)) (&& (>= net461) (< netstandard1.2) (>= netstandard1.6) (>= uap10.0)) (&& (>= net461) (< netstandard1.2) (>= netstandard1.6) (>= wpa81)) (&& (>= net461) (< netstandard1.2) (>= netstandard2.0) (>= uap10.0)) (&& (>= net461) (< netstandard1.2) (>= netstandard2.0) (>= wpa81)) (&& (>= net461) (< netstandard1.3) (>= netstandard1.6) (>= uap10.0)) (&& (>= net461) (< netstandard1.3) (>= netstandard1.6) (>= wpa81)) (&& (>= net461) (< netstandard1.3) (>= netstandard2.0) (>= uap10.0)) (&& (>= net461) (< netstandard1.3) (>= netstandard2.0) (>= wpa81)) (&& (>= net461) (< netstandard1.4) (>= netstandard1.6) (>= uap10.0)) (&& (>= net461) (< netstandard1.4) (>= netstandard1.6) (>= wpa81)) (&& (>= net461) (< netstandard1.4) (>= netstandard2.0) (>= uap10.0)) (&& (>= net461) (< netstandard1.4) (>= netstandard2.0) (>= wpa81)) (&& (>= net461) (>= netstandard1.5) (< netstandard2.0) (>= wpa81)) (&& (>= net461) (< netstandard1.5) (>= netstandard1.6) (>= uap10.0)) (&& (>= net461) (< netstandard1.5) (>= wpa81)) (&& (>= net461) (>= netstandard1.6) (< netstandard2.0) (>= wpa81)) (&& (>= net461) (>= netstandard1.6) (< portable-net45+win8+wpa81)) (&& (>= net461) (>= netstandard1.6) (< portable-net45+wp8)) (&& (>= net461) (>= netstandard2.0) (< portable-net45+wp8)) (&& (>= net461) (>= uap10.1)) (&& (< netstandard1.1) (>= netstandard2.0) (>= uap10.0)) (&& (< netstandard1.1) (>= netstandard2.0) (>= win8)) (&& (< netstandard1.1) (>= netstandard2.0) (< win8) (>= wpa81)) (&& (< netstandard1.2) (>= netstandard2.0) (>= uap10.0) (< win8)) (&& (< netstandard1.2) (>= netstandard2.0) (< win8) (>= wpa81)) (&& (< netstandard1.3) (>= netstandard2.0) (>= uap10.0) (< win8) (< wpa81)) (&& (< netstandard1.4) (>= netstandard2.0) (>= uap10.0) (< win8) (< wpa81)) (&& (< netstandard1.5) (>= netstandard2.0) (>= uap10.0)) (&& (>= netstandard2.0) (< portable-net45+win8+wpa81)) (&& (>= netstandard2.0) (< portable-net45+wp8) (>= uap10.0)) (&& (>= netstandard2.0) (< portable-net45+wp8) (< win8)) (&& (>= netstandard2.0) (>= uap10.1))
    System.Reflection.Emit.Lightweight (4.7) - restriction: || (&& (< monoandroid) (< net35) (< netstandard1.2) (>= netstandard2.0) (< win8)) (&& (< monoandroid) (< net35) (< netstandard1.3) (>= netstandard2.0) (< win8) (< wpa81)) (&& (< monoandroid) (< net35) (< netstandard1.4) (>= netstandard2.0) (< win8) (< wpa81)) (&& (< monoandroid) (< net35) (< netstandard1.5) (>= netstandard2.0) (< win8) (< wpa81)) (&& (< net35) (>= net45) (< netstandard1.2) (>= netstandard2.0)) (&& (< net35) (>= net45) (< netstandard1.3) (>= netstandard2.0)) (&& (< net35) (>= net45) (< netstandard1.4) (>= netstandard2.0)) (&& (< net35) (>= net45) (< netstandard1.5) (>= netstandard2.0)) (&& (< net35) (>= net461) (< netstandard1.2) (>= netstandard1.6)) (&& (< net35) (>= net461) (< netstandard1.2) (>= netstandard2.0)) (&& (< net35) (>= net461) (< netstandard1.3) (>= netstandard1.6)) (&& (< net35) (>= net461) (< netstandard1.3) (>= netstandard2.0)) (&& (< net35) (>= net461) (< netstandard1.4) (>= netstandard1.6)) (&& (< net35) (>= net461) (< netstandard1.4) (>= netstandard2.0)) (&& (< net35) (>= net461) (< netstandard1.5) (>= netstandard1.6)) (&& (< net35) (>= net461) (< netstandard1.5) (>= netstandard2.0)) (&& (< net35) (>= net461) (>= netstandard1.6) (< netstandard2.0)) (&& (< net45) (>= net461) (< netstandard1.2) (>= netstandard1.6)) (&& (< net45) (>= net461) (< netstandard1.2) (>= netstandard2.0)) (&& (< net45) (>= net461) (< netstandard1.3) (>= netstandard1.6)) (&& (< net45) (>= net461) (< netstandard1.3) (>= netstandard2.0)) (&& (< net45) (>= net461) (< netstandard1.4) (>= netstandard1.6)) (&& (< net45) (>= net461) (< netstandard1.4) (>= netstandard2.0)) (&& (< net45) (>= net461) (< netstandard1.5) (>= netstandard1.6)) (&& (< net45) (>= net461) (< netstandard1.5) (>= netstandard2.0)) (&& (< net45) (>= net461) (>= netstandard1.6) (< netstandard2.0)) (&& (< net45) (>= net461) (< netstandard1.6) (>= netstandard2.0)) (&& (< net45) (< netstandard1.2) (>= netstandard2.0) (< win8)) (&& (< net45) (< netstandard1.3) (>= netstandard2.0) (< win8) (< wpa81)) (&& (< net45) (< netstandard1.4) (>= netstandard2.0) (< win8) (< wpa81)) (&& (< net45) (< netstandard1.5) (>= netstandard2.0) (< win8) (< wpa81)) (&& (< net45) (< netstandard1.6) (>= netstandard2.0) (< win8) (< wpa81)) (&& (>= net461) (< netstandard1.2) (>= netstandard1.6) (>= uap10.0)) (&& (>= net461) (< netstandard1.2) (>= netstandard2.0) (>= uap10.0)) (&& (>= net461) (< netstandard1.3) (>= netstandard1.6) (>= uap10.0)) (&& (>= net461) (< netstandard1.3) (>= netstandard2.0) (>= uap10.0)) (&& (>= net461) (< netstandard1.4) (>= netstandard1.6) (>= uap10.0)) (&& (>= net461) (< netstandard1.4) (>= netstandard2.0) (>= uap10.0)) (&& (>= net461) (< netstandard1.5) (>= netstandard1.6) (>= uap10.0)) (&& (>= net461) (>= netstandard1.6) (< portable-net45+win8+wpa81)) (&& (< netstandard1.2) (>= netstandard2.0) (>= uap10.0) (< win8)) (&& (< netstandard1.3) (>= netstandard2.0) (>= uap10.0) (< win8) (< wpa81)) (&& (< netstandard1.4) (>= netstandard2.0) (>= uap10.0) (< win8) (< wpa81)) (&& (< netstandard1.5) (>= netstandard2.0) (>= uap10.0)) (&& (>= netstandard2.0) (< portable-net45+win8+wpa81))
    System.Reflection.Extensions (4.3) - restriction: || (&& (< monoandroid) (>= netcoreapp1.0) (< netstandard1.0) (>= netstandard2.0)) (&& (< monoandroid) (< netstandard1.0) (>= netstandard2.0) (< win8)) (&& (< net20) (>= net45) (< netstandard1.0) (>= netstandard2.0)) (&& (< net20) (>= net45) (< netstandard1.2) (>= netstandard2.0)) (&& (< net20) (>= net45) (< netstandard1.3) (>= netstandard2.0)) (&& (< net20) (>= net45) (< netstandard1.4) (>= netstandard2.0)) (&& (< net20) (>= net45) (< netstandard1.5) (>= netstandard2.0)) (&& (< net20) (>= net45) (< netstandard1.6) (>= netstandard2.0)) (&& (< net20) (>= net46) (< netstandard1.2) (>= netstandard2.0)) (&& (< net20) (>= net46) (< netstandard1.3) (>= netstandard2.0)) (&& (< net20) (>= net46) (< netstandard1.4) (>= netstandard2.0)) (&& (< net20) (>= net461) (< netstandard1.2)) (&& (< net20) (>= net461) (< netstandard1.3)) (&& (< net20) (>= net461) (< netstandard1.4)) (&& (< net20) (>= net461) (>= netstandard1.5) (< netstandard1.6)) (&& (< net20) (>= net461) (>= netstandard1.5) (< netstandard2.0)) (&& (< net20) (>= net461) (< netstandard1.5)) (&& (< net20) (>= net461) (>= netstandard1.6) (< netstandard2.0)) (&& (< net20) (>= net461) (< netstandard1.6) (>= netstandard2.0)) (&& (< net20) (< netstandard1.2) (>= netstandard2.0) (< win8)) (&& (< net20) (< netstandard1.3) (>= netstandard2.0) (< win8) (< wpa81)) (&& (< net20) (< netstandard1.4) (>= netstandard2.0) (< win8) (< wpa81)) (&& (< net20) (< netstandard1.5) (>= netstandard2.0) (< win8) (< wpa81)) (&& (< net20) (< netstandard1.6) (>= netstandard2.0) (< win8) (< wpa81)) (&& (< net35) (>= net45) (< netstandard1.0) (>= netstandard2.0)) (&& (< net35) (>= net45) (< netstandard1.2) (>= netstandard2.0)) (&& (< net35) (>= net45) (< netstandard1.3) (>= netstandard2.0)) (&& (< net35) (>= net45) (< netstandard1.4) (>= netstandard2.0)) (&& (< net35) (>= net45) (< netstandard1.5) (>= netstandard2.0)) (&& (< net35) (>= net45) (< netstandard1.6) (>= netstandard2.0)) (&& (< net35) (>= net46) (< netstandard1.2) (>= netstandard2.0)) (&& (< net35) (>= net46) (< netstandard1.3) (>= netstandard2.0)) (&& (< net35) (>= net46) (< netstandard1.4) (>= netstandard2.0)) (&& (< net35) (>= net461) (< netstandard1.2)) (&& (< net35) (>= net461) (< netstandard1.3)) (&& (< net35) (>= net461) (< netstandard1.4)) (&& (< net35) (>= net461) (>= netstandard1.5) (< netstandard1.6)) (&& (< net35) (>= net461) (< netstandard1.5)) (&& (< net35) (>= net461) (>= netstandard1.6) (< netstandard2.0)) (&& (< net35) (>= net461) (< netstandard1.6) (>= netstandard2.0)) (&& (< net35) (< netstandard1.2) (>= netstandard2.0) (< win8)) (&& (< net35) (< netstandard1.3) (>= netstandard2.0) (< win8) (< wpa81)) (&& (< net35) (< netstandard1.4) (>= netstandard2.0) (< win8) (< wpa81)) (&& (< net35) (< netstandard1.5) (>= netstandard2.0) (< win8) (< wpa81)) (&& (< net35) (< netstandard1.6) (>= netstandard2.0) (< win8) (< wpa81)) (&& (>= net45) (< netstandard1.0) (>= netstandard2.0) (>= uap10.0)) (&& (>= net45) (< netstandard1.2) (>= netstandard2.0) (>= uap10.0)) (&& (>= net45) (< netstandard1.3) (>= netstandard2.0) (>= uap10.0)) (&& (>= net45) (< netstandard1.4) (>= netstandard2.0) (>= uap10.0)) (&& (< net45) (>= net46) (< netstandard1.2) (>= netstandard2.0)) (&& (< net45) (>= net46) (< netstandard1.3) (>= netstandard2.0)) (&& (< net45) (>= net46) (< netstandard1.4) (>= netstandard2.0)) (&& (< net45) (>= net461) (< netstandard1.2)) (&& (< net45) (>= net461) (< netstandard1.3)) (&& (< net45) (>= net461) (< netstandard1.4)) (&& (< net45) (>= net461) (>= netstandard1.5) (< netstandard1.6)) (&& (< net45) (>= net461) (< netstandard1.5)) (&& (< net45) (>= net461) (>= netstandard1.6) (< netstandard2.0)) (&& (< net45) (>= net461) (< netstandard1.6) (>= netstandard2.0)) (&& (< net45) (< netstandard1.2) (>= netstandard2.0) (< win8)) (&& (< net45) (< netstandard1.3) (>= netstandard2.0) (< win8) (< wpa81)) (&& (< net45) (< netstandard1.4) (>= netstandard2.0) (< win8) (< wpa81)) (&& (< net45) (< netstandard1.5) (>= netstandard2.0) (< win8) (< wpa81)) (&& (< net45) (< netstandard1.6) (>= netstandard2.0) (< win8) (< wpa81)) (&& (>= net46) (< netstandard1.0) (>= netstandard2.0)) (&& (>= net46) (< netstandard1.2) (>= netstandard2.0) (>= uap10.0)) (&& (>= net46) (< netstandard1.3) (>= netstandard2.0) (>= uap10.0)) (&& (>= net46) (< netstandard1.4) (>= netstandard2.0) (>= uap10.0)) (&& (>= net461) (>= netcoreapp1.0) (< netstandard1.2)) (&& (>= net461) (>= netcoreapp1.0) (< netstandard1.3)) (&& (>= net461) (>= netcoreapp1.0) (< netstandard1.4)) (&& (>= net461) (>= netcoreapp1.0) (< netstandard1.5)) (&& (>= net461) (>= netcoreapp1.0) (< netstandard1.6)) (&& (>= net461) (>= netcoreapp1.0) (< netstandard2.0)) (&& (>= net461) (< netstandard1.0)) (&& (>= net461) (< netstandard1.2) (>= uap10.0)) (&& (>= net461) (< netstandard1.3) (>= uap10.0)) (&& (>= net461) (< netstandard1.4) (>= uap10.0)) (&& (>= net461) (>= netstandard1.5) (< netstandard1.6) (>= uap10.0)) (&& (>= net461) (>= netstandard1.5) (< netstandard2.0) (>= uap10.0)) (&& (>= net461) (< netstandard1.5) (>= uap10.0)) (&& (>= net461) (>= netstandard1.6) (< netstandard2.0) (>= uap10.0)) (&& (>= net461) (< portable-net45+win8+wpa81)) (&& (>= netcoreapp1.0) (< netstandard1.0) (>= netstandard2.0) (>= uap10.0)) (&& (>= netcoreapp1.0) (< netstandard1.2) (>= netstandard2.0)) (&& (>= netcoreapp1.0) (< netstandard1.3) (>= netstandard2.0)) (&& (>= netcoreapp1.0) (< netstandard1.4) (>= netstandard2.0)) (&& (>= netcoreapp1.0) (< netstandard1.5) (>= netstandard2.0)) (&& (>= netcoreapp1.0) (< netstandard1.6) (>= netstandard2.0)) (&& (< netstandard1.0) (>= netstandard2.0) (< portable-net45+win8)) (&& (< netstandard1.0) (>= netstandard2.0) (>= uap10.0) (< win8)) (&& (< netstandard1.2) (>= netstandard2.0) (>= uap10.0) (< win8)) (&& (< netstandard1.3) (>= netstandard2.0) (>= uap10.0) (< win8) (< wpa81)) (&& (< netstandard1.4) (>= netstandard2.0) (>= uap10.0) (< win8) (< wpa81)) (&& (< netstandard1.5) (>= netstandard2.0) (>= uap10.0)) (&& (< netstandard1.6) (>= netstandard2.0) (>= uap10.0) (< win8) (< wpa81)) (&& (>= netstandard2.0) (< portable-net45+win8+wpa81))
    System.Reflection.Metadata (8.0) - restriction: >= netstandard2.0
      System.Collections.Immutable (>= 8.0) - restriction: || (>= net462) (>= netstandard2.0)
      System.Memory (>= 4.5.5) - restriction: || (&& (>= net461) (>= netstandard2.0)) (>= net462) (&& (< net6.0) (>= netstandard2.0))
    System.Reflection.Primitives (4.3) - restriction: || (&& (< monoandroid) (< net35) (>= netstandard2.0) (< win8) (< wpa81) (< xamarinios) (< xamarinmac) (< xamarintvos) (< xamarinwatchos)) (&& (< monoandroid) (>= netcoreapp1.0) (>= netstandard2.0) (< xamarinios) (< xamarinmac) (< xamarintvos) (< xamarinwatchos)) (&& (< monoandroid) (>= netcoreapp1.1) (< netstandard1.0) (>= netstandard2.0)) (&& (< monoandroid) (>= netcoreapp1.1) (>= netstandard2.0) (< xamarinios) (< xamarinmac) (< xamarintvos) (< xamarinwatchos)) (&& (< monoandroid) (>= netcoreapp2.0) (< netstandard1.2)) (&& (< monoandroid) (>= netcoreapp2.0) (< netstandard1.3)) (&& (< monoandroid) (>= netcoreapp2.0) (< netstandard1.4)) (&& (< monoandroid) (>= netcoreapp2.0) (< netstandard1.5)) (&& (< monoandroid) (>= netcoreapp2.0) (< netstandard1.6)) (&& (< monoandroid) (>= netcoreapp2.0) (< netstandard2.0) (< xamarintvos) (< xamarinwatchos)) (&& (< monoandroid) (< netstandard1.0) (>= netstandard2.0) (< win8)) (&& (>= monotouch) (>= net461)) (&& (>= monotouch) (>= netstandard2.0)) (&& (< net20) (>= net45) (< netstandard1.2) (>= netstandard2.0)) (&& (< net20) (>= net45) (< netstandard1.3) (>= netstandard2.0)) (&& (< net20) (>= net461) (< netstandard1.2)) (&& (< net20) (>= net461) (< netstandard1.3)) (&& (< net20) (>= net461) (< netstandard1.4)) (&& (< net20) (>= net461) (>= netstandard1.5) (< netstandard1.6)) (&& (< net20) (>= net461) (>= netstandard1.5) (< netstandard2.0)) (&& (< net20) (>= net461) (< netstandard1.5)) (&& (< net20) (>= net461) (>= netstandard1.6) (< netstandard2.0)) (&& (< net20) (>= net461) (< netstandard1.6) (>= netstandard2.0)) (&& (< net20) (< netstandard1.2) (>= netstandard2.0) (< win8)) (&& (< net20) (< netstandard1.3) (>= netstandard2.0) (< win8) (< wpa81)) (&& (< net35) (>= net45) (>= netstandard2.0)) (&& (< net35) (>= net46) (< netstandard1.2) (>= netstandard2.0)) (&& (< net35) (>= net46) (< netstandard1.3) (>= netstandard2.0)) (&& (< net35) (>= net46) (< netstandard1.4) (>= netstandard2.0)) (&& (< net35) (>= net461) (< netstandard1.2)) (&& (< net35) (>= net461) (< netstandard1.3)) (&& (< net35) (>= net461) (< netstandard1.4)) (&& (< net35) (>= net461) (>= netstandard1.5)) (&& (< net35) (>= net461) (< netstandard1.5)) (&& (< net35) (>= net461) (>= netstandard1.6) (< netstandard2.0)) (&& (< net35) (>= net461) (>= netstandard2.0)) (&& (< net35) (< netstandard1.2) (>= netstandard2.0) (< win8)) (&& (< net35) (< netstandard1.3) (>= netstandard2.0) (< win8) (< wpa81)) (&& (< net35) (< netstandard1.4) (>= netstandard2.0) (< win8) (< wpa81)) (&& (< net35) (< netstandard1.5) (>= netstandard2.0) (< win8) (< wpa81)) (&& (< net35) (< netstandard1.6) (>= netstandard2.0) (< win8) (< wpa81)) (&& (>= net45) (>= netcoreapp1.0) (>= netstandard2.0)) (&& (>= net45) (>= netcoreapp1.1) (>= netstandard2.0)) (&& (>= net45) (>= netcoreapp2.0) (< netstandard1.2)) (&& (>= net45) (>= netcoreapp2.0) (< netstandard1.3)) (&& (>= net45) (>= netcoreapp2.0) (< netstandard1.5)) (&& (>= net45) (>= netcoreapp2.0) (< netstandard2.0)) (&& (>= net45) (>= netcoreapp2.1) (< netstandard2.0)) (&& (>= net45) (>= netstandard2.0) (>= uap10.0)) (&& (>= net45) (< netstandard2.0) (>= xamarinios)) (&& (>= net45) (< netstandard2.0) (>= xamarinmac)) (&& (< net45) (>= net46) (< netstandard1.2) (>= netstandard2.0)) (&& (< net45) (>= net46) (< netstandard1.3) (>= netstandard2.0)) (&& (< net45) (>= net46) (< netstandard1.4) (>= netstandard2.0)) (&& (< net45) (>= net461) (< netstandard1.2)) (&& (< net45) (>= net461) (< netstandard1.3)) (&& (< net45) (>= net461) (< netstandard1.4)) (&& (< net45) (>= net461) (>= netstandard1.5) (< netstandard1.6)) (&& (< net45) (>= net461) (< netstandard1.5)) (&& (< net45) (>= net461) (>= netstandard1.6) (< netstandard2.0)) (&& (< net45) (>= net461) (< netstandard1.6) (>= netstandard2.0)) (&& (< net45) (< netstandard1.2) (>= netstandard2.0) (< win8)) (&& (< net45) (< netstandard1.3) (>= netstandard2.0) (< win8) (< wpa81)) (&& (< net45) (< netstandard1.4) (>= netstandard2.0) (< win8) (< wpa81)) (&& (< net45) (< netstandard1.5) (>= netstandard2.0) (< win8) (< wpa81)) (&& (< net45) (< netstandard1.6) (>= netstandard2.0) (< win8) (< wpa81)) (&& (>= net46) (< netstandard1.2) (>= netstandard2.0) (>= uap10.0)) (&& (>= net46) (< netstandard1.3) (>= netstandard2.0) (>= uap10.0)) (&& (>= net46) (< netstandard1.4) (>= netstandard2.0) (>= uap10.0)) (&& (>= net461) (>= netcoreapp1.0)) (&& (>= net461) (>= netcoreapp1.1)) (&& (>= net461) (>= netcoreapp2.0) (< netstandard1.2)) (&& (>= net461) (>= netcoreapp2.0) (< netstandard1.3)) (&& (>= net461) (>= netcoreapp2.0) (< netstandard1.4)) (&& (>= net461) (>= netcoreapp2.0) (< netstandard1.5)) (&& (>= net461) (>= netcoreapp2.0) (< netstandard1.6)) (&& (>= net461) (>= netcoreapp2.0) (< netstandard2.0)) (&& (>= net461) (>= netcoreapp2.1) (< netstandard2.0)) (&& (>= net461) (< netstandard1.0)) (&& (>= net461) (< netstandard1.2) (>= uap10.0)) (&& (>= net461) (< netstandard1.2) (>= xamarintvos)) (&& (>= net461) (< netstandard1.2) (>= xamarinwatchos)) (&& (>= net461) (< netstandard1.3) (>= uap10.0)) (&& (>= net461) (< netstandard1.3) (>= xamarintvos)) (&& (>= net461) (< netstandard1.3) (>= xamarinwatchos)) (&& (>= net461) (< netstandard1.4) (>= uap10.0)) (&& (>= net461) (< netstandard1.4) (>= xamarintvos)) (&& (>= net461) (< netstandard1.4) (>= xamarinwatchos)) (&& (>= net461) (>= netstandard1.5) (>= uap10.0)) (&& (>= net461) (< netstandard1.5) (>= uap10.0)) (&& (>= net461) (< netstandard1.5) (>= xamarintvos)) (&& (>= net461) (< netstandard1.5) (>= xamarinwatchos)) (&& (>= net461) (>= netstandard1.6) (< netstandard2.0) (>= uap10.0)) (&& (>= net461) (< netstandard1.6) (>= xamarintvos)) (&& (>= net461) (< netstandard1.6) (>= xamarinwatchos)) (&& (>= net461) (>= netstandard2.0) (>= uap10.0)) (&& (>= net461) (< netstandard2.0) (>= xamarinios)) (&& (>= net461) (< netstandard2.0) (>= xamarinmac)) (&& (>= net461) (< netstandard2.0) (>= xamarintvos)) (&& (>= net461) (< netstandard2.0) (>= xamarinwatchos)) (&& (>= net461) (< portable-net45+win8+wpa81)) (&& (>= netcoreapp1.0) (< netstandard1.2) (>= netstandard2.0)) (&& (>= netcoreapp1.0) (< netstandard1.3) (>= netstandard2.0)) (&& (>= netcoreapp1.0) (< netstandard1.4) (>= netstandard2.0)) (&& (>= netcoreapp1.0) (< netstandard1.5) (>= netstandard2.0)) (&& (>= netcoreapp1.0) (< netstandard1.6) (>= netstandard2.0)) (&& (>= netcoreapp1.1) (< netstandard1.0) (>= netstandard2.0) (>= uap10.0)) (&& (>= netcoreapp1.1) (< netstandard1.2) (>= netstandard2.0)) (&& (>= netcoreapp1.1) (< netstandard1.3) (>= netstandard2.0)) (&& (>= netcoreapp1.1) (< netstandard1.4) (>= netstandard2.0)) (&& (>= netcoreapp1.1) (< netstandard1.5) (>= netstandard2.0)) (&& (>= netcoreapp1.1) (< netstandard1.6) (>= netstandard2.0)) (&& (>= netcoreapp1.1) (< netstandard2.0) (>= xamarinios)) (&& (>= netcoreapp1.1) (< netstandard2.0) (>= xamarinmac)) (&& (< netcoreapp1.1) (< netstandard2.0) (>= xamarinios)) (&& (< netcoreapp1.1) (< netstandard2.0) (>= xamarinmac)) (&& (>= netcoreapp2.0) (< netstandard1.2) (>= uap10.0)) (&& (>= netcoreapp2.0) (< netstandard1.3) (>= uap10.0)) (&& (>= netcoreapp2.0) (< netstandard1.5) (>= uap10.0)) (&& (>= netcoreapp2.0) (< portable-net45+win8+wpa81)) (&& (>= netcoreapp2.1) (< netstandard1.2)) (&& (>= netcoreapp2.1) (< netstandard1.3)) (&& (>= netcoreapp2.1) (< netstandard1.4)) (&& (>= netcoreapp2.1) (< netstandard1.5)) (&& (>= netcoreapp2.1) (< netstandard1.6)) (&& (>= netcoreapp2.1) (< netstandard2.0) (< xamarintvos) (< xamarinwatchos)) (&& (>= netcoreapp2.1) (< portable-net45+win8+wpa81)) (&& (< netstandard1.0) (>= netstandard2.0) (< portable-net45+win8)) (&& (< netstandard1.0) (>= netstandard2.0) (>= uap10.0) (< win8)) (&& (< netstandard1.2) (>= netstandard2.0) (>= uap10.0) (< win8)) (&& (< netstandard1.2) (>= xamarinios)) (&& (< netstandard1.2) (>= xamarinmac)) (&& (< netstandard1.3) (>= xamarinios)) (&& (< netstandard1.3) (>= xamarinmac)) (&& (< netstandard1.4) (>= xamarinios)) (&& (< netstandard1.4) (>= xamarinmac)) (&& (< netstandard1.5) (>= netstandard2.0) (>= uap10.0)) (&& (< netstandard1.5) (>= xamarinios)) (&& (< netstandard1.5) (>= xamarinmac)) (&& (< netstandard1.6) (>= xamarinios)) (&& (< netstandard1.6) (>= xamarinmac)) (&& (>= netstandard2.0) (< portable-net45+win8+wpa81)) (&& (>= netstandard2.0) (>= uap10.0) (< win8) (< wpa81)) (&& (< portable-net45+win8+wpa81) (>= xamarinios)) (&& (< portable-net45+win8+wpa81) (>= xamarinmac))
      Microsoft.NETCore.Platforms (>= 1.1) - restriction: || (&& (< monoandroid) (< net45) (>= netstandard2.0) (< win8) (< wpa81) (< xamarinios) (< xamarinmac) (< xamarintvos) (< xamarinwatchos)) (&& (< net45) (>= net461))
      Microsoft.NETCore.Targets (>= 1.1) - restriction: || (&& (< monoandroid) (< net45) (>= netstandard2.0) (< win8) (< wpa81) (< xamarinios) (< xamarinmac) (< xamarintvos) (< xamarinwatchos)) (&& (< net45) (>= net461))
      System.Runtime (>= 4.3) - restriction: || (&& (< monoandroid) (< net45) (>= netstandard2.0) (< win8) (< wpa81) (< xamarinios) (< xamarinmac) (< xamarintvos) (< xamarinwatchos)) (&& (< net45) (>= net461))
    System.Reflection.TypeExtensions (4.7) - restriction: || (&& (< net20) (>= net45) (< netstandard1.2) (>= netstandard2.0)) (&& (< net20) (>= net45) (< netstandard1.3) (>= netstandard2.0)) (&& (< net20) (>= net45) (< netstandard1.4) (>= netstandard2.0)) (&& (< net20) (>= net45) (< netstandard1.5) (>= netstandard2.0)) (&& (< net20) (>= net461) (< netstandard1.2) (>= netstandard1.6)) (&& (< net20) (>= net461) (< netstandard1.2) (>= netstandard2.0)) (&& (< net20) (>= net461) (< netstandard1.3)) (&& (< net20) (>= net461) (< netstandard1.4) (>= netstandard1.6)) (&& (< net20) (>= net461) (< netstandard1.4) (>= netstandard2.0)) (&& (< net20) (>= net461) (< netstandard1.5)) (&& (< net20) (>= net461) (< netstandard2.0)) (&& (< net20) (< netstandard1.2) (>= netstandard2.0) (< win8)) (&& (< net20) (< netstandard1.3) (>= netstandard2.0) (< win8) (< wpa81)) (&& (< net20) (< netstandard1.4) (>= netstandard2.0) (< win8) (< wpa81)) (&& (< net20) (< netstandard1.5) (>= netstandard2.0) (< win8) (< wpa81)) (&& (< net35) (>= net461) (< netstandard1.2) (>= netstandard1.6)) (&& (< net35) (>= net461) (< netstandard1.3) (>= netstandard1.6)) (&& (< net35) (>= net461) (< netstandard1.4) (>= netstandard1.6)) (&& (< net35) (>= net461) (>= netstandard1.5)) (&& (< net35) (>= net461) (< netstandard1.5)) (&& (< net35) (>= net461) (< netstandard2.0)) (&& (< net35) (>= netstandard2.0)) (&& (>= net45) (>= netstandard2.0) (>= uap10.0)) (&& (< net45) (>= net461) (< netstandard1.2) (>= netstandard1.6)) (&& (< net45) (>= net461) (< netstandard1.3) (>= netstandard1.6)) (&& (< net45) (>= net461) (< netstandard1.4) (>= netstandard1.6)) (&& (< net45) (>= net461) (< netstandard1.5) (>= netstandard1.6)) (&& (< net45) (>= net461) (>= netstandard1.6) (< netstandard2.0)) (&& (< net45) (< netstandard1.2) (>= netstandard2.0) (< win8)) (&& (< net45) (< netstandard1.3) (>= netstandard2.0) (< win8) (< wpa81)) (&& (< net45) (< netstandard1.4) (>= netstandard2.0) (< win8) (< wpa81)) (&& (< net45) (< netstandard1.5) (>= netstandard2.0) (< win8) (< wpa81)) (&& (>= net461) (>= netcoreapp1.0)) (&& (>= net461) (< netstandard1.2) (>= netstandard1.6) (>= uap10.0)) (&& (>= net461) (< netstandard1.3) (>= netstandard1.6) (>= uap10.0)) (&& (>= net461) (< netstandard1.4) (>= netstandard1.6) (>= uap10.0)) (&& (>= net461) (>= netstandard1.5) (>= uap10.0)) (&& (>= net461) (< netstandard1.5) (>= netstandard1.6) (>= uap10.0)) (&& (>= net461) (>= netstandard1.6) (< netstandard2.0) (>= uap10.0)) (&& (>= net461) (>= netstandard1.6) (< portable-net45+win8+wpa81)) (&& (>= net461) (>= netstandard2.0) (>= uap10.0)) (&& (>= netcoreapp1.0) (>= netstandard2.0)) (&& (< netstandard1.2) (>= netstandard2.0) (>= uap10.0) (< win8)) (&& (< netstandard1.5) (>= netstandard2.0) (>= uap10.0)) (&& (>= netstandard2.0) (< portable-net45+win8+wpa81)) (&& (>= netstandard2.0) (>= uap10.0) (< win8) (< wpa81))
    System.Resources.ResourceManager (4.3) - restriction: || (&& (< monoandroid) (< net20) (< netstandard1.5) (>= netstandard2.0)) (&& (< monoandroid) (< net35) (< netstandard1.5) (>= netstandard2.0)) (&& (< monoandroid) (< net35) (>= netstandard2.0) (< xamarinios) (< xamarinmac) (< xamarintvos) (< xamarinwatchos)) (&& (< monoandroid) (< net45) (>= netstandard2.0) (< xamarinios) (< xamarinmac) (< xamarintvos) (< xamarinwatchos)) (&& (< monoandroid) (< net46) (>= netstandard2.0) (< xamarinios) (< xamarinmac) (< xamarintvos) (< xamarinwatchos)) (&& (< monoandroid) (>= netcoreapp1.0) (< netstandard1.0) (>= netstandard2.0)) (&& (< monoandroid) (>= netcoreapp2.0) (< netstandard1.0)) (&& (< monoandroid) (>= netcoreapp2.0) (< netstandard1.2)) (&& (< monoandroid) (>= netcoreapp2.0) (< netstandard1.3)) (&& (< monoandroid) (>= netcoreapp2.0) (< netstandard1.4)) (&& (< monoandroid) (>= netcoreapp2.0) (< netstandard1.5)) (&& (< monoandroid) (>= netcoreapp2.0) (< netstandard1.6)) (&& (< monoandroid) (>= netcoreapp2.0) (< netstandard2.0)) (&& (< monoandroid) (>= netcoreapp2.1) (< netstandard1.0)) (&& (< monoandroid) (< netstandard1.0) (>= netstandard2.0) (< win8)) (&& (>= monotouch) (>= net461)) (&& (>= monotouch) (>= net462)) (&& (>= monotouch) (>= netcoreapp2.0)) (&& (>= monotouch) (>= netcoreapp2.1)) (&& (>= monotouch) (>= netstandard2.0)) (&& (>= monotouch) (>= xamarinios)) (&& (>= monotouch) (>= xamarinmac)) (&& (< net20) (>= net45) (< netstandard1.0) (>= netstandard2.0)) (&& (< net20) (>= net45) (< netstandard1.2) (>= netstandard2.0)) (&& (< net20) (>= net45) (< netstandard1.3) (>= netstandard2.0)) (&& (< net20) (>= net45) (< netstandard1.4) (>= netstandard2.0)) (&& (< net20) (>= net45) (< netstandard1.5) (>= netstandard2.0)) (&& (< net20) (>= net45) (< netstandard1.6) (>= netstandard2.0)) (&& (< net20) (>= net46) (< netstandard1.2) (>= netstandard2.0)) (&& (< net20) (>= net46) (< netstandard1.3) (>= netstandard2.0)) (&& (< net20) (>= net46) (< netstandard1.4) (>= netstandard2.0)) (&& (< net20) (>= net461) (< netstandard1.2)) (&& (< net20) (>= net461) (< netstandard1.3)) (&& (< net20) (>= net461) (< netstandard1.4)) (&& (< net20) (>= net461) (< netstandard1.5)) (&& (< net20) (>= net461) (< netstandard1.6)) (&& (< net20) (>= net461) (< netstandard2.0)) (&& (< net20) (>= net462) (< netstandard1.0)) (&& (< net20) (>= net462) (< netstandard1.2)) (&& (< net20) (>= net462) (< netstandard1.3)) (&& (< net20) (>= net462) (< netstandard1.4)) (&& (< net20) (>= net462) (< netstandard1.5)) (&& (< net20) (>= net462) (< netstandard1.6)) (&& (< net20) (>= net462) (< netstandard2.0)) (&& (< net20) (>= net462) (< portable-net45+win8+wpa81)) (&& (< net20) (< netstandard1.2) (>= netstandard2.0) (< win8)) (&& (< net20) (< netstandard1.3) (>= netstandard2.0) (< win8) (< wpa81)) (&& (< net20) (< netstandard1.4) (>= netstandard2.0) (< win8) (< wpa81)) (&& (< net20) (< netstandard1.5) (>= netstandard2.0) (< win8) (< wpa81)) (&& (< net20) (< netstandard1.6) (>= netstandard2.0) (< win8) (< wpa81)) (&& (< net35) (>= net45) (>= netstandard2.0)) (&& (< net35) (>= net46) (< netstandard1.2) (>= netstandard2.0)) (&& (< net35) (>= net46) (< netstandard1.3) (>= netstandard2.0)) (&& (< net35) (>= net46) (< netstandard1.4) (>= netstandard2.0)) (&& (< net35) (>= net461) (< netstandard1.2)) (&& (< net35) (>= net461) (< netstandard1.3)) (&& (< net35) (>= net461) (< netstandard1.4)) (&& (< net35) (>= net461) (>= netstandard1.5)) (&& (< net35) (>= net461) (< netstandard1.5)) (&& (< net35) (>= net461) (>= netstandard1.6)) (&& (< net35) (>= net461) (>= netstandard2.0)) (&& (< net35) (< netstandard1.2) (>= netstandard2.0) (< win8)) (&& (< net35) (< netstandard1.3) (>= netstandard2.0) (< win8) (< wpa81)) (&& (< net35) (< netstandard1.4) (>= netstandard2.0) (< win8) (< wpa81)) (&& (< net35) (< netstandard1.5) (>= netstandard2.0) (< win8) (< wpa81)) (&& (< net35) (< netstandard1.6) (>= netstandard2.0) (< win8) (< wpa81)) (&& (>= net45) (>= netcoreapp1.0) (>= netstandard2.0)) (&& (>= net45) (>= netcoreapp2.0) (< netstandard1.0)) (&& (>= net45) (>= netcoreapp2.0) (< netstandard1.2)) (&& (>= net45) (>= netcoreapp2.0) (< netstandard1.3)) (&& (>= net45) (>= netcoreapp2.0) (< netstandard1.4)) (&& (>= net45) (>= netcoreapp2.0) (< netstandard1.5)) (&& (>= net45) (>= netcoreapp2.0) (< netstandard1.6)) (&& (>= net45) (>= netcoreapp2.0) (< netstandard2.0)) (&& (>= net45) (>= netcoreapp2.1) (< netstandard1.0)) (&& (>= net45) (>= netstandard2.0) (>= uap10.0)) (&& (< net45) (>= net46) (< netstandard1.2) (>= netstandard2.0)) (&& (< net45) (>= net46) (< netstandard1.3) (>= netstandard2.0)) (&& (< net45) (>= net46) (< netstandard1.4) (>= netstandard2.0)) (&& (< net45) (>= net461) (< netstandard1.2)) (&& (< net45) (>= net461) (< netstandard1.3)) (&& (< net45) (>= net461) (< netstandard1.4)) (&& (< net45) (>= net461) (< netstandard1.5)) (&& (< net45) (>= net461) (>= netstandard1.6)) (&& (< net45) (>= net461) (< netstandard1.6)) (&& (< net45) (>= net461) (>= netstandard2.0)) (&& (< net45) (< netstandard1.2) (>= netstandard2.0) (< win8)) (&& (< net45) (< netstandard1.3) (>= netstandard2.0) (< win8) (< wpa81)) (&& (< net45) (< netstandard1.4) (>= netstandard2.0) (< win8) (< wpa81)) (&& (< net45) (< netstandard1.5) (>= netstandard2.0) (< win8) (< wpa81)) (&& (< net45) (< netstandard1.6) (>= netstandard2.0) (< win8) (< wpa81)) (&& (>= net46) (>= netcoreapp2.0) (< netstandard1.0)) (&& (>= net46) (>= netcoreapp2.0) (< netstandard1.2)) (&& (>= net46) (>= netcoreapp2.0) (< netstandard1.3)) (&& (>= net46) (>= netcoreapp2.0) (< netstandard1.4)) (&& (>= net46) (>= netcoreapp2.1) (< netstandard1.0)) (&& (>= net46) (< netstandard1.0) (>= netstandard2.0)) (&& (>= net46) (< netstandard1.2) (>= netstandard2.0) (>= uap10.0)) (&& (>= net46) (< netstandard1.3) (>= netstandard2.0) (>= uap10.0)) (&& (>= net46) (< netstandard1.4) (>= netstandard2.0) (>= uap10.0)) (&& (< net46) (>= net461)) (&& (>= net461) (>= netcoreapp1.0)) (&& (>= net461) (>= netcoreapp2.0) (< netstandard1.2)) (&& (>= net461) (>= netcoreapp2.0) (< netstandard1.3)) (&& (>= net461) (>= netcoreapp2.0) (< netstandard1.4)) (&& (>= net461) (>= netcoreapp2.0) (< netstandard1.5)) (&& (>= net461) (>= netcoreapp2.0) (< netstandard1.6)) (&& (>= net461) (>= netcoreapp2.0) (< netstandard2.0)) (&& (>= net461) (< netstandard1.0)) (&& (>= net461) (< netstandard1.2) (>= uap10.0)) (&& (>= net461) (< netstandard1.2) (>= xamarintvos)) (&& (>= net461) (< netstandard1.2) (>= xamarinwatchos)) (&& (>= net461) (< netstandard1.3) (>= uap10.0)) (&& (>= net461) (< netstandard1.3) (>= xamarintvos)) (&& (>= net461) (< netstandard1.3) (>= xamarinwatchos)) (&& (>= net461) (< netstandard1.4) (>= uap10.0)) (&& (>= net461) (< netstandard1.4) (>= xamarintvos)) (&& (>= net461) (< netstandard1.4) (>= xamarinwatchos)) (&& (>= net461) (>= netstandard1.5) (>= uap10.0)) (&& (>= net461) (< netstandard1.5) (>= uap10.0)) (&& (>= net461) (< netstandard1.5) (>= xamarintvos)) (&& (>= net461) (< netstandard1.5) (>= xamarinwatchos)) (&& (>= net461) (>= netstandard1.6) (< netstandard2.0) (>= uap10.0)) (&& (>= net461) (< netstandard1.6) (>= xamarintvos)) (&& (>= net461) (< netstandard1.6) (>= xamarinwatchos)) (&& (>= net461) (>= netstandard2.0) (>= uap10.0)) (&& (>= net461) (< netstandard2.0) (>= xamarintvos)) (&& (>= net461) (< netstandard2.0) (>= xamarinwatchos)) (&& (>= net461) (< portable-net45+win8+wpa81)) (&& (>= net462) (>= netcoreapp1.0) (< netstandard1.0)) (&& (>= net462) (>= netcoreapp1.0) (< netstandard1.2)) (&& (>= net462) (>= netcoreapp1.0) (< netstandard1.3)) (&& (>= net462) (>= netcoreapp1.0) (< netstandard1.4)) (&& (>= net462) (>= netcoreapp1.0) (< netstandard1.5)) (&& (>= net462) (>= netcoreapp1.0) (< netstandard1.6)) (&& (>= net462) (>= netcoreapp1.0) (< netstandard2.0)) (&& (>= net462) (>= netcoreapp1.0) (< portable-net45+win8+wpa81)) (&& (>= net462) (>= netcoreapp2.0) (< netstandard1.0)) (&& (>= net462) (>= netcoreapp2.0) (< netstandard1.2)) (&& (>= net462) (>= netcoreapp2.0) (< netstandard1.3)) (&& (>= net462) (>= netcoreapp2.0) (< netstandard1.4)) (&& (>= net462) (>= netcoreapp2.0) (< netstandard1.5)) (&& (>= net462) (>= netcoreapp2.0) (< netstandard1.6)) (&& (>= net462) (>= netcoreapp2.0) (< netstandard2.0)) (&& (>= net462) (>= netcoreapp2.1) (< netstandard1.0)) (&& (>= net462) (< netstandard1.0) (>= uap10.0)) (&& (>= net462) (< netstandard1.0) (>= xamarintvos)) (&& (>= net462) (< netstandard1.0) (>= xamarinwatchos)) (&& (>= net462) (< netstandard1.2) (>= uap10.0)) (&& (>= net462) (< netstandard1.2) (>= xamarintvos)) (&& (>= net462) (< netstandard1.2) (>= xamarinwatchos)) (&& (>= net462) (< netstandard1.3) (>= uap10.0)) (&& (>= net462) (< netstandard1.3) (>= xamarintvos)) (&& (>= net462) (< netstandard1.3) (>= xamarinwatchos)) (&& (>= net462) (< netstandard1.4) (>= uap10.0)) (&& (>= net462) (< netstandard1.4) (>= xamarintvos)) (&& (>= net462) (< netstandard1.4) (>= xamarinwatchos)) (&& (>= net462) (< netstandard1.5) (>= uap10.0)) (&& (>= net462) (< netstandard1.5) (>= xamarintvos)) (&& (>= net462) (< netstandard1.5) (>= xamarinwatchos)) (&& (>= net462) (< netstandard1.6) (>= uap10.0)) (&& (>= net462) (< netstandard1.6) (>= xamarintvos)) (&& (>= net462) (< netstandard1.6) (>= xamarinwatchos)) (&& (>= net462) (< netstandard2.0) (>= uap10.0)) (&& (>= net462) (< netstandard2.0) (>= xamarintvos)) (&& (>= net462) (< netstandard2.0) (>= xamarinwatchos)) (&& (>= net462) (< portable-net45+win8+wpa81) (>= uap10.0)) (&& (>= net462) (< portable-net45+win8+wpa81) (>= xamarintvos)) (&& (>= net462) (< portable-net45+win8+wpa81) (>= xamarinwatchos)) (&& (>= netcoreapp1.0) (< netstandard1.2) (>= netstandard2.0)) (&& (>= netcoreapp1.0) (< netstandard1.3) (>= netstandard2.0)) (&& (>= netcoreapp1.0) (< netstandard1.4) (>= netstandard2.0)) (&& (>= netcoreapp1.0) (< netstandard1.5) (>= netstandard2.0)) (&& (>= netcoreapp1.0) (< netstandard1.6) (>= netstandard2.0)) (&& (>= netcoreapp1.0) (>= netstandard2.0) (>= uap10.0)) (&& (>= netcoreapp1.0) (>= netstandard2.0) (< xamarinios) (< xamarinmac) (< xamarintvos) (< xamarinwatchos)) (&& (>= netcoreapp2.0) (< netstandard1.0) (< portable-net45+win8)) (&& (>= netcoreapp2.0) (< netstandard1.0) (>= uap10.0)) (&& (>= netcoreapp2.0) (< netstandard1.0) (>= xamarintvos)) (&& (>= netcoreapp2.0) (< netstandard1.0) (>= xamarinwatchos)) (&& (>= netcoreapp2.0) (< netstandard1.2) (>= uap10.0)) (&& (>= netcoreapp2.0) (< netstandard1.2) (>= xamarintvos)) (&& (>= netcoreapp2.0) (< netstandard1.2) (>= xamarinwatchos)) (&& (>= netcoreapp2.0) (< netstandard1.3) (>= uap10.0)) (&& (>= netcoreapp2.0) (< netstandard1.3) (>= xamarintvos)) (&& (>= netcoreapp2.0) (< netstandard1.3) (>= xamarinwatchos)) (&& (>= netcoreapp2.0) (< netstandard1.4) (>= uap10.0)) (&& (>= netcoreapp2.0) (< netstandard1.4) (>= xamarintvos)) (&& (>= netcoreapp2.0) (< netstandard1.4) (>= xamarinwatchos)) (&& (>= netcoreapp2.0) (< netstandard1.5) (>= uap10.0)) (&& (>= netcoreapp2.0) (< netstandard1.5) (>= xamarintvos)) (&& (>= netcoreapp2.0) (< netstandard1.5) (>= xamarinwatchos)) (&& (>= netcoreapp2.0) (< netstandard1.6) (>= uap10.0)) (&& (>= netcoreapp2.0) (< netstandard1.6) (>= xamarintvos)) (&& (>= netcoreapp2.0) (< netstandard1.6) (>= xamarinwatchos)) (&& (>= netcoreapp2.0) (< netstandard2.0) (>= uap10.0)) (&& (>= netcoreapp2.0) (< netstandard2.0) (>= xamarintvos)) (&& (>= netcoreapp2.0) (< netstandard2.0) (>= xamarinwatchos)) (&& (>= netcoreapp2.0) (< portable-net45+win8+wpa81)) (&& (>= netcoreapp2.1) (< netstandard1.0) (< portable-net45+win8)) (&& (>= netcoreapp2.1) (< netstandard1.0) (>= uap10.0)) (&& (>= netcoreapp2.1) (< netstandard1.0) (>= xamarintvos)) (&& (>= netcoreapp2.1) (< netstandard1.0) (>= xamarinwatchos)) (&& (>= netcoreapp2.1) (< netstandard1.2)) (&& (>= netcoreapp2.1) (< netstandard1.3)) (&& (>= netcoreapp2.1) (< netstandard1.4)) (&& (>= netcoreapp2.1) (< netstandard1.5)) (&& (>= netcoreapp2.1) (< netstandard1.6)) (&& (>= netcoreapp2.1) (< netstandard2.0)) (&& (>= netcoreapp2.1) (< portable-net45+win8+wpa81)) (&& (< netstandard1.0) (>= netstandard2.0) (< portable-net45+win8)) (&& (< netstandard1.0) (>= netstandard2.0) (>= uap10.0) (< win8)) (&& (< netstandard1.0) (>= netstandard2.0) (>= xamarintvos)) (&& (< netstandard1.0) (>= netstandard2.0) (>= xamarinwatchos)) (&& (< netstandard1.0) (>= xamarinios)) (&& (< netstandard1.0) (>= xamarinmac)) (&& (< netstandard1.2) (>= netstandard2.0) (>= uap10.0) (< win8)) (&& (< netstandard1.2) (>= netstandard2.0) (>= xamarintvos)) (&& (< netstandard1.2) (>= netstandard2.0) (>= xamarinwatchos)) (&& (< netstandard1.2) (>= xamarinios)) (&& (< netstandard1.2) (>= xamarinmac)) (&& (< netstandard1.3) (>= netstandard2.0) (>= xamarintvos)) (&& (< netstandard1.3) (>= netstandard2.0) (>= xamarinwatchos)) (&& (< netstandard1.3) (>= xamarinios)) (&& (< netstandard1.3) (>= xamarinmac)) (&& (< netstandard1.4) (>= netstandard2.0) (>= xamarintvos)) (&& (< netstandard1.4) (>= netstandard2.0) (>= xamarinwatchos)) (&& (< netstandard1.4) (>= xamarinios)) (&& (< netstandard1.4) (>= xamarinmac)) (&& (< netstandard1.5) (>= netstandard2.0) (>= uap10.0)) (&& (< netstandard1.5) (>= netstandard2.0) (>= xamarintvos)) (&& (< netstandard1.5) (>= netstandard2.0) (>= xamarinwatchos)) (&& (< netstandard1.5) (>= xamarinios)) (&& (< netstandard1.5) (>= xamarinmac)) (&& (< netstandard1.6) (>= netstandard2.0) (>= xamarintvos)) (&& (< netstandard1.6) (>= netstandard2.0) (>= xamarinwatchos)) (&& (< netstandard1.6) (>= xamarinios)) (&& (< netstandard1.6) (>= xamarinmac)) (&& (>= netstandard2.0) (< portable-net45+win8+wpa81)) (&& (>= netstandard2.0) (>= uap10.0) (< win8) (< wpa81)) (&& (< netstandard2.0) (>= xamarinios)) (&& (< netstandard2.0) (>= xamarinmac)) (&& (< portable-net45+win8+wpa81) (>= xamarinios)) (&& (< portable-net45+win8+wpa81) (>= xamarinmac))
      Microsoft.NETCore.Platforms (>= 1.1) - restriction: || (&& (< monoandroid) (< net45) (>= netstandard2.0) (< win8) (< wpa81) (< xamarinios) (< xamarinmac) (< xamarintvos) (< xamarinwatchos)) (&& (< net45) (>= net461))
      Microsoft.NETCore.Targets (>= 1.1) - restriction: || (&& (< monoandroid) (< net45) (>= netstandard2.0) (< win8) (< wpa81) (< xamarinios) (< xamarinmac) (< xamarintvos) (< xamarinwatchos)) (&& (< net45) (>= net461))
      System.Globalization (>= 4.3) - restriction: || (&& (< monoandroid) (< net45) (>= netstandard2.0) (< win8) (< wpa81) (< xamarinios) (< xamarinmac) (< xamarintvos) (< xamarinwatchos)) (&& (< net45) (>= net461))
      System.Reflection (>= 4.3) - restriction: || (&& (< monoandroid) (< net45) (>= netstandard2.0) (< win8) (< wpa81) (< xamarinios) (< xamarinmac) (< xamarintvos) (< xamarinwatchos)) (&& (< net45) (>= net461))
      System.Runtime (>= 4.3) - restriction: || (&& (< monoandroid) (< net45) (>= netstandard2.0) (< win8) (< wpa81) (< xamarinios) (< xamarinmac) (< xamarintvos) (< xamarinwatchos)) (&& (< net45) (>= net461))
    System.Runtime (4.3.1) - restriction: || (&& (< monoandroid) (< net20) (< netstandard1.4) (>= netstandard2.0)) (&& (< monoandroid) (< net20) (< netstandard1.5) (>= netstandard2.0)) (&& (< monoandroid) (< net20) (< netstandard1.6) (>= netstandard2.0)) (&& (< monoandroid) (< net35) (< netstandard1.4) (>= netstandard2.0)) (&& (< monoandroid) (< net35) (< netstandard1.5) (>= netstandard2.0)) (&& (< monoandroid) (< net35) (< netstandard1.6) (>= netstandard2.0)) (&& (< monoandroid) (< net35) (>= netstandard2.0) (< xamarinios) (< xamarinmac) (< xamarintvos) (< xamarinwatchos)) (&& (< monoandroid) (< net45) (>= netstandard2.0) (< xamarinios) (< xamarinmac) (< xamarintvos) (< xamarinwatchos)) (&& (< monoandroid) (< net46) (< netstandard1.4) (>= netstandard2.0)) (&& (< monoandroid) (< net46) (< netstandard1.6) (>= netstandard2.0)) (&& (< monoandroid) (< net46) (>= netstandard2.0) (< xamarinios) (< xamarinmac) (< xamarintvos) (< xamarinwatchos)) (&& (< monoandroid) (>= net5.0) (< netstandard1.1)) (&& (< monoandroid) (>= net5.0) (< netstandard1.2)) (&& (< monoandroid) (>= net5.0) (< netstandard1.3)) (&& (< monoandroid) (>= net5.0) (< netstandard1.4)) (&& (< monoandroid) (>= net5.0) (< netstandard1.5)) (&& (< monoandroid) (>= net5.0) (< netstandard1.6)) (&& (< monoandroid) (>= net5.0) (< netstandard2.0) (< xamarintvos) (< xamarinwatchos)) (&& (< monoandroid) (>= netcoreapp1.0) (< netstandard1.1) (>= netstandard2.0)) (&& (< monoandroid) (>= netcoreapp2.0) (< netstandard1.1)) (&& (< monoandroid) (>= netcoreapp2.0) (< netstandard1.2)) (&& (< monoandroid) (>= netcoreapp2.0) (< netstandard1.3)) (&& (< monoandroid) (>= netcoreapp2.0) (< netstandard1.4)) (&& (< monoandroid) (>= netcoreapp2.0) (< netstandard1.5)) (&& (< monoandroid) (>= netcoreapp2.0) (< netstandard1.6)) (&& (< monoandroid) (>= netcoreapp2.0) (< netstandard2.0)) (&& (< monoandroid) (>= netcoreapp2.1) (< netstandard1.1)) (&& (< monoandroid) (< netstandard1.1) (>= netstandard2.0) (< win8)) (&& (>= monotouch) (>= net461)) (&& (>= monotouch) (>= net462)) (&& (>= monotouch) (>= net463)) (&& (>= monotouch) (>= net5.0)) (&& (>= monotouch) (>= netcoreapp2.0)) (&& (>= monotouch) (>= netcoreapp2.1)) (&& (>= monotouch) (>= netstandard2.0)) (&& (>= monotouch) (>= xamarinios)) (&& (>= monotouch) (>= xamarinmac)) (&& (< net20) (>= net45) (< netstandard1.1) (>= netstandard2.0)) (&& (< net20) (>= net45) (< netstandard1.2) (>= netstandard2.0)) (&& (< net20) (>= net45) (< netstandard1.3) (>= netstandard2.0)) (&& (< net20) (>= net45) (< netstandard1.4) (>= netstandard2.0)) (&& (< net20) (>= net45) (< netstandard1.5) (>= netstandard2.0)) (&& (< net20) (>= net45) (< netstandard1.6) (>= netstandard2.0)) (&& (< net20) (>= net46) (< netstandard1.2) (>= netstandard2.0)) (&& (< net20) (>= net46) (< netstandard1.3) (>= netstandard2.0)) (&& (< net20) (>= net46) (< netstandard1.4) (>= netstandard2.0)) (&& (< net20) (>= net46) (< netstandard1.5) (>= netstandard2.0)) (&& (< net20) (>= net461) (< netstandard1.2)) (&& (< net20) (>= net461) (< netstandard1.3)) (&& (< net20) (>= net461) (< netstandard1.4)) (&& (< net20) (>= net461) (>= netstandard1.5) (< netstandard1.6)) (&& (< net20) (>= net461) (< netstandard1.5)) (&& (< net20) (>= net461) (< netstandard1.6) (>= netstandard2.0)) (&& (< net20) (>= net461) (< netstandard2.0)) (&& (< net20) (>= net462) (< netstandard1.1)) (&& (< net20) (>= net462) (< netstandard1.2)) (&& (< net20) (>= net462) (< netstandard1.3)) (&& (< net20) (>= net462) (< netstandard1.4)) (&& (< net20) (>= net462) (< netstandard1.5)) (&& (< net20) (>= net462) (< netstandard1.6)) (&& (< net20) (>= net462) (< netstandard2.0)) (&& (< net20) (>= net462) (< portable-net45+win8+wpa81)) (&& (< net20) (>= net463) (< netstandard1.2)) (&& (< net20) (>= net463) (< netstandard1.3)) (&& (< net20) (>= net463) (< netstandard1.4)) (&& (< net20) (>= net463) (< netstandard1.5)) (&& (< net20) (>= net463) (>= netstandard1.6) (< netstandard2.0)) (&& (< net20) (>= net463) (< netstandard1.6)) (&& (< net20) (>= net47) (< netstandard1.2) (>= netstandard2.0)) (&& (< net20) (>= net47) (< netstandard1.3) (>= netstandard2.0)) (&& (< net20) (>= net47) (< netstandard1.4) (>= netstandard2.0)) (&& (< net20) (>= net47) (< netstandard1.5) (>= netstandard2.0)) (&& (< net20) (>= net47) (< netstandard1.6) (>= netstandard2.0)) (&& (< net20) (< netstandard1.2) (>= netstandard2.0) (< win8)) (&& (< net20) (< netstandard1.3) (>= netstandard2.0) (< win8) (< wpa81)) (&& (< net20) (< netstandard1.4) (>= netstandard2.0) (< win8) (< wpa81)) (&& (< net20) (< netstandard1.5) (>= netstandard2.0) (< win8) (< wpa81)) (&& (< net20) (< netstandard1.6) (>= netstandard2.0) (< win8) (< wpa81)) (&& (< net35) (>= net45) (>= netstandard2.0)) (&& (< net35) (>= net46) (< netstandard1.2) (>= netstandard2.0)) (&& (< net35) (>= net46) (< netstandard1.3) (>= netstandard2.0)) (&& (< net35) (>= net46) (< netstandard1.4) (>= netstandard2.0)) (&& (< net35) (>= net46) (< netstandard1.5) (>= netstandard2.0)) (&& (< net35) (>= net461) (< netstandard1.2)) (&& (< net35) (>= net461) (< netstandard1.3)) (&& (< net35) (>= net461) (< netstandard1.4)) (&& (< net35) (>= net461) (>= netstandard1.5)) (&& (< net35) (>= net461) (< netstandard1.5)) (&& (< net35) (>= net461) (>= netstandard1.6) (< netstandard2.0)) (&& (< net35) (>= net461) (>= netstandard2.0)) (&& (< net35) (>= net462) (< netstandard1.2) (>= netstandard2.0)) (&& (< net35) (>= net462) (< netstandard1.3) (>= netstandard2.0)) (&& (< net35) (>= net462) (< netstandard1.4) (>= netstandard2.0)) (&& (< net35) (>= net462) (< netstandard1.5) (>= netstandard2.0)) (&& (< net35) (>= net462) (< netstandard1.6) (>= netstandard2.0)) (&& (< net35) (>= net463) (< netstandard1.2)) (&& (< net35) (>= net463) (< netstandard1.3)) (&& (< net35) (>= net463) (< netstandard1.4)) (&& (< net35) (>= net463) (< netstandard1.5)) (&& (< net35) (>= net463) (>= netstandard1.6) (< netstandard2.0)) (&& (< net35) (>= net463) (< netstandard1.6)) (&& (< net35) (>= net47) (>= netstandard2.0)) (&& (< net35) (< netstandard1.2) (>= netstandard2.0) (< win8)) (&& (< net35) (< netstandard1.3) (>= netstandard2.0) (< win8) (< wpa81)) (&& (< net35) (< netstandard1.4) (>= netstandard2.0) (< win8) (< wpa81)) (&& (< net35) (< netstandard1.5) (>= netstandard2.0) (< win8) (< wpa81)) (&& (< net35) (< netstandard1.6) (>= netstandard2.0) (< win8) (< wpa81)) (&& (>= net45) (>= net5.0) (< netstandard1.1)) (&& (>= net45) (>= net5.0) (< netstandard1.2)) (&& (>= net45) (>= net5.0) (< netstandard1.3)) (&& (>= net45) (>= net5.0) (< netstandard1.4)) (&& (>= net45) (>= net5.0) (< netstandard1.5)) (&& (>= net45) (>= net5.0) (< netstandard1.6)) (&& (>= net45) (>= net5.0) (< netstandard2.0)) (&& (>= net45) (>= netcoreapp1.0) (>= netstandard2.0)) (&& (>= net45) (>= netcoreapp2.0) (< netstandard1.1)) (&& (>= net45) (>= netcoreapp2.0) (< netstandard1.2)) (&& (>= net45) (>= netcoreapp2.0) (< netstandard1.3)) (&& (>= net45) (>= netcoreapp2.0) (< netstandard1.4)) (&& (>= net45) (>= netcoreapp2.0) (< netstandard1.5)) (&& (>= net45) (>= netcoreapp2.0) (< netstandard1.6)) (&& (>= net45) (>= netcoreapp2.0) (< netstandard2.0)) (&& (>= net45) (>= netcoreapp2.1) (< netstandard1.1)) (&& (>= net45) (>= netstandard2.0) (>= uap10.0)) (&& (< net45) (>= net46) (< netstandard1.2) (>= netstandard2.0)) (&& (< net45) (>= net46) (< netstandard1.3) (>= netstandard2.0)) (&& (< net45) (>= net46) (< netstandard1.4) (>= netstandard2.0)) (&& (< net45) (>= net46) (< netstandard1.5) (>= netstandard2.0)) (&& (< net45) (>= net461)) (&& (< net45) (>= net462) (< netstandard1.2) (>= netstandard2.0)) (&& (< net45) (>= net462) (< netstandard1.3) (>= netstandard2.0)) (&& (< net45) (>= net462) (< netstandard1.4) (>= netstandard2.0)) (&& (< net45) (>= net462) (< netstandard1.5) (>= netstandard2.0)) (&& (< net45) (>= net462) (< netstandard1.6) (>= netstandard2.0)) (&& (< net45) (>= net463) (< netstandard1.2)) (&& (< net45) (>= net463) (< netstandard1.3)) (&& (< net45) (>= net463) (< netstandard1.4)) (&& (< net45) (>= net463) (< netstandard1.5)) (&& (< net45) (>= net463) (>= netstandard1.6) (< netstandard2.0)) (&& (< net45) (>= net463) (< netstandard1.6)) (&& (< net45) (>= net47) (< netstandard1.2) (>= netstandard2.0)) (&& (< net45) (>= net47) (< netstandard1.3) (>= netstandard2.0)) (&& (< net45) (>= net47) (< netstandard1.4) (>= netstandard2.0)) (&& (< net45) (>= net47) (< netstandard1.5) (>= netstandard2.0)) (&& (< net45) (>= net47) (< netstandard1.6) (>= netstandard2.0)) (&& (< net45) (< netstandard1.2) (>= netstandard2.0) (< win8)) (&& (< net45) (< netstandard1.3) (>= netstandard2.0) (< win8) (< wpa81)) (&& (< net45) (< netstandard1.4) (>= netstandard2.0) (< win8) (< wpa81)) (&& (< net45) (< netstandard1.5) (>= netstandard2.0) (< win8) (< wpa81)) (&& (< net45) (< netstandard1.6) (>= netstandard2.0) (< win8) (< wpa81)) (&& (>= net46) (>= net5.0) (< netstandard1.1)) (&& (>= net46) (>= net5.0) (< netstandard1.2)) (&& (>= net46) (>= net5.0) (< netstandard1.3)) (&& (>= net46) (>= net5.0) (< netstandard1.4)) (&& (>= net46) (>= netcoreapp2.0) (< netstandard1.1)) (&& (>= net46) (>= netcoreapp2.0) (< netstandard1.2)) (&& (>= net46) (>= netcoreapp2.0) (< netstandard1.3)) (&& (>= net46) (>= netcoreapp2.0) (< netstandard1.4)) (&& (>= net46) (>= netcoreapp2.0) (< netstandard1.5)) (&& (>= net46) (>= netcoreapp2.1) (< netstandard1.1)) (&& (>= net46) (< netstandard1.1) (>= netstandard2.0)) (&& (>= net46) (< netstandard1.2) (>= netstandard2.0) (>= uap10.0)) (&& (>= net46) (< netstandard1.3) (>= netstandard2.0) (>= uap10.0)) (&& (< net46) (>= net461)) (&& (< net46) (>= net462) (< netstandard1.4) (>= netstandard2.0)) (&& (< net46) (>= net462) (< netstandard1.6) (>= netstandard2.0)) (&& (< net46) (>= net463) (< netstandard1.4)) (&& (< net46) (>= net463) (< netstandard1.6) (>= netstandard2.0)) (&& (< net46) (>= net47) (>= netstandard2.0)) (&& (>= net461) (>= net5.0) (< netstandard1.2)) (&& (>= net461) (>= net5.0) (< netstandard1.3)) (&& (>= net461) (>= net5.0) (< netstandard1.4)) (&& (>= net461) (>= net5.0) (< netstandard1.5)) (&& (>= net461) (>= net5.0) (< netstandard1.6)) (&& (>= net461) (>= net5.0) (< netstandard2.0)) (&& (>= net461) (>= netcoreapp1.0)) (&& (>= net461) (>= netcoreapp2.0) (< netstandard1.2)) (&& (>= net461) (>= netcoreapp2.0) (< netstandard1.3)) (&& (>= net461) (>= netcoreapp2.0) (< netstandard1.4)) (&& (>= net461) (>= netcoreapp2.0) (< netstandard1.5)) (&& (>= net461) (>= netcoreapp2.0) (< netstandard1.6)) (&& (>= net461) (>= netcoreapp2.0) (< netstandard2.0)) (&& (>= net461) (< netstandard1.1)) (&& (>= net461) (< netstandard1.2) (>= uap10.0)) (&& (>= net461) (< netstandard1.2) (>= xamarintvos)) (&& (>= net461) (< netstandard1.2) (>= xamarinwatchos)) (&& (>= net461) (< netstandard1.3) (>= uap10.0)) (&& (>= net461) (< netstandard1.3) (>= xamarintvos)) (&& (>= net461) (< netstandard1.3) (>= xamarinwatchos)) (&& (>= net461) (< netstandard1.4) (>= uap10.0)) (&& (>= net461) (< netstandard1.4) (>= xamarintvos)) (&& (>= net461) (< netstandard1.4) (>= xamarinwatchos)) (&& (>= net461) (>= netstandard1.5) (>= uap10.0)) (&& (>= net461) (< netstandard1.5) (>= uap10.0)) (&& (>= net461) (< netstandard1.5) (>= xamarintvos)) (&& (>= net461) (< netstandard1.5) (>= xamarinwatchos)) (&& (>= net461) (>= netstandard1.6) (< netstandard2.0) (>= uap10.0)) (&& (>= net461) (< netstandard1.6) (>= xamarintvos)) (&& (>= net461) (< netstandard1.6) (>= xamarinwatchos)) (&& (>= net461) (>= netstandard2.0) (>= uap10.0)) (&& (>= net461) (< netstandard2.0) (>= xamarintvos)) (&& (>= net461) (< netstandard2.0) (>= xamarinwatchos)) (&& (>= net461) (< portable-net45+win8+wpa81)) (&& (>= net462) (>= net5.0) (< netstandard1.1)) (&& (>= net462) (>= net5.0) (< netstandard1.2)) (&& (>= net462) (>= net5.0) (< netstandard1.3)) (&& (>= net462) (>= net5.0) (< netstandard1.4)) (&& (>= net462) (>= net5.0) (< netstandard1.5)) (&& (>= net462) (>= net5.0) (< netstandard1.6)) (&& (>= net462) (>= net5.0) (< netstandard2.0)) (&& (>= net462) (>= netcoreapp1.0) (< netstandard1.1)) (&& (>= net462) (>= netcoreapp1.0) (< netstandard1.2)) (&& (>= net462) (>= netcoreapp1.0) (< netstandard1.3)) (&& (>= net462) (>= netcoreapp1.0) (< netstandard1.4)) (&& (>= net462) (>= netcoreapp1.0) (< netstandard1.5)) (&& (>= net462) (>= netcoreapp1.0) (< netstandard1.6)) (&& (>= net462) (>= netcoreapp1.0) (< netstandard2.0)) (&& (>= net462) (>= netcoreapp1.0) (< portable-net45+win8+wpa81)) (&& (>= net462) (>= netcoreapp2.0) (< netstandard1.1)) (&& (>= net462) (>= netcoreapp2.0) (< netstandard1.2)) (&& (>= net462) (>= netcoreapp2.0) (< netstandard1.3)) (&& (>= net462) (>= netcoreapp2.0) (< netstandard1.4)) (&& (>= net462) (>= netcoreapp2.0) (< netstandard1.5)) (&& (>= net462) (>= netcoreapp2.0) (< netstandard1.6)) (&& (>= net462) (>= netcoreapp2.0) (< netstandard2.0)) (&& (>= net462) (>= netcoreapp2.1) (< netstandard1.1)) (&& (>= net462) (< netstandard1.1) (>= netstandard2.0)) (&& (>= net462) (< netstandard1.1) (>= uap10.0)) (&& (>= net462) (< netstandard1.1) (>= xamarintvos)) (&& (>= net462) (< netstandard1.1) (>= xamarinwatchos)) (&& (>= net462) (< netstandard1.2) (>= uap10.0)) (&& (>= net462) (< netstandard1.2) (>= xamarintvos)) (&& (>= net462) (< netstandard1.2) (>= xamarinwatchos)) (&& (>= net462) (< netstandard1.3) (>= uap10.0)) (&& (>= net462) (< netstandard1.3) (>= xamarintvos)) (&& (>= net462) (< netstandard1.3) (>= xamarinwatchos)) (&& (>= net462) (< netstandard1.4) (>= uap10.0)) (&& (>= net462) (< netstandard1.4) (>= xamarintvos)) (&& (>= net462) (< netstandard1.4) (>= xamarinwatchos)) (&& (>= net462) (< netstandard1.5) (>= uap10.0)) (&& (>= net462) (< netstandard1.5) (>= xamarintvos)) (&& (>= net462) (< netstandard1.5) (>= xamarinwatchos)) (&& (>= net462) (< netstandard1.6) (>= uap10.0)) (&& (>= net462) (< netstandard1.6) (>= xamarintvos)) (&& (>= net462) (< netstandard1.6) (>= xamarinwatchos)) (&& (>= net462) (< netstandard2.0) (>= uap10.0)) (&& (>= net462) (< netstandard2.0) (>= xamarintvos)) (&& (>= net462) (< netstandard2.0) (>= xamarinwatchos)) (&& (>= net462) (< portable-net45+win8+wpa81) (>= uap10.0)) (&& (>= net462) (< portable-net45+win8+wpa81) (>= xamarintvos)) (&& (>= net462) (< portable-net45+win8+wpa81) (>= xamarinwatchos)) (&& (>= net463) (>= net5.0) (< netstandard1.2)) (&& (>= net463) (>= net5.0) (< netstandard1.3)) (&& (>= net463) (>= net5.0) (< netstandard1.4)) (&& (>= net463) (>= net5.0) (< netstandard1.5)) (&& (>= net463) (>= net5.0) (< netstandard1.6)) (&& (>= net463) (>= net5.0) (< netstandard2.0)) (&& (>= net463) (>= netcoreapp1.0) (< netstandard1.2)) (&& (>= net463) (>= netcoreapp1.0) (< netstandard1.3)) (&& (>= net463) (>= netcoreapp1.0) (< netstandard1.4)) (&& (>= net463) (>= netcoreapp1.0) (< netstandard1.5)) (&& (>= net463) (>= netcoreapp1.0) (< netstandard1.6)) (&& (>= net463) (>= netcoreapp1.0) (< netstandard2.0)) (&& (>= net463) (>= netcoreapp2.0) (< netstandard1.2)) (&& (>= net463) (>= netcoreapp2.0) (< netstandard1.3)) (&& (>= net463) (>= netcoreapp2.0) (< netstandard1.4)) (&& (>= net463) (>= netcoreapp2.0) (< netstandard1.5)) (&& (>= net463) (>= netcoreapp2.0) (< netstandard1.6)) (&& (>= net463) (>= netcoreapp2.0) (< netstandard2.0)) (&& (>= net463) (< netstandard1.1)) (&& (>= net463) (< netstandard1.2) (>= uap10.0)) (&& (>= net463) (< netstandard1.2) (>= xamarintvos)) (&& (>= net463) (< netstandard1.2) (>= xamarinwatchos)) (&& (>= net463) (< netstandard1.3) (>= uap10.0)) (&& (>= net463) (< netstandard1.3) (>= xamarintvos)) (&& (>= net463) (< netstandard1.3) (>= xamarinwatchos)) (&& (>= net463) (< netstandard1.4) (>= uap10.0)) (&& (>= net463) (< netstandard1.4) (>= xamarintvos)) (&& (>= net463) (< netstandard1.4) (>= xamarinwatchos)) (&& (>= net463) (< netstandard1.5) (>= uap10.0)) (&& (>= net463) (< netstandard1.5) (>= xamarintvos)) (&& (>= net463) (< netstandard1.5) (>= xamarinwatchos)) (&& (>= net463) (< netstandard1.6) (>= xamarintvos)) (&& (>= net463) (< netstandard1.6) (>= xamarinwatchos)) (&& (>= net463) (< netstandard2.0) (>= xamarintvos)) (&& (>= net463) (< netstandard2.0) (>= xamarinwatchos)) (&& (>= net463) (< portable-net45+win8+wpa81)) (&& (>= net47) (>= net5.0)) (&& (>= net47) (>= netcoreapp1.0) (>= netstandard2.0)) (&& (>= net47) (>= netcoreapp2.0) (< netstandard1.1)) (&& (>= net47) (>= netcoreapp2.0) (< netstandard1.2)) (&& (>= net47) (>= netcoreapp2.0) (< netstandard1.3)) (&& (>= net47) (>= netcoreapp2.0) (< netstandard1.4)) (&& (>= net47) (>= netcoreapp2.0) (< netstandard1.5)) (&& (>= net47) (>= netcoreapp2.0) (< netstandard1.6)) (&& (>= net47) (>= netcoreapp2.0) (< netstandard2.0)) (&& (>= net47) (>= netcoreapp2.1) (< netstandard1.1)) (&& (>= net47) (< netstandard1.1) (>= netstandard2.0)) (&& (>= net47) (< netstandard1.2) (>= netstandard2.0) (>= uap10.0)) (&& (>= net47) (< netstandard1.3) (>= netstandard2.0) (>= uap10.0)) (&& (>= net5.0) (< netstandard1.1) (>= uap10.0)) (&& (>= net5.0) (< netstandard1.1) (>= xamarintvos)) (&& (>= net5.0) (< netstandard1.1) (>= xamarinwatchos)) (&& (>= net5.0) (< netstandard1.2) (>= uap10.0)) (&& (>= net5.0) (< netstandard1.2) (>= xamarintvos)) (&& (>= net5.0) (< netstandard1.2) (>= xamarinwatchos)) (&& (>= net5.0) (< netstandard1.3) (>= uap10.0)) (&& (>= net5.0) (< netstandard1.3) (>= xamarintvos)) (&& (>= net5.0) (< netstandard1.3) (>= xamarinwatchos)) (&& (>= net5.0) (< netstandard1.4) (>= uap10.0)) (&& (>= net5.0) (< netstandard1.4) (>= xamarintvos)) (&& (>= net5.0) (< netstandard1.4) (>= xamarinwatchos)) (&& (>= net5.0) (< netstandard1.5) (>= uap10.0)) (&& (>= net5.0) (< netstandard1.5) (>= xamarintvos)) (&& (>= net5.0) (< netstandard1.5) (>= xamarinwatchos)) (&& (>= net5.0) (< netstandard1.6) (>= xamarintvos)) (&& (>= net5.0) (< netstandard1.6) (>= xamarinwatchos)) (&& (>= net5.0) (< portable-net45+win8+wpa81)) (&& (>= netcoreapp1.0) (< netstandard1.2) (>= netstandard2.0)) (&& (>= netcoreapp1.0) (< netstandard1.3) (>= netstandard2.0)) (&& (>= netcoreapp1.0) (< netstandard1.4) (>= netstandard2.0)) (&& (>= netcoreapp1.0) (< netstandard1.5) (>= netstandard2.0)) (&& (>= netcoreapp1.0) (< netstandard1.6) (>= netstandard2.0)) (&& (>= netcoreapp1.0) (>= netstandard2.0) (>= uap10.0)) (&& (>= netcoreapp1.0) (>= netstandard2.0) (< xamarinios) (< xamarinmac) (< xamarintvos) (< xamarinwatchos)) (&& (>= netcoreapp2.0) (< netstandard1.1) (>= uap10.0)) (&& (>= netcoreapp2.0) (< netstandard1.1) (>= xamarintvos)) (&& (>= netcoreapp2.0) (< netstandard1.1) (>= xamarinwatchos)) (&& (>= netcoreapp2.0) (< netstandard1.2) (>= uap10.0)) (&& (>= netcoreapp2.0) (< netstandard1.2) (>= xamarintvos)) (&& (>= netcoreapp2.0) (< netstandard1.2) (>= xamarinwatchos)) (&& (>= netcoreapp2.0) (< netstandard1.3) (>= uap10.0)) (&& (>= netcoreapp2.0) (< netstandard1.3) (>= xamarintvos)) (&& (>= netcoreapp2.0) (< netstandard1.3) (>= xamarinwatchos)) (&& (>= netcoreapp2.0) (< netstandard1.4) (>= uap10.0)) (&& (>= netcoreapp2.0) (< netstandard1.4) (>= xamarintvos)) (&& (>= netcoreapp2.0) (< netstandard1.4) (>= xamarinwatchos)) (&& (>= netcoreapp2.0) (< netstandard1.5) (>= uap10.0)) (&& (>= netcoreapp2.0) (< netstandard1.5) (>= xamarintvos)) (&& (>= netcoreapp2.0) (< netstandard1.5) (>= xamarinwatchos)) (&& (>= netcoreapp2.0) (< netstandard1.6) (>= uap10.0)) (&& (>= netcoreapp2.0) (< netstandard1.6) (>= xamarintvos)) (&& (>= netcoreapp2.0) (< netstandard1.6) (>= xamarinwatchos)) (&& (>= netcoreapp2.0) (< netstandard2.0) (>= uap10.0)) (&& (>= netcoreapp2.0) (< netstandard2.0) (>= xamarintvos)) (&& (>= netcoreapp2.0) (< netstandard2.0) (>= xamarinwatchos)) (&& (>= netcoreapp2.0) (< portable-net45+win8+wpa81)) (&& (>= netcoreapp2.1) (< netstandard1.1) (>= uap10.0)) (&& (>= netcoreapp2.1) (< netstandard1.1) (>= xamarintvos)) (&& (>= netcoreapp2.1) (< netstandard1.1) (>= xamarinwatchos)) (&& (>= netcoreapp2.1) (< netstandard1.2)) (&& (>= netcoreapp2.1) (< netstandard1.3)) (&& (>= netcoreapp2.1) (< netstandard1.4)) (&& (>= netcoreapp2.1) (< netstandard1.5)) (&& (>= netcoreapp2.1) (< netstandard1.6)) (&& (>= netcoreapp2.1) (< netstandard2.0)) (&& (>= netcoreapp2.1) (< portable-net45+win8+wpa81)) (&& (< netstandard1.1) (>= netstandard2.0) (>= uap10.0) (< win8)) (&& (< netstandard1.1) (>= netstandard2.0) (>= xamarintvos)) (&& (< netstandard1.1) (>= netstandard2.0) (>= xamarinwatchos)) (&& (< netstandard1.1) (>= xamarinios)) (&& (< netstandard1.1) (>= xamarinmac)) (&& (< netstandard1.2) (>= netstandard2.0) (>= uap10.0) (< win8)) (&& (< netstandard1.2) (>= netstandard2.0) (>= xamarintvos)) (&& (< netstandard1.2) (>= netstandard2.0) (>= xamarinwatchos)) (&& (< netstandard1.2) (>= xamarinios)) (&& (< netstandard1.2) (>= xamarinmac)) (&& (< netstandard1.3) (>= netstandard2.0) (>= xamarintvos)) (&& (< netstandard1.3) (>= netstandard2.0) (>= xamarinwatchos)) (&& (< netstandard1.3) (>= xamarinios)) (&& (< netstandard1.3) (>= xamarinmac)) (&& (< netstandard1.4) (>= netstandard2.0) (>= uap10.0)) (&& (< netstandard1.4) (>= netstandard2.0) (>= xamarintvos)) (&& (< netstandard1.4) (>= netstandard2.0) (>= xamarinwatchos)) (&& (< netstandard1.4) (>= xamarinios)) (&& (< netstandard1.4) (>= xamarinmac)) (&& (< netstandard1.5) (>= netstandard2.0) (>= uap10.0)) (&& (< netstandard1.5) (>= netstandard2.0) (>= xamarintvos)) (&& (< netstandard1.5) (>= netstandard2.0) (>= xamarinwatchos)) (&& (< netstandard1.5) (>= xamarinios)) (&& (< netstandard1.5) (>= xamarinmac)) (&& (< netstandard1.6) (>= netstandard2.0) (>= xamarintvos)) (&& (< netstandard1.6) (>= netstandard2.0) (>= xamarinwatchos)) (&& (< netstandard1.6) (>= xamarinios)) (&& (< netstandard1.6) (>= xamarinmac)) (&& (>= netstandard2.0) (< portable-net45+win8+wpa81)) (&& (>= netstandard2.0) (>= uap10.0) (< win8) (< wpa81)) (&& (< netstandard2.0) (>= xamarinios)) (&& (< netstandard2.0) (>= xamarinmac)) (&& (< portable-net45+win8+wpa81) (>= xamarinios)) (&& (< portable-net45+win8+wpa81) (>= xamarinmac))
      Microsoft.NETCore.Platforms (>= 1.1.1) - restriction: || (&& (< monoandroid) (< net45) (< netstandard1.2) (>= netstandard2.0) (< win8)) (&& (< monoandroid) (< net45) (< netstandard1.3) (>= netstandard2.0) (< win8) (< wpa81)) (&& (< monoandroid) (< net45) (< netstandard1.5) (>= netstandard2.0) (< win8) (< wpa81)) (&& (< net45) (>= net461) (< netstandard1.2)) (&& (< net45) (>= net461) (< netstandard1.3)) (&& (< net45) (>= net461) (>= netstandard1.5)) (&& (< net45) (>= net461) (< netstandard1.5)) (&& (< net45) (>= netstandard2.0) (< win8) (< wpa81) (< xamarinios) (< xamarinmac) (< xamarintvos) (< xamarinwatchos))
      Microsoft.NETCore.Targets (>= 1.1.3) - restriction: || (&& (< monoandroid) (< net45) (< netstandard1.2) (>= netstandard2.0) (< win8)) (&& (< monoandroid) (< net45) (< netstandard1.3) (>= netstandard2.0) (< win8) (< wpa81)) (&& (< monoandroid) (< net45) (< netstandard1.5) (>= netstandard2.0) (< win8) (< wpa81)) (&& (< net45) (>= net461) (< netstandard1.2)) (&& (< net45) (>= net461) (< netstandard1.3)) (&& (< net45) (>= net461) (>= netstandard1.5)) (&& (< net45) (>= net461) (< netstandard1.5)) (&& (< net45) (>= netstandard2.0) (< win8) (< wpa81) (< xamarinios) (< xamarinmac) (< xamarintvos) (< xamarinwatchos))
    System.Runtime.CompilerServices.Unsafe (6.0)
    System.Runtime.Extensions (4.3.1) - restriction: || (&& (< monoandroid) (< net35) (>= netstandard2.0) (< xamarinios) (< xamarinmac) (< xamarintvos) (< xamarinwatchos)) (&& (< monoandroid) (< net45) (>= netstandard2.0) (< xamarinios) (< xamarinmac) (< xamarintvos) (< xamarinwatchos)) (&& (< monoandroid) (< net46) (>= netstandard2.0) (< xamarinios) (< xamarinmac) (< xamarintvos) (< xamarinwatchos)) (&& (< monoandroid) (>= netcoreapp2.0) (< netstandard1.2)) (&& (< monoandroid) (>= netcoreapp2.0) (< netstandard1.3)) (&& (< monoandroid) (>= netcoreapp2.0) (< netstandard1.4)) (&& (< monoandroid) (>= netcoreapp2.0) (< netstandard1.5)) (&& (< monoandroid) (>= netcoreapp2.0) (< netstandard1.6)) (&& (< monoandroid) (>= netcoreapp2.0) (< netstandard2.0)) (&& (>= monotouch) (>= net461)) (&& (>= monotouch) (>= net462)) (&& (>= monotouch) (>= netcoreapp2.0)) (&& (>= monotouch) (>= netcoreapp2.1)) (&& (>= monotouch) (>= netstandard2.0)) (&& (>= monotouch) (>= xamarinios)) (&& (>= monotouch) (>= xamarinmac)) (&& (< net20) (>= net45) (< netstandard1.2) (>= netstandard2.0)) (&& (< net20) (>= net45) (< netstandard1.3) (>= netstandard2.0)) (&& (< net20) (>= net45) (< netstandard1.4) (>= netstandard2.0)) (&& (< net20) (>= net45) (< netstandard1.5) (>= netstandard2.0)) (&& (< net20) (>= net45) (< netstandard1.6) (>= netstandard2.0)) (&& (< net20) (>= net46) (< netstandard1.2) (>= netstandard2.0)) (&& (< net20) (>= net46) (< netstandard1.3) (>= netstandard2.0)) (&& (< net20) (>= net46) (< netstandard1.4) (>= netstandard2.0)) (&& (< net20) (>= net461) (< netstandard1.2)) (&& (< net20) (>= net461) (< netstandard1.3)) (&& (< net20) (>= net461) (< netstandard1.4)) (&& (< net20) (>= net461) (< netstandard1.5)) (&& (< net20) (>= net461) (< netstandard1.6)) (&& (< net20) (>= net461) (< netstandard2.0)) (&& (< net20) (>= net462) (< netstandard1.2)) (&& (< net20) (>= net462) (< netstandard1.3)) (&& (< net20) (>= net462) (< netstandard1.4)) (&& (< net20) (>= net462) (< netstandard1.5)) (&& (< net20) (>= net462) (< netstandard1.6)) (&& (< net20) (>= net462) (< netstandard2.0)) (&& (< net20) (>= net462) (< portable-net45+win8+wpa81)) (&& (< net20) (< netstandard1.2) (>= netstandard2.0) (< win8)) (&& (< net20) (< netstandard1.3) (>= netstandard2.0) (< win8) (< wpa81)) (&& (< net20) (< netstandard1.4) (>= netstandard2.0) (< win8) (< wpa81)) (&& (< net20) (< netstandard1.5) (>= netstandard2.0) (< win8) (< wpa81)) (&& (< net20) (< netstandard1.6) (>= netstandard2.0) (< win8) (< wpa81)) (&& (< net35) (>= net45) (>= netstandard2.0)) (&& (< net35) (>= net46) (< netstandard1.2) (>= netstandard2.0)) (&& (< net35) (>= net46) (< netstandard1.3) (>= netstandard2.0)) (&& (< net35) (>= net46) (< netstandard1.4) (>= netstandard2.0)) (&& (< net35) (>= net461) (< netstandard1.2)) (&& (< net35) (>= net461) (< netstandard1.3)) (&& (< net35) (>= net461) (< netstandard1.4)) (&& (< net35) (>= net461) (>= netstandard1.5)) (&& (< net35) (>= net461) (< netstandard1.5)) (&& (< net35) (>= net461) (>= netstandard1.6)) (&& (< net35) (>= net461) (>= netstandard2.0)) (&& (< net35) (< netstandard1.2) (>= netstandard2.0) (< win8)) (&& (< net35) (< netstandard1.3) (>= netstandard2.0) (< win8) (< wpa81)) (&& (< net35) (< netstandard1.4) (>= netstandard2.0) (< win8) (< wpa81)) (&& (< net35) (< netstandard1.5) (>= netstandard2.0) (< win8) (< wpa81)) (&& (< net35) (< netstandard1.6) (>= netstandard2.0) (< win8) (< wpa81)) (&& (>= net45) (>= netcoreapp2.0) (< netstandard1.2)) (&& (>= net45) (>= netcoreapp2.0) (< netstandard1.3)) (&& (>= net45) (>= netcoreapp2.0) (< netstandard1.4)) (&& (>= net45) (>= netcoreapp2.0) (< netstandard1.5)) (&& (>= net45) (>= netcoreapp2.0) (< netstandard1.6)) (&& (>= net45) (>= netcoreapp2.0) (< netstandard2.0)) (&& (>= net45) (>= netstandard2.0) (>= uap10.0)) (&& (< net45) (>= net46) (< netstandard1.2) (>= netstandard2.0)) (&& (< net45) (>= net46) (< netstandard1.3) (>= netstandard2.0)) (&& (< net45) (>= net46) (< netstandard1.4) (>= netstandard2.0)) (&& (< net45) (>= net461) (< netstandard1.2)) (&& (< net45) (>= net461) (< netstandard1.3)) (&& (< net45) (>= net461) (< netstandard1.4)) (&& (< net45) (>= net461) (< netstandard1.5)) (&& (< net45) (>= net461) (>= netstandard1.6)) (&& (< net45) (>= net461) (< netstandard1.6)) (&& (< net45) (>= net461) (>= netstandard2.0)) (&& (< net45) (< netstandard1.2) (>= netstandard2.0) (< win8)) (&& (< net45) (< netstandard1.3) (>= netstandard2.0) (< win8) (< wpa81)) (&& (< net45) (< netstandard1.4) (>= netstandard2.0) (< win8) (< wpa81)) (&& (< net45) (< netstandard1.5) (>= netstandard2.0) (< win8) (< wpa81)) (&& (< net45) (< netstandard1.6) (>= netstandard2.0) (< win8) (< wpa81)) (&& (>= net46) (>= netcoreapp2.0) (< netstandard1.2)) (&& (>= net46) (>= netcoreapp2.0) (< netstandard1.3)) (&& (>= net46) (>= netcoreapp2.0) (< netstandard1.4)) (&& (>= net46) (< netstandard1.2) (>= netstandard2.0) (>= uap10.0)) (&& (>= net46) (< netstandard1.3) (>= netstandard2.0) (>= uap10.0)) (&& (>= net46) (< netstandard1.4) (>= netstandard2.0) (>= uap10.0)) (&& (< net46) (>= net461)) (&& (>= net461) (>= netcoreapp1.0)) (&& (>= net461) (>= netcoreapp2.0) (< netstandard1.2)) (&& (>= net461) (>= netcoreapp2.0) (< netstandard1.3)) (&& (>= net461) (>= netcoreapp2.0) (< netstandard1.4)) (&& (>= net461) (>= netcoreapp2.0) (< netstandard1.5)) (&& (>= net461) (>= netcoreapp2.0) (< netstandard1.6)) (&& (>= net461) (>= netcoreapp2.0) (< netstandard2.0)) (&& (>= net461) (< netstandard1.2) (>= uap10.0)) (&& (>= net461) (< netstandard1.2) (>= xamarintvos)) (&& (>= net461) (< netstandard1.2) (>= xamarinwatchos)) (&& (>= net461) (< netstandard1.3) (>= uap10.0)) (&& (>= net461) (< netstandard1.3) (>= xamarintvos)) (&& (>= net461) (< netstandard1.3) (>= xamarinwatchos)) (&& (>= net461) (< netstandard1.4) (>= uap10.0)) (&& (>= net461) (< netstandard1.4) (>= xamarintvos)) (&& (>= net461) (< netstandard1.4) (>= xamarinwatchos)) (&& (>= net461) (>= netstandard1.5) (>= uap10.0)) (&& (>= net461) (< netstandard1.5) (>= uap10.0)) (&& (>= net461) (< netstandard1.5) (>= xamarintvos)) (&& (>= net461) (< netstandard1.5) (>= xamarinwatchos)) (&& (>= net461) (>= netstandard1.6) (< netstandard2.0) (>= uap10.0)) (&& (>= net461) (< netstandard1.6) (>= xamarintvos)) (&& (>= net461) (< netstandard1.6) (>= xamarinwatchos)) (&& (>= net461) (>= netstandard2.0) (>= uap10.0)) (&& (>= net461) (< netstandard2.0) (>= xamarintvos)) (&& (>= net461) (< netstandard2.0) (>= xamarinwatchos)) (&& (>= net461) (< portable-net45+win8+wpa81)) (&& (>= net462) (>= netcoreapp1.0) (< netstandard1.2)) (&& (>= net462) (>= netcoreapp1.0) (< netstandard1.3)) (&& (>= net462) (>= netcoreapp1.0) (< netstandard1.4)) (&& (>= net462) (>= netcoreapp1.0) (< netstandard1.5)) (&& (>= net462) (>= netcoreapp1.0) (< netstandard1.6)) (&& (>= net462) (>= netcoreapp1.0) (< netstandard2.0)) (&& (>= net462) (>= netcoreapp1.0) (< portable-net45+win8+wpa81)) (&& (>= net462) (>= netcoreapp2.0) (< netstandard1.2)) (&& (>= net462) (>= netcoreapp2.0) (< netstandard1.3)) (&& (>= net462) (>= netcoreapp2.0) (< netstandard1.4)) (&& (>= net462) (>= netcoreapp2.0) (< netstandard1.5)) (&& (>= net462) (>= netcoreapp2.0) (< netstandard1.6)) (&& (>= net462) (>= netcoreapp2.0) (< netstandard2.0)) (&& (>= net462) (< netstandard1.2) (>= uap10.0)) (&& (>= net462) (< netstandard1.2) (>= xamarintvos)) (&& (>= net462) (< netstandard1.2) (>= xamarinwatchos)) (&& (>= net462) (< netstandard1.3) (>= uap10.0)) (&& (>= net462) (< netstandard1.3) (>= xamarintvos)) (&& (>= net462) (< netstandard1.3) (>= xamarinwatchos)) (&& (>= net462) (< netstandard1.4) (>= uap10.0)) (&& (>= net462) (< netstandard1.4) (>= xamarintvos)) (&& (>= net462) (< netstandard1.4) (>= xamarinwatchos)) (&& (>= net462) (< netstandard1.5) (>= uap10.0)) (&& (>= net462) (< netstandard1.5) (>= xamarintvos)) (&& (>= net462) (< netstandard1.5) (>= xamarinwatchos)) (&& (>= net462) (< netstandard1.6) (>= uap10.0)) (&& (>= net462) (< netstandard1.6) (>= xamarintvos)) (&& (>= net462) (< netstandard1.6) (>= xamarinwatchos)) (&& (>= net462) (< netstandard2.0) (>= uap10.0)) (&& (>= net462) (< netstandard2.0) (>= xamarintvos)) (&& (>= net462) (< netstandard2.0) (>= xamarinwatchos)) (&& (>= net462) (< portable-net45+win8+wpa81) (>= uap10.0)) (&& (>= net462) (< portable-net45+win8+wpa81) (>= xamarintvos)) (&& (>= net462) (< portable-net45+win8+wpa81) (>= xamarinwatchos)) (&& (>= netcoreapp1.0) (>= netstandard2.0)) (&& (>= netcoreapp2.0) (< netstandard1.2) (>= uap10.0)) (&& (>= netcoreapp2.0) (< netstandard1.2) (>= xamarintvos)) (&& (>= netcoreapp2.0) (< netstandard1.2) (>= xamarinwatchos)) (&& (>= netcoreapp2.0) (< netstandard1.3) (>= uap10.0)) (&& (>= netcoreapp2.0) (< netstandard1.3) (>= xamarintvos)) (&& (>= netcoreapp2.0) (< netstandard1.3) (>= xamarinwatchos)) (&& (>= netcoreapp2.0) (< netstandard1.4) (>= uap10.0)) (&& (>= netcoreapp2.0) (< netstandard1.4) (>= xamarintvos)) (&& (>= netcoreapp2.0) (< netstandard1.4) (>= xamarinwatchos)) (&& (>= netcoreapp2.0) (< netstandard1.5) (>= uap10.0)) (&& (>= netcoreapp2.0) (< netstandard1.5) (>= xamarintvos)) (&& (>= netcoreapp2.0) (< netstandard1.5) (>= xamarinwatchos)) (&& (>= netcoreapp2.0) (< netstandard1.6) (>= uap10.0)) (&& (>= netcoreapp2.0) (< netstandard1.6) (>= xamarintvos)) (&& (>= netcoreapp2.0) (< netstandard1.6) (>= xamarinwatchos)) (&& (>= netcoreapp2.0) (< netstandard2.0) (>= uap10.0)) (&& (>= netcoreapp2.0) (< netstandard2.0) (>= xamarintvos)) (&& (>= netcoreapp2.0) (< netstandard2.0) (>= xamarinwatchos)) (&& (>= netcoreapp2.0) (< portable-net45+win8+wpa81)) (&& (>= netcoreapp2.1) (< netstandard1.2)) (&& (>= netcoreapp2.1) (< netstandard1.3)) (&& (>= netcoreapp2.1) (< netstandard1.4)) (&& (>= netcoreapp2.1) (< netstandard1.5)) (&& (>= netcoreapp2.1) (< netstandard1.6)) (&& (>= netcoreapp2.1) (< netstandard2.0)) (&& (>= netcoreapp2.1) (< portable-net45+win8+wpa81)) (&& (< netstandard1.2) (>= netstandard2.0) (>= uap10.0) (< win8)) (&& (< netstandard1.2) (>= netstandard2.0) (>= xamarintvos)) (&& (< netstandard1.2) (>= netstandard2.0) (>= xamarinwatchos)) (&& (< netstandard1.2) (>= xamarinios)) (&& (< netstandard1.2) (>= xamarinmac)) (&& (< netstandard1.3) (>= netstandard2.0) (>= xamarintvos)) (&& (< netstandard1.3) (>= netstandard2.0) (>= xamarinwatchos)) (&& (< netstandard1.3) (>= xamarinios)) (&& (< netstandard1.3) (>= xamarinmac)) (&& (< netstandard1.4) (>= netstandard2.0) (>= xamarintvos)) (&& (< netstandard1.4) (>= netstandard2.0) (>= xamarinwatchos)) (&& (< netstandard1.4) (>= xamarinios)) (&& (< netstandard1.4) (>= xamarinmac)) (&& (< netstandard1.5) (>= netstandard2.0) (>= uap10.0)) (&& (< netstandard1.5) (>= netstandard2.0) (>= xamarintvos)) (&& (< netstandard1.5) (>= netstandard2.0) (>= xamarinwatchos)) (&& (< netstandard1.5) (>= xamarinios)) (&& (< netstandard1.5) (>= xamarinmac)) (&& (< netstandard1.6) (>= netstandard2.0) (>= xamarintvos)) (&& (< netstandard1.6) (>= netstandard2.0) (>= xamarinwatchos)) (&& (< netstandard1.6) (>= xamarinios)) (&& (< netstandard1.6) (>= xamarinmac)) (&& (>= netstandard2.0) (< portable-net45+win8+wpa81)) (&& (>= netstandard2.0) (>= uap10.0) (< win8) (< wpa81)) (&& (< netstandard2.0) (>= xamarinios)) (&& (< netstandard2.0) (>= xamarinmac)) (&& (< portable-net45+win8+wpa81) (>= xamarinios)) (&& (< portable-net45+win8+wpa81) (>= xamarinmac))
      Microsoft.NETCore.Platforms (>= 1.1.1) - restriction: || (&& (< monoandroid) (< net45) (< netstandard1.3) (>= netstandard2.0) (< win8) (< wpa81)) (&& (< monoandroid) (< net45) (< netstandard1.5) (>= netstandard2.0) (< win8) (< wpa81)) (&& (< net45) (>= net461) (< netstandard1.3)) (&& (< net45) (>= net461) (>= netstandard1.5)) (&& (< net45) (>= net461) (< netstandard1.5)) (&& (< net45) (>= netstandard2.0) (< win8) (< wpa81) (< xamarinios) (< xamarinmac) (< xamarintvos) (< xamarinwatchos))
      Microsoft.NETCore.Targets (>= 1.1.3) - restriction: || (&& (< monoandroid) (< net45) (< netstandard1.3) (>= netstandard2.0) (< win8) (< wpa81)) (&& (< monoandroid) (< net45) (< netstandard1.5) (>= netstandard2.0) (< win8) (< wpa81)) (&& (< net45) (>= net461) (< netstandard1.3)) (&& (< net45) (>= net461) (>= netstandard1.5)) (&& (< net45) (>= net461) (< netstandard1.5)) (&& (< net45) (>= netstandard2.0) (< win8) (< wpa81) (< xamarinios) (< xamarinmac) (< xamarintvos) (< xamarinwatchos))
      System.Runtime (>= 4.3.1) - restriction: || (&& (< monoandroid) (< net45) (< netstandard1.3) (>= netstandard2.0) (< win8) (< wpa81)) (&& (< monoandroid) (< net45) (< netstandard1.5) (>= netstandard2.0) (< win8) (< wpa81)) (&& (< net45) (>= net461) (< netstandard1.3)) (&& (< net45) (>= net461) (>= netstandard1.5)) (&& (< net45) (>= net461) (< netstandard1.5)) (&& (< net45) (>= netstandard2.0) (< win8) (< wpa81) (< xamarinios) (< xamarinmac) (< xamarintvos) (< xamarinwatchos))
    System.Runtime.Handles (4.3) - restriction: || (&& (< monoandroid) (>= netcoreapp2.0) (< netstandard1.2)) (&& (< monoandroid) (>= netcoreapp2.0) (< netstandard1.3)) (&& (< monoandroid) (>= netcoreapp2.0) (< netstandard1.4)) (&& (< monoandroid) (>= netcoreapp2.0) (< netstandard1.5)) (&& (< monoandroid) (>= netcoreapp2.0) (< netstandard1.6)) (&& (< monoandroid) (>= netcoreapp2.0) (< netstandard2.0)) (&& (>= monotouch) (>= net461)) (&& (>= monotouch) (>= netcoreapp2.0)) (&& (>= monotouch) (>= netcoreapp2.1)) (&& (>= monotouch) (>= netstandard2.0)) (&& (>= monotouch) (>= xamarinios)) (&& (>= monotouch) (>= xamarinmac)) (&& (< net45) (>= net46) (< netstandard1.2) (>= netstandard2.0)) (&& (< net45) (>= net46) (< netstandard1.3) (>= netstandard2.0)) (&& (< net45) (>= net46) (< netstandard1.4) (>= netstandard2.0)) (&& (< net45) (>= net461) (< netstandard1.2)) (&& (< net45) (>= net461) (< netstandard1.3) (>= netstandard1.6)) (&& (< net45) (>= net461) (< netstandard1.3) (>= netstandard2.0)) (&& (< net45) (>= net461) (< netstandard1.4)) (&& (< net45) (>= net461) (< netstandard1.5)) (&& (< net45) (>= net461) (>= netstandard1.6) (< netstandard2.0)) (&& (< net45) (>= net461) (< netstandard1.6)) (&& (< net45) (< netstandard1.2) (>= netstandard2.0) (< win8)) (&& (< net45) (< netstandard1.3) (>= netstandard2.0) (< win8) (< wpa81)) (&& (< net45) (< netstandard1.4) (>= netstandard2.0) (< win8) (< wpa81)) (&& (< net45) (< netstandard1.5) (>= netstandard2.0) (< win8) (< wpa81)) (&& (< net45) (< netstandard1.6) (>= netstandard2.0) (< win8) (< wpa81)) (&& (>= net46) (>= netcoreapp2.0) (< netstandard1.2)) (&& (>= net46) (>= netcoreapp2.0) (< netstandard1.3)) (&& (>= net46) (>= netcoreapp2.0) (< netstandard1.4)) (&& (>= net46) (< netstandard1.2) (>= netstandard2.0) (>= uap10.0)) (&& (>= net46) (< netstandard1.3) (>= netstandard2.0) (>= uap10.0)) (&& (< net46) (>= net461) (< netstandard1.4)) (&& (< net46) (>= net461) (< netstandard2.0)) (&& (>= net461) (>= netcoreapp1.0)) (&& (>= net461) (>= netcoreapp2.0) (< netstandard1.2)) (&& (>= net461) (>= netcoreapp2.0) (< netstandard1.3)) (&& (>= net461) (>= netcoreapp2.0) (< netstandard1.4)) (&& (>= net461) (>= netcoreapp2.0) (< netstandard1.5)) (&& (>= net461) (>= netcoreapp2.0) (< netstandard1.6)) (&& (>= net461) (>= netcoreapp2.0) (< netstandard2.0)) (&& (>= net461) (< netstandard1.2) (>= uap10.0)) (&& (>= net461) (< netstandard1.2) (>= xamarintvos)) (&& (>= net461) (< netstandard1.2) (>= xamarinwatchos)) (&& (>= net461) (< netstandard1.3) (>= netstandard1.6) (>= uap10.0)) (&& (>= net461) (< netstandard1.3) (>= netstandard2.0) (>= uap10.0)) (&& (>= net461) (< netstandard1.3) (>= xamarintvos)) (&& (>= net461) (< netstandard1.3) (>= xamarinwatchos)) (&& (>= net461) (< netstandard1.4) (>= uap10.0)) (&& (>= net461) (< netstandard1.4) (>= xamarintvos)) (&& (>= net461) (< netstandard1.4) (>= xamarinwatchos)) (&& (>= net461) (< netstandard1.5) (>= uap10.0)) (&& (>= net461) (< netstandard1.5) (>= xamarintvos)) (&& (>= net461) (< netstandard1.5) (>= xamarinwatchos)) (&& (>= net461) (< netstandard1.6) (>= xamarintvos)) (&& (>= net461) (< netstandard1.6) (>= xamarinwatchos)) (&& (>= net461) (< netstandard2.0) (>= xamarintvos)) (&& (>= net461) (< netstandard2.0) (>= xamarinwatchos)) (&& (>= net461) (< portable-net45+win8+wpa81)) (&& (>= netcoreapp1.0) (< netstandard1.2) (>= netstandard2.0)) (&& (>= netcoreapp1.0) (< netstandard1.3) (>= netstandard2.0)) (&& (>= netcoreapp1.0) (< netstandard1.4) (>= netstandard2.0)) (&& (>= netcoreapp1.0) (< netstandard1.5) (>= netstandard2.0)) (&& (>= netcoreapp1.0) (< netstandard1.6) (>= netstandard2.0)) (&& (>= netcoreapp1.0) (>= netstandard2.0) (< xamarinios) (< xamarinmac) (< xamarintvos) (< xamarinwatchos)) (&& (>= netcoreapp2.0) (< netstandard1.2) (>= uap10.0)) (&& (>= netcoreapp2.0) (< netstandard1.2) (>= xamarintvos)) (&& (>= netcoreapp2.0) (< netstandard1.2) (>= xamarinwatchos)) (&& (>= netcoreapp2.0) (< netstandard1.3) (>= uap10.0)) (&& (>= netcoreapp2.0) (< netstandard1.3) (>= xamarintvos)) (&& (>= netcoreapp2.0) (< netstandard1.3) (>= xamarinwatchos)) (&& (>= netcoreapp2.0) (< netstandard1.4) (>= uap10.0)) (&& (>= netcoreapp2.0) (< netstandard1.4) (>= xamarintvos)) (&& (>= netcoreapp2.0) (< netstandard1.4) (>= xamarinwatchos)) (&& (>= netcoreapp2.0) (< netstandard1.5) (>= uap10.0)) (&& (>= netcoreapp2.0) (< netstandard1.5) (>= xamarintvos)) (&& (>= netcoreapp2.0) (< netstandard1.5) (>= xamarinwatchos)) (&& (>= netcoreapp2.0) (< netstandard1.6) (>= xamarintvos)) (&& (>= netcoreapp2.0) (< netstandard1.6) (>= xamarinwatchos)) (&& (>= netcoreapp2.0) (< netstandard2.0) (>= xamarintvos)) (&& (>= netcoreapp2.0) (< netstandard2.0) (>= xamarinwatchos)) (&& (>= netcoreapp2.0) (< portable-net45+win8+wpa81)) (&& (>= netcoreapp2.1) (< netstandard1.2)) (&& (>= netcoreapp2.1) (< netstandard1.3)) (&& (>= netcoreapp2.1) (< netstandard1.4)) (&& (>= netcoreapp2.1) (< netstandard1.5)) (&& (>= netcoreapp2.1) (< netstandard1.6)) (&& (>= netcoreapp2.1) (< netstandard2.0)) (&& (>= netcoreapp2.1) (< portable-net45+win8+wpa81)) (&& (< netstandard1.2) (>= netstandard2.0) (>= uap10.0) (< win8)) (&& (< netstandard1.2) (>= netstandard2.0) (>= xamarintvos)) (&& (< netstandard1.2) (>= netstandard2.0) (>= xamarinwatchos)) (&& (< netstandard1.2) (>= xamarinios)) (&& (< netstandard1.2) (>= xamarinmac)) (&& (< netstandard1.3) (>= netstandard2.0) (>= uap10.0) (< win8) (< wpa81)) (&& (< netstandard1.3) (>= netstandard2.0) (>= xamarintvos)) (&& (< netstandard1.3) (>= netstandard2.0) (>= xamarinwatchos)) (&& (< netstandard1.3) (>= xamarinios)) (&& (< netstandard1.3) (>= xamarinmac)) (&& (< netstandard1.4) (>= netstandard2.0) (>= uap10.0)) (&& (< netstandard1.4) (>= netstandard2.0) (>= xamarintvos)) (&& (< netstandard1.4) (>= netstandard2.0) (>= xamarinwatchos)) (&& (< netstandard1.4) (>= xamarinios)) (&& (< netstandard1.4) (>= xamarinmac)) (&& (< netstandard1.5) (>= netstandard2.0) (>= uap10.0)) (&& (< netstandard1.5) (>= netstandard2.0) (>= xamarintvos)) (&& (< netstandard1.5) (>= netstandard2.0) (>= xamarinwatchos)) (&& (< netstandard1.5) (>= xamarinios)) (&& (< netstandard1.5) (>= xamarinmac)) (&& (< netstandard1.6) (>= netstandard2.0) (>= xamarintvos)) (&& (< netstandard1.6) (>= netstandard2.0) (>= xamarinwatchos)) (&& (< netstandard1.6) (>= xamarinios)) (&& (< netstandard1.6) (>= xamarinmac)) (&& (>= netstandard2.0) (< portable-net45+win8+wpa81)) (&& (< netstandard2.0) (>= xamarinios)) (&& (< netstandard2.0) (>= xamarinmac)) (&& (< portable-net45+win8+wpa81) (>= xamarinios)) (&& (< portable-net45+win8+wpa81) (>= xamarinmac))
      Microsoft.NETCore.Platforms (>= 1.1) - restriction: || (&& (< monoandroid) (< net46) (>= netstandard2.0) (< xamarinios) (< xamarinmac) (< xamarintvos) (< xamarinwatchos)) (&& (< net46) (>= net461))
      Microsoft.NETCore.Targets (>= 1.1) - restriction: || (&& (< monoandroid) (< net46) (>= netstandard2.0) (< xamarinios) (< xamarinmac) (< xamarintvos) (< xamarinwatchos)) (&& (< net46) (>= net461))
      System.Runtime (>= 4.3) - restriction: || (&& (< monoandroid) (< net46) (>= netstandard2.0) (< xamarinios) (< xamarinmac) (< xamarintvos) (< xamarinwatchos)) (&& (< net46) (>= net461))
    System.Runtime.InteropServices (4.3) - restriction: || (&& (< monoandroid) (< net35) (< netstandard1.2) (>= netstandard2.0) (< win8)) (&& (< monoandroid) (< net35) (< netstandard1.3) (>= netstandard2.0) (< win8) (< wpa81)) (&& (< monoandroid) (< net35) (< netstandard1.4) (>= netstandard2.0) (< win8) (< wpa81)) (&& (< monoandroid) (< net35) (< netstandard1.5) (>= netstandard2.0) (< win8) (< wpa81)) (&& (< monoandroid) (< net35) (< netstandard1.6) (>= netstandard2.0) (< win8) (< wpa81)) (&& (< monoandroid) (>= netcoreapp2.0) (< netstandard1.0)) (&& (< monoandroid) (>= netcoreapp2.0) (< netstandard1.2)) (&& (< monoandroid) (>= netcoreapp2.0) (< netstandard1.3)) (&& (< monoandroid) (>= netcoreapp2.0) (< netstandard1.4)) (&& (< monoandroid) (>= netcoreapp2.0) (< netstandard1.5)) (&& (< monoandroid) (>= netcoreapp2.0) (< netstandard1.6)) (&& (< monoandroid) (>= netcoreapp2.0) (< netstandard2.0)) (&& (< monoandroid) (>= netcoreapp2.1) (< netstandard1.0)) (&& (< monoandroid) (< netstandard1.0) (>= netstandard2.0) (< win8)) (&& (>= monotouch) (>= net461)) (&& (>= monotouch) (>= netcoreapp2.0)) (&& (>= monotouch) (>= netcoreapp2.1)) (&& (>= monotouch) (>= netstandard2.0)) (&& (>= monotouch) (>= xamarinios)) (&& (>= monotouch) (>= xamarinmac)) (&& (< net20) (>= net461) (< netstandard1.2)) (&& (< net20) (>= net461) (< netstandard1.3)) (&& (< net20) (>= net461) (< netstandard1.4)) (&& (< net20) (>= net461) (>= netstandard1.5) (< netstandard1.6)) (&& (< net20) (>= net461) (< netstandard1.5)) (&& (< net20) (>= net461) (< netstandard2.0)) (&& (< net35) (>= net45) (< netstandard1.0) (>= netstandard2.0)) (&& (< net35) (>= net45) (< netstandard1.2) (>= netstandard2.0)) (&& (< net35) (>= net45) (< netstandard1.3) (>= netstandard2.0)) (&& (< net35) (>= net45) (< netstandard1.4) (>= netstandard2.0)) (&& (< net35) (>= net45) (< netstandard1.5) (>= netstandard2.0)) (&& (< net35) (>= net45) (< netstandard1.6) (>= netstandard2.0)) (&& (< net35) (>= net46) (< netstandard1.2) (>= netstandard2.0)) (&& (< net35) (>= net46) (< netstandard1.3) (>= netstandard2.0)) (&& (< net35) (>= net46) (< netstandard1.4) (>= netstandard2.0)) (&& (< net35) (>= net461) (< netstandard1.2)) (&& (< net35) (>= net461) (< netstandard1.3)) (&& (< net35) (>= net461) (< netstandard1.4)) (&& (< net35) (>= net461) (>= netstandard1.5) (< netstandard1.6)) (&& (< net35) (>= net461) (>= netstandard1.5) (< netstandard2.0)) (&& (< net35) (>= net461) (< netstandard1.5)) (&& (< net35) (>= net461) (>= netstandard1.6) (< netstandard2.0)) (&& (< net35) (>= net461) (< netstandard1.6) (>= netstandard2.0)) (&& (>= net45) (>= netcoreapp2.0) (< netstandard1.0)) (&& (>= net45) (>= netcoreapp2.0) (< netstandard1.2)) (&& (>= net45) (>= netcoreapp2.0) (< netstandard1.3)) (&& (>= net45) (>= netcoreapp2.0) (< netstandard1.4)) (&& (>= net45) (>= netcoreapp2.0) (< netstandard1.5)) (&& (>= net45) (>= netcoreapp2.0) (< netstandard1.6)) (&& (>= net45) (>= netcoreapp2.0) (< netstandard2.0)) (&& (>= net45) (>= netcoreapp2.1) (< netstandard1.0)) (&& (>= net45) (< netstandard1.0) (>= netstandard2.0) (>= uap10.0)) (&& (>= net45) (< netstandard1.2) (>= netstandard2.0) (>= uap10.0)) (&& (>= net45) (< netstandard1.3) (>= netstandard2.0) (>= uap10.0)) (&& (>= net45) (< netstandard1.4) (>= netstandard2.0) (>= uap10.0)) (&& (< net45) (>= net46) (< netstandard1.2) (>= netstandard2.0)) (&& (< net45) (>= net46) (< netstandard1.3) (>= netstandard2.0)) (&& (< net45) (>= net46) (< netstandard1.4) (>= netstandard2.0)) (&& (< net45) (>= net461) (< netstandard1.2)) (&& (< net45) (>= net461) (< netstandard1.3)) (&& (< net45) (>= net461) (< netstandard1.4)) (&& (< net45) (>= net461) (< netstandard1.5)) (&& (< net45) (>= net461) (>= netstandard1.6) (< netstandard2.0)) (&& (< net45) (>= net461) (< netstandard1.6)) (&& (< net45) (< netstandard1.2) (>= netstandard2.0) (< win8)) (&& (< net45) (< netstandard1.3) (>= netstandard2.0) (< win8) (< wpa81)) (&& (< net45) (< netstandard1.4) (>= netstandard2.0) (< win8) (< wpa81)) (&& (< net45) (< netstandard1.5) (>= netstandard2.0) (< win8) (< wpa81)) (&& (< net45) (< netstandard1.6) (>= netstandard2.0) (< win8) (< wpa81)) (&& (>= net46) (>= netcoreapp2.0) (< netstandard1.0)) (&& (>= net46) (>= netcoreapp2.0) (< netstandard1.2)) (&& (>= net46) (>= netcoreapp2.0) (< netstandard1.3)) (&& (>= net46) (>= netcoreapp2.0) (< netstandard1.4)) (&& (>= net46) (>= netcoreapp2.1) (< netstandard1.0)) (&& (>= net46) (< netstandard1.0) (>= netstandard2.0)) (&& (>= net46) (< netstandard1.2) (>= netstandard2.0) (>= uap10.0)) (&& (>= net46) (< netstandard1.3) (>= netstandard2.0) (>= uap10.0)) (&& (>= net46) (< netstandard1.4) (>= netstandard2.0) (>= uap10.0)) (&& (< net46) (>= net461) (< netstandard2.0)) (&& (>= net461) (>= netcoreapp1.0)) (&& (>= net461) (>= netcoreapp2.0) (< netstandard1.2)) (&& (>= net461) (>= netcoreapp2.0) (< netstandard1.3)) (&& (>= net461) (>= netcoreapp2.0) (< netstandard1.4)) (&& (>= net461) (>= netcoreapp2.0) (< netstandard1.5)) (&& (>= net461) (>= netcoreapp2.0) (< netstandard1.6)) (&& (>= net461) (>= netcoreapp2.0) (< netstandard2.0)) (&& (>= net461) (< netstandard1.0)) (&& (>= net461) (< netstandard1.2) (>= uap10.0)) (&& (>= net461) (< netstandard1.2) (>= xamarintvos)) (&& (>= net461) (< netstandard1.2) (>= xamarinwatchos)) (&& (>= net461) (< netstandard1.3) (>= uap10.0)) (&& (>= net461) (< netstandard1.3) (>= xamarintvos)) (&& (>= net461) (< netstandard1.3) (>= xamarinwatchos)) (&& (>= net461) (< netstandard1.4) (>= uap10.0)) (&& (>= net461) (< netstandard1.4) (>= xamarintvos)) (&& (>= net461) (< netstandard1.4) (>= xamarinwatchos)) (&& (>= net461) (< netstandard1.5) (>= uap10.0)) (&& (>= net461) (< netstandard1.5) (>= xamarintvos)) (&& (>= net461) (< netstandard1.5) (>= xamarinwatchos)) (&& (>= net461) (< netstandard1.6) (>= xamarintvos)) (&& (>= net461) (< netstandard1.6) (>= xamarinwatchos)) (&& (>= net461) (< netstandard2.0) (>= xamarintvos)) (&& (>= net461) (< netstandard2.0) (>= xamarinwatchos)) (&& (>= net461) (< portable-net45+win8+wpa81)) (&& (>= netcoreapp1.0) (>= netstandard2.0)) (&& (>= netcoreapp2.0) (< netstandard1.0) (< portable-net45+win8)) (&& (>= netcoreapp2.0) (< netstandard1.0) (>= uap10.0)) (&& (>= netcoreapp2.0) (< netstandard1.0) (>= xamarintvos)) (&& (>= netcoreapp2.0) (< netstandard1.0) (>= xamarinwatchos)) (&& (>= netcoreapp2.0) (< netstandard1.2) (>= uap10.0)) (&& (>= netcoreapp2.0) (< netstandard1.2) (>= xamarintvos)) (&& (>= netcoreapp2.0) (< netstandard1.2) (>= xamarinwatchos)) (&& (>= netcoreapp2.0) (< netstandard1.3) (>= uap10.0)) (&& (>= netcoreapp2.0) (< netstandard1.3) (>= xamarintvos)) (&& (>= netcoreapp2.0) (< netstandard1.3) (>= xamarinwatchos)) (&& (>= netcoreapp2.0) (< netstandard1.4) (>= uap10.0)) (&& (>= netcoreapp2.0) (< netstandard1.4) (>= xamarintvos)) (&& (>= netcoreapp2.0) (< netstandard1.4) (>= xamarinwatchos)) (&& (>= netcoreapp2.0) (< netstandard1.5) (>= uap10.0)) (&& (>= netcoreapp2.0) (< netstandard1.5) (>= xamarintvos)) (&& (>= netcoreapp2.0) (< netstandard1.5) (>= xamarinwatchos)) (&& (>= netcoreapp2.0) (< netstandard1.6) (>= xamarintvos)) (&& (>= netcoreapp2.0) (< netstandard1.6) (>= xamarinwatchos)) (&& (>= netcoreapp2.0) (< netstandard2.0) (>= xamarintvos)) (&& (>= netcoreapp2.0) (< netstandard2.0) (>= xamarinwatchos)) (&& (>= netcoreapp2.0) (< portable-net45+win8+wpa81)) (&& (>= netcoreapp2.1) (< netstandard1.0) (< portable-net45+win8)) (&& (>= netcoreapp2.1) (< netstandard1.0) (>= uap10.0)) (&& (>= netcoreapp2.1) (< netstandard1.0) (>= xamarintvos)) (&& (>= netcoreapp2.1) (< netstandard1.0) (>= xamarinwatchos)) (&& (>= netcoreapp2.1) (< netstandard1.2)) (&& (>= netcoreapp2.1) (< netstandard1.3)) (&& (>= netcoreapp2.1) (< netstandard1.4)) (&& (>= netcoreapp2.1) (< netstandard1.5)) (&& (>= netcoreapp2.1) (< netstandard1.6)) (&& (>= netcoreapp2.1) (< netstandard2.0)) (&& (>= netcoreapp2.1) (< portable-net45+win8+wpa81)) (&& (< netstandard1.0) (>= netstandard2.0) (< portable-net45+win8)) (&& (< netstandard1.0) (>= netstandard2.0) (>= uap10.0) (< win8)) (&& (< netstandard1.0) (>= netstandard2.0) (>= xamarintvos)) (&& (< netstandard1.0) (>= netstandard2.0) (>= xamarinwatchos)) (&& (< netstandard1.0) (>= xamarinios)) (&& (< netstandard1.0) (>= xamarinmac)) (&& (< netstandard1.2) (>= netstandard2.0) (>= uap10.0) (< win8)) (&& (< netstandard1.2) (>= netstandard2.0) (>= xamarintvos)) (&& (< netstandard1.2) (>= netstandard2.0) (>= xamarinwatchos)) (&& (< netstandard1.2) (>= xamarinios)) (&& (< netstandard1.2) (>= xamarinmac)) (&& (< netstandard1.3) (>= netstandard2.0) (>= uap10.0) (< win8) (< wpa81)) (&& (< netstandard1.3) (>= netstandard2.0) (>= xamarintvos)) (&& (< netstandard1.3) (>= netstandard2.0) (>= xamarinwatchos)) (&& (< netstandard1.3) (>= xamarinios)) (&& (< netstandard1.3) (>= xamarinmac)) (&& (< netstandard1.4) (>= netstandard2.0) (>= uap10.0) (< win8) (< wpa81)) (&& (< netstandard1.4) (>= netstandard2.0) (>= xamarintvos)) (&& (< netstandard1.4) (>= netstandard2.0) (>= xamarinwatchos)) (&& (< netstandard1.4) (>= xamarinios)) (&& (< netstandard1.4) (>= xamarinmac)) (&& (< netstandard1.5) (>= netstandard2.0) (>= uap10.0)) (&& (< netstandard1.5) (>= netstandard2.0) (>= xamarintvos)) (&& (< netstandard1.5) (>= netstandard2.0) (>= xamarinwatchos)) (&& (< netstandard1.5) (>= xamarinios)) (&& (< netstandard1.5) (>= xamarinmac)) (&& (< netstandard1.6) (>= netstandard2.0) (>= xamarintvos)) (&& (< netstandard1.6) (>= netstandard2.0) (>= xamarinwatchos)) (&& (< netstandard1.6) (>= xamarinios)) (&& (< netstandard1.6) (>= xamarinmac)) (&& (>= netstandard2.0) (< portable-net45+win8+wpa81)) (&& (< netstandard2.0) (>= xamarinios)) (&& (< netstandard2.0) (>= xamarinmac)) (&& (< portable-net45+win8+wpa81) (>= xamarinios)) (&& (< portable-net45+win8+wpa81) (>= xamarinmac))
      Microsoft.NETCore.Platforms (>= 1.1) - restriction: || (&& (< monoandroid) (< net45) (< netstandard1.2) (>= netstandard2.0) (< win8)) (&& (< monoandroid) (< net45) (< netstandard1.3) (>= netstandard2.0) (< win8) (< wpa81)) (&& (< monoandroid) (< net45) (< netstandard1.5) (>= netstandard2.0) (< win8) (< wpa81)) (&& (< net45) (>= net461) (< netstandard1.2)) (&& (< net45) (>= net461) (< netstandard1.3)) (&& (< net45) (>= net461) (>= netstandard1.5)) (&& (< net45) (>= net461) (< netstandard1.5)) (&& (< net45) (< netcoreapp1.1) (>= netstandard2.0) (< win8) (< wpa81) (< xamarinios) (< xamarinmac) (< xamarintvos) (< xamarinwatchos)) (&& (>= net461) (>= netcoreapp1.1)) (&& (>= netcoreapp1.1) (>= netstandard2.0) (< xamarinios) (< xamarinmac) (< xamarintvos) (< xamarinwatchos))
      Microsoft.NETCore.Targets (>= 1.1) - restriction: || (&& (< monoandroid) (< net45) (< netstandard1.2) (>= netstandard2.0) (< win8)) (&& (< monoandroid) (< net45) (< netstandard1.3) (>= netstandard2.0) (< win8) (< wpa81)) (&& (< monoandroid) (< net45) (< netstandard1.5) (>= netstandard2.0) (< win8) (< wpa81)) (&& (< net45) (>= net461) (< netstandard1.2)) (&& (< net45) (>= net461) (< netstandard1.3)) (&& (< net45) (>= net461) (>= netstandard1.5)) (&& (< net45) (>= net461) (< netstandard1.5)) (&& (< net45) (< netcoreapp1.1) (>= netstandard2.0) (< win8) (< wpa81) (< xamarinios) (< xamarinmac) (< xamarintvos) (< xamarinwatchos)) (&& (>= net461) (>= netcoreapp1.1)) (&& (>= netcoreapp1.1) (>= netstandard2.0) (< xamarinios) (< xamarinmac) (< xamarintvos) (< xamarinwatchos))
      System.Reflection (>= 4.3) - restriction: || (&& (< monoandroid) (< net45) (< netstandard1.2) (>= netstandard2.0) (< win8)) (&& (< monoandroid) (< net45) (< netstandard1.3) (>= netstandard2.0) (< win8) (< wpa81)) (&& (< monoandroid) (< net45) (< netstandard1.5) (>= netstandard2.0) (< win8) (< wpa81)) (&& (< net45) (>= net461) (< netstandard1.2)) (&& (< net45) (>= net461) (< netstandard1.3)) (&& (< net45) (>= net461) (>= netstandard1.5)) (&& (< net45) (>= net461) (< netstandard1.5)) (&& (< net45) (< netcoreapp1.1) (>= netstandard2.0) (< win8) (< wpa81) (< xamarinios) (< xamarinmac) (< xamarintvos) (< xamarinwatchos)) (&& (>= net461) (>= netcoreapp1.1)) (&& (>= netcoreapp1.1) (>= netstandard2.0) (< xamarinios) (< xamarinmac) (< xamarintvos) (< xamarinwatchos))
      System.Reflection.Primitives (>= 4.3) - restriction: || (&& (< monoandroid) (< net45) (< netstandard1.2) (>= netstandard2.0) (< win8)) (&& (< monoandroid) (< net45) (< netstandard1.3) (>= netstandard2.0) (< win8) (< wpa81)) (&& (< monoandroid) (< net45) (< netstandard1.5) (>= netstandard2.0) (< win8) (< wpa81)) (&& (< net45) (>= net461) (< netstandard1.2)) (&& (< net45) (>= net461) (< netstandard1.3)) (&& (< net45) (>= net461) (>= netstandard1.5)) (&& (< net45) (>= net461) (< netstandard1.5)) (&& (< net45) (< netcoreapp1.1) (>= netstandard2.0) (< win8) (< wpa81) (< xamarinios) (< xamarinmac) (< xamarintvos) (< xamarinwatchos)) (&& (>= net461) (>= netcoreapp1.1)) (&& (>= netcoreapp1.1) (>= netstandard2.0) (< xamarinios) (< xamarinmac) (< xamarintvos) (< xamarinwatchos))
      System.Runtime (>= 4.3) - restriction: || (&& (< monoandroid) (< net45) (< netstandard1.2) (>= netstandard2.0) (< win8)) (&& (< monoandroid) (< net45) (< netstandard1.3) (>= netstandard2.0) (< win8) (< wpa81)) (&& (< monoandroid) (< net45) (< netstandard1.5) (>= netstandard2.0) (< win8) (< wpa81)) (&& (< net45) (>= net461) (< netstandard1.2)) (&& (< net45) (>= net461) (< netstandard1.3)) (&& (< net45) (>= net461) (>= netstandard1.5)) (&& (< net45) (>= net461) (< netstandard1.5)) (&& (< net45) (< netcoreapp1.1) (>= netstandard2.0) (< win8) (< wpa81) (< xamarinios) (< xamarinmac) (< xamarintvos) (< xamarinwatchos)) (&& (>= net461) (>= netcoreapp1.1)) (>= net462) (&& (>= netcoreapp1.1) (>= netstandard2.0) (< xamarinios) (< xamarinmac) (< xamarintvos) (< xamarinwatchos))
      System.Runtime.Handles (>= 4.3) - restriction: || (&& (< monoandroid) (< net45) (< netstandard1.5) (>= netstandard2.0) (< win8) (< wpa81)) (&& (< net45) (>= net461) (>= netstandard1.5)) (&& (< net45) (>= net461) (< netstandard1.5)) (&& (< net45) (< netcoreapp1.1) (>= netstandard2.0) (< win8) (< wpa81) (< xamarinios) (< xamarinmac) (< xamarintvos) (< xamarinwatchos)) (&& (>= net461) (>= netcoreapp1.1)) (&& (>= netcoreapp1.1) (>= netstandard2.0) (< xamarinios) (< xamarinmac) (< xamarintvos) (< xamarinwatchos))
    System.Runtime.InteropServices.RuntimeInformation (4.3) - restriction: || (&& (>= net45) (< netstandard1.0) (>= netstandard2.0)) (&& (>= net45) (< netstandard1.2) (>= netstandard2.0) (>= wpa81)) (&& (>= net45) (< netstandard1.3) (>= netstandard2.0)) (&& (< net45) (>= net46) (< netstandard1.2) (>= netstandard2.0)) (&& (< net45) (>= net461) (< netstandard1.2)) (&& (< net45) (>= net461) (>= netstandard1.5) (< netstandard1.6)) (&& (< net45) (>= net461) (< netstandard1.5)) (&& (< net45) (>= net461) (>= netstandard1.6) (< netstandard2.0)) (&& (< net45) (< netstandard1.2) (>= netstandard2.0) (< win8)) (&& (< net45) (< netstandard1.3) (>= netstandard2.0) (< win8) (< wpa81)) (&& (< net45) (< netstandard1.4) (>= netstandard2.0) (< win8) (< wpa81)) (&& (< net45) (< netstandard1.5) (>= netstandard2.0) (< win8) (< wpa81)) (&& (< net45) (< netstandard1.6) (>= netstandard2.0) (< win8) (< wpa81)) (&& (>= net46) (< netstandard1.0) (>= netstandard2.0)) (&& (>= net46) (< netstandard1.2) (>= netstandard2.0) (>= wpa81)) (&& (>= net46) (< netstandard1.3) (>= netstandard2.0)) (&& (>= net46) (< netstandard1.4) (>= netstandard2.0)) (&& (>= net461) (>= netcoreapp1.0)) (&& (>= net461) (< netstandard1.0)) (&& (>= net461) (< netstandard1.2) (>= wpa81)) (&& (>= net461) (< netstandard1.3)) (&& (>= net461) (< netstandard1.4)) (&& (>= net461) (>= uap10.0)) (&& (>= netcoreapp1.0) (>= netstandard2.0)) (&& (< netstandard1.0) (>= netstandard2.0) (< portable-net45+win8)) (&& (< netstandard1.0) (>= netstandard2.0) (>= win8)) (&& (< netstandard1.0) (>= netstandard2.0) (< win8)) (&& (< netstandard1.2) (>= netstandard2.0) (< win8) (>= wpa81)) (&& (< netstandard1.3) (>= netstandard2.0) (< win8) (>= wpa81)) (&& (>= netstandard2.0) (>= uap10.0))
      runtime.native.System (>= 4.3) - restriction: || (&& (< monoandroid) (< net45) (>= netstandard2.0) (< win8) (< wpa81) (< xamarinios) (< xamarinmac) (< xamarintvos) (< xamarinwatchos)) (&& (< net45) (>= net461))
      System.Reflection (>= 4.3) - restriction: || (&& (< monoandroid) (< net45) (>= netstandard2.0) (< win8) (< wpa81) (< xamarinios) (< xamarinmac) (< xamarintvos) (< xamarinwatchos)) (&& (< net45) (>= net461))
      System.Reflection.Extensions (>= 4.3) - restriction: || (&& (< monoandroid) (< net45) (>= netstandard2.0) (< win8) (< wpa81) (< xamarinios) (< xamarinmac) (< xamarintvos) (< xamarinwatchos)) (&& (< net45) (>= net461))
      System.Resources.ResourceManager (>= 4.3) - restriction: || (&& (< monoandroid) (< net45) (>= netstandard2.0) (< win8) (< wpa81) (< xamarinios) (< xamarinmac) (< xamarintvos) (< xamarinwatchos)) (&& (< net45) (>= net461))
      System.Runtime (>= 4.3) - restriction: || (&& (< monoandroid) (< net45) (>= netstandard2.0) (< win8) (< wpa81) (< xamarinios) (< xamarinmac) (< xamarintvos) (< xamarinwatchos)) (&& (< net45) (>= net461))
      System.Runtime.InteropServices (>= 4.3) - restriction: || (&& (< monoandroid) (< net45) (>= netstandard2.0) (< win8) (< wpa81) (< xamarinios) (< xamarinmac) (< xamarintvos) (< xamarinwatchos)) (&& (< net45) (>= net461))
      System.Threading (>= 4.3) - restriction: || (&& (< monoandroid) (< net45) (>= netstandard2.0) (< win8) (< wpa81) (< xamarinios) (< xamarinmac) (< xamarintvos) (< xamarinwatchos)) (&& (< net45) (>= net461))
    System.Runtime.Numerics (4.3) - restriction: || (&& (< net45) (>= net461) (< netstandard1.2)) (&& (< net45) (>= net461) (< netstandard1.3)) (&& (< net45) (>= net461) (< netstandard1.4)) (&& (< net45) (>= net461) (>= netstandard1.5) (< netstandard1.6)) (&& (< net45) (>= net461) (< netstandard1.5)) (&& (< net45) (>= net461) (>= netstandard1.6) (< netstandard2.0)) (&& (< net45) (< netstandard1.2) (>= netstandard2.0) (< win8)) (&& (< net45) (< netstandard1.3) (>= netstandard2.0) (< win8) (< wpa81)) (&& (< net45) (< netstandard1.4) (>= netstandard2.0) (< win8) (< wpa81)) (&& (< net45) (< netstandard1.5) (>= netstandard2.0) (< win8) (< wpa81)) (&& (< net45) (< netstandard1.6) (>= netstandard2.0) (< win8) (< wpa81)) (&& (>= net461) (< netstandard1.5) (>= uap10.0)) (&& (< netstandard1.5) (>= netstandard2.0) (>= uap10.0))
    System.Runtime.Serialization.Formatters (4.3) - redirects: force, restriction: && (< net20) (>= net461) (< netstandard2.0)
    System.Runtime.Serialization.Primitives (4.3) - redirects: force, restriction: || (&& (< monoandroid) (< net20) (< netstandard1.4) (>= netstandard2.0)) (&& (< net20) (>= net461) (< netstandard1.3)) (&& (< net20) (>= net461) (< netstandard1.4)) (&& (< net20) (>= net461) (< netstandard2.0)) (&& (< net20) (< netstandard1.3) (>= netstandard2.0))
    System.Security.AccessControl (4.7)
      Microsoft.NETCore.Platforms (>= 3.1) - restriction: >= netcoreapp2.0
      System.Security.Principal.Windows (>= 4.7)
    System.Security.Claims (4.3) - restriction: || (&& (>= monoandroid) (>= net46) (< netstandard1.3) (>= netstandard2.0)) (&& (>= monoandroid) (>= net461) (< netstandard1.3)) (&& (< monoandroid) (>= netcoreapp2.0) (< netstandard2.0)) (&& (>= monotouch) (>= net461)) (&& (>= monotouch) (>= netstandard2.0)) (&& (>= net46) (>= netcoreapp2.0) (< netstandard2.0)) (&& (< net46) (>= net461) (< netstandard2.0)) (&& (>= net461) (>= netcoreapp2.0) (< netstandard2.0)) (&& (>= net461) (< netstandard2.0) (>= xamarintvos)) (&& (>= net461) (< netstandard2.0) (>= xamarinwatchos)) (&& (>= netcoreapp2.1) (< netstandard2.0)) (&& (< netstandard2.0) (>= xamarinios)) (&& (< netstandard2.0) (>= xamarinmac))
    System.Security.Cryptography.Algorithms (4.3.1) - restriction: || (&& (< monoandroid) (< net45) (< netstandard1.4) (>= netstandard2.0)) (&& (< monoandroid) (< net45) (< netstandard1.6) (>= netstandard2.0)) (&& (< monoandroid) (< net46) (< netstandard1.4) (>= netstandard2.0)) (&& (< monoandroid) (< net46) (< netstandard1.6) (>= netstandard2.0)) (&& (< monoandroid) (>= net5.0) (< netstandard1.2)) (&& (< monoandroid) (>= net5.0) (< netstandard1.3)) (&& (< monoandroid) (>= net5.0) (< netstandard1.4)) (&& (< monoandroid) (>= net5.0) (< netstandard1.5)) (&& (< monoandroid) (>= net5.0) (< netstandard1.6)) (&& (< monoandroid) (>= net5.0) (< netstandard2.0) (< xamarintvos) (< xamarinwatchos)) (&& (< monoandroid) (>= netcoreapp2.0) (< netstandard1.2)) (&& (< monoandroid) (>= netcoreapp2.0) (< netstandard1.3)) (&& (< monoandroid) (>= netcoreapp2.0) (< netstandard1.4)) (&& (< monoandroid) (>= netcoreapp2.0) (< netstandard1.5)) (&& (< monoandroid) (>= netcoreapp2.0) (< netstandard1.6)) (&& (< monoandroid) (>= netcoreapp2.0) (< netstandard2.0) (< xamarintvos) (< xamarinwatchos)) (&& (< monoandroid) (>= netcoreapp2.1) (< netstandard1.2)) (&& (< monoandroid) (>= netcoreapp2.1) (< netstandard1.3)) (&& (< monoandroid) (>= netcoreapp2.1) (< netstandard1.4)) (&& (< monoandroid) (>= netcoreapp2.1) (< netstandard1.5)) (&& (< monoandroid) (>= netcoreapp2.1) (< netstandard1.6)) (&& (< monoandroid) (>= netcoreapp2.1) (< netstandard2.0) (< xamarintvos) (< xamarinwatchos)) (&& (< monoandroid) (>= netcoreapp3.0) (< netstandard1.2)) (&& (< monoandroid) (>= netcoreapp3.0) (< netstandard1.3)) (&& (< monoandroid) (>= netcoreapp3.0) (< netstandard1.4)) (&& (< monoandroid) (>= netcoreapp3.0) (< netstandard1.5)) (&& (< monoandroid) (>= netcoreapp3.0) (< netstandard1.6)) (&& (< monoandroid) (>= netcoreapp3.0) (< netstandard2.0) (< xamarintvos) (< xamarinwatchos)) (&& (< monoandroid) (< netstandard1.2) (>= netstandard2.1)) (&& (< monoandroid) (< netstandard1.3) (>= netstandard2.1)) (&& (< monoandroid) (< netstandard1.4) (>= netstandard2.1)) (&& (< monoandroid) (< netstandard1.5) (>= netstandard2.1)) (&& (< monoandroid) (< netstandard1.6) (>= netstandard2.1)) (&& (< monoandroid) (< netstandard2.0) (>= netstandard2.1) (< xamarintvos) (< xamarinwatchos)) (&& (< net45) (>= net46) (< netstandard1.2) (>= netstandard2.0)) (&& (< net45) (>= net46) (< netstandard1.3) (>= netstandard2.0)) (&& (< net45) (>= net46) (< netstandard1.5) (>= netstandard2.0)) (&& (< net45) (>= net46) (< netstandard1.6) (>= netstandard2.0)) (&& (< net45) (>= net461) (< netstandard1.2) (>= netstandard1.6)) (&& (< net45) (>= net461) (< netstandard1.2) (>= netstandard2.0)) (&& (< net45) (>= net461) (< netstandard1.3) (>= netstandard1.6)) (&& (< net45) (>= net461) (< netstandard1.3) (>= netstandard2.0)) (&& (< net45) (>= net461) (>= netstandard1.5) (< netstandard1.6)) (&& (< net45) (>= net461) (< netstandard1.5)) (&& (< net45) (>= net461) (>= netstandard1.6) (< netstandard2.0)) (&& (< net45) (>= net461) (< netstandard1.6) (>= netstandard2.0)) (&& (< net45) (>= net462) (< netstandard1.2) (>= netstandard1.6)) (&& (< net45) (>= net462) (< netstandard1.2) (>= netstandard2.0)) (&& (< net45) (>= net462) (< netstandard1.3) (>= netstandard1.6)) (&& (< net45) (>= net462) (< netstandard1.3) (>= netstandard2.0)) (&& (< net45) (>= net462) (< netstandard1.4) (>= netstandard1.6)) (&& (< net45) (>= net462) (< netstandard1.5) (>= netstandard1.6)) (&& (< net45) (>= net462) (< netstandard1.5) (>= netstandard2.0)) (&& (< net45) (>= net47) (< netstandard1.2) (>= netstandard1.6)) (&& (< net45) (>= net47) (< netstandard1.3) (>= netstandard1.6)) (&& (< net45) (>= net47) (< netstandard1.4) (>= netstandard1.6)) (&& (< net45) (>= net47) (< netstandard1.5) (>= netstandard1.6)) (&& (< net45) (>= net47) (>= netstandard1.6) (< netstandard2.0)) (&& (< net45) (>= net47) (>= netstandard2.0)) (&& (< net45) (< netstandard1.2) (>= netstandard2.0) (< win8)) (&& (< net45) (< netstandard1.3) (>= netstandard2.0) (< win8) (< wpa81)) (&& (< net45) (< netstandard1.4) (>= netstandard2.0) (< win8) (< wpa81)) (&& (< net45) (< netstandard1.5) (>= netstandard2.0) (< win8) (< wpa81)) (&& (< net45) (< netstandard1.6) (>= netstandard2.0) (< win8) (< wpa81)) (&& (>= net46) (>= net5.0) (< netstandard1.2)) (&& (>= net46) (>= net5.0) (< netstandard1.3)) (&& (>= net46) (>= net5.0) (< netstandard1.4)) (&& (>= net46) (>= net5.0) (< netstandard1.5)) (&& (>= net46) (>= net5.0) (< netstandard1.6)) (&& (>= net46) (>= net5.0) (< netstandard2.0)) (&& (>= net46) (>= netcoreapp2.0) (< netstandard1.2)) (&& (>= net46) (>= netcoreapp2.0) (< netstandard1.3)) (&& (>= net46) (>= netcoreapp2.0) (< netstandard1.4)) (&& (>= net46) (>= netcoreapp2.0) (< netstandard1.5)) (&& (>= net46) (>= netcoreapp2.0) (< netstandard1.6)) (&& (>= net46) (>= netcoreapp2.0) (< netstandard2.0)) (&& (>= net46) (>= netcoreapp2.1) (< netstandard1.2)) (&& (>= net46) (>= netcoreapp2.1) (< netstandard1.3)) (&& (>= net46) (>= netcoreapp2.1) (< netstandard1.4)) (&& (>= net46) (>= netcoreapp2.1) (< netstandard1.5)) (&& (>= net46) (>= netcoreapp2.1) (< netstandard1.6)) (&& (>= net46) (>= netcoreapp2.1) (< netstandard2.0)) (&& (>= net46) (>= netcoreapp3.0) (< netstandard1.2)) (&& (>= net46) (>= netcoreapp3.0) (< netstandard1.3)) (&& (>= net46) (>= netcoreapp3.0) (< netstandard1.4)) (&& (>= net46) (>= netcoreapp3.0) (< netstandard1.5)) (&& (>= net46) (>= netcoreapp3.0) (< netstandard1.6)) (&& (>= net46) (>= netcoreapp3.0) (< netstandard2.0)) (&& (>= net46) (< netstandard1.2) (>= netstandard2.0) (>= uap10.0)) (&& (>= net46) (< netstandard1.2) (>= netstandard2.1)) (&& (>= net46) (< netstandard1.3) (>= netstandard2.0) (>= uap10.0)) (&& (>= net46) (< netstandard1.3) (>= netstandard2.1)) (&& (>= net46) (< netstandard1.4) (>= netstandard2.0)) (&& (>= net46) (< netstandard1.4) (>= netstandard2.1)) (&& (>= net46) (< netstandard1.5) (>= netstandard2.1)) (&& (>= net46) (< netstandard1.6) (>= netstandard2.1)) (&& (>= net46) (< netstandard2.0) (>= netstandard2.1)) (&& (< net46) (>= net461) (< netstandard1.6) (>= netstandard2.0)) (&& (< net46) (>= net47) (>= netstandard2.0)) (&& (>= net461) (< net462) (< netstandard1.6) (>= netstandard2.0)) (&& (>= net461) (>= net5.0) (< netstandard1.2)) (&& (>= net461) (>= net5.0) (< netstandard1.3)) (&& (>= net461) (>= net5.0) (< netstandard1.5)) (&& (>= net461) (>= net5.0) (< netstandard1.6)) (&& (>= net461) (>= net5.0) (< netstandard2.0)) (&& (>= net461) (>= netcoreapp2.0) (< netstandard1.2)) (&& (>= net461) (>= netcoreapp2.0) (< netstandard1.3)) (&& (>= net461) (>= netcoreapp2.0) (< netstandard1.5)) (&& (>= net461) (>= netcoreapp2.0) (< netstandard1.6)) (&& (>= net461) (>= netcoreapp2.0) (< netstandard2.0)) (&& (>= net461) (>= netcoreapp2.1) (< netstandard1.2)) (&& (>= net461) (>= netcoreapp2.1) (< netstandard1.3)) (&& (>= net461) (>= netcoreapp2.1) (< netstandard1.5)) (&& (>= net461) (>= netcoreapp2.1) (< netstandard1.6)) (&& (>= net461) (>= netcoreapp2.1) (< netstandard2.0)) (&& (>= net461) (>= netcoreapp3.0) (< netstandard1.2)) (&& (>= net461) (>= netcoreapp3.0) (< netstandard1.3)) (&& (>= net461) (>= netcoreapp3.0) (< netstandard1.5)) (&& (>= net461) (>= netcoreapp3.0) (< netstandard1.6)) (&& (>= net461) (>= netcoreapp3.0) (< netstandard2.0)) (&& (>= net461) (< netstandard1.2) (>= netstandard1.6) (>= uap10.0)) (&& (>= net461) (< netstandard1.2) (>= netstandard2.0) (>= uap10.0)) (&& (>= net461) (< netstandard1.2) (>= netstandard2.1)) (&& (>= net461) (< netstandard1.3) (>= netstandard1.6) (>= uap10.0)) (&& (>= net461) (< netstandard1.3) (>= netstandard2.0) (>= uap10.0)) (&& (>= net461) (< netstandard1.3) (>= netstandard2.1)) (&& (>= net461) (< netstandard1.4)) (&& (>= net461) (< netstandard1.5) (>= netstandard2.1)) (&& (>= net461) (< netstandard1.5) (>= uap10.0)) (&& (>= net461) (< netstandard1.6) (>= netstandard2.1)) (&& (>= net461) (< netstandard2.0) (>= netstandard2.1)) (&& (>= net462) (>= net5.0) (< netstandard1.2)) (&& (>= net462) (>= net5.0) (< netstandard1.3)) (&& (>= net462) (>= net5.0) (< netstandard1.4)) (&& (>= net462) (>= net5.0) (< netstandard1.5)) (&& (>= net462) (>= net5.0) (< netstandard1.6)) (&& (>= net462) (>= netcoreapp2.0) (< netstandard1.2)) (&& (>= net462) (>= netcoreapp2.0) (< netstandard1.3)) (&& (>= net462) (>= netcoreapp2.0) (< netstandard1.4)) (&& (>= net462) (>= netcoreapp2.0) (< netstandard1.5)) (&& (>= net462) (>= netcoreapp2.0) (< netstandard1.6)) (&& (>= net462) (>= netcoreapp2.1) (< netstandard1.2)) (&& (>= net462) (>= netcoreapp2.1) (< netstandard1.3)) (&& (>= net462) (>= netcoreapp2.1) (< netstandard1.4)) (&& (>= net462) (>= netcoreapp2.1) (< netstandard1.5)) (&& (>= net462) (>= netcoreapp2.1) (< netstandard1.6)) (&& (>= net462) (>= netcoreapp3.0) (< netstandard1.2)) (&& (>= net462) (>= netcoreapp3.0) (< netstandard1.3)) (&& (>= net462) (>= netcoreapp3.0) (< netstandard1.4)) (&& (>= net462) (>= netcoreapp3.0) (< netstandard1.5)) (&& (>= net462) (>= netcoreapp3.0) (< netstandard1.6)) (&& (>= net462) (< netstandard1.2) (>= netstandard1.6) (>= uap10.0)) (&& (>= net462) (< netstandard1.2) (>= netstandard2.0) (>= uap10.0)) (&& (>= net462) (< netstandard1.2) (>= netstandard2.1)) (&& (>= net462) (< netstandard1.3) (>= netstandard1.6) (>= uap10.0)) (&& (>= net462) (< netstandard1.3) (>= netstandard2.0) (>= uap10.0)) (&& (>= net462) (< netstandard1.3) (>= netstandard2.1)) (&& (>= net462) (< netstandard1.4) (>= netstandard1.6) (>= uap10.0)) (&& (>= net462) (< netstandard1.4) (>= netstandard2.0)) (&& (>= net462) (< netstandard1.4) (>= netstandard2.1)) (&& (>= net462) (< netstandard1.5) (>= netstandard1.6) (>= uap10.0)) (&& (>= net462) (< netstandard1.5) (>= netstandard2.1)) (&& (>= net462) (< netstandard1.6) (>= netstandard2.0)) (&& (>= net462) (< netstandard1.6) (>= netstandard2.1)) (&& (>= net47) (< net472) (>= netstandard2.0)) (&& (>= net47) (>= net5.0)) (&& (>= net47) (>= netcoreapp2.0)) (&& (>= net47) (>= netcoreapp2.1)) (&& (>= net47) (>= netcoreapp3.0)) (&& (>= net47) (< netstandard1.2) (>= netstandard1.6) (>= uap10.0)) (&& (>= net47) (< netstandard1.2) (>= netstandard2.0) (>= uap10.0)) (&& (>= net47) (< netstandard1.3) (>= netstandard1.6) (>= uap10.0)) (&& (>= net47) (< netstandard1.3) (>= netstandard2.0) (>= uap10.0)) (&& (>= net47) (< netstandard1.4) (>= netstandard1.6) (>= uap10.0)) (&& (>= net47) (< netstandard1.4) (>= netstandard2.0)) (&& (>= net47) (< netstandard1.5) (>= netstandard1.6) (>= uap10.0)) (&& (>= net47) (< netstandard1.6) (>= netstandard2.0)) (&& (>= net47) (>= netstandard2.1)) (&& (>= net5.0) (< netstandard1.2) (>= uap10.0)) (&& (>= net5.0) (< netstandard1.3) (>= uap10.0)) (&& (>= net5.0) (< netstandard1.4) (>= uap10.0)) (&& (>= net5.0) (< netstandard1.5) (>= uap10.0)) (&& (>= netcoreapp2.0) (< netstandard1.2) (>= uap10.0)) (&& (>= netcoreapp2.0) (< netstandard1.3) (>= uap10.0)) (&& (>= netcoreapp2.0) (< netstandard1.4) (>= uap10.0)) (&& (>= netcoreapp2.0) (< netstandard1.5) (>= uap10.0)) (&& (>= netcoreapp2.1) (< netstandard1.2) (>= uap10.0)) (&& (>= netcoreapp2.1) (< netstandard1.3) (>= uap10.0)) (&& (>= netcoreapp2.1) (< netstandard1.4) (>= uap10.0)) (&& (>= netcoreapp2.1) (< netstandard1.5) (>= uap10.0)) (&& (>= netcoreapp3.0) (< netstandard1.2) (>= uap10.0)) (&& (>= netcoreapp3.0) (< netstandard1.3) (>= uap10.0)) (&& (>= netcoreapp3.0) (< netstandard1.4) (>= uap10.0)) (&& (>= netcoreapp3.0) (< netstandard1.5) (>= uap10.0)) (&& (< netstandard1.2) (>= netstandard2.0) (>= uap10.0) (< win8)) (&& (< netstandard1.2) (>= netstandard2.1) (>= uap10.0)) (&& (< netstandard1.3) (>= netstandard2.0) (>= uap10.0) (< win8) (< wpa81)) (&& (< netstandard1.3) (>= netstandard2.1) (>= uap10.0)) (&& (< netstandard1.4) (>= netstandard2.0) (>= uap10.0)) (&& (< netstandard1.4) (>= netstandard2.1) (>= uap10.0)) (&& (< netstandard1.5) (>= netstandard2.0) (>= uap10.0)) (&& (< netstandard1.5) (>= netstandard2.1) (>= uap10.0))
      System.IO (>= 4.3) - restriction: || (&& (< monoandroid) (< net46) (< netstandard1.4) (>= netstandard2.0)) (&& (< monoandroid) (< net46) (< netstandard1.6) (>= netstandard2.0)) (&& (< net46) (>= net461) (< netstandard1.4)) (&& (< net46) (>= net461) (>= netstandard1.6)) (&& (< net46) (>= net461) (< netstandard1.6)) (&& (< net46) (>= netstandard2.0) (< xamarinios) (< xamarinmac) (< xamarintvos) (< xamarinwatchos)) (>= net463)
      System.Runtime (>= 4.3) - restriction: || (&& (< monoandroid) (< net46) (< netstandard1.4) (>= netstandard2.0)) (&& (< monoandroid) (< net46) (< netstandard1.6) (>= netstandard2.0)) (&& (< net46) (>= net461) (< netstandard1.4)) (&& (< net46) (>= net461) (>= netstandard1.6)) (&& (< net46) (>= net461) (< netstandard1.6)) (&& (< net46) (>= netstandard2.0) (< xamarinios) (< xamarinmac) (< xamarintvos) (< xamarinwatchos)) (>= net463)
      System.Security.Cryptography.Encoding (>= 4.3) - restriction: || (&& (< net46) (>= net461) (>= netstandard1.6)) (&& (< net46) (>= netstandard2.0) (< xamarinios) (< xamarinmac) (< xamarintvos) (< xamarinwatchos)) (>= net463)
      System.Security.Cryptography.Primitives (>= 4.3) - restriction: || (&& (< monoandroid) (< net46) (< netstandard1.4) (>= netstandard2.0)) (&& (< monoandroid) (< net46) (< netstandard1.6) (>= netstandard2.0)) (&& (>= net46) (< netstandard1.4) (>= netstandard2.0)) (&& (< net46) (>= net461) (>= netstandard1.6)) (&& (< net46) (>= netstandard2.0) (< xamarinios) (< xamarinmac) (< xamarintvos) (< xamarinwatchos)) (&& (>= net461) (< netstandard1.4)) (&& (>= net461) (< netstandard1.6)) (>= net463)
    System.Security.Cryptography.Cng (5.0) - restriction: || (&& (< monoandroid) (< net46) (< netcoreapp2.0) (>= netstandard2.0) (< netstandard2.1) (< xamarintvos) (< xamarinwatchos)) (&& (< monoandroid) (>= netcoreapp2.0) (< netcoreapp2.1) (< netstandard2.1) (< xamarintvos) (< xamarinwatchos)) (&& (< monoandroid) (>= netcoreapp2.0) (< netstandard1.4)) (&& (< monoandroid) (>= netcoreapp2.0) (< netstandard1.5)) (&& (< monoandroid) (>= netcoreapp2.0) (< netstandard2.0) (< xamarintvos) (< xamarinwatchos)) (&& (< monoandroid) (>= netcoreapp2.1) (< netstandard1.4)) (&& (< monoandroid) (>= netcoreapp2.1) (< netstandard1.5)) (&& (< monoandroid) (>= netcoreapp2.1) (< netstandard2.0) (< xamarintvos) (< xamarinwatchos)) (&& (< monoandroid) (>= netcoreapp2.1) (< netstandard2.1) (< xamarintvos) (< xamarinwatchos)) (&& (< monoandroid) (>= netcoreapp3.0) (< netstandard2.1) (< xamarintvos) (< xamarinwatchos)) (&& (< net45) (>= net461) (< netstandard1.4) (>= netstandard1.6)) (&& (< net45) (>= net461) (< netstandard1.4) (>= netstandard2.0)) (&& (< net45) (>= net461) (< netstandard1.5) (>= netstandard1.6)) (&& (< net45) (>= net461) (< netstandard1.5) (>= netstandard2.0)) (&& (< net45) (>= net461) (>= netstandard1.6) (< netstandard2.0)) (&& (< net45) (< netstandard1.4) (>= netstandard2.0) (< win8) (< wpa81)) (&& (< net45) (< netstandard1.5) (>= netstandard2.0) (< win8) (< wpa81)) (&& (< net46) (>= net461) (>= netstandard2.0)) (&& (>= net461) (>= netcoreapp2.0)) (&& (>= net461) (>= netcoreapp2.1)) (&& (>= net461) (>= netcoreapp3.0)) (&& (>= net461) (< netstandard1.4) (>= netstandard1.6) (>= uap10.0)) (&& (>= net461) (< netstandard1.4) (>= netstandard2.0) (>= uap10.0)) (&& (>= net461) (< netstandard1.5) (>= netstandard1.6) (>= uap10.0)) (&& (>= net461) (>= netstandard2.1)) (&& (< net472) (>= netstandard2.0)) (>= net5.0) (&& (>= netcoreapp2.0) (< netstandard1.4) (>= uap10.0)) (&& (>= netcoreapp2.0) (< netstandard1.5) (>= uap10.0)) (&& (< netcoreapp2.0) (>= netstandard2.1) (< xamarinios) (< xamarinmac) (< xamarintvos) (< xamarinwatchos)) (&& (>= netcoreapp2.1) (< netstandard1.4) (>= uap10.0)) (&& (>= netcoreapp2.1) (< netstandard1.5) (>= uap10.0)) (&& (>= netcoreapp3.0) (< netstandard1.4)) (&& (>= netcoreapp3.0) (< netstandard1.5)) (&& (>= netcoreapp3.0) (< netstandard2.0) (< xamarintvos) (< xamarinwatchos)) (&& (>= netcoreapp3.0) (< xamarinios) (< xamarinmac) (< xamarintvos) (< xamarinwatchos)) (&& (< netstandard1.4) (>= netstandard2.0) (>= uap10.0) (< win8) (< wpa81)) (&& (< netstandard1.4) (>= netstandard2.1)) (&& (< netstandard1.5) (>= netstandard2.0) (>= uap10.0)) (&& (< netstandard1.5) (>= netstandard2.1)) (&& (< netstandard2.0) (>= netstandard2.1) (< xamarintvos) (< xamarinwatchos))
      Microsoft.NETCore.Platforms (>= 5.0) - restriction: || (&& (< monoandroid) (>= netcoreapp2.0) (< netcoreapp2.1) (< netstandard2.1) (< xamarintvos) (< xamarinwatchos)) (&& (>= net461) (>= netcoreapp2.0))
      System.Formats.Asn1 (>= 5.0) - restriction: || (&& (>= net461) (>= netcoreapp3.0)) (&& (>= netcoreapp3.0) (< xamarinios) (< xamarinmac) (< xamarintvos) (< xamarinwatchos))
      System.Security.Cryptography.Algorithms (>= 4.3.1) - restriction: || (&& (< monoandroid) (< net46) (< netstandard1.4) (>= netstandard2.0)) (&& (< monoandroid) (< net46) (< netstandard1.6) (>= netstandard2.0)) (&& (>= net46) (< netstandard1.4) (>= netstandard2.0)) (&& (< net46) (>= net461) (>= netstandard1.6) (< netstandard2.0)) (&& (< net46) (>= net461) (< netstandard1.6)) (&& (>= net461) (< net462) (< netstandard1.6)) (&& (>= net461) (< netstandard1.4)) (&& (>= net462) (< netstandard1.6)) (>= net47)
    System.Security.Cryptography.Csp (4.3) - restriction: || (&& (< net45) (>= net461) (< netstandard1.4) (>= netstandard1.6)) (&& (< net45) (>= net461) (< netstandard1.5) (>= netstandard1.6)) (&& (< net45) (>= net461) (>= netstandard1.6) (< netstandard2.0)) (&& (< net45) (< netstandard1.4) (>= netstandard2.0) (< win8) (< wpa81)) (&& (< net45) (< netstandard1.5) (>= netstandard2.0) (< win8) (< wpa81)) (&& (>= net461) (< netstandard1.5) (>= netstandard1.6) (>= uap10.0)) (&& (< netstandard1.5) (>= netstandard2.0) (>= uap10.0))
    System.Security.Cryptography.Encoding (4.3) - restriction: || (&& (< monoandroid) (>= net5.0) (< netstandard1.2)) (&& (< monoandroid) (>= net5.0) (< netstandard1.3)) (&& (< monoandroid) (>= net5.0) (< netstandard1.4)) (&& (< monoandroid) (>= net5.0) (< netstandard1.5)) (&& (< monoandroid) (>= net5.0) (< netstandard1.6)) (&& (< monoandroid) (>= net5.0) (< netstandard2.0) (< xamarintvos) (< xamarinwatchos)) (&& (< net45) (>= net46) (< netstandard1.2) (>= netstandard2.0)) (&& (< net45) (>= net46) (< netstandard1.3) (>= netstandard2.0)) (&& (< net45) (>= net46) (< netstandard1.5) (>= netstandard2.0)) (&& (< net45) (>= net461) (< netstandard1.2)) (&& (< net45) (>= net461) (< netstandard1.3) (>= netstandard1.6)) (&& (< net45) (>= net461) (< netstandard1.3) (>= netstandard2.0)) (&& (< net45) (>= net461) (>= netstandard1.5) (< netstandard1.6)) (&& (< net45) (>= net461) (< netstandard1.5)) (&& (< net45) (>= net461) (>= netstandard1.6) (< netstandard2.0)) (&& (< net45) (>= net461) (< netstandard1.6) (>= netstandard2.0)) (&& (< net45) (>= net462) (< netstandard1.2) (>= netstandard2.0)) (&& (< net45) (>= net462) (< netstandard1.3) (>= netstandard2.0)) (&& (< net45) (>= net462) (< netstandard1.4) (>= netstandard2.0)) (&& (< net45) (>= net462) (< netstandard1.5) (>= netstandard2.0)) (&& (< net45) (>= net462) (< netstandard1.6) (>= netstandard2.0)) (&& (< net45) (>= net463) (< netstandard1.2)) (&& (< net45) (>= net463) (< netstandard1.3) (>= netstandard1.6)) (&& (< net45) (>= net463) (< netstandard1.3) (>= netstandard2.0)) (&& (< net45) (>= net463) (< netstandard1.5)) (&& (< net45) (>= net463) (>= netstandard1.6) (< netstandard2.0)) (&& (< net45) (>= net463) (< netstandard1.6)) (&& (< net45) (>= net47) (< netstandard1.2) (>= netstandard2.0)) (&& (< net45) (>= net47) (< netstandard1.3) (>= netstandard2.0)) (&& (< net45) (>= net47) (< netstandard1.5) (>= netstandard2.0)) (&& (< net45) (>= net47) (< netstandard1.6) (>= netstandard2.0)) (&& (< net45) (< netstandard1.2) (>= netstandard2.0) (< win8)) (&& (< net45) (< netstandard1.3) (>= netstandard2.0) (< win8) (< wpa81)) (&& (< net45) (< netstandard1.4) (>= netstandard2.0) (< win8) (< wpa81)) (&& (< net45) (< netstandard1.5) (>= netstandard2.0) (< win8) (< wpa81)) (&& (< net45) (< netstandard1.6) (>= netstandard2.0) (< win8) (< wpa81)) (&& (>= net46) (>= net5.0) (< netstandard1.4)) (&& (>= net46) (< netstandard1.2) (>= netstandard2.0) (>= uap10.0)) (&& (>= net46) (< netstandard1.3) (>= netstandard2.0) (>= uap10.0)) (&& (>= net46) (< netstandard1.4) (>= netstandard2.0)) (&& (< net46) (>= net462) (< netstandard1.4) (>= netstandard2.0)) (&& (>= net461) (>= net5.0) (< netstandard1.2)) (&& (>= net461) (>= net5.0) (< netstandard1.3)) (&& (>= net461) (>= net5.0) (< netstandard1.5)) (&& (>= net461) (>= net5.0) (< netstandard1.6)) (&& (>= net461) (>= net5.0) (< netstandard2.0)) (&& (>= net461) (< netstandard1.2) (>= uap10.0)) (&& (>= net461) (< netstandard1.3) (>= netstandard1.6) (>= uap10.0)) (&& (>= net461) (< netstandard1.3) (>= netstandard2.0) (>= uap10.0)) (&& (>= net461) (< netstandard1.4)) (&& (>= net461) (< netstandard1.5) (>= uap10.0)) (&& (>= net462) (>= net5.0) (< netstandard1.2)) (&& (>= net462) (>= net5.0) (< netstandard1.3)) (&& (>= net462) (>= net5.0) (< netstandard1.4)) (&& (>= net462) (>= net5.0) (< netstandard1.5)) (&& (>= net462) (>= net5.0) (< netstandard1.6)) (&& (>= net463) (>= net5.0) (< netstandard1.2)) (&& (>= net463) (>= net5.0) (< netstandard1.3)) (&& (>= net463) (>= net5.0) (< netstandard1.5)) (&& (>= net463) (>= net5.0) (< netstandard1.6)) (&& (>= net463) (>= net5.0) (< netstandard2.0)) (&& (>= net463) (< netstandard1.2) (>= uap10.0)) (&& (>= net463) (< netstandard1.3) (>= netstandard1.6) (>= uap10.0)) (&& (>= net463) (< netstandard1.3) (>= netstandard2.0) (>= uap10.0)) (&& (>= net463) (< netstandard1.4)) (&& (>= net463) (< netstandard1.5) (>= uap10.0)) (&& (>= net47) (>= net5.0) (< netstandard1.2)) (&& (>= net47) (>= net5.0) (< netstandard1.3)) (&& (>= net47) (>= net5.0) (< netstandard1.4)) (&& (>= net47) (>= net5.0) (< netstandard1.5)) (&& (>= net47) (>= net5.0) (< netstandard1.6)) (&& (>= net47) (>= net5.0) (< netstandard2.0)) (&& (>= net47) (< netstandard1.4) (>= netstandard2.0)) (&& (>= net5.0) (< netstandard1.4) (>= uap10.0)) (&& (>= net5.0) (< netstandard1.5) (>= uap10.0)) (&& (< netstandard1.2) (>= netstandard2.0) (>= uap10.0) (< win8)) (&& (< netstandard1.3) (>= netstandard2.0) (>= uap10.0) (< win8) (< wpa81)) (&& (< netstandard1.4) (>= netstandard2.0) (>= uap10.0)) (&& (< netstandard1.5) (>= netstandard2.0) (>= uap10.0))
    System.Security.Cryptography.OpenSsl (4.7) - restriction: || (&& (< net45) (>= net46) (< netstandard1.2) (>= netstandard2.0)) (&& (< net45) (>= net46) (< netstandard1.3) (>= netstandard2.0)) (&& (< net45) (>= net46) (< netstandard1.4) (>= netstandard2.0)) (&& (< net45) (>= net461) (< netstandard1.2) (>= netstandard1.6)) (&& (< net45) (>= net461) (< netstandard1.2) (>= netstandard2.0)) (&& (< net45) (>= net461) (< netstandard1.3) (>= netstandard1.6)) (&& (< net45) (>= net461) (< netstandard1.3) (>= netstandard2.0)) (&& (< net45) (>= net461) (< netstandard1.4) (>= netstandard1.6)) (&& (< net45) (>= net461) (< netstandard1.4) (>= netstandard2.0)) (&& (< net45) (>= net461) (< netstandard1.5) (>= netstandard1.6)) (&& (< net45) (>= net461) (< netstandard1.5) (>= netstandard2.0)) (&& (< net45) (>= net461) (>= netstandard1.6) (< netstandard2.0)) (&& (< net45) (< netstandard1.2) (>= netstandard2.0) (< win8)) (&& (< net45) (< netstandard1.3) (>= netstandard2.0) (< win8) (< wpa81)) (&& (< net45) (< netstandard1.4) (>= netstandard2.0) (< win8) (< wpa81)) (&& (< net45) (< netstandard1.5) (>= netstandard2.0) (< win8) (< wpa81)) (&& (>= net46) (< netstandard1.4) (>= netstandard2.0) (>= uap10.0)) (&& (>= net461) (< netstandard1.2) (>= netstandard1.6) (>= uap10.0)) (&& (>= net461) (< netstandard1.3) (>= netstandard1.6) (>= uap10.0)) (&& (>= net461) (< netstandard1.4) (>= netstandard1.6) (>= uap10.0)) (&& (>= net461) (< netstandard1.5) (>= netstandard1.6) (>= uap10.0)) (&& (< netstandard1.2) (>= netstandard2.0) (>= uap10.0) (< win8)) (&& (< netstandard1.3) (>= netstandard2.0) (>= uap10.0) (< win8) (< wpa81)) (&& (< netstandard1.4) (>= netstandard2.0) (>= uap10.0) (< win8) (< wpa81)) (&& (< netstandard1.5) (>= netstandard2.0) (>= uap10.0))
    System.Security.Cryptography.Pkcs (5.0.1) - restriction: || (&& (< net472) (>= netstandard2.0)) (>= net5.0)
      System.Buffers (>= 4.5.1) - restriction: || (&& (< monoandroid) (< net46) (< netcoreapp2.0) (>= netstandard2.0) (< netstandard2.1) (< xamarintvos) (< xamarinwatchos)) (&& (< net46) (>= net461) (>= netstandard2.0))
      System.Formats.Asn1 (>= 5.0) - restriction: || (&& (>= monoandroid) (>= net461) (< netstandard1.3)) (&& (>= monoandroid) (< netstandard1.3) (>= netstandard2.0)) (&& (< monoandroid) (< net46) (< netcoreapp2.0) (>= netstandard2.0) (< netstandard2.1)) (&& (< monoandroid) (>= netcoreapp2.0) (< netcoreapp2.1) (< netstandard2.1)) (&& (>= monotouch) (>= net461)) (&& (>= monotouch) (>= netstandard2.0)) (&& (< net46) (>= net461) (>= netstandard2.0)) (&& (>= net461) (>= netcoreapp2.0)) (&& (>= net461) (>= netstandard2.1)) (&& (>= net461) (>= uap10.1)) (&& (>= net461) (>= xamarintvos)) (&& (>= net461) (>= xamarinwatchos)) (&& (< netcoreapp2.0) (>= netstandard2.1)) (>= netcoreapp3.0) (&& (>= netstandard2.0) (>= uap10.1)) (&& (>= netstandard2.0) (>= xamarintvos)) (&& (>= netstandard2.0) (>= xamarinwatchos)) (>= xamarinios) (>= xamarinmac)
      System.Memory (>= 4.5.4) - restriction: || (&& (< monoandroid) (< net46) (< netcoreapp2.0) (>= netstandard2.0) (< netstandard2.1) (< xamarintvos) (< xamarinwatchos)) (&& (< monoandroid) (>= netcoreapp2.0) (< netcoreapp2.1) (< netstandard2.1) (< xamarintvos) (< xamarinwatchos)) (&& (< net46) (>= net461) (>= netstandard2.0)) (&& (>= net461) (>= netcoreapp2.0)) (&& (>= net461) (>= uap10.1)) (&& (>= netstandard2.0) (>= uap10.1))
      System.Security.Cryptography.Cng (>= 5.0) - restriction: || (&& (< monoandroid) (< net46) (< netcoreapp2.0) (>= netstandard2.0) (< netstandard2.1) (< xamarintvos) (< xamarinwatchos)) (&& (< monoandroid) (>= netcoreapp2.0) (< netcoreapp2.1) (< netstandard2.1) (< xamarintvos) (< xamarinwatchos)) (&& (< monoandroid) (>= netcoreapp2.1) (< netstandard2.1) (< xamarintvos) (< xamarinwatchos)) (&& (< net46) (>= net461) (>= netstandard2.0)) (&& (>= net461) (>= netcoreapp2.0)) (&& (>= net461) (>= netcoreapp2.1)) (&& (>= net461) (>= netcoreapp3.0)) (&& (>= net461) (>= netstandard2.1)) (&& (< netcoreapp2.0) (>= netstandard2.1) (< xamarinios) (< xamarinmac) (< xamarintvos) (< xamarinwatchos)) (&& (>= netcoreapp3.0) (< xamarinios) (< xamarinmac) (< xamarintvos) (< xamarinwatchos))
    System.Security.Cryptography.Primitives (4.3) - restriction: || (&& (< monoandroid) (>= net5.0) (< netstandard1.2)) (&& (< monoandroid) (>= net5.0) (< netstandard1.3)) (&& (< monoandroid) (>= net5.0) (< netstandard1.4)) (&& (< monoandroid) (>= net5.0) (< netstandard1.5)) (&& (< monoandroid) (>= net5.0) (< netstandard1.6)) (&& (< monoandroid) (>= net5.0) (< netstandard2.0) (< xamarintvos) (< xamarinwatchos)) (&& (< net45) (>= net46) (< netstandard1.2) (>= netstandard2.0)) (&& (< net45) (>= net46) (< netstandard1.3) (>= netstandard2.0)) (&& (< net45) (>= net46) (< netstandard1.5) (>= netstandard2.0)) (&& (< net45) (>= net46) (< netstandard1.6) (>= netstandard2.0)) (&& (< net45) (>= net461) (< netstandard1.2) (>= netstandard1.6)) (&& (< net45) (>= net461) (< netstandard1.2) (>= netstandard2.0)) (&& (< net45) (>= net461) (< netstandard1.3) (>= netstandard1.6)) (&& (< net45) (>= net461) (< netstandard1.3) (>= netstandard2.0)) (&& (< net45) (>= net461) (>= netstandard1.5) (< netstandard1.6)) (&& (< net45) (>= net461) (< netstandard1.5)) (&& (< net45) (>= net461) (>= netstandard1.6) (< netstandard2.0)) (&& (< net45) (>= net461) (< netstandard1.6) (>= netstandard2.0)) (&& (< net45) (>= net462) (< netstandard1.2) (>= netstandard2.0)) (&& (< net45) (>= net462) (< netstandard1.3) (>= netstandard2.0)) (&& (< net45) (>= net462) (< netstandard1.5) (>= netstandard2.0)) (&& (< net45) (>= net462) (< netstandard1.6) (>= netstandard2.0)) (&& (< net45) (>= net463) (< netstandard1.2) (>= netstandard1.6)) (&& (< net45) (>= net463) (< netstandard1.2) (>= netstandard2.0)) (&& (< net45) (>= net463) (< netstandard1.3) (>= netstandard1.6)) (&& (< net45) (>= net463) (< netstandard1.3) (>= netstandard2.0)) (&& (< net45) (>= net463) (< netstandard1.5)) (&& (< net45) (>= net463) (>= netstandard1.6) (< netstandard2.0)) (&& (< net45) (>= net463) (< netstandard1.6)) (&& (< net45) (>= net47) (< netstandard1.2) (>= netstandard2.0)) (&& (< net45) (>= net47) (< netstandard1.3) (>= netstandard2.0)) (&& (< net45) (>= net47) (< netstandard1.5) (>= netstandard2.0)) (&& (< net45) (>= net47) (< netstandard1.6) (>= netstandard2.0)) (&& (< net45) (< netstandard1.2) (>= netstandard2.0) (< win8)) (&& (< net45) (< netstandard1.3) (>= netstandard2.0) (< win8) (< wpa81)) (&& (< net45) (< netstandard1.4) (>= netstandard2.0) (< win8) (< wpa81)) (&& (< net45) (< netstandard1.5) (>= netstandard2.0) (< win8) (< wpa81)) (&& (< net45) (< netstandard1.6) (>= netstandard2.0) (< win8) (< wpa81)) (&& (>= net46) (>= net5.0) (< netstandard1.2)) (&& (>= net46) (>= net5.0) (< netstandard1.3)) (&& (>= net46) (>= net5.0) (< netstandard1.4)) (&& (>= net46) (>= net5.0) (< netstandard1.5)) (&& (>= net46) (>= net5.0) (< netstandard1.6)) (&& (>= net46) (>= net5.0) (< netstandard2.0)) (&& (>= net46) (< netstandard1.2) (>= netstandard2.0) (>= uap10.0)) (&& (>= net46) (< netstandard1.3) (>= netstandard2.0) (>= uap10.0)) (&& (>= net46) (< netstandard1.4) (>= netstandard2.0)) (&& (>= net461) (>= net5.0) (< netstandard1.2)) (&& (>= net461) (>= net5.0) (< netstandard1.3)) (&& (>= net461) (>= net5.0) (< netstandard1.5)) (&& (>= net461) (>= net5.0) (< netstandard1.6)) (&& (>= net461) (>= net5.0) (< netstandard2.0)) (&& (>= net461) (< netstandard1.2) (>= netstandard1.6) (>= uap10.0)) (&& (>= net461) (< netstandard1.2) (>= netstandard2.0) (>= uap10.0)) (&& (>= net461) (< netstandard1.3) (>= netstandard1.6) (>= uap10.0)) (&& (>= net461) (< netstandard1.3) (>= netstandard2.0) (>= uap10.0)) (&& (>= net461) (< netstandard1.4)) (&& (>= net461) (< netstandard1.5) (>= uap10.0)) (&& (>= net462) (>= net5.0) (< netstandard1.2)) (&& (>= net462) (>= net5.0) (< netstandard1.3)) (&& (>= net462) (>= net5.0) (< netstandard1.4)) (&& (>= net462) (>= net5.0) (< netstandard1.5)) (&& (>= net462) (>= net5.0) (< netstandard1.6)) (&& (>= net462) (< netstandard1.4) (>= netstandard2.0)) (&& (>= net463) (>= net5.0) (< netstandard1.2)) (&& (>= net463) (>= net5.0) (< netstandard1.3)) (&& (>= net463) (>= net5.0) (< netstandard1.5)) (&& (>= net463) (>= net5.0) (< netstandard1.6)) (&& (>= net463) (>= net5.0) (< netstandard2.0)) (&& (>= net463) (< netstandard1.2) (>= netstandard1.6) (>= uap10.0)) (&& (>= net463) (< netstandard1.2) (>= netstandard2.0) (>= uap10.0)) (&& (>= net463) (< netstandard1.3) (>= netstandard1.6) (>= uap10.0)) (&& (>= net463) (< netstandard1.3) (>= netstandard2.0) (>= uap10.0)) (&& (>= net463) (< netstandard1.4)) (&& (>= net463) (< netstandard1.5) (>= uap10.0)) (&& (>= net47) (>= net5.0) (< netstandard1.2)) (&& (>= net47) (>= net5.0) (< netstandard1.3)) (&& (>= net47) (>= net5.0) (< netstandard1.4)) (&& (>= net47) (>= net5.0) (< netstandard1.5)) (&& (>= net47) (>= net5.0) (< netstandard1.6)) (&& (>= net47) (>= net5.0) (< netstandard2.0)) (&& (>= net47) (< netstandard1.4) (>= netstandard2.0)) (&& (>= net5.0) (< netstandard1.4) (>= uap10.0)) (&& (>= net5.0) (< netstandard1.5) (>= uap10.0)) (&& (< netstandard1.2) (>= netstandard2.0) (>= uap10.0) (< win8)) (&& (< netstandard1.3) (>= netstandard2.0) (>= uap10.0) (< win8) (< wpa81)) (&& (< netstandard1.4) (>= netstandard2.0) (>= uap10.0)) (&& (< netstandard1.5) (>= netstandard2.0) (>= uap10.0))
    System.Security.Cryptography.ProtectedData (5.0)
      System.Memory (>= 4.5.4) - restriction: || (&& (< net46) (>= net461) (>= netstandard2.0)) (&& (< net46) (< netcoreapp2.1) (>= netstandard2.0) (< xamarinios) (< xamarinmac) (< xamarintvos) (< xamarinwatchos))
    System.Security.Cryptography.X509Certificates (4.3.2) - restriction: || (&& (< net45) (>= net46) (< netstandard1.2) (>= netstandard2.0)) (&& (< net45) (>= net46) (< netstandard1.3) (>= netstandard2.0)) (&& (< net45) (>= net46) (< netstandard1.5) (>= netstandard2.0)) (&& (< net45) (>= net46) (< netstandard1.6) (>= netstandard2.0)) (&& (< net45) (>= net461) (< netstandard1.2)) (&& (< net45) (>= net461) (< netstandard1.3)) (&& (< net45) (>= net461) (>= netstandard1.5) (< netstandard1.6)) (&& (< net45) (>= net461) (< netstandard1.5)) (&& (< net45) (>= net461) (>= netstandard1.6) (< netstandard2.0)) (&& (< net45) (< netstandard1.2) (>= netstandard2.0) (< win8)) (&& (< net45) (< netstandard1.3) (>= netstandard2.0) (< win8) (< wpa81)) (&& (< net45) (< netstandard1.4) (>= netstandard2.0) (< win8) (< wpa81)) (&& (< net45) (< netstandard1.5) (>= netstandard2.0) (< win8) (< wpa81)) (&& (< net45) (< netstandard1.6) (>= netstandard2.0) (< win8) (< wpa81)) (&& (>= net46) (< netstandard1.2) (>= netstandard2.0) (>= uap10.0)) (&& (>= net46) (< netstandard1.3) (>= netstandard2.0) (>= uap10.0)) (&& (>= net46) (< netstandard1.4) (>= netstandard2.0)) (&& (>= net461) (< netstandard1.4)) (&& (>= net461) (< netstandard1.5) (>= uap10.0)) (&& (< netstandard1.2) (>= netstandard2.0) (>= uap10.0) (< win8)) (&& (< netstandard1.3) (>= netstandard2.0) (>= uap10.0) (< win8) (< wpa81)) (&& (< netstandard1.4) (>= netstandard2.0) (>= uap10.0) (< win8) (< wpa81)) (&& (< netstandard1.5) (>= netstandard2.0) (>= uap10.0))
    System.Security.Permissions (4.7) - restriction: >= netstandard2.0
      System.Security.AccessControl (>= 4.7)
      System.Windows.Extensions (>= 4.7) - restriction: >= netcoreapp3.0
    System.Security.Principal (4.3) - restriction: || (&& (< monoandroid) (>= netcoreapp2.0) (< netstandard2.0)) (&& (>= monotouch) (>= net461)) (&& (>= monotouch) (>= netstandard2.0)) (&& (< net46) (>= net461) (< netstandard2.0)) (&& (>= net461) (>= netcoreapp2.0) (< netstandard2.0)) (&& (>= net461) (< netstandard2.0) (>= xamarintvos)) (&& (>= net461) (< netstandard2.0) (>= xamarinwatchos)) (&& (>= netcoreapp2.1) (< netstandard2.0)) (&& (< netstandard2.0) (>= xamarinios)) (&& (< netstandard2.0) (>= xamarinmac))
    System.Security.Principal.Windows (4.7)
      Microsoft.NETCore.Platforms (>= 3.1) - restriction: || (&& (>= net461) (>= netcoreapp2.0)) (&& (>= net461) (>= netcoreapp2.1)) (&& (>= netcoreapp2.0) (< netcoreapp2.1)) (&& (>= netcoreapp2.1) (< netcoreapp3.0))
    System.Text.Encoding (4.3) - restriction: || (&& (< monoandroid) (< net20) (< netstandard1.2) (>= netstandard2.0) (< win8)) (&& (< monoandroid) (< net20) (< netstandard1.3) (>= netstandard2.0) (< win8) (< wpa81)) (&& (< monoandroid) (< net20) (< netstandard1.4) (>= netstandard2.0) (< win8) (< wpa81)) (&& (< monoandroid) (< net20) (< netstandard1.5) (>= netstandard2.0) (< win8) (< wpa81)) (&& (< monoandroid) (< net20) (< netstandard1.6) (>= netstandard2.0) (< win8) (< wpa81)) (&& (< monoandroid) (< net35) (< netstandard1.2) (>= netstandard2.0) (< win8)) (&& (< monoandroid) (< net35) (< netstandard1.3) (>= netstandard2.0) (< win8) (< wpa81)) (&& (< monoandroid) (< net35) (< netstandard1.4) (>= netstandard2.0) (< win8) (< wpa81)) (&& (< monoandroid) (< net35) (< netstandard1.5) (>= netstandard2.0) (< win8) (< wpa81)) (&& (< monoandroid) (< net35) (< netstandard1.6) (>= netstandard2.0) (< win8) (< wpa81)) (&& (< monoandroid) (>= netcoreapp2.0) (< netstandard1.2)) (&& (< monoandroid) (>= netcoreapp2.0) (< netstandard1.3)) (&& (< monoandroid) (>= netcoreapp2.0) (< netstandard1.4)) (&& (< monoandroid) (>= netcoreapp2.0) (< netstandard1.5)) (&& (< monoandroid) (>= netcoreapp2.0) (< netstandard1.6)) (&& (< monoandroid) (>= netcoreapp2.0) (< netstandard2.0)) (&& (>= monotouch) (>= net461)) (&& (>= monotouch) (>= netcoreapp2.0)) (&& (>= monotouch) (>= netcoreapp2.1)) (&& (>= monotouch) (>= netstandard2.0)) (&& (>= monotouch) (>= xamarinios)) (&& (>= monotouch) (>= xamarinmac)) (&& (< net20) (>= net46) (< netstandard1.2) (>= netstandard2.0)) (&& (< net20) (>= net46) (< netstandard1.3) (>= netstandard2.0)) (&& (< net20) (>= net46) (< netstandard1.4) (>= netstandard2.0)) (&& (< net20) (>= net461) (< netstandard1.2)) (&& (< net20) (>= net461) (< netstandard1.3)) (&& (< net20) (>= net461) (< netstandard1.4)) (&& (< net20) (>= net461) (< netstandard1.5)) (&& (< net20) (>= net461) (< netstandard1.6)) (&& (< net20) (>= net461) (< netstandard2.0)) (&& (< net35) (>= net46) (< netstandard1.3) (>= netstandard2.0)) (&& (< net35) (>= net46) (< netstandard1.4) (>= netstandard2.0)) (&& (< net35) (>= net461) (< netstandard1.2)) (&& (< net35) (>= net461) (< netstandard1.3)) (&& (< net35) (>= net461) (< netstandard1.4)) (&& (< net35) (>= net461) (>= netstandard1.5) (< netstandard1.6)) (&& (< net35) (>= net461) (>= netstandard1.5) (< netstandard2.0)) (&& (< net35) (>= net461) (< netstandard1.5)) (&& (< net35) (>= net461) (>= netstandard1.6) (< netstandard2.0)) (&& (< net35) (>= net461) (< netstandard1.6) (>= netstandard2.0)) (&& (< net45) (>= net46) (< netstandard1.2) (>= netstandard2.0)) (&& (< net45) (>= net46) (< netstandard1.3) (>= netstandard2.0)) (&& (< net45) (>= net46) (< netstandard1.4) (>= netstandard2.0)) (&& (< net45) (>= net461) (< netstandard1.2)) (&& (< net45) (>= net461) (< netstandard1.3)) (&& (< net45) (>= net461) (< netstandard1.4)) (&& (< net45) (>= net461) (< netstandard1.5)) (&& (< net45) (>= net461) (>= netstandard1.6) (< netstandard2.0)) (&& (< net45) (>= net461) (< netstandard1.6)) (&& (< net45) (< netstandard1.2) (>= netstandard2.0) (< win8)) (&& (< net45) (< netstandard1.3) (>= netstandard2.0) (< win8) (< wpa81)) (&& (< net45) (< netstandard1.4) (>= netstandard2.0) (< win8) (< wpa81)) (&& (< net45) (< netstandard1.5) (>= netstandard2.0) (< win8) (< wpa81)) (&& (< net45) (< netstandard1.6) (>= netstandard2.0) (< win8) (< wpa81)) (&& (>= net46) (>= netcoreapp2.0) (< netstandard1.2)) (&& (>= net46) (>= netcoreapp2.0) (< netstandard1.3)) (&& (>= net46) (>= netcoreapp2.0) (< netstandard1.4)) (&& (>= net46) (< netstandard1.2) (>= netstandard2.0) (>= uap10.0)) (&& (>= net46) (< netstandard1.3) (>= netstandard2.0) (>= uap10.0)) (&& (>= net46) (< netstandard1.4) (>= netstandard2.0) (>= uap10.0)) (&& (< net46) (>= net461) (< netstandard2.0)) (&& (>= net461) (>= netcoreapp1.0)) (&& (>= net461) (>= netcoreapp2.0) (< netstandard1.2)) (&& (>= net461) (>= netcoreapp2.0) (< netstandard1.3)) (&& (>= net461) (>= netcoreapp2.0) (< netstandard1.4)) (&& (>= net461) (>= netcoreapp2.0) (< netstandard1.5)) (&& (>= net461) (>= netcoreapp2.0) (< netstandard1.6)) (&& (>= net461) (>= netcoreapp2.0) (< netstandard2.0)) (&& (>= net461) (< netstandard1.2) (>= uap10.0)) (&& (>= net461) (< netstandard1.2) (>= xamarintvos)) (&& (>= net461) (< netstandard1.2) (>= xamarinwatchos)) (&& (>= net461) (< netstandard1.3) (>= uap10.0)) (&& (>= net461) (< netstandard1.3) (>= xamarintvos)) (&& (>= net461) (< netstandard1.3) (>= xamarinwatchos)) (&& (>= net461) (< netstandard1.4) (>= uap10.0)) (&& (>= net461) (< netstandard1.4) (>= xamarintvos)) (&& (>= net461) (< netstandard1.4) (>= xamarinwatchos)) (&& (>= net461) (< netstandard1.5) (>= uap10.0)) (&& (>= net461) (< netstandard1.5) (>= xamarintvos)) (&& (>= net461) (< netstandard1.5) (>= xamarinwatchos)) (&& (>= net461) (< netstandard1.6) (>= xamarintvos)) (&& (>= net461) (< netstandard1.6) (>= xamarinwatchos)) (&& (>= net461) (< netstandard2.0) (>= xamarintvos)) (&& (>= net461) (< netstandard2.0) (>= xamarinwatchos)) (&& (>= net461) (< portable-net45+win8+wpa81)) (&& (>= netcoreapp1.0) (< netstandard1.2) (>= netstandard2.0)) (&& (>= netcoreapp1.0) (< netstandard1.3) (>= netstandard2.0)) (&& (>= netcoreapp1.0) (< netstandard1.4) (>= netstandard2.0)) (&& (>= netcoreapp1.0) (< netstandard1.5) (>= netstandard2.0)) (&& (>= netcoreapp1.0) (< netstandard1.6) (>= netstandard2.0)) (&& (>= netcoreapp1.0) (>= netstandard2.0) (< xamarinios) (< xamarinmac) (< xamarintvos) (< xamarinwatchos)) (&& (>= netcoreapp2.0) (< netstandard1.2) (>= uap10.0)) (&& (>= netcoreapp2.0) (< netstandard1.2) (>= xamarintvos)) (&& (>= netcoreapp2.0) (< netstandard1.2) (>= xamarinwatchos)) (&& (>= netcoreapp2.0) (< netstandard1.3) (>= uap10.0)) (&& (>= netcoreapp2.0) (< netstandard1.3) (>= xamarintvos)) (&& (>= netcoreapp2.0) (< netstandard1.3) (>= xamarinwatchos)) (&& (>= netcoreapp2.0) (< netstandard1.4) (>= uap10.0)) (&& (>= netcoreapp2.0) (< netstandard1.4) (>= xamarintvos)) (&& (>= netcoreapp2.0) (< netstandard1.4) (>= xamarinwatchos)) (&& (>= netcoreapp2.0) (< netstandard1.5) (>= uap10.0)) (&& (>= netcoreapp2.0) (< netstandard1.5) (>= xamarintvos)) (&& (>= netcoreapp2.0) (< netstandard1.5) (>= xamarinwatchos)) (&& (>= netcoreapp2.0) (< netstandard1.6) (>= xamarintvos)) (&& (>= netcoreapp2.0) (< netstandard1.6) (>= xamarinwatchos)) (&& (>= netcoreapp2.0) (< netstandard2.0) (>= xamarintvos)) (&& (>= netcoreapp2.0) (< netstandard2.0) (>= xamarinwatchos)) (&& (>= netcoreapp2.0) (< portable-net45+win8+wpa81)) (&& (>= netcoreapp2.1) (< netstandard1.2)) (&& (>= netcoreapp2.1) (< netstandard1.3)) (&& (>= netcoreapp2.1) (< netstandard1.4)) (&& (>= netcoreapp2.1) (< netstandard1.5)) (&& (>= netcoreapp2.1) (< netstandard1.6)) (&& (>= netcoreapp2.1) (< netstandard2.0)) (&& (>= netcoreapp2.1) (< portable-net45+win8+wpa81)) (&& (< netstandard1.2) (>= netstandard2.0) (>= uap10.0) (< win8)) (&& (< netstandard1.2) (>= netstandard2.0) (>= xamarintvos)) (&& (< netstandard1.2) (>= netstandard2.0) (>= xamarinwatchos)) (&& (< netstandard1.2) (>= xamarinios)) (&& (< netstandard1.2) (>= xamarinmac)) (&& (< netstandard1.3) (>= netstandard2.0) (>= uap10.0) (< win8) (< wpa81)) (&& (< netstandard1.3) (>= netstandard2.0) (>= xamarintvos)) (&& (< netstandard1.3) (>= netstandard2.0) (>= xamarinwatchos)) (&& (< netstandard1.3) (>= xamarinios)) (&& (< netstandard1.3) (>= xamarinmac)) (&& (< netstandard1.4) (>= netstandard2.0) (>= uap10.0) (< win8) (< wpa81)) (&& (< netstandard1.4) (>= netstandard2.0) (>= xamarintvos)) (&& (< netstandard1.4) (>= netstandard2.0) (>= xamarinwatchos)) (&& (< netstandard1.4) (>= xamarinios)) (&& (< netstandard1.4) (>= xamarinmac)) (&& (< netstandard1.5) (>= netstandard2.0) (>= uap10.0)) (&& (< netstandard1.5) (>= netstandard2.0) (>= xamarintvos)) (&& (< netstandard1.5) (>= netstandard2.0) (>= xamarinwatchos)) (&& (< netstandard1.5) (>= xamarinios)) (&& (< netstandard1.5) (>= xamarinmac)) (&& (< netstandard1.6) (>= netstandard2.0) (>= xamarintvos)) (&& (< netstandard1.6) (>= netstandard2.0) (>= xamarinwatchos)) (&& (< netstandard1.6) (>= xamarinios)) (&& (< netstandard1.6) (>= xamarinmac)) (&& (>= netstandard2.0) (< portable-net45+win8+wpa81)) (&& (< netstandard2.0) (>= xamarinios)) (&& (< netstandard2.0) (>= xamarinmac)) (&& (< portable-net45+win8+wpa81) (>= xamarinios)) (&& (< portable-net45+win8+wpa81) (>= xamarinmac))
      Microsoft.NETCore.Platforms (>= 1.1) - restriction: || (&& (< monoandroid) (< net45) (< netstandard1.3) (>= netstandard2.0) (< win8) (< wpa81)) (&& (< monoandroid) (< net45) (>= netstandard2.0) (< win8) (< wpa81) (< xamarinios) (< xamarinmac) (< xamarintvos) (< xamarinwatchos)) (&& (< net45) (>= net461))
      Microsoft.NETCore.Targets (>= 1.1) - restriction: || (&& (< monoandroid) (< net45) (< netstandard1.3) (>= netstandard2.0) (< win8) (< wpa81)) (&& (< monoandroid) (< net45) (>= netstandard2.0) (< win8) (< wpa81) (< xamarinios) (< xamarinmac) (< xamarintvos) (< xamarinwatchos)) (&& (< net45) (>= net461))
      System.Runtime (>= 4.3) - restriction: || (&& (< monoandroid) (< net45) (< netstandard1.3) (>= netstandard2.0) (< win8) (< wpa81)) (&& (< monoandroid) (< net45) (>= netstandard2.0) (< win8) (< wpa81) (< xamarinios) (< xamarinmac) (< xamarintvos) (< xamarinwatchos)) (&& (< net45) (>= net461))
    System.Text.Encoding.Extensions (4.3) - restriction: || (&& (< net20) (>= net461) (< netstandard1.2)) (&& (< net20) (>= net461) (< netstandard1.3)) (&& (< net20) (>= net461) (< netstandard1.4)) (&& (< net20) (>= net461) (>= netstandard1.5) (< netstandard1.6)) (&& (< net20) (>= net461) (< netstandard1.5)) (&& (< net20) (>= net461) (>= netstandard1.6) (< netstandard2.0)) (&& (< net45) (>= net46) (< netstandard1.2) (>= netstandard2.0)) (&& (< net45) (>= net46) (< netstandard1.3) (>= netstandard2.0)) (&& (< net45) (>= net46) (< netstandard1.4) (>= netstandard2.0)) (&& (< net45) (>= net461) (< netstandard1.2)) (&& (< net45) (>= net461) (< netstandard1.3)) (&& (< net45) (>= net461) (< netstandard1.4)) (&& (< net45) (>= net461) (>= netstandard1.5) (< netstandard1.6)) (&& (< net45) (>= net461) (< netstandard1.5)) (&& (< net45) (>= net461) (>= netstandard1.6) (< netstandard2.0)) (&& (< net45) (>= net461) (< netstandard1.6) (>= netstandard2.0)) (&& (< net45) (< netstandard1.2) (>= netstandard2.0) (< win8)) (&& (< net45) (< netstandard1.3) (>= netstandard2.0) (< win8) (< wpa81)) (&& (< net45) (< netstandard1.4) (>= netstandard2.0) (< win8) (< wpa81)) (&& (< net45) (< netstandard1.5) (>= netstandard2.0) (< win8) (< wpa81)) (&& (< net45) (< netstandard1.6) (>= netstandard2.0) (< win8) (< wpa81)) (&& (>= net46) (< netstandard1.2) (>= netstandard2.0) (>= uap10.0)) (&& (>= net46) (< netstandard1.3) (>= netstandard2.0) (>= uap10.0)) (&& (>= net46) (< netstandard1.4) (>= netstandard2.0) (>= uap10.0)) (&& (>= net461) (>= netcoreapp1.0)) (&& (>= net461) (< netstandard1.2) (>= uap10.0)) (&& (>= net461) (< netstandard1.3) (>= uap10.0)) (&& (>= net461) (< netstandard1.4) (>= uap10.0)) (&& (>= net461) (< netstandard1.5) (>= uap10.0)) (&& (>= net461) (< portable-net45+win8+wpa81)) (&& (>= netcoreapp1.0) (< netstandard1.2) (>= netstandard2.0)) (&& (>= netcoreapp1.0) (< netstandard1.3) (>= netstandard2.0)) (&& (>= netcoreapp1.0) (< netstandard1.4) (>= netstandard2.0)) (&& (>= netcoreapp1.0) (< netstandard1.5) (>= netstandard2.0)) (&& (>= netcoreapp1.0) (< netstandard1.6) (>= netstandard2.0)) (&& (>= netcoreapp1.0) (>= netstandard2.0) (< xamarinios) (< xamarinmac) (< xamarintvos) (< xamarinwatchos)) (&& (< netstandard1.2) (>= netstandard2.0) (>= uap10.0) (< win8)) (&& (< netstandard1.3) (>= netstandard2.0) (>= uap10.0) (< win8) (< wpa81)) (&& (< netstandard1.4) (>= netstandard2.0) (>= uap10.0) (< win8) (< wpa81)) (&& (< netstandard1.5) (>= netstandard2.0) (>= uap10.0)) (&& (>= netstandard2.0) (< portable-net45+win8+wpa81))
      Microsoft.NETCore.Platforms (>= 1.1) - restriction: || (&& (< monoandroid) (< net45) (< netstandard1.3) (>= netstandard2.0) (< win8) (< wpa81)) (&& (< monoandroid) (< net45) (>= netstandard2.0) (< win8) (< wpa81) (< xamarinios) (< xamarinmac) (< xamarintvos) (< xamarinwatchos)) (&& (< net45) (>= net461))
      Microsoft.NETCore.Targets (>= 1.1) - restriction: || (&& (< monoandroid) (< net45) (< netstandard1.3) (>= netstandard2.0) (< win8) (< wpa81)) (&& (< monoandroid) (< net45) (>= netstandard2.0) (< win8) (< wpa81) (< xamarinios) (< xamarinmac) (< xamarintvos) (< xamarinwatchos)) (&& (< net45) (>= net461))
      System.Runtime (>= 4.3) - restriction: || (&& (< monoandroid) (< net45) (< netstandard1.3) (>= netstandard2.0) (< win8) (< wpa81)) (&& (< monoandroid) (< net45) (>= netstandard2.0) (< win8) (< wpa81) (< xamarinios) (< xamarinmac) (< xamarintvos) (< xamarinwatchos)) (&& (< net45) (>= net461))
      System.Text.Encoding (>= 4.3) - restriction: || (&& (< monoandroid) (< net45) (< netstandard1.3) (>= netstandard2.0) (< win8) (< wpa81)) (&& (< monoandroid) (< net45) (>= netstandard2.0) (< win8) (< wpa81) (< xamarinios) (< xamarinmac) (< xamarintvos) (< xamarinwatchos)) (&& (< net45) (>= net461))
    System.Text.RegularExpressions (4.3.1) - restriction: || (&& (< monoandroid) (>= netcoreapp1.0) (< netstandard1.2) (>= netstandard2.0)) (&& (< monoandroid) (>= netcoreapp1.0) (< netstandard1.3) (>= netstandard2.0)) (&& (< monoandroid) (>= netcoreapp1.0) (< netstandard1.4) (>= netstandard2.0)) (&& (< monoandroid) (>= netcoreapp1.0) (< netstandard1.5) (>= netstandard2.0)) (&& (< monoandroid) (>= netcoreapp1.0) (< netstandard1.6) (>= netstandard2.0)) (&& (< net20) (>= net461) (< netstandard1.2)) (&& (< net20) (>= net461) (< netstandard1.3)) (&& (< net20) (>= net461) (< netstandard1.4)) (&& (< net20) (>= net461) (>= netstandard1.5) (< netstandard1.6)) (&& (< net20) (>= net461) (< netstandard1.5)) (&& (< net20) (>= net461) (>= netstandard1.6) (< netstandard2.0)) (&& (< net45) (>= net46) (< netstandard1.2) (>= netstandard2.0)) (&& (< net45) (>= net46) (< netstandard1.3) (>= netstandard2.0)) (&& (< net45) (>= net46) (< netstandard1.4) (>= netstandard2.0)) (&& (< net45) (>= net461) (< netstandard1.2)) (&& (< net45) (>= net461) (< netstandard1.3)) (&& (< net45) (>= net461) (< netstandard1.4)) (&& (< net45) (>= net461) (>= netstandard1.5) (< netstandard1.6)) (&& (< net45) (>= net461) (< netstandard1.5)) (&& (< net45) (>= net461) (>= netstandard1.6) (< netstandard2.0)) (&& (< net45) (>= net461) (< netstandard1.6) (>= netstandard2.0)) (&& (< net45) (< netstandard1.2) (>= netstandard2.0) (< win8)) (&& (< net45) (< netstandard1.3) (>= netstandard2.0) (< win8) (< wpa81)) (&& (< net45) (< netstandard1.4) (>= netstandard2.0) (< win8) (< wpa81)) (&& (< net45) (< netstandard1.5) (>= netstandard2.0) (< win8) (< wpa81)) (&& (< net45) (< netstandard1.6) (>= netstandard2.0) (< win8) (< wpa81)) (&& (>= net46) (>= netcoreapp1.0) (< netstandard1.4) (>= netstandard2.0)) (&& (>= net46) (< netstandard1.3) (>= netstandard2.0) (>= uap10.0)) (&& (>= net46) (< netstandard1.4) (>= netstandard2.0) (>= uap10.0)) (&& (>= net461) (>= netcoreapp1.0) (< netstandard1.2)) (&& (>= net461) (>= netcoreapp1.0) (< netstandard1.3)) (&& (>= net461) (>= netcoreapp1.0) (< netstandard1.4)) (&& (>= net461) (>= netcoreapp1.0) (< netstandard1.5)) (&& (>= net461) (>= netcoreapp1.0) (< netstandard1.6)) (&& (>= net461) (>= netcoreapp1.0) (< netstandard2.0)) (&& (>= net461) (< netstandard1.2) (>= uap10.0)) (&& (>= net461) (< netstandard1.3) (>= uap10.0)) (&& (>= net461) (< netstandard1.4) (>= uap10.0)) (&& (>= net461) (< netstandard1.5) (>= uap10.0)) (&& (>= net461) (< portable-net45+win8+wpa81)) (&& (< netstandard1.2) (>= netstandard2.0) (>= uap10.0) (< win8)) (&& (< netstandard1.3) (>= netstandard2.0) (>= uap10.0) (< win8) (< wpa81)) (&& (< netstandard1.4) (>= netstandard2.0) (>= uap10.0) (< win8) (< wpa81)) (&& (< netstandard1.5) (>= netstandard2.0) (>= uap10.0)) (&& (>= netstandard2.0) (< portable-net45+win8+wpa81))
    System.Threading (4.3) - restriction: || (&& (< monoandroid) (< net35) (>= netstandard2.0) (< xamarinios) (< xamarinmac) (< xamarintvos) (< xamarinwatchos)) (&& (< monoandroid) (< net45) (>= netstandard2.0) (< xamarinios) (< xamarinmac) (< xamarintvos) (< xamarinwatchos)) (&& (< monoandroid) (< net46) (>= netstandard2.0) (< xamarinios) (< xamarinmac) (< xamarintvos) (< xamarinwatchos)) (&& (< monoandroid) (>= netcoreapp1.0) (< netstandard1.0) (>= netstandard2.0)) (&& (< monoandroid) (>= netcoreapp2.0) (< netstandard1.0)) (&& (< monoandroid) (>= netcoreapp2.0) (< netstandard1.2)) (&& (< monoandroid) (>= netcoreapp2.0) (< netstandard1.3)) (&& (< monoandroid) (>= netcoreapp2.0) (< netstandard1.4)) (&& (< monoandroid) (>= netcoreapp2.0) (< netstandard1.5)) (&& (< monoandroid) (>= netcoreapp2.0) (< netstandard1.6)) (&& (< monoandroid) (>= netcoreapp2.0) (< netstandard2.0)) (&& (< monoandroid) (>= netcoreapp2.1) (< netstandard1.0)) (&& (< monoandroid) (< netstandard1.0) (>= netstandard2.0) (< win8)) (&& (>= monotouch) (>= net461)) (&& (>= monotouch) (>= net462)) (&& (>= monotouch) (>= netcoreapp2.0)) (&& (>= monotouch) (>= netcoreapp2.1)) (&& (>= monotouch) (>= netstandard2.0)) (&& (>= monotouch) (>= xamarinios)) (&& (>= monotouch) (>= xamarinmac)) (&& (< net20) (>= net45) (< netstandard1.0) (>= netstandard2.0)) (&& (< net20) (>= net45) (< netstandard1.2) (>= netstandard2.0)) (&& (< net20) (>= net45) (< netstandard1.3) (>= netstandard2.0)) (&& (< net20) (>= net45) (< netstandard1.4) (>= netstandard2.0)) (&& (< net20) (>= net45) (< netstandard1.5) (>= netstandard2.0)) (&& (< net20) (>= net45) (< netstandard1.6) (>= netstandard2.0)) (&& (< net20) (>= net46) (< netstandard1.2) (>= netstandard2.0)) (&& (< net20) (>= net46) (< netstandard1.3) (>= netstandard2.0)) (&& (< net20) (>= net46) (< netstandard1.4) (>= netstandard2.0)) (&& (< net20) (>= net461) (< netstandard1.2)) (&& (< net20) (>= net461) (< netstandard1.3)) (&& (< net20) (>= net461) (< netstandard1.4)) (&& (< net20) (>= net461) (< netstandard1.5)) (&& (< net20) (>= net461) (< netstandard1.6)) (&& (< net20) (>= net461) (< netstandard2.0)) (&& (< net20) (>= net462) (< netstandard1.0)) (&& (< net20) (>= net462) (< netstandard1.2)) (&& (< net20) (>= net462) (< netstandard1.3)) (&& (< net20) (>= net462) (< netstandard1.4)) (&& (< net20) (>= net462) (< netstandard1.5)) (&& (< net20) (>= net462) (< netstandard1.6)) (&& (< net20) (>= net462) (< netstandard2.0)) (&& (< net20) (>= net462) (< portable-net45+win8+wpa81)) (&& (< net20) (< netstandard1.2) (>= netstandard2.0) (< win8)) (&& (< net20) (< netstandard1.3) (>= netstandard2.0) (< win8) (< wpa81)) (&& (< net20) (< netstandard1.4) (>= netstandard2.0) (< win8) (< wpa81)) (&& (< net20) (< netstandard1.5) (>= netstandard2.0) (< win8) (< wpa81)) (&& (< net20) (< netstandard1.6) (>= netstandard2.0) (< win8) (< wpa81)) (&& (< net35) (>= net45) (>= netstandard2.0)) (&& (< net35) (>= net46) (< netstandard1.2) (>= netstandard2.0)) (&& (< net35) (>= net46) (< netstandard1.3) (>= netstandard2.0)) (&& (< net35) (>= net46) (< netstandard1.4) (>= netstandard2.0)) (&& (< net35) (>= net461) (< netstandard1.2)) (&& (< net35) (>= net461) (< netstandard1.3)) (&& (< net35) (>= net461) (< netstandard1.4)) (&& (< net35) (>= net461) (>= netstandard1.5)) (&& (< net35) (>= net461) (< netstandard1.5)) (&& (< net35) (>= net461) (>= netstandard1.6)) (&& (< net35) (>= net461) (>= netstandard2.0)) (&& (< net35) (< netstandard1.2) (>= netstandard2.0) (< win8)) (&& (< net35) (< netstandard1.3) (>= netstandard2.0) (< win8) (< wpa81)) (&& (< net35) (< netstandard1.4) (>= netstandard2.0) (< win8) (< wpa81)) (&& (< net35) (< netstandard1.5) (>= netstandard2.0) (< win8) (< wpa81)) (&& (< net35) (< netstandard1.6) (>= netstandard2.0) (< win8) (< wpa81)) (&& (>= net45) (>= netcoreapp1.0) (>= netstandard2.0)) (&& (>= net45) (>= netcoreapp2.0) (< netstandard1.0)) (&& (>= net45) (>= netcoreapp2.0) (< netstandard1.2)) (&& (>= net45) (>= netcoreapp2.0) (< netstandard1.3)) (&& (>= net45) (>= netcoreapp2.0) (< netstandard1.4)) (&& (>= net45) (>= netcoreapp2.0) (< netstandard1.5)) (&& (>= net45) (>= netcoreapp2.0) (< netstandard1.6)) (&& (>= net45) (>= netcoreapp2.0) (< netstandard2.0)) (&& (>= net45) (>= netcoreapp2.1) (< netstandard1.0)) (&& (>= net45) (>= netstandard2.0) (>= uap10.0)) (&& (< net45) (>= net46) (< netstandard1.2) (>= netstandard2.0)) (&& (< net45) (>= net46) (< netstandard1.3) (>= netstandard2.0)) (&& (< net45) (>= net46) (< netstandard1.4) (>= netstandard2.0)) (&& (< net45) (>= net461) (< netstandard1.2)) (&& (< net45) (>= net461) (< netstandard1.3)) (&& (< net45) (>= net461) (< netstandard1.4)) (&& (< net45) (>= net461) (< netstandard1.5)) (&& (< net45) (>= net461) (>= netstandard1.6)) (&& (< net45) (>= net461) (< netstandard1.6)) (&& (< net45) (>= net461) (>= netstandard2.0)) (&& (< net45) (< netstandard1.2) (>= netstandard2.0) (< win8)) (&& (< net45) (< netstandard1.3) (>= netstandard2.0) (< win8) (< wpa81)) (&& (< net45) (< netstandard1.4) (>= netstandard2.0) (< win8) (< wpa81)) (&& (< net45) (< netstandard1.5) (>= netstandard2.0) (< win8) (< wpa81)) (&& (< net45) (< netstandard1.6) (>= netstandard2.0) (< win8) (< wpa81)) (&& (>= net46) (>= netcoreapp2.0) (< netstandard1.0)) (&& (>= net46) (>= netcoreapp2.0) (< netstandard1.2)) (&& (>= net46) (>= netcoreapp2.0) (< netstandard1.3)) (&& (>= net46) (>= netcoreapp2.0) (< netstandard1.4)) (&& (>= net46) (>= netcoreapp2.1) (< netstandard1.0)) (&& (>= net46) (< netstandard1.0) (>= netstandard2.0)) (&& (>= net46) (< netstandard1.2) (>= netstandard2.0) (>= uap10.0)) (&& (>= net46) (< netstandard1.3) (>= netstandard2.0) (>= uap10.0)) (&& (>= net46) (< netstandard1.4) (>= netstandard2.0) (>= uap10.0)) (&& (< net46) (>= net461)) (&& (>= net461) (>= netcoreapp1.0)) (&& (>= net461) (>= netcoreapp2.0) (< netstandard1.2)) (&& (>= net461) (>= netcoreapp2.0) (< netstandard1.3)) (&& (>= net461) (>= netcoreapp2.0) (< netstandard1.4)) (&& (>= net461) (>= netcoreapp2.0) (< netstandard1.5)) (&& (>= net461) (>= netcoreapp2.0) (< netstandard1.6)) (&& (>= net461) (>= netcoreapp2.0) (< netstandard2.0)) (&& (>= net461) (< netstandard1.0)) (&& (>= net461) (< netstandard1.2) (>= uap10.0)) (&& (>= net461) (< netstandard1.2) (>= xamarintvos)) (&& (>= net461) (< netstandard1.2) (>= xamarinwatchos)) (&& (>= net461) (< netstandard1.3) (>= uap10.0)) (&& (>= net461) (< netstandard1.3) (>= xamarintvos)) (&& (>= net461) (< netstandard1.3) (>= xamarinwatchos)) (&& (>= net461) (< netstandard1.4) (>= uap10.0)) (&& (>= net461) (< netstandard1.4) (>= xamarintvos)) (&& (>= net461) (< netstandard1.4) (>= xamarinwatchos)) (&& (>= net461) (>= netstandard1.5) (>= uap10.0)) (&& (>= net461) (< netstandard1.5) (>= uap10.0)) (&& (>= net461) (< netstandard1.5) (>= xamarintvos)) (&& (>= net461) (< netstandard1.5) (>= xamarinwatchos)) (&& (>= net461) (>= netstandard1.6) (< netstandard2.0) (>= uap10.0)) (&& (>= net461) (< netstandard1.6) (>= xamarintvos)) (&& (>= net461) (< netstandard1.6) (>= xamarinwatchos)) (&& (>= net461) (>= netstandard2.0) (>= uap10.0)) (&& (>= net461) (< netstandard2.0) (>= xamarintvos)) (&& (>= net461) (< netstandard2.0) (>= xamarinwatchos)) (&& (>= net461) (< portable-net45+win8+wpa81)) (&& (>= net462) (>= netcoreapp1.0) (< netstandard1.0)) (&& (>= net462) (>= netcoreapp1.0) (< netstandard1.2)) (&& (>= net462) (>= netcoreapp1.0) (< netstandard1.3)) (&& (>= net462) (>= netcoreapp1.0) (< netstandard1.4)) (&& (>= net462) (>= netcoreapp1.0) (< netstandard1.5)) (&& (>= net462) (>= netcoreapp1.0) (< netstandard1.6)) (&& (>= net462) (>= netcoreapp1.0) (< netstandard2.0)) (&& (>= net462) (>= netcoreapp1.0) (< portable-net45+win8+wpa81)) (&& (>= net462) (>= netcoreapp2.0) (< netstandard1.0)) (&& (>= net462) (>= netcoreapp2.0) (< netstandard1.2)) (&& (>= net462) (>= netcoreapp2.0) (< netstandard1.3)) (&& (>= net462) (>= netcoreapp2.0) (< netstandard1.4)) (&& (>= net462) (>= netcoreapp2.0) (< netstandard1.5)) (&& (>= net462) (>= netcoreapp2.0) (< netstandard1.6)) (&& (>= net462) (>= netcoreapp2.0) (< netstandard2.0)) (&& (>= net462) (>= netcoreapp2.1) (< netstandard1.0)) (&& (>= net462) (< netstandard1.0) (>= uap10.0)) (&& (>= net462) (< netstandard1.0) (>= xamarintvos)) (&& (>= net462) (< netstandard1.0) (>= xamarinwatchos)) (&& (>= net462) (< netstandard1.2) (>= uap10.0)) (&& (>= net462) (< netstandard1.2) (>= xamarintvos)) (&& (>= net462) (< netstandard1.2) (>= xamarinwatchos)) (&& (>= net462) (< netstandard1.3) (>= uap10.0)) (&& (>= net462) (< netstandard1.3) (>= xamarintvos)) (&& (>= net462) (< netstandard1.3) (>= xamarinwatchos)) (&& (>= net462) (< netstandard1.4) (>= uap10.0)) (&& (>= net462) (< netstandard1.4) (>= xamarintvos)) (&& (>= net462) (< netstandard1.4) (>= xamarinwatchos)) (&& (>= net462) (< netstandard1.5) (>= uap10.0)) (&& (>= net462) (< netstandard1.5) (>= xamarintvos)) (&& (>= net462) (< netstandard1.5) (>= xamarinwatchos)) (&& (>= net462) (< netstandard1.6) (>= uap10.0)) (&& (>= net462) (< netstandard1.6) (>= xamarintvos)) (&& (>= net462) (< netstandard1.6) (>= xamarinwatchos)) (&& (>= net462) (< netstandard2.0) (>= uap10.0)) (&& (>= net462) (< netstandard2.0) (>= xamarintvos)) (&& (>= net462) (< netstandard2.0) (>= xamarinwatchos)) (&& (>= net462) (< portable-net45+win8+wpa81) (>= uap10.0)) (&& (>= net462) (< portable-net45+win8+wpa81) (>= xamarintvos)) (&& (>= net462) (< portable-net45+win8+wpa81) (>= xamarinwatchos)) (&& (>= netcoreapp1.0) (< netstandard1.2) (>= netstandard2.0)) (&& (>= netcoreapp1.0) (< netstandard1.3) (>= netstandard2.0)) (&& (>= netcoreapp1.0) (< netstandard1.4) (>= netstandard2.0)) (&& (>= netcoreapp1.0) (< netstandard1.5) (>= netstandard2.0)) (&& (>= netcoreapp1.0) (< netstandard1.6) (>= netstandard2.0)) (&& (>= netcoreapp1.0) (>= netstandard2.0) (>= uap10.0)) (&& (>= netcoreapp1.0) (>= netstandard2.0) (< xamarinios) (< xamarinmac) (< xamarintvos) (< xamarinwatchos)) (&& (>= netcoreapp2.0) (< netstandard1.0) (< portable-net45+win8)) (&& (>= netcoreapp2.0) (< netstandard1.0) (>= uap10.0)) (&& (>= netcoreapp2.0) (< netstandard1.0) (>= xamarintvos)) (&& (>= netcoreapp2.0) (< netstandard1.0) (>= xamarinwatchos)) (&& (>= netcoreapp2.0) (< netstandard1.2) (>= uap10.0)) (&& (>= netcoreapp2.0) (< netstandard1.2) (>= xamarintvos)) (&& (>= netcoreapp2.0) (< netstandard1.2) (>= xamarinwatchos)) (&& (>= netcoreapp2.0) (< netstandard1.3) (>= uap10.0)) (&& (>= netcoreapp2.0) (< netstandard1.3) (>= xamarintvos)) (&& (>= netcoreapp2.0) (< netstandard1.3) (>= xamarinwatchos)) (&& (>= netcoreapp2.0) (< netstandard1.4) (>= uap10.0)) (&& (>= netcoreapp2.0) (< netstandard1.4) (>= xamarintvos)) (&& (>= netcoreapp2.0) (< netstandard1.4) (>= xamarinwatchos)) (&& (>= netcoreapp2.0) (< netstandard1.5) (>= uap10.0)) (&& (>= netcoreapp2.0) (< netstandard1.5) (>= xamarintvos)) (&& (>= netcoreapp2.0) (< netstandard1.5) (>= xamarinwatchos)) (&& (>= netcoreapp2.0) (< netstandard1.6) (>= uap10.0)) (&& (>= netcoreapp2.0) (< netstandard1.6) (>= xamarintvos)) (&& (>= netcoreapp2.0) (< netstandard1.6) (>= xamarinwatchos)) (&& (>= netcoreapp2.0) (< netstandard2.0) (>= uap10.0)) (&& (>= netcoreapp2.0) (< netstandard2.0) (>= xamarintvos)) (&& (>= netcoreapp2.0) (< netstandard2.0) (>= xamarinwatchos)) (&& (>= netcoreapp2.0) (< portable-net45+win8+wpa81)) (&& (>= netcoreapp2.1) (< netstandard1.0) (< portable-net45+win8)) (&& (>= netcoreapp2.1) (< netstandard1.0) (>= uap10.0)) (&& (>= netcoreapp2.1) (< netstandard1.0) (>= xamarintvos)) (&& (>= netcoreapp2.1) (< netstandard1.0) (>= xamarinwatchos)) (&& (>= netcoreapp2.1) (< netstandard1.2)) (&& (>= netcoreapp2.1) (< netstandard1.3)) (&& (>= netcoreapp2.1) (< netstandard1.4)) (&& (>= netcoreapp2.1) (< netstandard1.5)) (&& (>= netcoreapp2.1) (< netstandard1.6)) (&& (>= netcoreapp2.1) (< netstandard2.0)) (&& (>= netcoreapp2.1) (< portable-net45+win8+wpa81)) (&& (< netstandard1.0) (>= netstandard2.0) (< portable-net45+win8)) (&& (< netstandard1.0) (>= netstandard2.0) (>= uap10.0) (< win8)) (&& (< netstandard1.0) (>= netstandard2.0) (>= xamarintvos)) (&& (< netstandard1.0) (>= netstandard2.0) (>= xamarinwatchos)) (&& (< netstandard1.0) (>= xamarinios)) (&& (< netstandard1.0) (>= xamarinmac)) (&& (< netstandard1.2) (>= netstandard2.0) (>= uap10.0) (< win8)) (&& (< netstandard1.2) (>= netstandard2.0) (>= xamarintvos)) (&& (< netstandard1.2) (>= netstandard2.0) (>= xamarinwatchos)) (&& (< netstandard1.2) (>= xamarinios)) (&& (< netstandard1.2) (>= xamarinmac)) (&& (< netstandard1.3) (>= netstandard2.0) (>= xamarintvos)) (&& (< netstandard1.3) (>= netstandard2.0) (>= xamarinwatchos)) (&& (< netstandard1.3) (>= xamarinios)) (&& (< netstandard1.3) (>= xamarinmac)) (&& (< netstandard1.4) (>= netstandard2.0) (>= xamarintvos)) (&& (< netstandard1.4) (>= netstandard2.0) (>= xamarinwatchos)) (&& (< netstandard1.4) (>= xamarinios)) (&& (< netstandard1.4) (>= xamarinmac)) (&& (< netstandard1.5) (>= netstandard2.0) (>= uap10.0)) (&& (< netstandard1.5) (>= netstandard2.0) (>= xamarintvos)) (&& (< netstandard1.5) (>= netstandard2.0) (>= xamarinwatchos)) (&& (< netstandard1.5) (>= xamarinios)) (&& (< netstandard1.5) (>= xamarinmac)) (&& (< netstandard1.6) (>= netstandard2.0) (>= xamarintvos)) (&& (< netstandard1.6) (>= netstandard2.0) (>= xamarinwatchos)) (&& (< netstandard1.6) (>= xamarinios)) (&& (< netstandard1.6) (>= xamarinmac)) (&& (>= netstandard2.0) (< portable-net45+win8+wpa81)) (&& (>= netstandard2.0) (>= uap10.0) (< win8) (< wpa81)) (&& (< netstandard2.0) (>= xamarinios)) (&& (< netstandard2.0) (>= xamarinmac)) (&& (< portable-net45+win8+wpa81) (>= xamarinios)) (&& (< portable-net45+win8+wpa81) (>= xamarinmac))
      System.Runtime (>= 4.3) - restriction: || (&& (< monoandroid) (< net45) (< netstandard1.3) (>= netstandard2.0) (< win8) (< wpa81)) (&& (< monoandroid) (< net45) (>= netstandard2.0) (< win8) (< wpa81) (< xamarinios) (< xamarinmac) (< xamarintvos) (< xamarinwatchos)) (&& (< net45) (>= net461))
      System.Threading.Tasks (>= 4.3) - restriction: || (&& (< monoandroid) (< net45) (< netstandard1.3) (>= netstandard2.0) (< win8) (< wpa81)) (&& (< monoandroid) (< net45) (>= netstandard2.0) (< win8) (< wpa81) (< xamarinios) (< xamarinmac) (< xamarintvos) (< xamarinwatchos)) (&& (< net45) (>= net461))
    System.Threading.Tasks (4.3) - restriction: || (&& (< monoandroid) (< net20) (< netstandard1.2) (>= netstandard2.0) (< win8)) (&& (< monoandroid) (< net20) (< netstandard1.3) (>= netstandard2.0) (< win8) (< wpa81)) (&& (< monoandroid) (< net20) (< netstandard1.4) (>= netstandard2.0) (< win8) (< wpa81)) (&& (< monoandroid) (< net20) (< netstandard1.5) (>= netstandard2.0) (< win8) (< wpa81)) (&& (< monoandroid) (< net35) (< netstandard1.2) (>= netstandard2.0) (< win8)) (&& (< monoandroid) (< net35) (< netstandard1.3) (>= netstandard2.0) (< win8) (< wpa81)) (&& (< monoandroid) (< net35) (< netstandard1.4) (>= netstandard2.0) (< win8) (< wpa81)) (&& (< monoandroid) (< net35) (< netstandard1.5) (>= netstandard2.0) (< win8) (< wpa81)) (&& (< monoandroid) (< net35) (< netstandard1.6) (>= netstandard2.0) (< win8) (< wpa81)) (&& (< monoandroid) (>= netcoreapp1.0) (< netstandard1.0) (>= netstandard2.0)) (&& (< monoandroid) (>= netcoreapp2.0) (< netstandard1.2)) (&& (< monoandroid) (>= netcoreapp2.0) (< netstandard1.3)) (&& (< monoandroid) (>= netcoreapp2.0) (< netstandard1.4)) (&& (< monoandroid) (>= netcoreapp2.0) (< netstandard1.5)) (&& (< monoandroid) (>= netcoreapp2.0) (< netstandard1.6)) (&& (< monoandroid) (>= netcoreapp2.0) (< netstandard2.0) (< xamarintvos) (< xamarinwatchos)) (&& (< monoandroid) (>= netcoreapp2.1) (< netstandard1.2)) (&& (< monoandroid) (>= netcoreapp2.1) (< netstandard1.3)) (&& (< monoandroid) (>= netcoreapp2.1) (< netstandard1.4)) (&& (< monoandroid) (>= netcoreapp2.1) (< netstandard1.5)) (&& (< monoandroid) (>= netcoreapp2.1) (< netstandard1.6)) (&& (< monoandroid) (>= netcoreapp2.1) (< netstandard2.0) (< xamarintvos) (< xamarinwatchos)) (&& (< monoandroid) (< netstandard1.0) (>= netstandard2.0) (< win8)) (&& (>= monotouch) (>= net461)) (&& (>= monotouch) (>= netstandard2.0)) (&& (< net20) (>= net46) (< netstandard1.2) (>= netstandard2.0)) (&& (< net20) (>= net46) (< netstandard1.3) (>= netstandard2.0)) (&& (< net20) (>= net46) (< netstandard1.4) (>= netstandard2.0)) (&& (< net20) (>= net461) (< netstandard1.2)) (&& (< net20) (>= net461) (< netstandard1.3)) (&& (< net20) (>= net461) (< netstandard1.4)) (&& (< net20) (>= net461) (>= netstandard1.5) (< netstandard1.6)) (&& (< net20) (>= net461) (< netstandard1.5)) (&& (< net20) (>= net461) (>= netstandard1.6) (< netstandard2.0)) (&& (< net20) (>= net462) (< netstandard1.2)) (&& (< net20) (>= net462) (< netstandard1.3)) (&& (< net20) (>= net462) (< netstandard1.4)) (&& (< net20) (>= net462) (< netstandard1.5)) (&& (< net20) (>= net462) (>= netstandard1.6) (< netstandard2.0)) (&& (< net20) (>= net462) (< netstandard1.6)) (&& (< net20) (>= net462) (< portable-net45+win8+wpa81)) (&& (< net35) (>= net45) (< netstandard1.2) (>= netstandard2.0)) (&& (< net35) (>= net45) (< netstandard1.3) (>= netstandard2.0)) (&& (< net35) (>= net45) (< netstandard1.4) (>= netstandard2.0)) (&& (< net35) (>= net45) (< netstandard1.5) (>= netstandard2.0)) (&& (< net35) (>= net45) (< netstandard1.6) (>= netstandard2.0)) (&& (< net35) (>= net46) (< netstandard1.2) (>= netstandard2.0)) (&& (< net35) (>= net46) (< netstandard1.3) (>= netstandard2.0)) (&& (< net35) (>= net46) (< netstandard1.4) (>= netstandard2.0)) (&& (< net35) (>= net461) (< netstandard1.2)) (&& (< net35) (>= net461) (< netstandard1.3)) (&& (< net35) (>= net461) (< netstandard1.4)) (&& (< net35) (>= net461) (>= netstandard1.5) (< netstandard1.6)) (&& (< net35) (>= net461) (< netstandard1.5)) (&& (< net35) (>= net461) (>= netstandard1.6) (< netstandard2.0)) (&& (< net35) (>= net461) (< netstandard1.6) (>= netstandard2.0)) (&& (>= net45) (>= netcoreapp1.0) (>= netstandard2.0)) (&& (>= net45) (< netstandard1.2) (>= netstandard2.0) (>= uap10.0)) (&& (>= net45) (< netstandard1.3) (>= netstandard2.0) (>= uap10.0)) (&& (>= net45) (< netstandard1.4) (>= netstandard2.0) (>= uap10.0)) (&& (< net45) (>= net46) (< netstandard1.2) (>= netstandard2.0)) (&& (< net45) (>= net46) (< netstandard1.3) (>= netstandard2.0)) (&& (< net45) (>= net46) (< netstandard1.4) (>= netstandard2.0)) (&& (< net45) (>= net461) (< netstandard1.2)) (&& (< net45) (>= net461) (< netstandard1.3)) (&& (< net45) (>= net461) (< netstandard1.4)) (&& (< net45) (>= net461) (>= netstandard1.5) (< netstandard1.6)) (&& (< net45) (>= net461) (< netstandard1.5)) (&& (< net45) (>= net461) (>= netstandard1.6) (< netstandard2.0)) (&& (< net45) (>= net461) (< netstandard1.6) (>= netstandard2.0)) (&& (< net45) (< netstandard1.2) (>= netstandard2.0) (< win8)) (&& (< net45) (< netstandard1.3) (>= netstandard2.0) (< win8) (< wpa81)) (&& (< net45) (< netstandard1.4) (>= netstandard2.0) (< win8) (< wpa81)) (&& (< net45) (< netstandard1.5) (>= netstandard2.0) (< win8) (< wpa81)) (&& (< net45) (< netstandard1.6) (>= netstandard2.0) (< win8) (< wpa81)) (&& (>= net46) (>= netcoreapp2.0) (< netstandard1.2)) (&& (>= net46) (>= netcoreapp2.0) (< netstandard1.3)) (&& (>= net46) (>= netcoreapp2.0) (< netstandard1.4)) (&& (>= net46) (>= netcoreapp2.1) (< netstandard1.2)) (&& (>= net46) (>= netcoreapp2.1) (< netstandard1.3)) (&& (>= net46) (>= netcoreapp2.1) (< netstandard1.4)) (&& (>= net46) (< netstandard1.0) (>= netstandard2.0)) (&& (>= net46) (< netstandard1.2) (>= netstandard2.0) (>= uap10.0)) (&& (>= net46) (< netstandard1.3) (>= netstandard2.0) (>= uap10.0)) (&& (>= net46) (< netstandard1.4) (>= netstandard2.0) (>= uap10.0)) (&& (>= net461) (>= netcoreapp1.0)) (&& (>= net461) (>= netcoreapp2.0) (< netstandard1.2)) (&& (>= net461) (>= netcoreapp2.0) (< netstandard1.3)) (&& (>= net461) (>= netcoreapp2.0) (< netstandard1.4)) (&& (>= net461) (>= netcoreapp2.0) (< netstandard1.5)) (&& (>= net461) (>= netcoreapp2.0) (< netstandard1.6)) (&& (>= net461) (>= netcoreapp2.0) (< netstandard2.0)) (&& (>= net461) (>= netcoreapp2.1) (< netstandard1.2)) (&& (>= net461) (>= netcoreapp2.1) (< netstandard1.3)) (&& (>= net461) (>= netcoreapp2.1) (< netstandard1.4)) (&& (>= net461) (>= netcoreapp2.1) (< netstandard1.5)) (&& (>= net461) (>= netcoreapp2.1) (< netstandard1.6)) (&& (>= net461) (>= netcoreapp2.1) (< netstandard2.0)) (&& (>= net461) (< netstandard1.0)) (&& (>= net461) (< netstandard1.2) (>= uap10.0)) (&& (>= net461) (< netstandard1.2) (>= xamarintvos)) (&& (>= net461) (< netstandard1.2) (>= xamarinwatchos)) (&& (>= net461) (< netstandard1.3) (>= uap10.0)) (&& (>= net461) (< netstandard1.3) (>= xamarintvos)) (&& (>= net461) (< netstandard1.3) (>= xamarinwatchos)) (&& (>= net461) (< netstandard1.4) (>= uap10.0)) (&& (>= net461) (< netstandard1.4) (>= xamarintvos)) (&& (>= net461) (< netstandard1.4) (>= xamarinwatchos)) (&& (>= net461) (< netstandard1.5) (>= uap10.0)) (&& (>= net461) (< netstandard1.5) (>= xamarintvos)) (&& (>= net461) (< netstandard1.5) (>= xamarinwatchos)) (&& (>= net461) (< netstandard1.6) (>= xamarintvos)) (&& (>= net461) (< netstandard1.6) (>= xamarinwatchos)) (&& (>= net461) (< netstandard2.0) (>= xamarintvos)) (&& (>= net461) (< netstandard2.0) (>= xamarinwatchos)) (&& (>= net461) (< portable-net45+win8+wpa81)) (&& (>= net462) (>= netcoreapp1.0) (< netstandard1.2)) (&& (>= net462) (>= netcoreapp1.0) (< netstandard1.3)) (&& (>= net462) (>= netcoreapp1.0) (< netstandard1.4)) (&& (>= net462) (>= netcoreapp1.0) (< netstandard1.5)) (&& (>= net462) (>= netcoreapp1.0) (< netstandard1.6)) (&& (>= net462) (>= netcoreapp1.0) (< netstandard2.0)) (&& (>= net462) (>= netcoreapp1.0) (< portable-net45+win8+wpa81)) (&& (>= net462) (< netstandard1.2) (>= uap10.0)) (&& (>= net462) (< netstandard1.3) (>= uap10.0)) (&& (>= net462) (< netstandard1.4) (>= uap10.0)) (&& (>= net462) (< netstandard1.5) (>= uap10.0)) (&& (>= net462) (< portable-net45+win8+wpa81) (>= uap10.0)) (&& (>= netcoreapp1.0) (< netstandard1.0) (>= netstandard2.0) (>= uap10.0)) (&& (>= netcoreapp1.0) (< netstandard1.2) (>= netstandard2.0)) (&& (>= netcoreapp1.0) (< netstandard1.3) (>= netstandard2.0)) (&& (>= netcoreapp1.0) (< netstandard1.4) (>= netstandard2.0)) (&& (>= netcoreapp1.0) (< netstandard1.5) (>= netstandard2.0)) (&& (>= netcoreapp1.0) (< netstandard1.6) (>= netstandard2.0)) (&& (>= netcoreapp1.0) (>= netstandard2.0) (< xamarinios) (< xamarinmac) (< xamarintvos) (< xamarinwatchos)) (&& (>= netcoreapp2.0) (< netstandard1.2) (>= uap10.0)) (&& (>= netcoreapp2.0) (< netstandard1.3) (>= uap10.0)) (&& (>= netcoreapp2.0) (< netstandard1.4) (>= uap10.0)) (&& (>= netcoreapp2.0) (< netstandard1.5) (>= uap10.0)) (&& (>= netcoreapp2.0) (< portable-net45+win8+wpa81)) (&& (>= netcoreapp2.1) (< netstandard1.2) (>= uap10.0)) (&& (>= netcoreapp2.1) (< netstandard1.3) (>= uap10.0)) (&& (>= netcoreapp2.1) (< netstandard1.4) (>= uap10.0)) (&& (>= netcoreapp2.1) (< netstandard1.5) (>= uap10.0)) (&& (>= netcoreapp2.1) (< portable-net45+win8+wpa81)) (&& (< netstandard1.0) (>= netstandard2.0) (< portable-net45+win8)) (&& (< netstandard1.0) (>= netstandard2.0) (>= uap10.0) (< win8)) (&& (< netstandard1.2) (>= netstandard2.0) (>= uap10.0) (< win8)) (&& (< netstandard1.2) (>= xamarinios)) (&& (< netstandard1.2) (>= xamarinmac)) (&& (< netstandard1.3) (>= netstandard2.0) (>= uap10.0) (< win8) (< wpa81)) (&& (< netstandard1.3) (>= xamarinios)) (&& (< netstandard1.3) (>= xamarinmac)) (&& (< netstandard1.4) (>= netstandard2.0) (>= uap10.0) (< win8) (< wpa81)) (&& (< netstandard1.4) (>= xamarinios)) (&& (< netstandard1.4) (>= xamarinmac)) (&& (< netstandard1.5) (>= netstandard2.0) (>= uap10.0)) (&& (< netstandard1.5) (>= xamarinios)) (&& (< netstandard1.5) (>= xamarinmac)) (&& (< netstandard1.6) (>= xamarinios)) (&& (< netstandard1.6) (>= xamarinmac)) (&& (>= netstandard2.0) (< portable-net45+win8+wpa81)) (&& (< netstandard2.0) (>= xamarinios)) (&& (< netstandard2.0) (>= xamarinmac)) (&& (< portable-net45+win8+wpa81) (>= xamarinios)) (&& (< portable-net45+win8+wpa81) (>= xamarinmac))
      Microsoft.NETCore.Platforms (>= 1.1) - restriction: || (&& (< monoandroid) (< net45) (< netstandard1.3) (>= netstandard2.0) (< win8) (< wpa81)) (&& (< monoandroid) (< net45) (>= netstandard2.0) (< win8) (< wpa81) (< xamarinios) (< xamarinmac) (< xamarintvos) (< xamarinwatchos)) (&& (< net45) (>= net461))
      Microsoft.NETCore.Targets (>= 1.1) - restriction: || (&& (< monoandroid) (< net45) (< netstandard1.3) (>= netstandard2.0) (< win8) (< wpa81)) (&& (< monoandroid) (< net45) (>= netstandard2.0) (< win8) (< wpa81) (< xamarinios) (< xamarinmac) (< xamarintvos) (< xamarinwatchos)) (&& (< net45) (>= net461))
      System.Runtime (>= 4.3) - restriction: || (&& (< monoandroid) (< net45) (< netstandard1.3) (>= netstandard2.0) (< win8) (< wpa81)) (&& (< monoandroid) (< net45) (>= netstandard2.0) (< win8) (< wpa81) (< xamarinios) (< xamarinmac) (< xamarintvos) (< xamarinwatchos)) (&& (< net45) (>= net461))
    System.Threading.Tasks.Extensions (4.5.4)
      System.Runtime.CompilerServices.Unsafe (>= 4.5.3) - restriction: || (&& (< monoandroid) (< netstandard1.0) (>= netstandard2.0) (< win8)) (&& (< net45) (< netcoreapp2.1) (>= netstandard2.0) (< xamarinios) (< xamarinmac) (< xamarintvos) (< xamarinwatchos)) (>= net461) (&& (< netstandard1.0) (>= netstandard2.0) (>= win8)) (&& (>= netstandard2.0) (>= wp8))
    System.Threading.Thread (4.3) - restriction: || (&& (< monoandroid) (>= netcoreapp2.0) (< netstandard2.0)) (&& (>= monotouch) (>= net461)) (&& (>= monotouch) (>= netcoreapp2.0)) (&& (>= monotouch) (>= netcoreapp2.1)) (&& (>= monotouch) (>= netstandard2.0)) (&& (>= monotouch) (>= xamarinios)) (&& (>= monotouch) (>= xamarinmac)) (&& (< net46) (>= net461) (< netstandard2.0)) (&& (>= net461) (>= netcoreapp1.0)) (&& (>= net461) (>= netcoreapp2.0) (< netstandard2.0)) (&& (>= net461) (< netstandard2.0) (>= xamarintvos)) (&& (>= net461) (< netstandard2.0) (>= xamarinwatchos)) (&& (>= netcoreapp1.0) (>= netstandard2.0)) (&& (>= netcoreapp2.0) (< netstandard2.0) (>= xamarintvos)) (&& (>= netcoreapp2.0) (< netstandard2.0) (>= xamarinwatchos)) (&& (>= netcoreapp2.1) (< netstandard2.0)) (&& (< netstandard2.0) (>= xamarinios)) (&& (< netstandard2.0) (>= xamarinmac))
      System.Runtime (>= 4.3) - restriction: || (&& (< monoandroid) (< net46) (>= netstandard2.0) (< xamarinios) (< xamarinmac) (< xamarintvos) (< xamarinwatchos)) (&& (< net46) (>= net461))
    System.Threading.ThreadPool (4.3) - restriction: || (&& (>= net461) (>= netcoreapp1.0)) (&& (>= netcoreapp1.0) (>= netstandard2.0) (< xamarinios) (< xamarinmac) (< xamarintvos) (< xamarinwatchos))
      System.Runtime (>= 4.3) - restriction: || (&& (< monoandroid) (< net46) (>= netstandard2.0) (< xamarinios) (< xamarinmac) (< xamarintvos) (< xamarinwatchos)) (&& (< net46) (>= net461))
      System.Runtime.Handles (>= 4.3) - restriction: || (&& (< monoandroid) (< net46) (>= netstandard2.0) (< xamarinios) (< xamarinmac) (< xamarintvos) (< xamarinwatchos)) (&& (< net46) (>= net461))
    System.Threading.Timer (4.3) - restriction: || (&& (< net45) (>= net461) (< netstandard1.3)) (&& (< net45) (>= net461) (< netstandard1.4)) (&& (< net45) (>= net461) (>= netstandard1.5) (< netstandard1.6)) (&& (< net45) (>= net461) (< netstandard1.5)) (&& (< net45) (>= net461) (>= netstandard1.6) (< netstandard2.0)) (&& (< net45) (< netstandard1.3) (>= netstandard2.0) (< win8) (< wpa81)) (&& (< net45) (< netstandard1.4) (>= netstandard2.0) (< win8) (< wpa81)) (&& (< net45) (< netstandard1.5) (>= netstandard2.0) (< win8) (< wpa81)) (&& (< net45) (< netstandard1.6) (>= netstandard2.0) (< win8) (< wpa81)) (&& (>= net461) (< netstandard1.5) (>= uap10.0)) (&& (< netstandard1.5) (>= netstandard2.0) (>= uap10.0))
    System.Windows.Extensions (4.7) - restriction: >= netcoreapp3.0
      System.Drawing.Common (>= 4.7) - restriction: >= netcoreapp3.0
    System.Xml.ReaderWriter (4.3.1) - restriction: || (&& (< monoandroid) (< net20) (< netstandard1.2) (>= netstandard2.0) (< win8)) (&& (< monoandroid) (< net20) (< netstandard1.3) (>= netstandard2.0) (< win8) (< wpa81)) (&& (< monoandroid) (< net20) (< netstandard1.4) (>= netstandard2.0) (< win8) (< wpa81)) (&& (< monoandroid) (< net20) (< netstandard1.5) (>= netstandard2.0) (< win8) (< wpa81)) (&& (< monoandroid) (< net20) (< netstandard1.6) (>= netstandard2.0) (< win8) (< wpa81)) (&& (< monoandroid) (< net35) (< netstandard1.2) (>= netstandard2.0) (< win8)) (&& (< monoandroid) (< net35) (< netstandard1.3) (>= netstandard2.0) (< win8) (< wpa81)) (&& (< monoandroid) (< net35) (< netstandard1.4) (>= netstandard2.0) (< win8) (< wpa81)) (&& (< monoandroid) (< net35) (< netstandard1.5) (>= netstandard2.0) (< win8) (< wpa81)) (&& (< monoandroid) (< net35) (< netstandard1.6) (>= netstandard2.0) (< win8) (< wpa81)) (&& (< monoandroid) (>= netcoreapp1.0) (< netstandard1.2) (>= netstandard2.0)) (&& (< monoandroid) (>= netcoreapp1.0) (< netstandard1.3) (>= netstandard2.0)) (&& (< monoandroid) (>= netcoreapp1.0) (< netstandard1.4) (>= netstandard2.0)) (&& (< monoandroid) (>= netcoreapp1.0) (< netstandard1.5) (>= netstandard2.0)) (&& (< monoandroid) (>= netcoreapp1.0) (< netstandard1.6) (>= netstandard2.0)) (&& (< monoandroid) (>= netcoreapp1.0) (>= netstandard2.0) (< xamarinios) (< xamarinmac) (< xamarintvos) (< xamarinwatchos)) (&& (< net20) (>= net46) (< netstandard1.2) (>= netstandard2.0)) (&& (< net20) (>= net46) (< netstandard1.3) (>= netstandard2.0)) (&& (< net20) (>= net461) (< netstandard1.2)) (&& (< net20) (>= net461) (< netstandard1.3)) (&& (< net20) (>= net461) (>= netstandard1.5) (< netstandard1.6)) (&& (< net20) (>= net461) (< netstandard1.5)) (&& (< net20) (>= net461) (< netstandard1.6) (>= netstandard2.0)) (&& (< net20) (>= net461) (< netstandard2.0)) (&& (< net35) (>= net46) (< netstandard1.2) (>= netstandard2.0)) (&& (< net35) (>= net46) (< netstandard1.3) (>= netstandard2.0)) (&& (< net35) (>= net461) (< netstandard1.2)) (&& (< net35) (>= net461) (< netstandard1.3)) (&& (< net35) (>= net461) (>= netstandard1.5) (< netstandard1.6)) (&& (< net35) (>= net461) (< netstandard1.5)) (&& (< net35) (>= net461) (>= netstandard1.6) (< netstandard2.0)) (&& (< net35) (>= net461) (< netstandard1.6) (>= netstandard2.0)) (&& (< net45) (>= net46) (< netstandard1.2) (>= netstandard2.0)) (&& (< net45) (>= net46) (< netstandard1.3) (>= netstandard2.0)) (&& (< net45) (>= net461) (< netstandard1.2)) (&& (< net45) (>= net461) (< netstandard1.3)) (&& (< net45) (>= net461) (>= netstandard1.5) (< netstandard1.6)) (&& (< net45) (>= net461) (< netstandard1.5)) (&& (< net45) (>= net461) (>= netstandard1.6) (< netstandard2.0)) (&& (< net45) (< netstandard1.2) (>= netstandard2.0) (< win8)) (&& (< net45) (< netstandard1.3) (>= netstandard2.0) (< win8) (< wpa81)) (&& (< net45) (< netstandard1.4) (>= netstandard2.0) (< win8) (< wpa81)) (&& (< net45) (< netstandard1.5) (>= netstandard2.0) (< win8) (< wpa81)) (&& (< net45) (< netstandard1.6) (>= netstandard2.0) (< win8) (< wpa81)) (&& (>= net46) (>= netcoreapp1.0) (>= netstandard2.0)) (&& (>= net46) (< netstandard1.2) (>= netstandard2.0) (>= uap10.0)) (&& (>= net46) (< netstandard1.3) (>= netstandard2.0) (>= uap10.0)) (&& (>= net46) (< netstandard1.4) (>= netstandard2.0)) (&& (>= net461) (>= netcoreapp1.0)) (&& (>= net461) (< netstandard1.2) (>= uap10.0)) (&& (>= net461) (< netstandard1.3) (>= uap10.0)) (&& (>= net461) (< netstandard1.4)) (&& (>= net461) (< netstandard1.5) (>= uap10.0)) (&& (>= net461) (< portable-net45+win8+wpa81)) (&& (>= netcoreapp1.0) (< netstandard1.2) (>= netstandard2.0) (>= uap10.0)) (&& (>= netcoreapp1.0) (< netstandard1.3) (>= netstandard2.0) (>= uap10.0)) (&& (>= netcoreapp1.0) (< netstandard1.4) (>= netstandard2.0) (>= uap10.0)) (&& (< netstandard1.2) (>= netstandard2.0) (>= uap10.0) (< win8)) (&& (< netstandard1.3) (>= netstandard2.0) (>= uap10.0) (< win8) (< wpa81)) (&& (< netstandard1.4) (>= netstandard2.0) (>= uap10.0) (< win8) (< wpa81)) (&& (< netstandard1.5) (>= netstandard2.0) (>= uap10.0)) (&& (>= netstandard2.0) (< portable-net45+win8+wpa81))
      System.Collections (>= 4.3) - restriction: || (&& (< monoandroid) (< net45) (>= netstandard2.0) (< win8) (< wpa81) (< xamarinios) (< xamarinmac) (< xamarintvos) (< xamarinwatchos)) (&& (< net45) (>= net461))
      System.Diagnostics.Debug (>= 4.3) - restriction: || (&& (< monoandroid) (< net45) (>= netstandard2.0) (< win8) (< wpa81) (< xamarinios) (< xamarinmac) (< xamarintvos) (< xamarinwatchos)) (&& (< net45) (>= net461))
      System.Globalization (>= 4.3) - restriction: || (&& (< monoandroid) (< net45) (>= netstandard2.0) (< win8) (< wpa81) (< xamarinios) (< xamarinmac) (< xamarintvos) (< xamarinwatchos)) (&& (< net45) (>= net461))
      System.IO (>= 4.3) - restriction: || (&& (< monoandroid) (< net45) (< netstandard1.3) (>= netstandard2.0) (< win8) (< wpa81)) (&& (< monoandroid) (< net45) (>= netstandard2.0) (< win8) (< wpa81) (< xamarinios) (< xamarinmac) (< xamarintvos) (< xamarinwatchos)) (&& (< net45) (>= net461))
      System.IO.FileSystem (>= 4.3) - restriction: || (&& (< monoandroid) (< net45) (>= netstandard2.0) (< win8) (< wpa81) (< xamarinios) (< xamarinmac) (< xamarintvos) (< xamarinwatchos)) (&& (< net45) (>= net461))
      System.IO.FileSystem.Primitives (>= 4.3) - restriction: || (&& (< monoandroid) (< net45) (>= netstandard2.0) (< win8) (< wpa81) (< xamarinios) (< xamarinmac) (< xamarintvos) (< xamarinwatchos)) (&& (< net45) (>= net461))
      System.Resources.ResourceManager (>= 4.3) - restriction: || (&& (< monoandroid) (< net45) (>= netstandard2.0) (< win8) (< wpa81) (< xamarinios) (< xamarinmac) (< xamarintvos) (< xamarinwatchos)) (&& (< net45) (>= net461))
      System.Runtime (>= 4.3) - restriction: || (&& (< monoandroid) (< net45) (< netstandard1.3) (>= netstandard2.0) (< win8) (< wpa81)) (&& (< monoandroid) (< net45) (>= netstandard2.0) (< win8) (< wpa81) (< xamarinios) (< xamarinmac) (< xamarintvos) (< xamarinwatchos)) (&& (< net45) (>= net461))
      System.Runtime.Extensions (>= 4.3) - restriction: || (&& (< monoandroid) (< net45) (>= netstandard2.0) (< win8) (< wpa81) (< xamarinios) (< xamarinmac) (< xamarintvos) (< xamarinwatchos)) (&& (< net45) (>= net461))
      System.Runtime.InteropServices (>= 4.3) - restriction: || (&& (< monoandroid) (< net45) (>= netstandard2.0) (< win8) (< wpa81) (< xamarinios) (< xamarinmac) (< xamarintvos) (< xamarinwatchos)) (&& (< net45) (>= net461))
      System.Text.Encoding (>= 4.3) - restriction: || (&& (< monoandroid) (< net45) (< netstandard1.3) (>= netstandard2.0) (< win8) (< wpa81)) (&& (< monoandroid) (< net45) (>= netstandard2.0) (< win8) (< wpa81) (< xamarinios) (< xamarinmac) (< xamarintvos) (< xamarinwatchos)) (&& (< net45) (>= net461))
      System.Text.Encoding.Extensions (>= 4.3) - restriction: || (&& (< monoandroid) (< net45) (>= netstandard2.0) (< win8) (< wpa81) (< xamarinios) (< xamarinmac) (< xamarintvos) (< xamarinwatchos)) (&& (< net45) (>= net461))
      System.Text.RegularExpressions (>= 4.3) - restriction: || (&& (< monoandroid) (< net45) (>= netstandard2.0) (< win8) (< wpa81) (< xamarinios) (< xamarinmac) (< xamarintvos) (< xamarinwatchos)) (&& (< net45) (>= net461))
      System.Threading.Tasks (>= 4.3) - restriction: || (&& (< monoandroid) (< net45) (< netstandard1.3) (>= netstandard2.0) (< win8) (< wpa81)) (&& (< monoandroid) (< net45) (>= netstandard2.0) (< win8) (< wpa81) (< xamarinios) (< xamarinmac) (< xamarintvos) (< xamarinwatchos)) (&& (< net45) (>= net461))
      System.Threading.Tasks.Extensions (>= 4.3) - restriction: || (&& (< monoandroid) (< net45) (>= netstandard2.0) (< win8) (< wpa81) (< xamarinios) (< xamarinmac) (< xamarintvos) (< xamarinwatchos)) (&& (< net45) (>= net461))
    System.Xml.XDocument (4.3) - restriction: || (&& (< net45) (>= net461) (< netstandard1.2)) (&& (< net45) (>= net461) (< netstandard1.3)) (&& (< net45) (>= net461) (< netstandard1.4)) (&& (< net45) (>= net461) (>= netstandard1.5) (< netstandard1.6)) (&& (< net45) (>= net461) (< netstandard1.5)) (&& (< net45) (>= net461) (>= netstandard1.6) (< netstandard2.0)) (&& (< net45) (< netstandard1.2) (>= netstandard2.0) (< win8)) (&& (< net45) (< netstandard1.3) (>= netstandard2.0) (< win8) (< wpa81)) (&& (< net45) (< netstandard1.4) (>= netstandard2.0) (< win8) (< wpa81)) (&& (< net45) (< netstandard1.5) (>= netstandard2.0) (< win8) (< wpa81)) (&& (< net45) (< netstandard1.6) (>= netstandard2.0) (< win8) (< wpa81)) (&& (>= net461) (< netstandard1.5) (>= uap10.0)) (&& (>= net461) (< portable-net45+win8+wpa81)) (&& (< netstandard1.5) (>= netstandard2.0) (>= uap10.0)) (&& (>= netstandard2.0) (< portable-net45+win8+wpa81))
    System.Xml.XmlDocument (4.3) - redirects: force, restriction: || (&& (< net20) (>= net461) (< netstandard1.5)) (&& (< net20) (>= net461) (< netstandard2.0)) (&& (< net35) (>= net461) (>= netstandard1.5)) (&& (< net35) (>= net461) (< netstandard1.5)) (&& (< net35) (>= netstandard2.0)) (&& (>= net461) (>= netcoreapp1.0)) (&& (>= netcoreapp1.0) (>= netstandard2.0))
      System.Collections (>= 4.3) - restriction: || (&& (< monoandroid) (< net46) (>= netstandard2.0) (< xamarinios) (< xamarinmac) (< xamarintvos) (< xamarinwatchos)) (&& (< net46) (>= net461))
      System.Diagnostics.Debug (>= 4.3) - restriction: || (&& (< monoandroid) (< net46) (>= netstandard2.0) (< xamarinios) (< xamarinmac) (< xamarintvos) (< xamarinwatchos)) (&& (< net46) (>= net461))
      System.Globalization (>= 4.3) - restriction: || (&& (< monoandroid) (< net46) (>= netstandard2.0) (< xamarinios) (< xamarinmac) (< xamarintvos) (< xamarinwatchos)) (&& (< net46) (>= net461))
      System.IO (>= 4.3) - restriction: || (&& (< monoandroid) (< net46) (>= netstandard2.0) (< xamarinios) (< xamarinmac) (< xamarintvos) (< xamarinwatchos)) (&& (< net46) (>= net461))
      System.Resources.ResourceManager (>= 4.3) - restriction: || (&& (< monoandroid) (< net46) (>= netstandard2.0) (< xamarinios) (< xamarinmac) (< xamarintvos) (< xamarinwatchos)) (&& (< net46) (>= net461))
      System.Runtime (>= 4.3) - restriction: || (&& (< monoandroid) (< net46) (>= netstandard2.0) (< xamarinios) (< xamarinmac) (< xamarintvos) (< xamarinwatchos)) (&& (< net46) (>= net461))
      System.Runtime.Extensions (>= 4.3) - restriction: || (&& (< monoandroid) (< net46) (>= netstandard2.0) (< xamarinios) (< xamarinmac) (< xamarintvos) (< xamarinwatchos)) (&& (< net46) (>= net461))
      System.Text.Encoding (>= 4.3) - restriction: || (&& (< monoandroid) (< net46) (>= netstandard2.0) (< xamarinios) (< xamarinmac) (< xamarintvos) (< xamarinwatchos)) (&& (< net46) (>= net461))
      System.Threading (>= 4.3) - restriction: || (&& (< monoandroid) (< net46) (>= netstandard2.0) (< xamarinios) (< xamarinmac) (< xamarintvos) (< xamarinwatchos)) (&& (< net46) (>= net461))
      System.Xml.ReaderWriter (>= 4.3) - restriction: || (&& (< monoandroid) (< net46) (>= netstandard2.0) (< xamarinios) (< xamarinmac) (< xamarintvos) (< xamarinwatchos)) (&& (< net46) (>= net461))
    System.Xml.XPath (4.3) - restriction: || (&& (< monoandroid) (>= netcoreapp1.0) (>= netstandard2.0) (< xamarinios) (< xamarinmac) (< xamarintvos) (< xamarinwatchos)) (&& (>= net46) (>= netcoreapp1.0) (>= netstandard2.0)) (&& (>= net461) (>= netcoreapp1.0))
      System.Collections (>= 4.3) - restriction: || (&& (< monoandroid) (< net46) (>= netstandard2.0) (< xamarinios) (< xamarinmac) (< xamarintvos) (< xamarinwatchos)) (&& (< net46) (>= net461))
      System.Diagnostics.Debug (>= 4.3) - restriction: || (&& (< monoandroid) (< net46) (>= netstandard2.0) (< xamarinios) (< xamarinmac) (< xamarintvos) (< xamarinwatchos)) (&& (< net46) (>= net461))
      System.Globalization (>= 4.3) - restriction: || (&& (< monoandroid) (< net46) (>= netstandard2.0) (< xamarinios) (< xamarinmac) (< xamarintvos) (< xamarinwatchos)) (&& (< net46) (>= net461))
      System.IO (>= 4.3) - restriction: || (&& (< monoandroid) (< net46) (>= netstandard2.0) (< xamarinios) (< xamarinmac) (< xamarintvos) (< xamarinwatchos)) (&& (< net46) (>= net461))
      System.Resources.ResourceManager (>= 4.3) - restriction: || (&& (< monoandroid) (< net46) (>= netstandard2.0) (< xamarinios) (< xamarinmac) (< xamarintvos) (< xamarinwatchos)) (&& (< net46) (>= net461))
      System.Runtime (>= 4.3) - restriction: || (&& (< monoandroid) (< net46) (>= netstandard2.0) (< xamarinios) (< xamarinmac) (< xamarintvos) (< xamarinwatchos)) (&& (< net46) (>= net461))
      System.Runtime.Extensions (>= 4.3) - restriction: || (&& (< monoandroid) (< net46) (>= netstandard2.0) (< xamarinios) (< xamarinmac) (< xamarintvos) (< xamarinwatchos)) (&& (< net46) (>= net461))
      System.Threading (>= 4.3) - restriction: || (&& (< monoandroid) (< net46) (>= netstandard2.0) (< xamarinios) (< xamarinmac) (< xamarintvos) (< xamarinwatchos)) (&& (< net46) (>= net461))
      System.Xml.ReaderWriter (>= 4.3) - restriction: || (&& (< monoandroid) (< net46) (>= netstandard2.0) (< xamarinios) (< xamarinmac) (< xamarintvos) (< xamarinwatchos)) (&& (< net46) (>= net461))
    System.Xml.XPath.XmlDocument (4.3) - restriction: || (&& (>= net461) (>= netcoreapp1.0)) (&& (>= netcoreapp1.0) (>= netstandard2.0))
      System.Collections (>= 4.3) - restriction: || (&& (< monoandroid) (< net46) (>= netstandard2.0) (< xamarinios) (< xamarinmac) (< xamarintvos) (< xamarinwatchos)) (&& (< net46) (>= net461))
      System.Globalization (>= 4.3) - restriction: || (&& (< monoandroid) (< net46) (>= netstandard2.0) (< xamarinios) (< xamarinmac) (< xamarintvos) (< xamarinwatchos)) (&& (< net46) (>= net461))
      System.IO (>= 4.3) - restriction: || (&& (< monoandroid) (< net46) (>= netstandard2.0) (< xamarinios) (< xamarinmac) (< xamarintvos) (< xamarinwatchos)) (&& (< net46) (>= net461))
      System.Resources.ResourceManager (>= 4.3) - restriction: || (&& (< monoandroid) (< net46) (>= netstandard2.0) (< xamarinios) (< xamarinmac) (< xamarintvos) (< xamarinwatchos)) (&& (< net46) (>= net461))
      System.Runtime (>= 4.3) - restriction: || (&& (< monoandroid) (< net46) (>= netstandard2.0) (< xamarinios) (< xamarinmac) (< xamarintvos) (< xamarinwatchos)) (&& (< net46) (>= net461))
      System.Runtime.Extensions (>= 4.3) - restriction: || (&& (< monoandroid) (< net46) (>= netstandard2.0) (< xamarinios) (< xamarinmac) (< xamarintvos) (< xamarinwatchos)) (&& (< net46) (>= net461))
      System.Threading (>= 4.3) - restriction: || (&& (< monoandroid) (< net46) (>= netstandard2.0) (< xamarinios) (< xamarinmac) (< xamarintvos) (< xamarinwatchos)) (&& (< net46) (>= net461))
      System.Xml.ReaderWriter (>= 4.3) - restriction: || (&& (< monoandroid) (< net46) (>= netstandard2.0) (< xamarinios) (< xamarinmac) (< xamarintvos) (< xamarinwatchos)) (&& (< net46) (>= net461))
      System.Xml.XmlDocument (>= 4.3) - restriction: || (&& (< monoandroid) (>= netstandard2.0) (< xamarinios) (< xamarinmac) (< xamarintvos) (< xamarinwatchos)) (&& (>= net46) (>= netstandard2.0)) (>= net461)
      System.Xml.XPath (>= 4.3) - restriction: || (&& (< monoandroid) (>= netstandard2.0) (< xamarinios) (< xamarinmac) (< xamarintvos) (< xamarinwatchos)) (&& (>= net46) (>= netstandard2.0)) (>= net461)
GITHUB
  remote: fsharp/FAKE
    src/app/FakeLib/Globbing/Globbing.fs (0341a2e614eb2a7f34607cec914eb0ed83ce9add)
  remote: fsprojects/FSharp.TypeProviders.SDK
    src/AssemblyReader.fs (dc5ac01a1ac288eceb1fd6f12a5d388236f4f8e5)
  remote: forki/FsUnit
    FsUnit.fs (fa4eb37288d355eb855261be6c0b3945fba68432)
GROUP Build
CONTENT: NONE
RESTRICTION: >= net461
NUGET
  remote: https://api.nuget.org/v3/index.json
    0x53A.ReferenceAssemblies.Paket (0.2)
    FAKE (4.64.17)
    FSharp.Compiler.Service (17.0.1)
      System.Collections.Immutable (>= 1.3.1)
      System.Reflection.Metadata (>= 1.4.2)
    ILRepack (2.0.18)
    Microsoft.AspNet.Razor (3.2.4)
    Microsoft.NETCore.Platforms (2.0) - restriction: || (&& (>= monotouch) (>= net461)) (&& (< net45) (>= net461) (>= netstandard1.5) (< netstandard1.6)) (&& (< net45) (>= net461) (< netstandard1.5)) (&& (>= net461) (< netstandard1.0)) (&& (>= net461) (< netstandard1.3)) (&& (>= net461) (< netstandard1.4)) (&& (>= net461) (< netstandard1.5) (>= uap10.0)) (&& (>= net461) (< netstandard2.0)) (&& (>= net461) (< portable-net45+win8+wpa81)) (&& (>= net461) (< portable-net451+win81+wpa81)) (&& (>= net461) (>= uap10.1))
    NETStandard.Library (2.0) - restriction: && (>= net461) (< netstandard2.0)
      Microsoft.NETCore.Platforms (>= 1.1)
    Octokit (0.29)
    System.Collections.Immutable (1.4)
      NETStandard.Library (>= 1.6.1) - restriction: && (>= net461) (< netstandard2.0)
    System.Reflection.Metadata (1.5)
      NETStandard.Library (>= 1.6.1) - restriction: && (>= net461) (< netstandard2.0)
      System.Collections.Immutable (>= 1.4)
    System.ValueTuple (4.4)
  remote: https://ci.appveyor.com/nuget/fsharp-formatting
    FSharp.Formatting (3.0.0-beta09)
      FSharp.Compiler.Service (>= 17.0.1 < 18.0)
      Microsoft.AspNet.Razor (>= 3.2.3 < 4.0)
      System.ValueTuple (>= 4.4 < 5.0)
GITHUB
  remote: fsharp/FAKE
    modules/Octokit/Octokit.fsx (78a2562d114d754325d7cf3b21d35ef18ca3283d)
      Octokit (>= 0.20)
  remote: enricosada/add_icon_to_exe
    rh/ResourceHacker.exe (e11eda501acea369ac2950beb34b8888495bf21f)